NUGET
  remote: https://api.nuget.org/v3/index.json
    Arbor.Aesculus (2.1) - restriction: >= net462
      System.AppContext (>= 4.1) - restriction: || (&& (< net45) (>= netstandard1.3)) (>= net46)
      System.Console (>= 4.0) - restriction: || (&& (< net45) (>= netstandard1.3)) (>= net46)
      System.IO (> 4.0) - restriction: || (&& (< net45) (>= netstandard1.3)) (>= net46)
      System.IO.FileSystem (> 4.0) - restriction: || (&& (< net45) (>= netstandard1.3)) (>= net46)
    Arbor.Castanea (1.0.6) - restriction: >= net46
      Arbor.Aesculus  - restriction: >= net45
    Arbor.Sorbus (1.2.1) - restriction: >= net451
      Arbor.Aesculus  - restriction: >= net45
    Autofac (4.5) - restriction: >= net462
    FubuCore (2.0.1.321)
    FubuCsProjFile (1.9.0.229)
      FubuCore (>= 1.0)
    JetBrains.Annotations (10.4) - restriction: >= net462
    Machine.Specifications (0.11) - restriction: >= net462
    Machine.Specifications.Should (0.11) - restriction: >= net462
      Machine.Specifications (>= 0.11) - restriction: || (&& (>= net35) (< net40) (< netstandard1.3)) (&& (< net35) (>= netstandard1.3)) (&& (>= net40) (< netstandard1.3)) (>= net45)
    Microsoft.AspNet.Mvc (5.2.3) - restriction: >= net462
      Microsoft.AspNet.Razor (>= 3.2.3 < 3.3)
      Microsoft.AspNet.WebPages (>= 3.2.3 < 3.3)
    Microsoft.AspNet.Razor (3.2.3) - restriction: >= net462
    Microsoft.AspNet.WebApi (5.2.3) - restriction: >= net45
      Microsoft.AspNet.WebApi.WebHost (>= 5.2.3 < 5.3)
    Microsoft.AspNet.WebApi.Client (5.2.3)
      Microsoft.Net.Http (>= 2.2.22) - restriction: && (< net45) (>= portable-net45+win8+wp8+wp81+wpa81)
      Newtonsoft.Json (>= 6.0.4) - restriction: >= portable-net45+win8+wp8+wp81+wpa81
    Microsoft.AspNet.WebApi.Core (5.2.3) - restriction: >= net45
      Microsoft.AspNet.WebApi.Client (>= 5.2.3)
    Microsoft.AspNet.WebApi.WebHost (5.2.3) - restriction: >= net45
      Microsoft.AspNet.WebApi.Core (>= 5.2.3 < 5.3)
    Microsoft.AspNet.WebPages (3.2.3) - restriction: >= net462
      Microsoft.AspNet.Razor (>= 3.2.3 < 3.3)
      Microsoft.Web.Infrastructure (>= 1.0)
    Microsoft.Bcl (1.1.10)
      Microsoft.Bcl.Build (>= 1.0.14)
    Microsoft.Bcl.Build (1.0.21) - import_targets: false
    Microsoft.CodeDom.Providers.DotNetCompilerPlatform (1.0.3) - restriction: >= net462
      Microsoft.Net.Compilers (>= 1.3.2)
    Microsoft.Net.Compilers (2.1) - restriction: >= net462
    Microsoft.Net.Http (2.2.29)
      Microsoft.Bcl (>= 1.1.10)
      Microsoft.Bcl.Build (>= 1.0.14)
    Microsoft.Web.Infrastructure (1.0) - restriction: >= net462
    Microsoft.Web.Xdt (2.1.1)
    Newtonsoft.Json (10.0.2) - restriction: >= net462
    NLog (4.4.7) - restriction: >= net462
    NuGet.CommandLine (4.1)
    NuGet.Common (4.0) - restriction: >= net462
    NuGet.Frameworks (4.0) - restriction: >= net462
    NuGet.Packaging (4.0) - restriction: >= net462
      NuGet.Common (>= 4.0) - restriction: || (>= net45) (>= netstandard1.3)
      NuGet.Packaging.Core (>= 4.0) - restriction: || (>= net45) (>= netstandard1.3)
    NuGet.Packaging.Core (4.0) - restriction: >= net462
      NuGet.Common (>= 4.0) - restriction: || (>= net45) (>= netstandard1.3)
      NuGet.Packaging.Core.Types (>= 4.0) - restriction: || (>= net45) (>= netstandard1.3)
    NuGet.Packaging.Core.Types (4.0) - restriction: >= net462
      NuGet.Frameworks (>= 4.0) - restriction: || (>= net45) (>= netstandard1.3)
      NuGet.Versioning (>= 4.0) - restriction: || (>= net45) (>= netstandard1.3)
    NuGet.Versioning (4.0) - restriction: >= net462
    NUnit (3.6.1) - restriction: >= net462
    RefactoringEssentials (5.2) - restriction: >= net462
    StyleCop.Analyzers (1.0) - restriction: >= net462
    System.AppContext (4.3) - restriction: >= net462
    System.Collections (4.3) - restriction: >= net462
    System.Collections.Immutable (1.3.1) - restriction: >= net462
    System.Collections.Specialized (4.3) - restriction: >= net462
    System.Console (4.3) - restriction: >= net462
    System.Diagnostics.Debug (4.3) - restriction: >= net462
    System.Globalization (4.3) - restriction: >= net462
    System.IO (4.3) - restriction: >= net462
    System.IO.FileSystem (4.3) - restriction: >= net462
      System.IO.FileSystem.Primitives (>= 4.3) - restriction: || (>= net46) (&& (>= netstandard1.3) (< monotouch) (< xamarintvos) (< xamarinwatchos) (< xamarinios) (< xamarinmac))
    System.IO.FileSystem.Primitives (4.3) - restriction: >= net462
    System.Linq (4.3) - restriction: >= net462
    System.Resources.ResourceManager (4.3) - restriction: >= net462
    System.Runtime (4.3) - restriction: >= net462
    System.Runtime.Extensions (4.3) - restriction: >= net462
    System.Threading (4.3) - restriction: >= net462
  remote: C:\Projects\Packages
    Arbor.KVConfiguration.Core (0.5.0) - restriction: >= net462
      System.Collections.Immutable (>= 1.3 < 2.0)
      System.Collections.Specialized (>= 4.0.1 < 5.0)
    Arbor.KVConfiguration.JsonConfiguration (0.5.0) - restriction: >= net462
      Arbor.KVConfiguration.Core (>= 0.4.1 < 0.6)
      Arbor.KVConfiguration.Schema (>= 0.4.1 < 0.6)
      Arbor.KVConfiguration.Schema.Json (>= 0.4.1 < 0.6)
    Arbor.KVConfiguration.Schema (0.5.0) - restriction: >= net462
      Arbor.KVConfiguration.Core (>= 0.4.1 < 0.6)
    Arbor.KVConfiguration.Schema.Json (0.5.0) - restriction: >= net462
      Arbor.KVConfiguration.Schema (>= 0.4.1 < 0.6)
      Newtonsoft.Json (>= 6.0)
    Arbor.KVConfiguration.SystemConfiguration (0.5.0) - restriction: >= net462
      Arbor.KVConfiguration.Core (>= 0.4.1 < 0.6)
    Arbor.KVConfiguration.UserConfiguration (0.5.0) - restriction: >= net462
      Arbor.KVConfiguration.Core (>= 0.4.1 < 0.6)
      Arbor.KVConfiguration.JsonConfiguration (>= 0.4.1 < 0.6)
      Arbor.KVConfiguration.Schema (>= 0.4.1 <= 0.6)
