REDIRECTS: ON
NUGET
  remote: https://nlundberg.remotewebaccess.com:10443/nuget/default
    Arbor.Aesculus (2.1.3) - restriction: >= net45
      System.AppContext (>= 4.3 < 5.0) - restriction: || (&& (< net45) (>= netstandard1.3)) (&& (>= net46) (< net47))
      System.Console (>= 4.3 < 5.0) - restriction: || (&& (< net45) (>= netstandard1.3)) (&& (>= net46) (< net47))
      System.IO (>= 4.0) - restriction: && (>= net45) (< netstandard1.3)
      System.IO (>= 4.3 < 5.0) - restriction: || (&& (< net45) (>= netstandard1.3)) (&& (>= net46) (< net47))
      System.IO.FileSystem (>= 4.3 < 5.0) - restriction: || (&& (< net45) (>= netstandard1.3)) (&& (>= net46) (< net47))
    Arbor.Castanea (1.0.6)
      Arbor.Aesculus  - restriction: >= net45
    Arbor.KVConfiguration.Core (0.12.5)
      Microsoft.Extensions.Primitives (>= 2.0 < 3.0)
      System.Collections.Immutable (>= 1.4 < 2.0)
      System.Collections.Specialized (>= 4.0.1 < 5.0)
    Arbor.KVConfiguration.JsonConfiguration (0.12.5)
      Arbor.KVConfiguration.Core (0.12.5)
      Arbor.KVConfiguration.Schema (0.12.5)
      Arbor.KVConfiguration.Schema.Json (0.12.5)
    Arbor.KVConfiguration.Schema (0.12.5)
      Arbor.KVConfiguration.Core (0.12.5)
    Arbor.KVConfiguration.Schema.Json (0.12.5)
      Arbor.KVConfiguration.Core (0.12.5)
      Newtonsoft.Json (>= 10.0.1)
    Arbor.KVConfiguration.SystemConfiguration (0.12.5)
      Arbor.KVConfiguration.Core (0.12.5)
    Arbor.KVConfiguration.UserConfiguration (0.12.5)
      Arbor.KVConfiguration.Core (0.12.5)
      Arbor.KVConfiguration.JsonConfiguration (0.12.5)
      Arbor.KVConfiguration.Schema (0.12.5)
    Arbor.Sorbus (1.2.1)
      Arbor.Aesculus  - restriction: >= net45
    Autofac (4.6.2)
      NETStandard.Library (>= 1.6) - restriction: && (< net45) (>= netstandard1.1)
      System.ComponentModel (>= 4.0.1) - restriction: && (< net45) (>= netstandard1.1)
    FubuCore (2.0.1.321)
    FubuCsProjFile (1.9.0.229)
      FubuCore (>= 1.0)
    JetBrains.Annotations (11.1.0)
      System.Runtime (>= 4.1) - restriction: && (< net10) (>= netstandard1.0)
    Machine.Specifications (0.12.0) - restriction: || (&& (>= net35) (< net40) (< netstandard1.3)) (&& (< net35) (>= netstandard1.3)) (&& (>= net40) (< netstandard1.3)) (>= net45)
      NETStandard.Library (>= 1.6) - restriction: && (< net35) (>= netstandard1.3)
      System.Diagnostics.TextWriterTraceListener (>= 4.0) - restriction: && (< net35) (>= netstandard1.3)
      System.Diagnostics.TraceSource (>= 4.0) - restriction: && (< net35) (>= netstandard1.3)
      System.Reflection (>= 4.1) - restriction: && (< net35) (>= netstandard1.3)
      System.Reflection.Extensions (>= 4.0.1) - restriction: && (< net35) (>= netstandard1.3)
      System.Reflection.TypeExtensions (>= 4.1) - restriction: && (< net35) (>= netstandard1.3)
      System.Xml.XPath (>= 4.0.1) - restriction: && (< net35) (>= netstandard1.3)
      System.Xml.XPath.XDocument (>= 4.0.1) - restriction: && (< net35) (>= netstandard1.3)
    Machine.Specifications.Should (0.11.0)
      Machine.Specifications (>= 0.11) - restriction: || (&& (>= net35) (< net40) (< netstandard1.3)) (&& (< net35) (>= netstandard1.3)) (&& (>= net40) (< netstandard1.3)) (>= net45)
      NETStandard.Library (>= 1.6) - restriction: && (< net35) (>= netstandard1.3)
    Microsoft.AspNet.Mvc (5.2.3)
      Microsoft.AspNet.Razor (>= 3.2.3 < 3.3)
      Microsoft.AspNet.WebPages (>= 3.2.3 < 3.3)
    Microsoft.AspNet.Razor (3.2.3)
    Microsoft.AspNet.WebApi (5.2.3)
      Microsoft.AspNet.WebApi.WebHost (>= 5.2.3 < 5.3)
    Microsoft.AspNet.WebApi.Client (5.2.3)
      Microsoft.Net.Http (>= 2.2.22) - restriction: && (< net45) (>= portable-net45+win8+wp8+wp81+wpa81)
      Newtonsoft.Json (>= 6.0.4) - restriction: >= portable-net45+win8+wp8+wp81+wpa81
    Microsoft.AspNet.WebApi.Core (5.2.3)
      Microsoft.AspNet.WebApi.Client (>= 5.2.3)
    Microsoft.AspNet.WebApi.WebHost (5.2.3)
      Microsoft.AspNet.WebApi.Core (>= 5.2.3 < 5.3)
    Microsoft.AspNet.WebPages (3.2.3)
      Microsoft.AspNet.Razor (>= 3.2.3 < 3.3)
      Microsoft.Web.Infrastructure (>= 1.0)
    Microsoft.Bcl (1.1.10) - restriction: && (< net45) (>= portable-net45+win8+wp8+wp81+wpa81)
      Microsoft.Bcl.Build (>= 1.0.14)
    Microsoft.Bcl.Build (1.0.21) - import_targets: false, restriction: && (< net45) (>= portable-net45+win8+wp8+wp81+wpa81)
    Microsoft.CodeDom.Providers.DotNetCompilerPlatform (1.0.8)
      Microsoft.Net.Compilers (>= 1.3.2) - restriction: && (>= net45) (< net46)
      Microsoft.Net.Compilers (>= 2.4) - restriction: >= net46
    Microsoft.CSharp (4.4.1) - restriction: || (&& (< net20) (>= netstandard1.0) (< netstandard1.3)) (&& (< net20) (>= netstandard1.3))
      NETStandard.Library (>= 1.6.1) - restriction: || (&& (< monoandroid) (< net45) (>= netstandard1.0) (< netstandard1.3) (< win8) (< wp8) (< wpa81)) (&& (< monotouch) (< net45) (>= netstandard1.3) (< netstandard2.0) (< win8) (< wpa81) (< xamarinios) (< xamarinmac) (< xamarintvos) (< xamarinwatchos)) (< portable-net45+win8+wp8+wpa81)
      System.Dynamic.Runtime (>= 4.3) - restriction: || (&& (< monoandroid) (< net45) (>= netstandard1.0) (< netstandard1.3) (< win8) (< wp8) (< wpa81)) (&& (< monotouch) (< net45) (>= netstandard1.3) (< netstandard2.0) (< win8) (< wpa81) (< xamarinios) (< xamarinmac) (< xamarintvos) (< xamarinwatchos)) (< portable-net45+win8+wp8+wpa81)
      System.Reflection.TypeExtensions (>= 4.4) - restriction: || (&& (< monotouch) (< net45) (>= netstandard1.3) (< netstandard2.0) (< win8) (< wpa81) (< xamarinios) (< xamarinmac) (< xamarintvos) (< xamarinwatchos)) (< portable-net45+win8+wp8+wpa81)
    Microsoft.Extensions.Primitives (2.0.0)
      System.Runtime.CompilerServices.Unsafe (>= 4.4) - restriction: >= netstandard2.0
    Microsoft.Net.Compilers (2.6.1) - restriction: >= net45
    Microsoft.Net.Http (2.2.29) - restriction: && (< net45) (>= portable-net45+win8+wp8+wp81+wpa81)
      Microsoft.Bcl (>= 1.1.10)
      Microsoft.Bcl.Build (>= 1.0.14)
    Microsoft.NETCore.Platforms (2.0.1) - restriction: || (&& (>= monoandroid) (>= net46) (< netstandard1.3)) (&& (>= monoandroid) (>= net461) (< netstandard1.3)) (&& (>= monoandroid) (< netstandard1.0)) (&& (>= monoandroid) (>= netstandard1.1) (< portable-net451+win81+wpa81)) (&& (>= monoandroid) (>= netstandard1.3) (< portable-net451+win81+wpa81)) (&& (>= monoandroid) (< netstandard1.3) (>= netstandard1.6)) (&& (>= monoandroid) (< netstandard1.3) (>= netstandard2.0)) (&& (>= monoandroid) (>= netstandard1.5) (< portable-net451+win81+wpa81)) (&& (< monoandroid) (< net20) (>= netstandard1.2) (< netstandard1.3) (< wpa81)) (&& (< monoandroid) (< net20) (>= netstandard1.3) (< netstandard1.4) (< wpa81)) (&& (< monoandroid) (< net20) (< netstandard1.3) (>= netstandard1.4) (< wpa81)) (&& (< monoandroid) (< net20) (< netstandard1.3) (>= netstandard1.5)) (&& (< monoandroid) (< net20) (>= netstandard1.4) (< netstandard1.5) (< wpa81)) (&& (< monoandroid) (< net20) (< netstandard1.4) (>= netstandard1.5)) (&& (< monoandroid) (< net20) (>= netstandard1.5) (< netstandard1.6)) (&& (< monoandroid) (< net35) (< netstandard1.3) (>= netstandard1.4) (< win8) (< wpa81)) (&& (< monoandroid) (< net35) (< netstandard1.3) (>= netstandard1.6)) (&& (< monoandroid) (< net35) (>= netstandard1.4) (< netstandard1.5) (< wpa81)) (&& (< monoandroid) (< net35) (< netstandard1.5) (>= netstandard1.6)) (&& (< monoandroid) (< net45) (>= netstandard1.0) (< netstandard1.2) (< win8) (< wp8)) (&& (< monoandroid) (< net45) (>= netstandard1.2) (< netstandard1.3) (< wpa81)) (&& (< monoandroid) (< net45) (< netstandard1.2) (>= netstandard1.3) (< win8)) (&& (< monoandroid) (< net45) (>= netstandard1.3) (< netstandard1.4)) (&& (< monoandroid) (< netstandard1.0) (>= netstandard1.1) (>= portable-net451+win81+wpa81)) (&& (< monoandroid) (< netstandard1.0) (>= netstandard1.3)) (&& (< monoandroid) (< netstandard1.1) (>= netstandard1.2) (< win8)) (&& (< monoandroid) (< netstandard1.1) (>= netstandard1.3) (< win8)) (&& (< monoandroid) (< netstandard1.1) (>= netstandard1.4) (< win8)) (&& (< monoandroid) (< netstandard1.1) (>= netstandard1.5)) (&& (< monoandroid) (< netstandard1.1) (>= netstandard1.6)) (>= monotouch) (&& (< net20) (>= net46) (< netstandard1.3)) (&& (< net20) (>= net461)) (&& (< net20) (>= netstandard1.1) (< portable-net451+win81+wpa81)) (&& (< net20) (>= netstandard1.3) (< portable-net451+win81+wpa81)) (&& (< net20) (>= netstandard1.5) (< portable-net451+win81+wpa81)) (&& (< net20) (>= netstandard1.6)) (&& (< net20) (>= netstandard2.0)) (&& (< net35) (>= net461)) (&& (< net35) (>= netstandard1.3)) (&& (< net35) (>= netstandard1.5)) (&& (< net35) (>= netstandard1.6) (< netstandard2.0)) (&& (< net35) (>= netstandard2.0)) (&& (>= net45) (< portable-net451+win81+wpa81)) (&& (< net45) (>= net46) (< netstandard1.3)) (&& (< net45) (>= net461)) (&& (< net45) (>= net463)) (&& (< net45) (>= netstandard1.1) (< portable-net451+win81+wpa81)) (&& (< net45) (>= netstandard1.2) (< portable-net451+win81+wpa81)) (&& (< net45) (>= netstandard1.3) (< portable-net451+win81+wpa81)) (&& (< net45) (>= netstandard1.3) (< win8) (< wpa81)) (&& (< net45) (>= netstandard1.4)) (&& (< net45) (>= netstandard1.5)) (&& (< net45) (>= netstandard1.6)) (&& (< net45) (>= netstandard2.0)) (&& (>= net451) (< netstandard1.3)) (&& (>= net46) (< netstandard1.4)) (&& (>= net46) (< portable-net45+win8+wpa81)) (&& (< net46) (>= netstandard1.3)) (&& (>= net461) (< netstandard2.0)) (>= netcoreapp1.1) (&& (>= netstandard1.0) (< portable-net45+win8+wpa81)) (&& (< netstandard1.0) (>= netstandard1.1) (< portable-net451+win81+wpa81)) (&& (< netstandard1.0) (>= netstandard1.3) (< portable-net451+win81+wpa81)) (&& (>= netstandard1.1) (< portable-net45+win8+wpa81)) (&& (< netstandard1.1) (>= netstandard1.3) (< portable-net451+win81+wpa81) (< win8)) (&& (>= netstandard1.2) (< portable-net45+win8+wpa81)) (&& (>= netstandard1.3) (< portable-net45+win8+wpa81)) (&& (< netstandard1.3) (>= wpa81)) (&& (>= netstandard1.4) (< portable-net45+win8+wpa81)) (&& (>= netstandard1.5) (< portable-net45+win8+wpa81)) (&& (>= netstandard1.6) (< portable-net45+win8+wpa81)) (< portable-net45+win8+wp8+wpa81) (>= uap10.0) (>= xamarinios) (>= xamarinmac) (>= xamarintvos) (>= xamarinwatchos)
    Microsoft.NETCore.Targets (2.0.0) - restriction: || (&& (>= monoandroid) (>= net46) (< netstandard1.3)) (&& (>= monoandroid) (>= netstandard1.0) (< portable-net45+win8+wpa81)) (&& (>= monoandroid) (>= netstandard1.1) (< portable-net451+win81+wpa81)) (&& (>= monoandroid) (>= netstandard1.3) (< portable-net451+win81+wpa81)) (&& (>= monoandroid) (< netstandard1.3) (>= netstandard1.6)) (&& (>= monoandroid) (>= netstandard1.5) (< portable-net451+win81+wpa81)) (&& (< monoandroid) (< net20) (>= netstandard1.2) (< netstandard1.3) (< win8) (< wpa81)) (&& (< monoandroid) (< net20) (>= netstandard1.3) (< netstandard1.4) (< wpa81)) (&& (< monoandroid) (< net20) (< netstandard1.3) (>= netstandard1.4) (< wpa81)) (&& (< monoandroid) (< net20) (< netstandard1.3) (>= netstandard1.5)) (&& (< monoandroid) (< net20) (>= netstandard1.4) (< netstandard1.5) (< wpa81)) (&& (< monoandroid) (< net20) (< netstandard1.4) (>= netstandard1.5)) (&& (< monoandroid) (< net20) (< netstandard1.4) (>= netstandard1.6)) (&& (< monoandroid) (< net20) (>= netstandard1.5) (< netstandard1.6)) (&& (< monoandroid) (< net20) (< netstandard1.5) (>= netstandard1.6)) (&& (< monoandroid) (< net35) (>= netstandard1.3) (< netstandard1.4) (< wpa81)) (&& (< monoandroid) (< net35) (>= netstandard1.3) (< netstandard1.5) (< win8) (< wpa81)) (&& (< monoandroid) (< net35) (< netstandard1.3) (>= netstandard1.4) (< win8) (< wpa81)) (&& (< monoandroid) (< net35) (< netstandard1.3) (>= netstandard1.5)) (&& (< monoandroid) (< net35) (< netstandard1.3) (>= netstandard1.6)) (&& (< monoandroid) (< net35) (>= netstandard1.4) (< netstandard1.5) (< wpa81)) (&& (< monoandroid) (< net35) (< netstandard1.4) (>= netstandard1.5)) (&& (< monoandroid) (< net35) (>= netstandard1.5) (< netstandard1.6)) (&& (< monoandroid) (< net35) (< netstandard1.5) (>= netstandard1.6)) (&& (< monoandroid) (< net45) (>= netstandard1.0) (< netstandard1.2) (< win8) (< wp8)) (&& (< monoandroid) (< net45) (>= netstandard1.2) (< netstandard1.3) (< win8) (< wpa81)) (&& (< monoandroid) (< net45) (>= netstandard1.2) (< netstandard1.3) (< win81) (< wpa81)) (&& (< monoandroid) (< net45) (< netstandard1.2) (>= netstandard1.3) (< win8)) (&& (< monoandroid) (< net45) (< netstandard1.2) (>= netstandard1.4) (< win8)) (&& (< monoandroid) (< net45) (< netstandard1.2) (>= netstandard1.5)) (&& (< monoandroid) (< net45) (< netstandard1.2) (>= netstandard1.6)) (&& (< monoandroid) (< net45) (>= netstandard1.3) (< netstandard1.4)) (&& (< monoandroid) (< net45) (>= netstandard1.3) (< netstandard1.5) (< win8) (< wpa81)) (&& (< monoandroid) (< net45) (< netstandard1.3) (>= netstandard1.4) (< win8) (< wpa81)) (&& (< monoandroid) (< net45) (< netstandard1.3) (>= netstandard1.5)) (&& (< monoandroid) (< net45) (< netstandard1.3) (>= netstandard1.6)) (&& (< monoandroid) (< net45) (>= netstandard1.4) (< netstandard1.5) (< wpa81)) (&& (< monoandroid) (< net45) (< netstandard1.4) (>= netstandard1.5)) (&& (< monoandroid) (< net45) (< netstandard1.4) (>= netstandard1.6)) (&& (< monoandroid) (< net45) (>= netstandard1.5) (< netstandard1.6)) (&& (< monoandroid) (< net45) (< netstandard1.5) (>= netstandard1.6)) (&& (< monoandroid) (< netstandard1.0) (>= netstandard1.1) (>= portable-net451+win81+wpa81) (< win8)) (&& (< monoandroid) (< netstandard1.1) (>= netstandard1.2) (< win8)) (&& (< monoandroid) (< netstandard1.1) (>= netstandard1.3) (< win8)) (&& (< monoandroid) (< netstandard1.1) (>= netstandard1.4) (< win8)) (&& (< monoandroid) (< netstandard1.1) (>= netstandard1.5)) (&& (< monoandroid) (< netstandard1.1) (>= netstandard1.6)) (&& (< monotouch) (< net20) (>= netstandard1.6) (< xamarinios) (< xamarinmac) (< xamarintvos) (< xamarinwatchos)) (&& (< monotouch) (< net35) (>= netstandard1.3) (< xamarinios) (< xamarinmac) (< xamarintvos) (< xamarinwatchos)) (&& (< monotouch) (< net35) (>= netstandard1.5) (< xamarinios) (< xamarinmac) (< xamarintvos) (< xamarinwatchos)) (&& (< monotouch) (< net35) (>= netstandard1.6) (< netstandard2.0) (< xamarinios) (< xamarinmac) (< xamarintvos) (< xamarinwatchos)) (&& (< monotouch) (< net45) (>= netstandard1.3) (< win8) (< wpa81) (< xamarinios) (< xamarinmac) (< xamarintvos) (< xamarinwatchos)) (&& (< monotouch) (< net45) (>= netstandard1.4) (< xamarinios) (< xamarinmac) (< xamarintvos) (< xamarinwatchos)) (&& (< monotouch) (< net45) (>= netstandard1.5) (< xamarinios) (< xamarinmac) (< xamarintvos) (< xamarinwatchos)) (&& (< monotouch) (< net45) (>= netstandard1.6) (< netstandard2.0) (< xamarinios) (< xamarinmac) (< xamarintvos) (< xamarinwatchos)) (&& (< net20) (>= net46) (< netstandard1.3)) (&& (< net20) (>= netstandard1.0) (< portable-net45+win8+wpa81) (< wp8)) (&& (< net20) (>= netstandard1.1) (< portable-net451+win81+wpa81) (< win8)) (&& (< net20) (>= netstandard1.3) (< portable-net451+win81+wpa81) (< win8)) (&& (< net20) (< netstandard1.3) (>= netstandard1.6)) (&& (< net20) (>= netstandard1.5) (< portable-net451+win81+wpa81)) (&& (< net20) (>= netstandard1.6) (< portable-net451+win81+wpa81)) (&& (< net35) (>= netstandard1.3) (< portable-net451+win81+wpa81) (< win8)) (&& (< net35) (>= netstandard1.5) (< portable-net451+win81+wpa81)) (&& (< net45) (>= net451) (< netstandard1.3)) (&& (< net45) (>= net46) (< netstandard1.4)) (&& (< net45) (>= netstandard1.1) (< portable-net451+win81+wpa81) (< win8)) (&& (< net45) (>= netstandard1.2) (< portable-net451+win81+wpa81)) (&& (< net45) (>= netstandard1.3) (< portable-net451+win81+wpa81)) (&& (< net45) (>= netstandard1.4) (< portable-net451+win81+wpa81)) (&& (< net45) (>= netstandard1.5) (< portable-net451+win81+wpa81)) (&& (< net45) (>= netstandard1.6) (< portable-net451+win81+wpa81)) (>= netcoreapp1.1) (&& (< netstandard1.0) (>= netstandard1.1) (< portable-net451+win81+wpa81) (< win8)) (&& (>= netstandard1.1) (< portable-net45+win8+wpa81)) (&& (< netstandard1.1) (>= netstandard1.3) (< portable-net451+win81+wpa81) (< win8)) (&& (< netstandard1.1) (>= uap10.0) (< win8)) (&& (< netstandard1.1) (>= xamarinios)) (&& (>= netstandard1.2) (< portable-net45+win8+wpa81)) (&& (< netstandard1.2) (>= uap10.0) (< win8)) (&& (>= netstandard1.3) (< portable-net45+win8+wpa81)) (&& (< netstandard1.3) (>= uap10.0)) (&& (< netstandard1.3) (>= xamarinios)) (&& (>= netstandard1.4) (< portable-net45+win8+wpa81)) (&& (< netstandard1.4) (>= xamarinios)) (&& (>= netstandard1.5) (< portable-net45+win8+wpa81)) (&& (>= netstandard1.5) (>= uap10.0)) (&& (< netstandard1.5) (>= xamarinios)) (&& (>= netstandard1.6) (< portable-net45+win8+wpa81)) (&& (>= netstandard1.6) (>= uap10.0)) (&& (< netstandard1.6) (>= xamarinios)) (< portable-net45+win8+wp8+wpa81) (&& (< portable-net45+win8+wpa81) (>= uap10.0)) (&& (< portable-net45+win8+wpa81) (>= xamarinios)) (&& (< portable-net451+win81+wpa81) (>= uap10.0)) (&& (< portable-net451+win81+wpa81) (>= xamarinios)) (&& (>= uap10.0) (< uap10.1)) (&& (>= uap10.0) (< wpa81)) (&& (>= uap10.0) (>= xamarinios))
    Microsoft.Web.Infrastructure (1.0.0.0)
    Microsoft.Web.Xdt (2.1.1)
    Microsoft.Win32.Primitives (4.3.0) - restriction: || (&& (>= monoandroid) (>= net46) (< netstandard1.3)) (&& (>= monoandroid) (< netstandard1.3) (>= netstandard1.6)) (&& (< monoandroid) (< net20) (>= netstandard1.3) (< netstandard1.4) (< wpa81)) (&& (< monoandroid) (< net20) (< netstandard1.3) (>= netstandard1.4) (< wpa81)) (&& (< monoandroid) (< net20) (< netstandard1.3) (>= netstandard1.5)) (&& (< monoandroid) (< net20) (>= netstandard1.4) (< netstandard1.5) (< wpa81)) (&& (< monoandroid) (< net20) (< netstandard1.4) (>= netstandard1.6)) (&& (< monoandroid) (< net20) (>= netstandard1.5) (< netstandard1.6)) (&& (< monoandroid) (< net20) (< netstandard1.5) (>= netstandard1.6)) (&& (< monoandroid) (< net35) (>= netstandard1.3) (< netstandard1.4) (< wpa81)) (&& (< monoandroid) (< net35) (>= netstandard1.4) (< netstandard1.5) (< wpa81)) (&& (< monoandroid) (< net35) (>= netstandard1.5) (< netstandard1.6)) (&& (< monoandroid) (< net45) (>= netstandard1.3) (< netstandard1.4) (< wpa81)) (&& (< monoandroid) (< net45) (>= netstandard1.4) (< netstandard1.5) (< wpa81)) (&& (< monoandroid) (< net45) (>= netstandard1.5) (< netstandard1.6)) (&& (< monotouch) (< net20) (>= netstandard1.6) (< netstandard2.0) (< xamarinios) (< xamarinmac) (< xamarintvos) (< xamarinwatchos)) (&& (< monotouch) (< net35) (>= netstandard1.6) (< netstandard2.0) (< xamarinios) (< xamarinmac) (< xamarintvos) (< xamarinwatchos)) (&& (< monotouch) (< net45) (>= netstandard1.4) (< xamarinios) (< xamarinmac) (< xamarintvos) (< xamarinwatchos)) (&& (< monotouch) (< net45) (>= netstandard1.6) (< netstandard2.0) (< xamarinios) (< xamarinmac) (< xamarintvos) (< xamarinwatchos)) (&& (< net20) (>= net46) (< netstandard1.3)) (&& (< net20) (< netstandard1.3) (>= netstandard1.6)) (&& (< net45) (>= netstandard1.3) (< portable-net451+win81+wpa81) (< win8)) (&& (>= net46) (< netstandard1.4)) (&& (< netstandard1.3) (>= uap10.0)) (&& (< netstandard1.4) (>= xamarinios)) (&& (>= netstandard1.5) (>= uap10.0)) (&& (< netstandard1.5) (>= xamarinios)) (&& (>= netstandard1.6) (>= uap10.0)) (&& (< netstandard1.6) (>= xamarinios)) (&& (>= uap10.0) (< uap10.1)) (&& (>= uap10.0) (< wpa81)) (&& (>= uap10.0) (>= xamarinios))
      Microsoft.NETCore.Platforms (>= 1.1) - restriction: && (< monotouch) (< net46) (>= netstandard1.3) (< xamarinios) (< xamarinmac) (< xamarintvos) (< xamarinwatchos)
      Microsoft.NETCore.Targets (>= 1.1) - restriction: && (< monotouch) (< net46) (>= netstandard1.3) (< xamarinios) (< xamarinmac) (< xamarintvos) (< xamarinwatchos)
      System.Runtime (>= 4.3) - restriction: && (< monotouch) (< net46) (>= netstandard1.3) (< xamarinios) (< xamarinmac) (< xamarintvos) (< xamarinwatchos)
    Microsoft.Win32.Registry (4.4.0) - restriction: && (< monotouch) (< net45) (>= netstandard1.4) (< xamarinios) (< xamarinmac) (< xamarintvos) (< xamarinwatchos)
      Microsoft.NETCore.Platforms (>= 2.0) - restriction: >= netcoreapp2.0
      NETStandard.Library (>= 1.6.1) - restriction: && (< monotouch) (< net46) (>= netstandard1.3) (< netstandard2.0) (< xamarinios) (< xamarinmac) (< xamarintvos) (< xamarinwatchos)
      System.Security.AccessControl (>= 4.4) - restriction: || (&& (>= monoandroid) (< netstandard1.3)) (>= monotouch) (&& (< net46) (>= netstandard2.0)) (>= net461) (>= netcoreapp2.0) (>= xamarinios) (>= xamarinmac) (>= xamarintvos) (>= xamarinwatchos)
      System.Security.Principal.Windows (>= 4.4) - restriction: || (&& (>= monoandroid) (< netstandard1.3)) (>= monotouch) (&& (< net46) (>= netstandard2.0)) (>= net461) (>= netcoreapp2.0) (>= xamarinios) (>= xamarinmac) (>= xamarintvos) (>= xamarinwatchos)
    Mono.Cecil (0.9.6.4)
    MSTest.TestFramework (1.2.0)
    NETStandard.Library (2.0.1) - restriction: || (&& (>= monoandroid) (< netstandard1.3)) (&& (< monotouch) (< net45) (>= netstandard1.4) (< netstandard2.0) (< xamarinmac) (< xamarintvos) (< xamarinwatchos)) (&& (< net20) (>= netstandard1.0) (< netstandard1.3)) (&& (< net20) (>= netstandard1.0) (< portable-net45+win8+wp8+wpa81)) (&& (< net20) (>= netstandard1.3)) (&& (< net20) (>= netstandard1.6)) (&& (< net35) (>= netstandard1.3)) (&& (< net45) (>= netstandard1.1)) (&& (< net45) (>= netstandard1.3)) (&& (< net452) (>= netstandard1.1)) (&& (>= netstandard1.0) (< netstandard2.0) (< xamarinmac)) (>= uap10.0) (>= xamarinios)
      Microsoft.NETCore.Platforms (>= 1.1) - restriction: || (&& (>= monoandroid) (< netstandard1.0)) (&& (< monoandroid) (< net45) (>= netstandard1.2) (< netstandard1.3) (< wpa81)) (&& (< monoandroid) (< net45) (>= netstandard1.3) (< netstandard1.4) (< wpa81)) (&& (< monoandroid) (< net45) (>= netstandard1.4) (< netstandard1.5) (< wpa81)) (&& (< monoandroid) (< net45) (>= netstandard1.5) (< netstandard1.6)) (&& (< monoandroid) (< netstandard1.0) (>= portable-net451+win81+wpa81)) (>= monotouch) (&& (>= net45) (< portable-net451+win81+wpa81)) (&& (< net45) (>= netstandard1.1) (< portable-net451+win81+wpa81)) (&& (< net45) (>= netstandard1.6) (< netstandard2.0)) (&& (< net45) (>= netstandard2.0)) (&& (>= net451) (< netstandard1.3)) (&& (>= net46) (< netstandard1.4)) (>= net461) (>= netcoreapp2.0) (&& (>= netstandard1.0) (< portable-net45+win8+wpa81)) (&& (< netstandard1.0) (>= portable-net45+win8+wp8+wpa81) (< portable-net45+win8+wpa81)) (&& (< netstandard1.0) (>= portable-net45+win8+wpa81) (< portable-net451+win81+wpa81)) (&& (< netstandard1.3) (>= wpa81)) (>= uap10.0) (>= xamarinios) (>= xamarinmac) (>= xamarintvos) (>= xamarinwatchos)
      Microsoft.Win32.Primitives (>= 4.3) - restriction: || (&& (< monoandroid) (< net45) (>= netstandard1.3) (< netstandard1.4) (< wpa81)) (&& (< monoandroid) (< net45) (>= netstandard1.4) (< netstandard1.5) (< wpa81)) (&& (< monoandroid) (< net45) (>= netstandard1.5) (< netstandard1.6)) (&& (< monotouch) (< net45) (>= netstandard1.6) (< netstandard2.0) (< xamarinios) (< xamarinmac) (< xamarintvos) (< xamarinwatchos)) (&& (>= net46) (< netstandard1.4)) (&& (>= uap10.0) (< uap10.1))
      System.AppContext (>= 4.3) - restriction: || (&& (< monoandroid) (< net45) (>= netstandard1.3) (< netstandard1.4) (< wpa81)) (&& (< monoandroid) (< net45) (>= netstandard1.4) (< netstandard1.5) (< wpa81)) (&& (< monoandroid) (< net45) (>= netstandard1.5) (< netstandard1.6)) (&& (< monotouch) (< net45) (>= netstandard1.6) (< netstandard2.0) (< xamarinios) (< xamarinmac) (< xamarintvos) (< xamarinwatchos)) (&& (>= net46) (< netstandard1.4)) (&& (>= uap10.0) (< uap10.1))
      System.Collections (>= 4.3) - restriction: || (&& (< monoandroid) (< net45) (>= netstandard1.2) (< netstandard1.3) (< wpa81)) (&& (< monoandroid) (< net45) (>= netstandard1.3) (< netstandard1.4) (< wpa81)) (&& (< monoandroid) (< net45) (>= netstandard1.4) (< netstandard1.5) (< wpa81)) (&& (< monoandroid) (< net45) (>= netstandard1.5) (< netstandard1.6)) (&& (< monotouch) (< net45) (>= netstandard1.6) (< netstandard2.0) (< xamarinios) (< xamarinmac) (< xamarintvos) (< xamarinwatchos)) (&& (< net45) (>= netstandard1.1) (< portable-net451+win81+wpa81)) (&& (>= netstandard1.0) (< portable-net45+win8+wpa81)) (&& (>= uap10.0) (< uap10.1))
      System.Collections.Concurrent (>= 4.3) - restriction: || (&& (< monoandroid) (< net45) (>= netstandard1.2) (< netstandard1.3) (< wpa81)) (&& (< monoandroid) (< net45) (>= netstandard1.3) (< netstandard1.4) (< wpa81)) (&& (< monoandroid) (< net45) (>= netstandard1.4) (< netstandard1.5) (< wpa81)) (&& (< monoandroid) (< net45) (>= netstandard1.5) (< netstandard1.6)) (&& (< monotouch) (< net45) (>= netstandard1.6) (< netstandard2.0) (< xamarinios) (< xamarinmac) (< xamarintvos) (< xamarinwatchos)) (&& (< net45) (>= netstandard1.1) (< portable-net451+win81+wpa81)) (&& (>= uap10.0) (< uap10.1))
      System.Console (>= 4.3) - restriction: || (&& (< monoandroid) (< net45) (>= netstandard1.3) (< netstandard1.4) (< wpa81)) (&& (< monoandroid) (< net45) (>= netstandard1.4) (< netstandard1.5) (< wpa81)) (&& (< monoandroid) (< net45) (>= netstandard1.5) (< netstandard1.6)) (&& (< monotouch) (< net45) (>= netstandard1.6) (< netstandard2.0) (< xamarinios) (< xamarinmac) (< xamarintvos) (< xamarinwatchos)) (&& (>= net46) (< netstandard1.4)) (&& (>= uap10.0) (< uap10.1))
      System.Diagnostics.Debug (>= 4.3) - restriction: || (&& (< monoandroid) (< net45) (>= netstandard1.2) (< netstandard1.3) (< wpa81)) (&& (< monoandroid) (< net45) (>= netstandard1.3) (< netstandard1.4) (< wpa81)) (&& (< monoandroid) (< net45) (>= netstandard1.4) (< netstandard1.5) (< wpa81)) (&& (< monoandroid) (< net45) (>= netstandard1.5) (< netstandard1.6)) (&& (< monotouch) (< net45) (>= netstandard1.6) (< netstandard2.0) (< xamarinios) (< xamarinmac) (< xamarintvos) (< xamarinwatchos)) (&& (< net45) (>= netstandard1.1) (< portable-net451+win81+wpa81)) (&& (>= netstandard1.0) (< portable-net45+win8+wpa81)) (&& (>= uap10.0) (< uap10.1))
      System.Diagnostics.Tools (>= 4.3) - restriction: || (&& (< monoandroid) (< net45) (>= netstandard1.2) (< netstandard1.3) (< wpa81)) (&& (< monoandroid) (< net45) (>= netstandard1.3) (< netstandard1.4) (< wpa81)) (&& (< monoandroid) (< net45) (>= netstandard1.4) (< netstandard1.5) (< wpa81)) (&& (< monoandroid) (< net45) (>= netstandard1.5) (< netstandard1.6)) (&& (< monotouch) (< net45) (>= netstandard1.6) (< netstandard2.0) (< xamarinios) (< xamarinmac) (< xamarintvos) (< xamarinwatchos)) (&& (< net45) (>= netstandard1.1) (< portable-net451+win81+wpa81)) (&& (>= netstandard1.0) (< portable-net45+win8+wpa81)) (&& (>= uap10.0) (< uap10.1))
      System.Diagnostics.Tracing (>= 4.3) - restriction: || (&& (< monoandroid) (< net45) (>= netstandard1.2) (< netstandard1.3) (< wpa81)) (&& (< monoandroid) (< net45) (>= netstandard1.3) (< netstandard1.4) (< wpa81)) (&& (< monoandroid) (< net45) (>= netstandard1.4) (< netstandard1.5) (< wpa81)) (&& (< monoandroid) (< net45) (>= netstandard1.5) (< netstandard1.6)) (&& (< monotouch) (< net45) (>= netstandard1.6) (< netstandard2.0) (< xamarinios) (< xamarinmac) (< xamarintvos) (< xamarinwatchos)) (&& (< net45) (>= netstandard1.1) (< portable-net451+win81+wpa81)) (&& (>= uap10.0) (< uap10.1))
      System.Globalization (>= 4.3) - restriction: || (&& (< monoandroid) (< net45) (>= netstandard1.2) (< netstandard1.3) (< wpa81)) (&& (< monoandroid) (< net45) (>= netstandard1.3) (< netstandard1.4) (< wpa81)) (&& (< monoandroid) (< net45) (>= netstandard1.4) (< netstandard1.5) (< wpa81)) (&& (< monoandroid) (< net45) (>= netstandard1.5) (< netstandard1.6)) (&& (< monotouch) (< net45) (>= netstandard1.6) (< netstandard2.0) (< xamarinios) (< xamarinmac) (< xamarintvos) (< xamarinwatchos)) (&& (< net45) (>= netstandard1.1) (< portable-net451+win81+wpa81)) (&& (>= netstandard1.0) (< portable-net45+win8+wpa81)) (&& (>= uap10.0) (< uap10.1))
      System.Globalization.Calendars (>= 4.3) - restriction: || (&& (< monoandroid) (< net45) (>= netstandard1.3) (< netstandard1.4) (< wpa81)) (&& (< monoandroid) (< net45) (>= netstandard1.4) (< netstandard1.5) (< wpa81)) (&& (< monoandroid) (< net45) (>= netstandard1.5) (< netstandard1.6)) (&& (< monotouch) (< net45) (>= netstandard1.6) (< netstandard2.0) (< xamarinios) (< xamarinmac) (< xamarintvos) (< xamarinwatchos)) (&& (>= net46) (< netstandard1.4)) (&& (>= uap10.0) (< uap10.1))
      System.IO (>= 4.3) - restriction: || (&& (< monoandroid) (< net45) (>= netstandard1.2) (< netstandard1.3) (< wpa81)) (&& (< monoandroid) (< net45) (>= netstandard1.3) (< netstandard1.4) (< wpa81)) (&& (< monoandroid) (< net45) (>= netstandard1.4) (< netstandard1.5) (< wpa81)) (&& (< monoandroid) (< net45) (>= netstandard1.5) (< netstandard1.6)) (&& (< monotouch) (< net45) (>= netstandard1.6) (< netstandard2.0) (< xamarinios) (< xamarinmac) (< xamarintvos) (< xamarinwatchos)) (&& (< net45) (>= netstandard1.1) (< portable-net451+win81+wpa81)) (&& (>= netstandard1.0) (< portable-net45+win8+wpa81)) (&& (>= uap10.0) (< uap10.1))
      System.IO.Compression (>= 4.3) - restriction: || (&& (< monoandroid) (< net45) (>= netstandard1.2) (< netstandard1.3) (< wpa81)) (&& (< monoandroid) (< net45) (>= netstandard1.3) (< netstandard1.4) (< wpa81)) (&& (< monoandroid) (< net45) (>= netstandard1.4) (< netstandard1.5) (< wpa81)) (&& (< monoandroid) (< net45) (>= netstandard1.5) (< netstandard1.6)) (&& (< monotouch) (< net45) (>= netstandard1.6) (< netstandard2.0) (< xamarinios) (< xamarinmac) (< xamarintvos) (< xamarinwatchos)) (&& (< net45) (>= netstandard1.1) (< portable-net451+win81+wpa81)) (&& (>= net46) (< netstandard1.4)) (&& (>= uap10.0) (< uap10.1))
      System.IO.Compression.ZipFile (>= 4.3) - restriction: || (&& (< monoandroid) (< net45) (>= netstandard1.3) (< netstandard1.4) (< wpa81)) (&& (< monoandroid) (< net45) (>= netstandard1.4) (< netstandard1.5) (< wpa81)) (&& (< monoandroid) (< net45) (>= netstandard1.5) (< netstandard1.6)) (&& (< monotouch) (< net45) (>= netstandard1.6) (< netstandard2.0) (< xamarinios) (< xamarinmac) (< xamarintvos) (< xamarinwatchos)) (&& (>= net46) (< netstandard1.4)) (&& (>= uap10.0) (< uap10.1))
      System.IO.FileSystem (>= 4.3) - restriction: || (&& (< monoandroid) (< net45) (>= netstandard1.3) (< netstandard1.4) (< wpa81)) (&& (< monoandroid) (< net45) (>= netstandard1.4) (< netstandard1.5) (< wpa81)) (&& (< monoandroid) (< net45) (>= netstandard1.5) (< netstandard1.6)) (&& (< monotouch) (< net45) (>= netstandard1.6) (< netstandard2.0) (< xamarinios) (< xamarinmac) (< xamarintvos) (< xamarinwatchos)) (&& (>= net46) (< netstandard1.4)) (&& (>= uap10.0) (< uap10.1))
      System.IO.FileSystem.Primitives (>= 4.3) - restriction: || (&& (< monoandroid) (< net45) (>= netstandard1.3) (< netstandard1.4) (< wpa81)) (&& (< monoandroid) (< net45) (>= netstandard1.4) (< netstandard1.5) (< wpa81)) (&& (< monoandroid) (< net45) (>= netstandard1.5) (< netstandard1.6)) (&& (< monotouch) (< net45) (>= netstandard1.6) (< netstandard2.0) (< xamarinios) (< xamarinmac) (< xamarintvos) (< xamarinwatchos)) (&& (>= net46) (< netstandard1.4)) (&& (>= uap10.0) (< uap10.1))
      System.Linq (>= 4.3) - restriction: || (&& (< monoandroid) (< net45) (>= netstandard1.2) (< netstandard1.3) (< wpa81)) (&& (< monoandroid) (< net45) (>= netstandard1.3) (< netstandard1.4) (< wpa81)) (&& (< monoandroid) (< net45) (>= netstandard1.4) (< netstandard1.5) (< wpa81)) (&& (< monoandroid) (< net45) (>= netstandard1.5) (< netstandard1.6)) (&& (< monotouch) (< net45) (>= netstandard1.6) (< netstandard2.0) (< xamarinios) (< xamarinmac) (< xamarintvos) (< xamarinwatchos)) (&& (< net45) (>= netstandard1.1) (< portable-net451+win81+wpa81)) (&& (>= netstandard1.0) (< portable-net45+win8+wpa81)) (&& (>= uap10.0) (< uap10.1))
      System.Linq.Expressions (>= 4.3) - restriction: || (&& (< monoandroid) (< net45) (>= netstandard1.2) (< netstandard1.3) (< wpa81)) (&& (< monoandroid) (< net45) (>= netstandard1.3) (< netstandard1.4) (< wpa81)) (&& (< monoandroid) (< net45) (>= netstandard1.4) (< netstandard1.5) (< wpa81)) (&& (< monoandroid) (< net45) (>= netstandard1.5) (< netstandard1.6)) (&& (< monotouch) (< net45) (>= netstandard1.6) (< netstandard2.0) (< xamarinios) (< xamarinmac) (< xamarintvos) (< xamarinwatchos)) (&& (< net45) (>= netstandard1.1) (< portable-net451+win81+wpa81)) (&& (>= netstandard1.0) (< portable-net45+win8+wpa81)) (&& (>= uap10.0) (< uap10.1))
      System.Net.Http (>= 4.3.2) - restriction: || (&& (< monoandroid) (< net45) (>= netstandard1.2) (< netstandard1.3) (< wpa81)) (&& (< monoandroid) (< net45) (>= netstandard1.3) (< netstandard1.4) (< wpa81)) (&& (< monoandroid) (< net45) (>= netstandard1.4) (< netstandard1.5) (< wpa81)) (&& (< monoandroid) (< net45) (>= netstandard1.5) (< netstandard1.6)) (&& (< monotouch) (< net45) (>= netstandard1.6) (< netstandard2.0) (< xamarinios) (< xamarinmac) (< xamarintvos) (< xamarinwatchos)) (&& (< net45) (>= netstandard1.1) (< portable-net451+win81+wpa81)) (&& (>= net46) (< netstandard1.4)) (&& (>= uap10.0) (< uap10.1))
      System.Net.Primitives (>= 4.3) - restriction: || (&& (< monoandroid) (< net45) (>= netstandard1.2) (< netstandard1.3) (< wpa81)) (&& (< monoandroid) (< net45) (>= netstandard1.3) (< netstandard1.4) (< wpa81)) (&& (< monoandroid) (< net45) (>= netstandard1.4) (< netstandard1.5) (< wpa81)) (&& (< monoandroid) (< net45) (>= netstandard1.5) (< netstandard1.6)) (&& (< monotouch) (< net45) (>= netstandard1.6) (< netstandard2.0) (< xamarinios) (< xamarinmac) (< xamarintvos) (< xamarinwatchos)) (&& (< net45) (>= netstandard1.1) (< portable-net451+win81+wpa81)) (&& (>= netstandard1.0) (< portable-net45+win8+wpa81)) (&& (>= uap10.0) (< uap10.1))
      System.Net.Sockets (>= 4.3) - restriction: || (&& (< monoandroid) (< net45) (>= netstandard1.3) (< netstandard1.4) (< wpa81)) (&& (< monoandroid) (< net45) (>= netstandard1.4) (< netstandard1.5) (< wpa81)) (&& (< monoandroid) (< net45) (>= netstandard1.5) (< netstandard1.6)) (&& (< monotouch) (< net45) (>= netstandard1.6) (< netstandard2.0) (< xamarinios) (< xamarinmac) (< xamarintvos) (< xamarinwatchos)) (&& (>= net46) (< netstandard1.4)) (&& (>= uap10.0) (< uap10.1))
      System.ObjectModel (>= 4.3) - restriction: || (&& (< monoandroid) (< net45) (>= netstandard1.2) (< netstandard1.3) (< wpa81)) (&& (< monoandroid) (< net45) (>= netstandard1.3) (< netstandard1.4) (< wpa81)) (&& (< monoandroid) (< net45) (>= netstandard1.4) (< netstandard1.5) (< wpa81)) (&& (< monoandroid) (< net45) (>= netstandard1.5) (< netstandard1.6)) (&& (< monotouch) (< net45) (>= netstandard1.6) (< netstandard2.0) (< xamarinios) (< xamarinmac) (< xamarintvos) (< xamarinwatchos)) (&& (< net45) (>= netstandard1.1) (< portable-net451+win81+wpa81)) (&& (>= netstandard1.0) (< portable-net45+win8+wpa81)) (&& (>= uap10.0) (< uap10.1))
      System.Reflection (>= 4.3) - restriction: || (&& (< monoandroid) (< net45) (>= netstandard1.2) (< netstandard1.3) (< wpa81)) (&& (< monoandroid) (< net45) (>= netstandard1.3) (< netstandard1.4) (< wpa81)) (&& (< monoandroid) (< net45) (>= netstandard1.4) (< netstandard1.5) (< wpa81)) (&& (< monoandroid) (< net45) (>= netstandard1.5) (< netstandard1.6)) (&& (< monotouch) (< net45) (>= netstandard1.6) (< netstandard2.0) (< xamarinios) (< xamarinmac) (< xamarintvos) (< xamarinwatchos)) (&& (< net45) (>= netstandard1.1) (< portable-net451+win81+wpa81)) (&& (>= netstandard1.0) (< portable-net45+win8+wpa81)) (&& (>= uap10.0) (< uap10.1))
      System.Reflection.Extensions (>= 4.3) - restriction: || (&& (< monoandroid) (< net45) (>= netstandard1.2) (< netstandard1.3) (< wpa81)) (&& (< monoandroid) (< net45) (>= netstandard1.3) (< netstandard1.4) (< wpa81)) (&& (< monoandroid) (< net45) (>= netstandard1.4) (< netstandard1.5) (< wpa81)) (&& (< monoandroid) (< net45) (>= netstandard1.5) (< netstandard1.6)) (&& (< monotouch) (< net45) (>= netstandard1.6) (< netstandard2.0) (< xamarinios) (< xamarinmac) (< xamarintvos) (< xamarinwatchos)) (&& (< net45) (>= netstandard1.1) (< portable-net451+win81+wpa81)) (&& (>= netstandard1.0) (< portable-net45+win8+wpa81)) (&& (>= uap10.0) (< uap10.1))
      System.Reflection.Primitives (>= 4.3) - restriction: || (&& (< monoandroid) (< net45) (>= netstandard1.2) (< netstandard1.3) (< wpa81)) (&& (< monoandroid) (< net45) (>= netstandard1.3) (< netstandard1.4) (< wpa81)) (&& (< monoandroid) (< net45) (>= netstandard1.4) (< netstandard1.5) (< wpa81)) (&& (< monoandroid) (< net45) (>= netstandard1.5) (< netstandard1.6)) (&& (< monotouch) (< net45) (>= netstandard1.6) (< netstandard2.0) (< xamarinios) (< xamarinmac) (< xamarintvos) (< xamarinwatchos)) (&& (< net45) (>= netstandard1.1) (< portable-net451+win81+wpa81)) (&& (>= netstandard1.0) (< portable-net45+win8+wpa81)) (&& (>= uap10.0) (< uap10.1))
      System.Resources.ResourceManager (>= 4.3) - restriction: || (&& (< monoandroid) (< net45) (>= netstandard1.2) (< netstandard1.3) (< wpa81)) (&& (< monoandroid) (< net45) (>= netstandard1.3) (< netstandard1.4) (< wpa81)) (&& (< monoandroid) (< net45) (>= netstandard1.4) (< netstandard1.5) (< wpa81)) (&& (< monoandroid) (< net45) (>= netstandard1.5) (< netstandard1.6)) (&& (< monotouch) (< net45) (>= netstandard1.6) (< netstandard2.0) (< xamarinios) (< xamarinmac) (< xamarintvos) (< xamarinwatchos)) (&& (< net45) (>= netstandard1.1) (< portable-net451+win81+wpa81)) (&& (>= netstandard1.0) (< portable-net45+win8+wpa81)) (&& (>= uap10.0) (< uap10.1))
      System.Runtime (>= 4.3) - restriction: || (&& (< monoandroid) (< net45) (>= netstandard1.2) (< netstandard1.3) (< wpa81)) (&& (< monoandroid) (< net45) (>= netstandard1.3) (< netstandard1.4) (< wpa81)) (&& (< monoandroid) (< net45) (>= netstandard1.4) (< netstandard1.5) (< wpa81)) (&& (< monoandroid) (< net45) (>= netstandard1.5) (< netstandard1.6)) (&& (< monotouch) (< net45) (>= netstandard1.6) (< netstandard2.0) (< xamarinios) (< xamarinmac) (< xamarintvos) (< xamarinwatchos)) (&& (< net45) (>= netstandard1.1) (< portable-net451+win81+wpa81)) (&& (>= netstandard1.0) (< portable-net45+win8+wpa81)) (&& (>= uap10.0) (< uap10.1))
      System.Runtime.Extensions (>= 4.3) - restriction: || (&& (< monoandroid) (< net45) (>= netstandard1.2) (< netstandard1.3) (< wpa81)) (&& (< monoandroid) (< net45) (>= netstandard1.3) (< netstandard1.4) (< wpa81)) (&& (< monoandroid) (< net45) (>= netstandard1.4) (< netstandard1.5) (< wpa81)) (&& (< monoandroid) (< net45) (>= netstandard1.5) (< netstandard1.6)) (&& (< monotouch) (< net45) (>= netstandard1.6) (< netstandard2.0) (< xamarinios) (< xamarinmac) (< xamarintvos) (< xamarinwatchos)) (&& (< net45) (>= netstandard1.1) (< portable-net451+win81+wpa81)) (&& (>= netstandard1.0) (< portable-net45+win8+wpa81)) (&& (>= uap10.0) (< uap10.1))
      System.Runtime.Handles (>= 4.3) - restriction: || (&& (< monoandroid) (< net45) (>= netstandard1.3) (< netstandard1.4) (< wpa81)) (&& (< monoandroid) (< net45) (>= netstandard1.4) (< netstandard1.5) (< wpa81)) (&& (< monoandroid) (< net45) (>= netstandard1.5) (< netstandard1.6)) (&& (< monotouch) (< net45) (>= netstandard1.6) (< netstandard2.0) (< xamarinios) (< xamarinmac) (< xamarintvos) (< xamarinwatchos)) (&& (>= uap10.0) (< uap10.1))
      System.Runtime.InteropServices (>= 4.3) - restriction: || (&& (< monoandroid) (< net45) (>= netstandard1.2) (< netstandard1.3) (< wpa81)) (&& (< monoandroid) (< net45) (>= netstandard1.3) (< netstandard1.4) (< wpa81)) (&& (< monoandroid) (< net45) (>= netstandard1.4) (< netstandard1.5) (< wpa81)) (&& (< monoandroid) (< net45) (>= netstandard1.5) (< netstandard1.6)) (&& (< monotouch) (< net45) (>= netstandard1.6) (< netstandard2.0) (< xamarinios) (< xamarinmac) (< xamarintvos) (< xamarinwatchos)) (&& (< net45) (>= netstandard1.1) (< portable-net451+win81+wpa81)) (&& (>= uap10.0) (< uap10.1))
      System.Runtime.InteropServices.RuntimeInformation (>= 4.3) - restriction: || (&& (< monoandroid) (< net45) (>= netstandard1.2) (< netstandard1.3) (< wpa81)) (&& (< monoandroid) (< net45) (>= netstandard1.3) (< netstandard1.4) (< wpa81)) (&& (< monoandroid) (< net45) (>= netstandard1.4) (< netstandard1.5) (< wpa81)) (&& (< monoandroid) (< net45) (>= netstandard1.5) (< netstandard1.6)) (&& (< monoandroid) (< netstandard1.0) (>= portable-net451+win81+wpa81)) (&& (< monotouch) (< net45) (>= netstandard1.6) (< netstandard2.0) (< xamarinios) (< xamarinmac) (< xamarintvos) (< xamarinwatchos)) (&& (>= net45) (< portable-net451+win81+wpa81)) (&& (< net45) (>= netstandard1.1) (< portable-net451+win81+wpa81)) (&& (>= net451) (< netstandard1.3)) (&& (>= net46) (< netstandard1.4)) (&& (< netstandard1.0) (>= portable-net45+win8+wpa81) (< portable-net451+win81+wpa81)) (&& (< netstandard1.3) (>= wpa81)) (&& (>= uap10.0) (< uap10.1))
      System.Runtime.Numerics (>= 4.3) - restriction: || (&& (< monoandroid) (< net45) (>= netstandard1.2) (< netstandard1.3) (< wpa81)) (&& (< monoandroid) (< net45) (>= netstandard1.3) (< netstandard1.4) (< wpa81)) (&& (< monoandroid) (< net45) (>= netstandard1.4) (< netstandard1.5) (< wpa81)) (&& (< monoandroid) (< net45) (>= netstandard1.5) (< netstandard1.6)) (&& (< monotouch) (< net45) (>= netstandard1.6) (< netstandard2.0) (< xamarinios) (< xamarinmac) (< xamarintvos) (< xamarinwatchos)) (&& (< net45) (>= netstandard1.1) (< portable-net451+win81+wpa81)) (&& (>= uap10.0) (< uap10.1))
      System.Security.Cryptography.Algorithms (>= 4.3) - restriction: || (&& (< monoandroid) (< net45) (>= netstandard1.3) (< netstandard1.4) (< wpa81)) (&& (< monoandroid) (< net45) (>= netstandard1.4) (< netstandard1.5) (< wpa81)) (&& (< monoandroid) (< net45) (>= netstandard1.5) (< netstandard1.6)) (&& (< monotouch) (< net45) (>= netstandard1.6) (< netstandard2.0) (< xamarinios) (< xamarinmac) (< xamarintvos) (< xamarinwatchos)) (&& (>= net46) (< netstandard1.4)) (&& (>= uap10.0) (< uap10.1))
      System.Security.Cryptography.Encoding (>= 4.3) - restriction: || (&& (< monoandroid) (< net45) (>= netstandard1.3) (< netstandard1.4) (< wpa81)) (&& (< monoandroid) (< net45) (>= netstandard1.4) (< netstandard1.5) (< wpa81)) (&& (< monoandroid) (< net45) (>= netstandard1.5) (< netstandard1.6)) (&& (< monotouch) (< net45) (>= netstandard1.6) (< netstandard2.0) (< xamarinios) (< xamarinmac) (< xamarintvos) (< xamarinwatchos)) (&& (>= net46) (< netstandard1.4)) (&& (>= uap10.0) (< uap10.1))
      System.Security.Cryptography.Primitives (>= 4.3) - restriction: || (&& (< monoandroid) (< net45) (>= netstandard1.3) (< netstandard1.4) (< wpa81)) (&& (< monoandroid) (< net45) (>= netstandard1.4) (< netstandard1.5) (< wpa81)) (&& (< monoandroid) (< net45) (>= netstandard1.5) (< netstandard1.6)) (&& (< monotouch) (< net45) (>= netstandard1.6) (< netstandard2.0) (< xamarinios) (< xamarinmac) (< xamarintvos) (< xamarinwatchos)) (&& (>= net46) (< netstandard1.4)) (&& (>= uap10.0) (< uap10.1))
      System.Security.Cryptography.X509Certificates (>= 4.3) - restriction: || (&& (< monoandroid) (< net45) (>= netstandard1.3) (< netstandard1.4) (< wpa81)) (&& (< monoandroid) (< net45) (>= netstandard1.4) (< netstandard1.5) (< wpa81)) (&& (< monoandroid) (< net45) (>= netstandard1.5) (< netstandard1.6)) (&& (< monotouch) (< net45) (>= netstandard1.6) (< netstandard2.0) (< xamarinios) (< xamarinmac) (< xamarintvos) (< xamarinwatchos)) (&& (>= net46) (< netstandard1.4)) (&& (>= uap10.0) (< uap10.1))
      System.Text.Encoding (>= 4.3) - restriction: || (&& (< monoandroid) (< net45) (>= netstandard1.2) (< netstandard1.3) (< wpa81)) (&& (< monoandroid) (< net45) (>= netstandard1.3) (< netstandard1.4) (< wpa81)) (&& (< monoandroid) (< net45) (>= netstandard1.4) (< netstandard1.5) (< wpa81)) (&& (< monoandroid) (< net45) (>= netstandard1.5) (< netstandard1.6)) (&& (< monotouch) (< net45) (>= netstandard1.6) (< netstandard2.0) (< xamarinios) (< xamarinmac) (< xamarintvos) (< xamarinwatchos)) (&& (< net45) (>= netstandard1.1) (< portable-net451+win81+wpa81)) (&& (>= netstandard1.0) (< portable-net45+win8+wpa81)) (&& (>= uap10.0) (< uap10.1))
      System.Text.Encoding.Extensions (>= 4.3) - restriction: || (&& (< monoandroid) (< net45) (>= netstandard1.2) (< netstandard1.3) (< wpa81)) (&& (< monoandroid) (< net45) (>= netstandard1.3) (< netstandard1.4) (< wpa81)) (&& (< monoandroid) (< net45) (>= netstandard1.4) (< netstandard1.5) (< wpa81)) (&& (< monoandroid) (< net45) (>= netstandard1.5) (< netstandard1.6)) (&& (< monotouch) (< net45) (>= netstandard1.6) (< netstandard2.0) (< xamarinios) (< xamarinmac) (< xamarintvos) (< xamarinwatchos)) (&& (< net45) (>= netstandard1.1) (< portable-net451+win81+wpa81)) (&& (>= netstandard1.0) (< portable-net45+win8+wpa81)) (&& (>= uap10.0) (< uap10.1))
      System.Text.RegularExpressions (>= 4.3) - restriction: || (&& (< monoandroid) (< net45) (>= netstandard1.2) (< netstandard1.3) (< wpa81)) (&& (< monoandroid) (< net45) (>= netstandard1.3) (< netstandard1.4) (< wpa81)) (&& (< monoandroid) (< net45) (>= netstandard1.4) (< netstandard1.5) (< wpa81)) (&& (< monoandroid) (< net45) (>= netstandard1.5) (< netstandard1.6)) (&& (< monotouch) (< net45) (>= netstandard1.6) (< netstandard2.0) (< xamarinios) (< xamarinmac) (< xamarintvos) (< xamarinwatchos)) (&& (< net45) (>= netstandard1.1) (< portable-net451+win81+wpa81)) (&& (>= netstandard1.0) (< portable-net45+win8+wpa81)) (&& (>= uap10.0) (< uap10.1))
      System.Threading (>= 4.3) - restriction: || (&& (< monoandroid) (< net45) (>= netstandard1.2) (< netstandard1.3) (< wpa81)) (&& (< monoandroid) (< net45) (>= netstandard1.3) (< netstandard1.4) (< wpa81)) (&& (< monoandroid) (< net45) (>= netstandard1.4) (< netstandard1.5) (< wpa81)) (&& (< monoandroid) (< net45) (>= netstandard1.5) (< netstandard1.6)) (&& (< monotouch) (< net45) (>= netstandard1.6) (< netstandard2.0) (< xamarinios) (< xamarinmac) (< xamarintvos) (< xamarinwatchos)) (&& (< net45) (>= netstandard1.1) (< portable-net451+win81+wpa81)) (&& (>= netstandard1.0) (< portable-net45+win8+wpa81)) (&& (>= uap10.0) (< uap10.1))
      System.Threading.Tasks (>= 4.3) - restriction: || (&& (< monoandroid) (< net45) (>= netstandard1.2) (< netstandard1.3) (< wpa81)) (&& (< monoandroid) (< net45) (>= netstandard1.3) (< netstandard1.4) (< wpa81)) (&& (< monoandroid) (< net45) (>= netstandard1.4) (< netstandard1.5) (< wpa81)) (&& (< monoandroid) (< net45) (>= netstandard1.5) (< netstandard1.6)) (&& (< monotouch) (< net45) (>= netstandard1.6) (< netstandard2.0) (< xamarinios) (< xamarinmac) (< xamarintvos) (< xamarinwatchos)) (&& (< net45) (>= netstandard1.1) (< portable-net451+win81+wpa81)) (&& (>= netstandard1.0) (< portable-net45+win8+wpa81)) (&& (>= uap10.0) (< uap10.1))
      System.Threading.Timer (>= 4.3) - restriction: || (&& (< monoandroid) (< net45) (>= netstandard1.2) (< netstandard1.3) (< wpa81)) (&& (< monoandroid) (< net45) (>= netstandard1.3) (< netstandard1.4) (< wpa81)) (&& (< monoandroid) (< net45) (>= netstandard1.4) (< netstandard1.5) (< wpa81)) (&& (< monoandroid) (< net45) (>= netstandard1.5) (< netstandard1.6)) (&& (< monotouch) (< net45) (>= netstandard1.6) (< netstandard2.0) (< xamarinios) (< xamarinmac) (< xamarintvos) (< xamarinwatchos)) (&& (>= uap10.0) (< uap10.1))
      System.Xml.ReaderWriter (>= 4.3) - restriction: || (&& (< monoandroid) (< net45) (>= netstandard1.2) (< netstandard1.3) (< wpa81)) (&& (< monoandroid) (< net45) (>= netstandard1.3) (< netstandard1.4) (< wpa81)) (&& (< monoandroid) (< net45) (>= netstandard1.4) (< netstandard1.5) (< wpa81)) (&& (< monoandroid) (< net45) (>= netstandard1.5) (< netstandard1.6)) (&& (< monotouch) (< net45) (>= netstandard1.6) (< netstandard2.0) (< xamarinios) (< xamarinmac) (< xamarintvos) (< xamarinwatchos)) (&& (< net45) (>= netstandard1.1) (< portable-net451+win81+wpa81)) (&& (>= net46) (< netstandard1.4)) (&& (>= netstandard1.0) (< portable-net45+win8+wpa81)) (&& (>= uap10.0) (< uap10.1))
      System.Xml.XDocument (>= 4.3) - restriction: || (&& (< monoandroid) (< net45) (>= netstandard1.2) (< netstandard1.3) (< wpa81)) (&& (< monoandroid) (< net45) (>= netstandard1.3) (< netstandard1.4) (< wpa81)) (&& (< monoandroid) (< net45) (>= netstandard1.4) (< netstandard1.5) (< wpa81)) (&& (< monoandroid) (< net45) (>= netstandard1.5) (< netstandard1.6)) (&& (< monotouch) (< net45) (>= netstandard1.6) (< netstandard2.0) (< xamarinios) (< xamarinmac) (< xamarintvos) (< xamarinwatchos)) (&& (< net45) (>= netstandard1.1) (< portable-net451+win81+wpa81)) (&& (>= netstandard1.0) (< portable-net45+win8+wpa81)) (&& (>= uap10.0) (< uap10.1))
    Newtonsoft.Json (10.0.3)
      Microsoft.CSharp (>= 4.3) - restriction: || (&& (< net20) (>= netstandard1.0) (< netstandard1.3)) (&& (< net20) (>= netstandard1.3))
      NETStandard.Library (>= 1.6.1) - restriction: || (&& (< net20) (>= netstandard1.0) (< netstandard1.3)) (&& (< net20) (>= netstandard1.3))
      System.ComponentModel.TypeConverter (>= 4.3) - restriction: || (&& (< net20) (>= netstandard1.0) (< netstandard1.3)) (&& (< net20) (>= netstandard1.3))
      System.Runtime.Serialization.Formatters (>= 4.3) - restriction: && (< net20) (>= netstandard1.3)
      System.Runtime.Serialization.Primitives (>= 4.3) - restriction: || (&& (< net20) (>= netstandard1.0) (< netstandard1.3)) (&& (< net20) (>= netstandard1.3))
      System.Xml.XmlDocument (>= 4.3) - restriction: && (< net20) (>= netstandard1.3)
    NLog (4.4.12)
    NuGet.CommandLine (4.4.1)
    NuGet.Common (4.5.0) - restriction: || (>= net45) (>= netstandard1.3)
      NETStandard.Library (>= 1.6) - restriction: && (< net45) (>= netstandard1.3)
      NuGet.Frameworks (>= 4.5) - restriction: || (>= net45) (>= netstandard1.3)
      System.Diagnostics.Process (>= 4.1) - restriction: && (< net45) (>= netstandard1.3)
      System.Security.Cryptography.Algorithms (>= 4.2) - restriction: && (< net45) (>= netstandard1.3)
      System.Threading.Thread (>= 4.0) - restriction: && (< net45) (>= netstandard1.3)
    NuGet.Frameworks (4.5.0) - restriction: || (>= net45) (>= netstandard1.3)
      NETStandard.Library (>= 1.6) - restriction: && (< net40) (>= netstandard1.3)
    NuGet.Packaging (4.5.0)
      NETStandard.Library (>= 1.6) - restriction: && (< net45) (>= netstandard1.3)
      Newtonsoft.Json (>= 9.0.1) - restriction: || (>= net45) (>= netstandard1.3)
      NuGet.Common (>= 4.5) - restriction: || (>= net45) (>= netstandard1.3)
      NuGet.Packaging.Core (>= 4.5) - restriction: || (>= net45) (>= netstandard1.3)
      System.Dynamic.Runtime (>= 4.0.11) - restriction: && (< net45) (>= netstandard1.3)
      System.IO.Compression (>= 4.1) - restriction: && (< net45) (>= netstandard1.3)
      System.ObjectModel (>= 4.0.12) - restriction: && (< net45) (>= netstandard1.3)
    NuGet.Packaging.Core (4.5.0) - restriction: || (>= net45) (>= netstandard1.3)
      NETStandard.Library (>= 1.6) - restriction: && (< net45) (>= netstandard1.3)
      NuGet.Common (>= 4.5) - restriction: || (>= net45) (>= netstandard1.3)
      NuGet.Frameworks (>= 4.5) - restriction: || (>= net45) (>= netstandard1.3)
      NuGet.Versioning (>= 4.5) - restriction: || (>= net45) (>= netstandard1.3)
      System.Xml.XDocument (>= 4.0.11) - restriction: && (< net45) (>= netstandard1.3)
    NuGet.Versioning (4.5.0) - restriction: || (>= net45) (>= netstandard1.3)
      NETStandard.Library (>= 1.6) - restriction: && (< net45) (>= netstandard1.0)
    NUnit (3.9.0)
      NETStandard.Library (>= 1.6) - restriction: || (&& (>= monoandroid) (< netstandard1.3)) (&& (< monoandroid) (< net20) (>= netstandard1.3) (< netstandard1.6)) (&& (< net20) (>= netstandard1.6)) (>= uap10.0) (>= xamarinios)
      System.Runtime.Loader (>= 4.3) - restriction: && (< net20) (>= netstandard1.6) (< xamarinios)
      System.Threading.Thread (>= 4.3) - restriction: && (< net20) (>= netstandard1.6) (< xamarinios)
    RefactoringEssentials (5.6.0)
    runtime.debian.8-x64.runtime.native.System.Security.Cryptography.OpenSsl (4.3.2) - restriction: || (&& (< monoandroid) (< net45) (>= netstandard1.3) (< netstandard1.4) (< wpa81)) (&& (< monoandroid) (< net45) (< netstandard1.3) (>= netstandard1.6)) (&& (< monoandroid) (< net45) (>= netstandard1.4) (< netstandard1.5) (< wpa81)) (&& (< monoandroid) (< net45) (< netstandard1.4) (>= netstandard1.6)) (&& (< monoandroid) (< net45) (>= netstandard1.5) (< netstandard1.6)) (&& (< monoandroid) (< net45) (< netstandard1.5) (>= netstandard1.6)) (&& (< monotouch) (< net45) (>= netstandard1.6) (< xamarinios) (< xamarinmac) (< xamarintvos) (< xamarinwatchos)) (&& (< net45) (>= net46) (< netstandard1.4)) (&& (< net45) (>= netstandard1.6) (< portable-net451+win81+wpa81)) (&& (>= netstandard1.6) (>= uap10.0)) (&& (>= uap10.0) (< uap10.1))
    runtime.fedora.23-x64.runtime.native.System.Security.Cryptography.OpenSsl (4.3.2) - restriction: || (&& (< monoandroid) (< net45) (>= netstandard1.3) (< netstandard1.4) (< wpa81)) (&& (< monoandroid) (< net45) (< netstandard1.3) (>= netstandard1.6)) (&& (< monoandroid) (< net45) (>= netstandard1.4) (< netstandard1.5) (< wpa81)) (&& (< monoandroid) (< net45) (< netstandard1.4) (>= netstandard1.6)) (&& (< monoandroid) (< net45) (>= netstandard1.5) (< netstandard1.6)) (&& (< monoandroid) (< net45) (< netstandard1.5) (>= netstandard1.6)) (&& (< monotouch) (< net45) (>= netstandard1.6) (< xamarinios) (< xamarinmac) (< xamarintvos) (< xamarinwatchos)) (&& (< net45) (>= net46) (< netstandard1.4)) (&& (< net45) (>= netstandard1.6) (< portable-net451+win81+wpa81)) (&& (>= netstandard1.6) (>= uap10.0)) (&& (>= uap10.0) (< uap10.1))
    runtime.fedora.24-x64.runtime.native.System.Security.Cryptography.OpenSsl (4.3.2) - restriction: || (&& (< monoandroid) (< net45) (>= netstandard1.3) (< netstandard1.4) (< wpa81)) (&& (< monoandroid) (< net45) (< netstandard1.3) (>= netstandard1.6)) (&& (< monoandroid) (< net45) (>= netstandard1.4) (< netstandard1.5) (< wpa81)) (&& (< monoandroid) (< net45) (< netstandard1.4) (>= netstandard1.6)) (&& (< monoandroid) (< net45) (>= netstandard1.5) (< netstandard1.6)) (&& (< monoandroid) (< net45) (< netstandard1.5) (>= netstandard1.6)) (&& (< monotouch) (< net45) (>= netstandard1.6) (< xamarinios) (< xamarinmac) (< xamarintvos) (< xamarinwatchos)) (&& (< net45) (>= net46) (< netstandard1.4)) (&& (< net45) (>= netstandard1.6) (< portable-net451+win81+wpa81)) (&& (>= netstandard1.6) (>= uap10.0)) (&& (>= uap10.0) (< uap10.1))
    runtime.native.System (4.3.0) - restriction: || (&& (< monoandroid) (< net45) (>= netstandard1.2) (< netstandard1.3) (< win8) (< wpa81)) (&& (< monoandroid) (< net45) (>= netstandard1.3) (< netstandard1.4) (< win8) (< wpa81)) (&& (< monoandroid) (< net45) (< netstandard1.3) (>= netstandard1.6)) (&& (< monoandroid) (< net45) (>= netstandard1.4) (< netstandard1.5) (< win8) (< wpa81)) (&& (< monoandroid) (< net45) (< netstandard1.4) (>= netstandard1.6)) (&& (< monoandroid) (< net45) (>= netstandard1.5) (< netstandard1.6)) (&& (< monoandroid) (< net45) (< netstandard1.5) (>= netstandard1.6)) (&& (< monoandroid) (< netstandard1.0) (>= netstandard1.1) (>= portable-net451+win81+wpa81) (< win8)) (&& (< monotouch) (< net35) (>= netstandard1.3) (< xamarinios) (< xamarinmac) (< xamarintvos) (< xamarinwatchos)) (&& (< monotouch) (< net45) (>= netstandard1.3) (< win8) (< wpa81) (< xamarinios) (< xamarinmac) (< xamarintvos) (< xamarinwatchos)) (&& (< monotouch) (< net45) (>= netstandard1.4) (< xamarinios) (< xamarinmac) (< xamarintvos) (< xamarinwatchos)) (&& (< monotouch) (< net45) (>= netstandard1.6) (< netstandard2.0) (< xamarinios) (< xamarinmac) (< xamarintvos) (< xamarinwatchos)) (&& (< net45) (>= net451) (< netstandard1.3)) (&& (< net45) (>= net46) (< netstandard1.4)) (&& (< net45) (>= netstandard1.1) (< portable-net451+win81+wpa81) (< win8)) (&& (< net45) (>= netstandard1.6) (< portable-net451+win81+wpa81)) (&& (< netstandard1.0) (>= netstandard1.1) (< portable-net451+win81+wpa81) (< win8)) (&& (>= netstandard1.6) (>= uap10.0)) (&& (>= uap10.0) (< win8) (< wpa81))
      Microsoft.NETCore.Platforms (>= 1.1)
      Microsoft.NETCore.Targets (>= 1.1)
    runtime.native.System.IO.Compression (4.3.1) - restriction: || (&& (< monotouch) (< net45) (>= netstandard1.3) (< win8) (< wpa81) (< xamarinios) (< xamarinmac) (< xamarintvos) (< xamarinwatchos)) (&& (>= netstandard1.3) (< portable-net45+win8+wpa81))
      Microsoft.NETCore.Platforms (>= 1.1)
      Microsoft.NETCore.Targets (>= 1.1.1)
    runtime.native.System.Net.Http (4.3.0) - restriction: || (&& (< monoandroid) (< net45) (< netstandard1.3) (>= netstandard1.6)) (&& (< monoandroid) (< net45) (< netstandard1.4) (>= netstandard1.6)) (&& (< monoandroid) (< net45) (< netstandard1.5) (>= netstandard1.6)) (&& (< monotouch) (< net45) (>= netstandard1.6) (< netstandard2.0) (< xamarinios) (< xamarinmac) (< xamarintvos) (< xamarinwatchos)) (&& (< net45) (>= net46) (< netstandard1.4) (>= netstandard1.6)) (&& (< net45) (>= netstandard1.6) (< portable-net451+win81+wpa81)) (&& (>= netstandard1.6) (>= uap10.0))
      Microsoft.NETCore.Platforms (>= 1.1)
      Microsoft.NETCore.Targets (>= 1.1)
    runtime.native.System.Security.Cryptography.Apple (4.3.1) - restriction: || (&& (< monoandroid) (< net45) (< netstandard1.4) (>= netstandard1.6)) (&& (< monoandroid) (< net45) (< netstandard1.5) (>= netstandard1.6)) (&& (< monotouch) (< net45) (>= netstandard1.6) (< xamarinios) (< xamarinmac) (< xamarintvos) (< xamarinwatchos)) (&& (< net45) (>= net46) (< netstandard1.4) (>= netstandard1.6)) (&& (>= netstandard1.6) (>= uap10.0))
      runtime.osx.10.10-x64.runtime.native.System.Security.Cryptography.Apple (>= 4.3.1)
    runtime.native.System.Security.Cryptography.OpenSsl (4.3.2) - restriction: || (&& (>= monoandroid) (>= net46) (< netstandard1.3)) (&& (>= monoandroid) (< netstandard1.3) (>= netstandard1.6)) (&& (< monoandroid) (< net20) (>= netstandard1.3) (< netstandard1.4) (< wpa81)) (&& (< monoandroid) (< net20) (< netstandard1.3) (>= netstandard1.4) (< wpa81)) (&& (< monoandroid) (< net20) (< netstandard1.3) (>= netstandard1.5)) (&& (< monoandroid) (< net20) (>= netstandard1.4) (< netstandard1.5) (< wpa81)) (&& (< monoandroid) (< net20) (< netstandard1.4) (>= netstandard1.6)) (&& (< monoandroid) (< net20) (>= netstandard1.5) (< netstandard1.6)) (&& (< monoandroid) (< net20) (< netstandard1.5) (>= netstandard1.6)) (&& (< monoandroid) (< net35) (>= netstandard1.3) (< netstandard1.4) (< wpa81)) (&& (< monoandroid) (< net35) (>= netstandard1.4) (< netstandard1.5) (< wpa81)) (&& (< monoandroid) (< net35) (>= netstandard1.5) (< netstandard1.6)) (&& (< monoandroid) (< net45) (>= netstandard1.3) (< netstandard1.4) (< wpa81)) (&& (< monoandroid) (< net45) (< netstandard1.3) (>= netstandard1.4) (< wpa81)) (&& (< monoandroid) (< net45) (< netstandard1.3) (>= netstandard1.5)) (&& (< monoandroid) (< net45) (< netstandard1.3) (>= netstandard1.6)) (&& (< monoandroid) (< net45) (>= netstandard1.4) (< netstandard1.5) (< wpa81)) (&& (< monoandroid) (< net45) (< netstandard1.4) (>= netstandard1.6)) (&& (< monoandroid) (< net45) (>= netstandard1.5) (< netstandard1.6)) (&& (< monoandroid) (< net45) (< netstandard1.5) (>= netstandard1.6)) (&& (< monotouch) (< net20) (>= netstandard1.6) (< netstandard2.0) (< xamarinios) (< xamarinmac) (< xamarintvos) (< xamarinwatchos)) (&& (< monotouch) (< net35) (>= netstandard1.6) (< netstandard2.0) (< xamarinios) (< xamarinmac) (< xamarintvos) (< xamarinwatchos)) (&& (< monotouch) (< net45) (>= netstandard1.6) (< xamarinios) (< xamarinmac) (< xamarintvos) (< xamarinwatchos)) (&& (< net20) (>= net46) (< netstandard1.3)) (&& (< net20) (< netstandard1.3) (>= netstandard1.6)) (&& (< net45) (>= net46) (< netstandard1.3)) (&& (< net45) (>= net46) (< netstandard1.4)) (&& (< net45) (>= net463)) (&& (< net45) (>= netstandard1.3) (< portable-net451+win81+wpa81) (< win8)) (&& (< net45) (>= netstandard1.6) (< portable-net451+win81+wpa81)) (&& (>= net463) (>= uap10.0)) (&& (< netstandard1.3) (>= uap10.0)) (&& (< netstandard1.4) (>= xamarinios)) (&& (>= netstandard1.5) (>= uap10.0)) (&& (< netstandard1.5) (>= xamarinios)) (&& (>= netstandard1.6) (>= uap10.0)) (&& (< netstandard1.6) (>= xamarinios)) (&& (>= uap10.0) (< uap10.1)) (&& (>= uap10.0) (< wpa81)) (&& (>= uap10.0) (>= xamarinios))
      runtime.debian.8-x64.runtime.native.System.Security.Cryptography.OpenSsl (>= 4.3.2)
      runtime.fedora.23-x64.runtime.native.System.Security.Cryptography.OpenSsl (>= 4.3.2)
      runtime.fedora.24-x64.runtime.native.System.Security.Cryptography.OpenSsl (>= 4.3.2)
      runtime.opensuse.13.2-x64.runtime.native.System.Security.Cryptography.OpenSsl (>= 4.3.2)
      runtime.opensuse.42.1-x64.runtime.native.System.Security.Cryptography.OpenSsl (>= 4.3.2)
      runtime.osx.10.10-x64.runtime.native.System.Security.Cryptography.OpenSsl (>= 4.3.2)
      runtime.rhel.7-x64.runtime.native.System.Security.Cryptography.OpenSsl (>= 4.3.2)
      runtime.ubuntu.14.04-x64.runtime.native.System.Security.Cryptography.OpenSsl (>= 4.3.2)
      runtime.ubuntu.16.04-x64.runtime.native.System.Security.Cryptography.OpenSsl (>= 4.3.2)
      runtime.ubuntu.16.10-x64.runtime.native.System.Security.Cryptography.OpenSsl (>= 4.3.2)
    runtime.opensuse.13.2-x64.runtime.native.System.Security.Cryptography.OpenSsl (4.3.2) - restriction: || (&& (< monoandroid) (< net45) (>= netstandard1.3) (< netstandard1.4) (< wpa81)) (&& (< monoandroid) (< net45) (< netstandard1.3) (>= netstandard1.6)) (&& (< monoandroid) (< net45) (>= netstandard1.4) (< netstandard1.5) (< wpa81)) (&& (< monoandroid) (< net45) (< netstandard1.4) (>= netstandard1.6)) (&& (< monoandroid) (< net45) (>= netstandard1.5) (< netstandard1.6)) (&& (< monoandroid) (< net45) (< netstandard1.5) (>= netstandard1.6)) (&& (< monotouch) (< net45) (>= netstandard1.6) (< xamarinios) (< xamarinmac) (< xamarintvos) (< xamarinwatchos)) (&& (< net45) (>= net46) (< netstandard1.4)) (&& (< net45) (>= netstandard1.6) (< portable-net451+win81+wpa81)) (&& (>= netstandard1.6) (>= uap10.0)) (&& (>= uap10.0) (< uap10.1))
    runtime.opensuse.42.1-x64.runtime.native.System.Security.Cryptography.OpenSsl (4.3.2) - restriction: || (&& (< monoandroid) (< net45) (>= netstandard1.3) (< netstandard1.4) (< wpa81)) (&& (< monoandroid) (< net45) (< netstandard1.3) (>= netstandard1.6)) (&& (< monoandroid) (< net45) (>= netstandard1.4) (< netstandard1.5) (< wpa81)) (&& (< monoandroid) (< net45) (< netstandard1.4) (>= netstandard1.6)) (&& (< monoandroid) (< net45) (>= netstandard1.5) (< netstandard1.6)) (&& (< monoandroid) (< net45) (< netstandard1.5) (>= netstandard1.6)) (&& (< monotouch) (< net45) (>= netstandard1.6) (< xamarinios) (< xamarinmac) (< xamarintvos) (< xamarinwatchos)) (&& (< net45) (>= net46) (< netstandard1.4)) (&& (< net45) (>= netstandard1.6) (< portable-net451+win81+wpa81)) (&& (>= netstandard1.6) (>= uap10.0)) (&& (>= uap10.0) (< uap10.1))
    runtime.osx.10.10-x64.runtime.native.System.Security.Cryptography.Apple (4.3.1) - restriction: || (&& (< monoandroid) (< net45) (< netstandard1.5) (>= netstandard1.6)) (&& (< monotouch) (< net45) (>= netstandard1.6) (< xamarinios) (< xamarinmac) (< xamarintvos) (< xamarinwatchos)) (&& (< net45) (>= net46) (< netstandard1.4) (>= netstandard1.6)) (&& (>= netstandard1.6) (>= uap10.0))
    runtime.osx.10.10-x64.runtime.native.System.Security.Cryptography.OpenSsl (4.3.2) - restriction: || (&& (< monoandroid) (< net45) (>= netstandard1.3) (< netstandard1.4) (< wpa81)) (&& (< monoandroid) (< net45) (< netstandard1.3) (>= netstandard1.6)) (&& (< monoandroid) (< net45) (>= netstandard1.4) (< netstandard1.5) (< wpa81)) (&& (< monoandroid) (< net45) (< netstandard1.4) (>= netstandard1.6)) (&& (< monoandroid) (< net45) (>= netstandard1.5) (< netstandard1.6)) (&& (< monoandroid) (< net45) (< netstandard1.5) (>= netstandard1.6)) (&& (< monotouch) (< net45) (>= netstandard1.6) (< xamarinios) (< xamarinmac) (< xamarintvos) (< xamarinwatchos)) (&& (< net45) (>= net46) (< netstandard1.4)) (&& (< net45) (>= netstandard1.6) (< portable-net451+win81+wpa81)) (&& (>= netstandard1.6) (>= uap10.0)) (&& (>= uap10.0) (< uap10.1))
    runtime.rhel.7-x64.runtime.native.System.Security.Cryptography.OpenSsl (4.3.2) - restriction: || (&& (< monoandroid) (< net45) (>= netstandard1.3) (< netstandard1.4) (< wpa81)) (&& (< monoandroid) (< net45) (< netstandard1.3) (>= netstandard1.6)) (&& (< monoandroid) (< net45) (>= netstandard1.4) (< netstandard1.5) (< wpa81)) (&& (< monoandroid) (< net45) (< netstandard1.4) (>= netstandard1.6)) (&& (< monoandroid) (< net45) (>= netstandard1.5) (< netstandard1.6)) (&& (< monoandroid) (< net45) (< netstandard1.5) (>= netstandard1.6)) (&& (< monotouch) (< net45) (>= netstandard1.6) (< xamarinios) (< xamarinmac) (< xamarintvos) (< xamarinwatchos)) (&& (< net45) (>= net46) (< netstandard1.4)) (&& (< net45) (>= netstandard1.6) (< portable-net451+win81+wpa81)) (&& (>= netstandard1.6) (>= uap10.0)) (&& (>= uap10.0) (< uap10.1))
    runtime.ubuntu.14.04-x64.runtime.native.System.Security.Cryptography.OpenSsl (4.3.2) - restriction: || (&& (< monoandroid) (< net45) (>= netstandard1.3) (< netstandard1.4) (< wpa81)) (&& (< monoandroid) (< net45) (< netstandard1.3) (>= netstandard1.6)) (&& (< monoandroid) (< net45) (>= netstandard1.4) (< netstandard1.5) (< wpa81)) (&& (< monoandroid) (< net45) (< netstandard1.4) (>= netstandard1.6)) (&& (< monoandroid) (< net45) (>= netstandard1.5) (< netstandard1.6)) (&& (< monoandroid) (< net45) (< netstandard1.5) (>= netstandard1.6)) (&& (< monotouch) (< net45) (>= netstandard1.6) (< xamarinios) (< xamarinmac) (< xamarintvos) (< xamarinwatchos)) (&& (< net45) (>= net46) (< netstandard1.4)) (&& (< net45) (>= netstandard1.6) (< portable-net451+win81+wpa81)) (&& (>= netstandard1.6) (>= uap10.0)) (&& (>= uap10.0) (< uap10.1))
    runtime.ubuntu.16.04-x64.runtime.native.System.Security.Cryptography.OpenSsl (4.3.2) - restriction: || (&& (< monoandroid) (< net45) (>= netstandard1.3) (< netstandard1.4) (< wpa81)) (&& (< monoandroid) (< net45) (< netstandard1.3) (>= netstandard1.6)) (&& (< monoandroid) (< net45) (>= netstandard1.4) (< netstandard1.5) (< wpa81)) (&& (< monoandroid) (< net45) (< netstandard1.4) (>= netstandard1.6)) (&& (< monoandroid) (< net45) (>= netstandard1.5) (< netstandard1.6)) (&& (< monoandroid) (< net45) (< netstandard1.5) (>= netstandard1.6)) (&& (< monotouch) (< net45) (>= netstandard1.6) (< xamarinios) (< xamarinmac) (< xamarintvos) (< xamarinwatchos)) (&& (< net45) (>= net46) (< netstandard1.4)) (&& (< net45) (>= netstandard1.6) (< portable-net451+win81+wpa81)) (&& (>= netstandard1.6) (>= uap10.0)) (&& (>= uap10.0) (< uap10.1))
    runtime.ubuntu.16.10-x64.runtime.native.System.Security.Cryptography.OpenSsl (4.3.2) - restriction: || (&& (< monoandroid) (< net45) (>= netstandard1.3) (< netstandard1.4) (< wpa81)) (&& (< monoandroid) (< net45) (< netstandard1.3) (>= netstandard1.6)) (&& (< monoandroid) (< net45) (>= netstandard1.4) (< netstandard1.5) (< wpa81)) (&& (< monoandroid) (< net45) (< netstandard1.4) (>= netstandard1.6)) (&& (< monoandroid) (< net45) (>= netstandard1.5) (< netstandard1.6)) (&& (< monoandroid) (< net45) (< netstandard1.5) (>= netstandard1.6)) (&& (< monotouch) (< net45) (>= netstandard1.6) (< xamarinios) (< xamarinmac) (< xamarintvos) (< xamarinwatchos)) (&& (< net45) (>= net46) (< netstandard1.4)) (&& (< net45) (>= netstandard1.6) (< portable-net451+win81+wpa81)) (&& (>= netstandard1.6) (>= uap10.0)) (&& (>= uap10.0) (< uap10.1))
    StyleCop.Analyzers (1.0.2)
    System.AppContext (4.3.0) - restriction: || (&& (>= monoandroid) (>= net46) (< netstandard1.3)) (&& (>= monoandroid) (< netstandard1.3) (>= netstandard1.6)) (&& (< monoandroid) (< net20) (>= netstandard1.3) (< netstandard1.4) (< wpa81)) (&& (< monoandroid) (< net20) (< netstandard1.3) (>= netstandard1.4) (< wpa81)) (&& (< monoandroid) (< net20) (< netstandard1.3) (>= netstandard1.5)) (&& (< monoandroid) (< net20) (>= netstandard1.4) (< netstandard1.5) (< wpa81)) (&& (< monoandroid) (< net20) (< netstandard1.4) (>= netstandard1.6)) (&& (< monoandroid) (< net20) (>= netstandard1.5) (< netstandard1.6)) (&& (< monoandroid) (< net20) (< netstandard1.5) (>= netstandard1.6)) (&& (< monoandroid) (< net35) (>= netstandard1.3) (< netstandard1.4) (< wpa81)) (&& (< monoandroid) (< net35) (>= netstandard1.4) (< netstandard1.5) (< wpa81)) (&& (< monoandroid) (< net35) (>= netstandard1.5) (< netstandard1.6)) (&& (< monoandroid) (< net45) (>= netstandard1.3) (< netstandard1.4) (< wpa81)) (&& (< monoandroid) (< net45) (>= netstandard1.4) (< netstandard1.5) (< wpa81)) (&& (< monoandroid) (< net45) (>= netstandard1.5) (< netstandard1.6)) (&& (< monotouch) (< net20) (>= netstandard1.6) (< netstandard2.0) (< xamarinios) (< xamarinmac) (< xamarintvos) (< xamarinwatchos)) (&& (< monotouch) (< net35) (>= netstandard1.6) (< netstandard2.0) (< xamarinios) (< xamarinmac) (< xamarintvos) (< xamarinwatchos)) (&& (< monotouch) (< net45) (>= netstandard1.6) (< netstandard2.0) (< xamarinios) (< xamarinmac) (< xamarintvos) (< xamarinwatchos)) (&& (< net20) (>= net46) (< netstandard1.3)) (&& (< net20) (< netstandard1.3) (>= netstandard1.6)) (&& (>= net46) (< net47)) (&& (>= net46) (< netstandard1.4)) (&& (< netstandard1.3) (>= uap10.0)) (&& (< netstandard1.4) (>= xamarinios)) (&& (>= netstandard1.5) (>= uap10.0)) (&& (< netstandard1.5) (>= xamarinios)) (&& (>= netstandard1.6) (>= uap10.0)) (&& (< netstandard1.6) (>= xamarinios)) (&& (>= uap10.0) (< uap10.1)) (&& (>= uap10.0) (< wpa81)) (&& (>= uap10.0) (>= xamarinios))
    System.Buffers (4.4.0) - restriction: || (&& (< monoandroid) (< net45) (>= netstandard1.3) (< netstandard1.4) (< wpa81)) (&& (< monoandroid) (< net45) (>= netstandard1.4) (< netstandard1.5) (< wpa81)) (&& (< monoandroid) (< net45) (>= netstandard1.5) (< netstandard1.6)) (&& (< monotouch) (< net45) (>= netstandard1.3) (< win8) (< wpa81) (< xamarinios) (< xamarinmac) (< xamarintvos) (< xamarinwatchos)) (&& (< monotouch) (< net45) (>= netstandard1.6) (< netstandard2.0) (< xamarinios) (< xamarinmac) (< xamarintvos) (< xamarinwatchos)) (&& (< net45) (>= net46) (< netstandard1.4)) (&& (>= netstandard1.3) (< portable-net45+win8+wpa81)) (&& (>= uap10.0) (< uap10.1))
      System.Diagnostics.Debug (>= 4.3) - restriction: && (>= netstandard1.1) (< netstandard2.0) (< xamarinmac)
      System.Diagnostics.Tracing (>= 4.3) - restriction: && (>= netstandard1.1) (< netstandard2.0) (< xamarinmac)
      System.Resources.ResourceManager (>= 4.3) - restriction: && (>= netstandard1.1) (< netstandard2.0) (< xamarinmac)
      System.Runtime (>= 4.3) - restriction: && (>= netstandard1.1) (< netstandard2.0) (< xamarinmac)
      System.Threading (>= 4.3) - restriction: && (>= netstandard1.1) (< netstandard2.0) (< xamarinmac)
    System.Collections (4.3.0) - restriction: || (&& (>= monoandroid) (>= net46) (< netstandard1.3)) (&& (>= monoandroid) (>= netstandard1.0) (< portable-net45+win8+wpa81)) (&& (>= monoandroid) (>= netstandard1.1) (< portable-net451+win81+wpa81)) (&& (>= monoandroid) (< netstandard1.3) (>= netstandard1.6)) (&& (>= monoandroid) (>= netstandard1.6) (< portable-net451+win81+wpa81)) (&& (< monoandroid) (< net20) (>= netstandard1.0) (< netstandard1.3) (< win8) (< wp8) (< wpa81)) (&& (< monoandroid) (< net20) (>= netstandard1.2) (< netstandard1.3) (< wpa81)) (&& (< monoandroid) (< net20) (>= netstandard1.3) (< netstandard1.4) (< wpa81)) (&& (< monoandroid) (< net20) (>= netstandard1.3) (< netstandard1.5) (< win8) (< wpa81)) (&& (< monoandroid) (< net20) (< netstandard1.3) (>= netstandard1.4) (< wpa81)) (&& (< monoandroid) (< net20) (>= netstandard1.4) (< netstandard1.5) (< wpa81)) (&& (< monoandroid) (< net20) (< netstandard1.4) (>= netstandard1.6)) (&& (< monoandroid) (< net20) (>= netstandard1.5) (< netstandard1.6)) (&& (< monoandroid) (< net20) (< netstandard1.5) (>= netstandard1.6)) (&& (< monoandroid) (< net35) (>= netstandard1.3) (< netstandard1.4) (< wpa81)) (&& (< monoandroid) (< net35) (>= netstandard1.4) (< netstandard1.5) (< wpa81)) (&& (< monoandroid) (< net35) (< netstandard1.4) (>= netstandard1.6)) (&& (< monoandroid) (< net35) (>= netstandard1.5) (< netstandard1.6)) (&& (< monoandroid) (< net35) (< netstandard1.5) (>= netstandard1.6)) (&& (< monoandroid) (< net45) (>= netstandard1.2) (< netstandard1.3) (< wpa81)) (&& (< monoandroid) (< net45) (>= netstandard1.3) (< netstandard1.4) (< wpa81)) (&& (< monoandroid) (< net45) (>= netstandard1.3) (< netstandard1.6) (< win8) (< wpa81)) (&& (< monoandroid) (< net45) (< netstandard1.3) (>= netstandard1.4) (< wpa81)) (&& (< monoandroid) (< net45) (< netstandard1.3) (>= netstandard1.5)) (&& (< monoandroid) (< net45) (< netstandard1.3) (>= netstandard1.6)) (&& (< monoandroid) (< net45) (>= netstandard1.4) (< netstandard1.5) (< wpa81)) (&& (< monoandroid) (< net45) (< netstandard1.4) (>= netstandard1.6)) (&& (< monoandroid) (< net45) (>= netstandard1.5) (< netstandard1.6)) (&& (< monoandroid) (< net45) (< netstandard1.5) (>= netstandard1.6)) (&& (< monotouch) (< net20) (>= netstandard1.3) (< xamarinios) (< xamarinmac) (< xamarintvos) (< xamarinwatchos)) (&& (< monotouch) (< net20) (>= netstandard1.4) (< xamarinios) (< xamarinmac) (< xamarintvos) (< xamarinwatchos)) (&& (< monotouch) (< net20) (>= netstandard1.5) (< xamarinios) (< xamarinmac) (< xamarintvos) (< xamarinwatchos)) (&& (< monotouch) (< net20) (>= netstandard1.6) (< netstandard2.0) (< xamarinios) (< xamarinmac) (< xamarintvos) (< xamarinwatchos)) (&& (< monotouch) (< net35) (>= netstandard1.3) (< xamarinios) (< xamarinmac) (< xamarintvos) (< xamarinwatchos)) (&& (< monotouch) (< net35) (>= netstandard1.6) (< netstandard2.0) (< xamarinios) (< xamarinmac) (< xamarintvos) (< xamarinwatchos)) (&& (< monotouch) (< net45) (>= netstandard1.3) (< win8) (< wpa81) (< xamarinios) (< xamarinmac) (< xamarintvos) (< xamarinwatchos)) (&& (< monotouch) (< net45) (>= netstandard1.4) (< xamarinios) (< xamarinmac) (< xamarintvos) (< xamarinwatchos)) (&& (< monotouch) (< net45) (>= netstandard1.6) (< xamarinios) (< xamarinmac) (< xamarintvos) (< xamarinwatchos)) (&& (< net20) (>= net46) (< netstandard1.3)) (&& (< net20) (>= netstandard1.0) (< portable-net45+win8+wpa81)) (&& (< net20) (>= netstandard1.1) (< portable-net451+win81+wpa81)) (&& (< net20) (>= netstandard1.3) (< portable-net451+win81+wpa81)) (&& (< net20) (< netstandard1.3) (>= netstandard1.5)) (&& (< net20) (< netstandard1.3) (>= netstandard1.6)) (&& (< net20) (>= netstandard1.6) (< portable-net451+win81+wpa81)) (&& (< net35) (>= netstandard1.3) (< portable-net451+win81+wpa81)) (&& (< net35) (>= netstandard1.6) (< portable-net451+win81+wpa81)) (&& (< net45) (>= net46) (< netstandard1.3)) (&& (< net45) (>= net46) (< netstandard1.4)) (&& (< net45) (>= net463)) (&& (< net45) (>= netstandard1.1) (< portable-net451+win81+wpa81)) (&& (< net45) (>= netstandard1.3) (< portable-net451+win81+wpa81)) (&& (< net45) (>= netstandard1.6) (< portable-net451+win81+wpa81)) (&& (>= net46) (< portable-net45+win8+wp8+wpa81)) (&& (>= net46) (< portable-net45+win8+wpa81)) (&& (>= net463) (>= uap10.0)) (&& (>= netstandard1.0) (< portable-net45+win8+wp8+wpa81)) (&& (>= netstandard1.1) (< portable-net45+win8+wp8+wpa81)) (&& (>= netstandard1.1) (< portable-net45+win8+wpa81)) (&& (>= netstandard1.2) (< portable-net45+win8+wp8+wpa81)) (&& (>= netstandard1.2) (< portable-net45+win8+wpa81)) (&& (>= netstandard1.3) (< portable-net45+win8+wp8+wpa81)) (&& (>= netstandard1.3) (< portable-net45+win8+wpa81)) (&& (< netstandard1.3) (>= uap10.0)) (&& (< netstandard1.3) (>= xamarinios)) (&& (>= netstandard1.4) (< portable-net45+win8+wp8+wpa81)) (&& (>= netstandard1.4) (< portable-net45+win8+wpa81)) (&& (< netstandard1.4) (>= xamarinios)) (&& (>= netstandard1.5) (< portable-net45+win8+wp8+wpa81)) (&& (>= netstandard1.5) (< portable-net45+win8+wpa81)) (&& (>= netstandard1.5) (>= uap10.0)) (&& (< netstandard1.5) (>= xamarinios)) (&& (>= netstandard1.6) (< portable-net45+win8+wp8+wpa81)) (&& (>= netstandard1.6) (< portable-net45+win8+wpa81)) (&& (>= netstandard1.6) (>= uap10.0)) (&& (< netstandard1.6) (>= xamarinios)) (&& (< portable-net45+win8+wp8+wpa81) (>= uap10.0)) (&& (< portable-net45+win8+wp8+wpa81) (>= xamarinios)) (&& (< portable-net45+win8+wpa81) (>= uap10.0)) (&& (< portable-net45+win8+wpa81) (>= xamarinios)) (&& (< portable-net451+win81+wpa81) (>= uap10.0)) (&& (< portable-net451+win81+wpa81) (>= xamarinios)) (&& (>= uap10.0) (< uap10.1)) (&& (>= uap10.0) (< wpa81)) (&& (>= uap10.0) (>= xamarinios))
      Microsoft.NETCore.Platforms (>= 1.1) - restriction: || (&& (< monoandroid) (< net45) (>= netstandard1.0) (< netstandard1.3) (< win8) (< wp8) (< wpa81)) (&& (< monotouch) (< net45) (>= netstandard1.3) (< win8) (< wpa81) (< xamarinios) (< xamarinmac) (< xamarintvos) (< xamarinwatchos)) (< portable-net45+win8+wp8+wpa81)
      Microsoft.NETCore.Targets (>= 1.1) - restriction: || (&& (< monoandroid) (< net45) (>= netstandard1.0) (< netstandard1.3) (< win8) (< wp8) (< wpa81)) (&& (< monotouch) (< net45) (>= netstandard1.3) (< win8) (< wpa81) (< xamarinios) (< xamarinmac) (< xamarintvos) (< xamarinwatchos)) (< portable-net45+win8+wp8+wpa81)
      System.Runtime (>= 4.3) - restriction: || (&& (< monoandroid) (< net45) (>= netstandard1.0) (< netstandard1.3) (< win8) (< wp8) (< wpa81)) (&& (< monotouch) (< net45) (>= netstandard1.3) (< win8) (< wpa81) (< xamarinios) (< xamarinmac) (< xamarintvos) (< xamarinwatchos)) (< portable-net45+win8+wp8+wpa81)
    System.Collections.Concurrent (4.3.0) - restriction: || (&& (>= monoandroid) (>= net46) (< netstandard1.3)) (&& (>= monoandroid) (< netstandard1.3) (>= netstandard1.6)) (&& (< monoandroid) (< net20) (>= netstandard1.3) (< netstandard1.4) (< wpa81)) (&& (< monoandroid) (< net20) (< netstandard1.3) (>= netstandard1.4) (< wpa81)) (&& (< monoandroid) (< net20) (< netstandard1.3) (>= netstandard1.5)) (&& (< monoandroid) (< net20) (>= netstandard1.4) (< netstandard1.5) (< wpa81)) (&& (< monoandroid) (< net20) (< netstandard1.4) (>= netstandard1.6)) (&& (< monoandroid) (< net20) (>= netstandard1.5) (< netstandard1.6)) (&& (< monoandroid) (< net20) (< netstandard1.5) (>= netstandard1.6)) (&& (< monoandroid) (< net35) (>= netstandard1.3) (< netstandard1.4) (< wpa81)) (&& (< monoandroid) (< net35) (>= netstandard1.4) (< netstandard1.5) (< wpa81)) (&& (< monoandroid) (< net35) (>= netstandard1.5) (< netstandard1.6)) (&& (< monoandroid) (< net45) (>= netstandard1.2) (< netstandard1.3) (< wpa81)) (&& (< monoandroid) (< net45) (>= netstandard1.3) (< netstandard1.4) (< wpa81)) (&& (< monoandroid) (< net45) (< netstandard1.3) (>= netstandard1.4) (< wpa81)) (&& (< monoandroid) (< net45) (< netstandard1.3) (>= netstandard1.5)) (&& (< monoandroid) (< net45) (< netstandard1.3) (>= netstandard1.6)) (&& (< monoandroid) (< net45) (>= netstandard1.4) (< netstandard1.5) (< wpa81)) (&& (< monoandroid) (< net45) (< netstandard1.4) (>= netstandard1.6)) (&& (< monoandroid) (< net45) (>= netstandard1.5) (< netstandard1.6)) (&& (< monoandroid) (< net45) (< netstandard1.5) (>= netstandard1.6)) (&& (< monotouch) (< net20) (>= netstandard1.6) (< netstandard2.0) (< xamarinios) (< xamarinmac) (< xamarintvos) (< xamarinwatchos)) (&& (< monotouch) (< net35) (>= netstandard1.6) (< netstandard2.0) (< xamarinios) (< xamarinmac) (< xamarintvos) (< xamarinwatchos)) (&& (< monotouch) (< net45) (>= netstandard1.6) (< xamarinios) (< xamarinmac) (< xamarintvos) (< xamarinwatchos)) (&& (< net20) (>= net46) (< netstandard1.3)) (&& (< net20) (< netstandard1.3) (>= netstandard1.6)) (&& (< net45) (>= net46) (< netstandard1.3)) (&& (< net45) (>= net46) (< netstandard1.4)) (&& (< net45) (>= net463)) (&& (< net45) (>= netstandard1.1) (< portable-net451+win81+wpa81)) (&& (< net45) (>= netstandard1.3) (< portable-net451+win81+wpa81) (< win8)) (&& (< net45) (>= netstandard1.6) (< portable-net451+win81+wpa81)) (&& (>= net463) (>= uap10.0)) (&& (< netstandard1.3) (>= uap10.0)) (&& (< netstandard1.4) (>= xamarinios)) (&& (>= netstandard1.5) (>= uap10.0)) (&& (< netstandard1.5) (>= xamarinios)) (&& (>= netstandard1.6) (>= uap10.0)) (&& (< netstandard1.6) (>= xamarinios)) (&& (>= uap10.0) (< uap10.1)) (&& (>= uap10.0) (< wpa81)) (&& (>= uap10.0) (>= xamarinios))
      System.Collections (>= 4.3) - restriction: || (&& (< monotouch) (< net45) (>= netstandard1.3) (< win8) (< wpa81) (< xamarinios) (< xamarinmac) (< xamarintvos) (< xamarinwatchos)) (< portable-net45+win8+wpa81)
      System.Diagnostics.Debug (>= 4.3) - restriction: || (&& (< monotouch) (< net45) (>= netstandard1.3) (< win8) (< wpa81) (< xamarinios) (< xamarinmac) (< xamarintvos) (< xamarinwatchos)) (< portable-net45+win8+wpa81)
      System.Diagnostics.Tracing (>= 4.3) - restriction: || (&& (< monotouch) (< net45) (>= netstandard1.3) (< win8) (< wpa81) (< xamarinios) (< xamarinmac) (< xamarintvos) (< xamarinwatchos)) (< portable-net45+win8+wpa81)
      System.Globalization (>= 4.3) - restriction: || (&& (< monotouch) (< net45) (>= netstandard1.3) (< win8) (< wpa81) (< xamarinios) (< xamarinmac) (< xamarintvos) (< xamarinwatchos)) (< portable-net45+win8+wpa81)
      System.Reflection (>= 4.3) - restriction: && (< monotouch) (< net45) (>= netstandard1.3) (< win8) (< wpa81) (< xamarinios) (< xamarinmac) (< xamarintvos) (< xamarinwatchos)
      System.Resources.ResourceManager (>= 4.3) - restriction: || (&& (< monotouch) (< net45) (>= netstandard1.3) (< win8) (< wpa81) (< xamarinios) (< xamarinmac) (< xamarintvos) (< xamarinwatchos)) (< portable-net45+win8+wpa81)
      System.Runtime (>= 4.3) - restriction: || (&& (< monoandroid) (< net45) (>= netstandard1.1) (< netstandard1.3) (< win8) (< wpa81)) (&& (< monotouch) (< net45) (>= netstandard1.3) (< win8) (< wpa81) (< xamarinios) (< xamarinmac) (< xamarintvos) (< xamarinwatchos)) (< portable-net45+win8+wpa81)
      System.Runtime.Extensions (>= 4.3) - restriction: || (&& (< monotouch) (< net45) (>= netstandard1.3) (< win8) (< wpa81) (< xamarinios) (< xamarinmac) (< xamarintvos) (< xamarinwatchos)) (< portable-net45+win8+wpa81)
      System.Threading (>= 4.3) - restriction: || (&& (< monotouch) (< net45) (>= netstandard1.3) (< win8) (< wpa81) (< xamarinios) (< xamarinmac) (< xamarintvos) (< xamarinwatchos)) (< portable-net45+win8+wpa81)
      System.Threading.Tasks (>= 4.3) - restriction: || (&& (< monoandroid) (< net45) (>= netstandard1.1) (< netstandard1.3) (< win8) (< wpa81)) (&& (< monotouch) (< net45) (>= netstandard1.3) (< win8) (< wpa81) (< xamarinios) (< xamarinmac) (< xamarintvos) (< xamarinwatchos)) (< portable-net45+win8+wpa81)
    System.Collections.Immutable (1.4.0)
      NETStandard.Library (>= 1.6.1) - restriction: && (>= netstandard1.0) (< netstandard2.0) (< xamarinmac)
    System.Collections.NonGeneric (4.3.0) - restriction: || (&& (< monotouch) (< net20) (>= netstandard1.5) (< xamarinios) (< xamarinmac) (< xamarintvos) (< xamarinwatchos)) (&& (< monotouch) (< net46) (>= netstandard1.3) (< xamarinios) (< xamarinmac) (< xamarintvos) (< xamarinwatchos)) (&& (< net20) (>= net462)) (&& (< net20) (< netstandard1.3) (>= netstandard1.5))
      System.Diagnostics.Debug (>= 4.3) - restriction: && (< monotouch) (< net46) (>= netstandard1.3) (< xamarinios) (< xamarinmac) (< xamarintvos) (< xamarinwatchos)
      System.Globalization (>= 4.3) - restriction: && (< monotouch) (< net46) (>= netstandard1.3) (< xamarinios) (< xamarinmac) (< xamarintvos) (< xamarinwatchos)
      System.Resources.ResourceManager (>= 4.3) - restriction: && (< monotouch) (< net46) (>= netstandard1.3) (< xamarinios) (< xamarinmac) (< xamarintvos) (< xamarinwatchos)
      System.Runtime (>= 4.3) - restriction: && (< monotouch) (< net46) (>= netstandard1.3) (< xamarinios) (< xamarinmac) (< xamarintvos) (< xamarinwatchos)
      System.Runtime.Extensions (>= 4.3) - restriction: && (< monotouch) (< net46) (>= netstandard1.3) (< xamarinios) (< xamarinmac) (< xamarintvos) (< xamarinwatchos)
      System.Threading (>= 4.3) - restriction: && (< monotouch) (< net46) (>= netstandard1.3) (< xamarinios) (< xamarinmac) (< xamarintvos) (< xamarinwatchos)
    System.Collections.Specialized (4.3.0)
      System.Collections.NonGeneric (>= 4.3) - restriction: && (< monotouch) (< net46) (>= netstandard1.3) (< xamarinios) (< xamarinmac) (< xamarintvos) (< xamarinwatchos)
      System.Globalization (>= 4.3) - restriction: && (< monotouch) (< net46) (>= netstandard1.3) (< xamarinios) (< xamarinmac) (< xamarintvos) (< xamarinwatchos)
      System.Globalization.Extensions (>= 4.3) - restriction: && (< monotouch) (< net46) (>= netstandard1.3) (< xamarinios) (< xamarinmac) (< xamarintvos) (< xamarinwatchos)
      System.Resources.ResourceManager (>= 4.3) - restriction: && (< monotouch) (< net46) (>= netstandard1.3) (< xamarinios) (< xamarinmac) (< xamarintvos) (< xamarinwatchos)
      System.Runtime (>= 4.3) - restriction: && (< monotouch) (< net46) (>= netstandard1.3) (< xamarinios) (< xamarinmac) (< xamarintvos) (< xamarinwatchos)
      System.Runtime.Extensions (>= 4.3) - restriction: && (< monotouch) (< net46) (>= netstandard1.3) (< xamarinios) (< xamarinmac) (< xamarintvos) (< xamarinwatchos)
      System.Threading (>= 4.3) - restriction: && (< monotouch) (< net46) (>= netstandard1.3) (< xamarinios) (< xamarinmac) (< xamarintvos) (< xamarinwatchos)
    System.ComponentModel (4.3.0) - restriction: || (&& (< monoandroid) (< net20) (>= netstandard1.0) (< netstandard1.3) (< win8) (< wp8) (< wpa81)) (&& (< monoandroid) (< net20) (>= netstandard1.3) (< netstandard1.5) (< win8) (< wpa81)) (&& (< monotouch) (< net20) (>= netstandard1.5) (< xamarinios) (< xamarinmac) (< xamarintvos) (< xamarinwatchos)) (&& (< net20) (< netstandard1.3) (>= netstandard1.5)) (&& (< net45) (>= netstandard1.1))
      System.Runtime (>= 4.3) - restriction: || (&& (< monoandroid) (< net45) (>= netstandard1.0) (< netstandard1.3) (< win8) (< wp8) (< wpa81)) (&& (< monotouch) (< net45) (>= netstandard1.3) (< win8) (< wpa81) (< xamarinios) (< xamarinmac) (< xamarintvos) (< xamarinwatchos)) (< portable-net45+win8+wp8+wpa81)
    System.ComponentModel.Primitives (4.3.0) - restriction: || (&& (< monoandroid) (< net20) (>= netstandard1.0) (< netstandard1.3) (< win8)) (&& (< monoandroid) (< net20) (>= netstandard1.3) (< netstandard1.5) (< win8)) (&& (< monotouch) (< net20) (>= netstandard1.5) (< xamarinios) (< xamarinmac) (< xamarintvos) (< xamarinwatchos)) (&& (< net20) (>= net45) (>= netstandard1.3) (< netstandard1.5)) (&& (< net20) (>= net45) (< netstandard1.3)) (&& (< net20) (>= net462)) (&& (< net20) (< netstandard1.3) (>= netstandard1.5)) (&& (< netstandard1.0) (>= netstandard1.3) (>= win8)) (&& (>= netstandard1.3) (>= wpa81)) (&& (< netstandard1.3) (>= wpa81)) (>= wp8)
      System.ComponentModel (>= 4.3) - restriction: && (< monotouch) (< net45) (>= netstandard1.0) (< win8) (< wp8) (< wpa81) (< xamarinios) (< xamarinmac) (< xamarintvos) (< xamarinwatchos)
      System.Resources.ResourceManager (>= 4.3) - restriction: && (< monotouch) (< net45) (>= netstandard1.0) (< win8) (< wp8) (< wpa81) (< xamarinios) (< xamarinmac) (< xamarintvos) (< xamarinwatchos)
      System.Runtime (>= 4.3) - restriction: && (< monotouch) (< net45) (>= netstandard1.0) (< win8) (< wp8) (< wpa81) (< xamarinios) (< xamarinmac) (< xamarintvos) (< xamarinwatchos)
    System.ComponentModel.TypeConverter (4.3.0) - restriction: || (&& (< net20) (>= netstandard1.0) (< netstandard1.3)) (&& (< net20) (>= netstandard1.3))
      System.Collections (>= 4.3) - restriction: || (&& (< monoandroid) (< net45) (>= netstandard1.0) (< netstandard1.5) (< win8) (< wp8) (< wpa81)) (&& (< monotouch) (< net45) (>= netstandard1.5) (< xamarinios) (< xamarinmac) (< xamarintvos) (< xamarinwatchos))
      System.Collections.NonGeneric (>= 4.3) - restriction: || (&& (< monotouch) (< net45) (>= netstandard1.5) (< xamarinios) (< xamarinmac) (< xamarintvos) (< xamarinwatchos)) (>= net462)
      System.Collections.Specialized (>= 4.3) - restriction: && (< monotouch) (< net45) (>= netstandard1.5) (< xamarinios) (< xamarinmac) (< xamarintvos) (< xamarinwatchos)
      System.ComponentModel (>= 4.3) - restriction: || (&& (< monoandroid) (< net45) (>= netstandard1.0) (< netstandard1.5) (< win8) (< wp8) (< wpa81)) (&& (< monotouch) (< net45) (>= netstandard1.5) (< xamarinios) (< xamarinmac) (< xamarintvos) (< xamarinwatchos))
      System.ComponentModel.Primitives (>= 4.3) - restriction: || (&& (< monoandroid) (< net45) (>= netstandard1.0) (< netstandard1.5) (< win8)) (&& (< monotouch) (< net45) (>= netstandard1.5) (< xamarinios) (< xamarinmac) (< xamarintvos) (< xamarinwatchos)) (&& (>= net45) (< netstandard1.5)) (>= net462) (&& (< netstandard1.0) (>= win8)) (>= wp8) (>= wpa81)
      System.Globalization (>= 4.3) - restriction: || (&& (< monoandroid) (< net45) (>= netstandard1.0) (< netstandard1.5) (< win8) (< wp8) (< wpa81)) (&& (< monotouch) (< net45) (>= netstandard1.5) (< xamarinios) (< xamarinmac) (< xamarintvos) (< xamarinwatchos))
      System.Linq (>= 4.3) - restriction: && (< monotouch) (< net45) (>= netstandard1.5) (< xamarinios) (< xamarinmac) (< xamarintvos) (< xamarinwatchos)
      System.Reflection (>= 4.3) - restriction: || (&& (< monoandroid) (< net45) (>= netstandard1.0) (< netstandard1.5) (< win8) (< wp8) (< wpa81)) (&& (< monotouch) (< net45) (>= netstandard1.5) (< xamarinios) (< xamarinmac) (< xamarintvos) (< xamarinwatchos))
      System.Reflection.Extensions (>= 4.3) - restriction: || (&& (< monoandroid) (< net45) (>= netstandard1.0) (< netstandard1.5) (< win8) (< wp8) (< wpa81)) (&& (< monotouch) (< net45) (>= netstandard1.5) (< xamarinios) (< xamarinmac) (< xamarintvos) (< xamarinwatchos))
      System.Reflection.Primitives (>= 4.3) - restriction: || (&& (< monoandroid) (< net45) (>= netstandard1.0) (< netstandard1.5) (< win8) (< wp8) (< wpa81)) (&& (< monotouch) (< net45) (>= netstandard1.5) (< xamarinios) (< xamarinmac) (< xamarintvos) (< xamarinwatchos))
      System.Reflection.TypeExtensions (>= 4.3) - restriction: && (< monotouch) (< net45) (>= netstandard1.5) (< xamarinios) (< xamarinmac) (< xamarintvos) (< xamarinwatchos)
      System.Resources.ResourceManager (>= 4.3) - restriction: || (&& (< monoandroid) (< net45) (>= netstandard1.0) (< netstandard1.5) (< win8) (< wp8) (< wpa81)) (&& (< monotouch) (< net45) (>= netstandard1.5) (< xamarinios) (< xamarinmac) (< xamarintvos) (< xamarinwatchos))
      System.Runtime (>= 4.3) - restriction: || (&& (< monoandroid) (< net45) (>= netstandard1.0) (< netstandard1.5) (< win8) (< wp8) (< wpa81)) (&& (< monotouch) (< net45) (>= netstandard1.5) (< xamarinios) (< xamarinmac) (< xamarintvos) (< xamarinwatchos))
      System.Runtime.Extensions (>= 4.3) - restriction: || (&& (< monoandroid) (< net45) (>= netstandard1.0) (< netstandard1.5) (< win8) (< wp8) (< wpa81)) (&& (< monotouch) (< net45) (>= netstandard1.5) (< xamarinios) (< xamarinmac) (< xamarintvos) (< xamarinwatchos))
      System.Threading (>= 4.3) - restriction: || (&& (< monoandroid) (< net45) (>= netstandard1.0) (< netstandard1.5) (< win8) (< wp8) (< wpa81)) (&& (< monotouch) (< net45) (>= netstandard1.5) (< xamarinios) (< xamarinmac) (< xamarintvos) (< xamarinwatchos))
    System.Console (4.3.0) - restriction: || (&& (>= monoandroid) (>= net46) (< netstandard1.3)) (&& (>= monoandroid) (< netstandard1.3) (>= netstandard1.6)) (&& (< monoandroid) (< net20) (>= netstandard1.3) (< netstandard1.4) (< wpa81)) (&& (< monoandroid) (< net20) (< netstandard1.3) (>= netstandard1.4) (< wpa81)) (&& (< monoandroid) (< net20) (< netstandard1.3) (>= netstandard1.5)) (&& (< monoandroid) (< net20) (>= netstandard1.4) (< netstandard1.5) (< wpa81)) (&& (< monoandroid) (< net20) (< netstandard1.4) (>= netstandard1.6)) (&& (< monoandroid) (< net20) (>= netstandard1.5) (< netstandard1.6)) (&& (< monoandroid) (< net20) (< netstandard1.5) (>= netstandard1.6)) (&& (< monoandroid) (< net35) (>= netstandard1.3) (< netstandard1.4) (< wpa81)) (&& (< monoandroid) (< net35) (>= netstandard1.4) (< netstandard1.5) (< wpa81)) (&& (< monoandroid) (< net35) (>= netstandard1.5) (< netstandard1.6)) (&& (< monoandroid) (< net45) (>= netstandard1.3) (< netstandard1.4) (< wpa81)) (&& (< monoandroid) (< net45) (>= netstandard1.4) (< netstandard1.5) (< wpa81)) (&& (< monoandroid) (< net45) (>= netstandard1.5) (< netstandard1.6)) (&& (< monotouch) (< net20) (>= netstandard1.6) (< netstandard2.0) (< xamarinios) (< xamarinmac) (< xamarintvos) (< xamarinwatchos)) (&& (< monotouch) (< net35) (>= netstandard1.6) (< netstandard2.0) (< xamarinios) (< xamarinmac) (< xamarintvos) (< xamarinwatchos)) (&& (< monotouch) (< net45) (>= netstandard1.6) (< netstandard2.0) (< xamarinios) (< xamarinmac) (< xamarintvos) (< xamarinwatchos)) (&& (< net20) (>= net46) (< netstandard1.3)) (&& (< net20) (< netstandard1.3) (>= netstandard1.6)) (&& (>= net46) (< net47)) (&& (>= net46) (< netstandard1.4)) (&& (< netstandard1.3) (>= uap10.0)) (&& (< netstandard1.4) (>= xamarinios)) (&& (>= netstandard1.5) (>= uap10.0)) (&& (< netstandard1.5) (>= xamarinios)) (&& (>= netstandard1.6) (>= uap10.0)) (&& (< netstandard1.6) (>= xamarinios)) (&& (>= uap10.0) (< uap10.1)) (&& (>= uap10.0) (< wpa81)) (&& (>= uap10.0) (>= xamarinios))
    System.Diagnostics.Debug (4.3.0) - restriction: || (&& (>= monoandroid) (>= netstandard1.0) (< portable-net45+win8+wpa81)) (&& (>= monoandroid) (>= netstandard1.1) (< portable-net451+win81+wpa81)) (&& (>= monoandroid) (< netstandard1.3) (>= netstandard1.6)) (&& (< monoandroid) (< net20) (>= netstandard1.2) (< netstandard1.3) (< wpa81)) (&& (< monoandroid) (< net20) (>= netstandard1.3) (< netstandard1.4) (< wpa81)) (&& (< monoandroid) (< net20) (< netstandard1.3) (>= netstandard1.4) (< wpa81)) (&& (< monoandroid) (< net20) (< netstandard1.3) (>= netstandard1.5)) (&& (< monoandroid) (< net20) (>= netstandard1.4) (< netstandard1.5) (< wpa81)) (&& (< monoandroid) (< net20) (< netstandard1.4) (>= netstandard1.6)) (&& (< monoandroid) (< net20) (>= netstandard1.5) (< netstandard1.6)) (&& (< monoandroid) (< net20) (< netstandard1.5) (>= netstandard1.6)) (&& (< monoandroid) (< net35) (>= netstandard1.3) (< netstandard1.4) (< wpa81)) (&& (< monoandroid) (< net35) (>= netstandard1.4) (< netstandard1.5) (< wpa81)) (&& (< monoandroid) (< net35) (>= netstandard1.5) (< netstandard1.6)) (&& (< monoandroid) (< net45) (>= netstandard1.2) (< netstandard1.3) (< wpa81)) (&& (< monoandroid) (< net45) (>= netstandard1.3) (< netstandard1.4) (< wpa81)) (&& (< monoandroid) (< net45) (< netstandard1.3) (>= netstandard1.6)) (&& (< monoandroid) (< net45) (>= netstandard1.4) (< netstandard1.5) (< wpa81)) (&& (< monoandroid) (< net45) (< netstandard1.4) (>= netstandard1.6)) (&& (< monoandroid) (< net45) (>= netstandard1.5) (< netstandard1.6)) (&& (< monoandroid) (< net45) (< netstandard1.5) (>= netstandard1.6)) (&& (< monotouch) (< net20) (>= netstandard1.3) (< xamarinios) (< xamarinmac) (< xamarintvos) (< xamarinwatchos)) (&& (< monotouch) (< net20) (>= netstandard1.6) (< netstandard2.0) (< xamarinios) (< xamarinmac) (< xamarintvos) (< xamarinwatchos)) (&& (< monotouch) (< net35) (>= netstandard1.3) (< xamarinios) (< xamarinmac) (< xamarintvos) (< xamarinwatchos)) (&& (< monotouch) (< net35) (>= netstandard1.6) (< netstandard2.0) (< xamarinios) (< xamarinmac) (< xamarintvos) (< xamarinwatchos)) (&& (< monotouch) (< net45) (>= netstandard1.3) (< win8) (< wpa81) (< xamarinios) (< xamarinmac) (< xamarintvos) (< xamarinwatchos)) (&& (< monotouch) (< net45) (>= netstandard1.4) (< xamarinios) (< xamarinmac) (< xamarintvos) (< xamarinwatchos)) (&& (< monotouch) (< net45) (>= netstandard1.6) (< xamarinios) (< xamarinmac) (< xamarintvos) (< xamarinwatchos)) (&& (< monotouch) (< net46) (>= netstandard1.3) (< xamarinios) (< xamarinmac) (< xamarintvos) (< xamarinwatchos)) (&& (< net20) (>= netstandard1.0) (< portable-net45+win8+wpa81)) (&& (< net20) (>= netstandard1.1) (< portable-net451+win81+wpa81)) (&& (< net20) (>= netstandard1.3) (< portable-net451+win81+wpa81)) (&& (< net20) (< netstandard1.3) (>= netstandard1.6)) (&& (< net20) (>= netstandard1.6) (< portable-net451+win81+wpa81)) (&& (< net35) (>= netstandard1.3) (< portable-net451+win81+wpa81)) (&& (< net45) (>= net46) (< netstandard1.4)) (&& (< net45) (>= netstandard1.1) (< portable-net451+win81+wpa81)) (&& (< net45) (>= netstandard1.3) (< portable-net451+win81+wpa81)) (&& (< net45) (>= netstandard1.6) (< portable-net451+win81+wpa81)) (&& (>= net46) (< portable-net45+win8+wp8+wpa81)) (&& (>= net46) (< portable-net45+win8+wpa81)) (&& (>= netstandard1.1) (< portable-net45+win8+wp8+wpa81)) (&& (>= netstandard1.1) (< portable-net45+win8+wpa81)) (&& (>= netstandard1.2) (< portable-net45+win8+wp8+wpa81)) (&& (>= netstandard1.2) (< portable-net45+win8+wpa81)) (&& (>= netstandard1.3) (< portable-net45+win8+wp8+wpa81)) (&& (>= netstandard1.3) (< portable-net45+win8+wpa81)) (&& (< netstandard1.3) (>= uap10.0)) (&& (< netstandard1.3) (>= xamarinios)) (&& (>= netstandard1.4) (< portable-net45+win8+wp8+wpa81)) (&& (>= netstandard1.4) (< portable-net45+win8+wpa81)) (&& (< netstandard1.4) (>= xamarinios)) (&& (>= netstandard1.5) (< portable-net45+win8+wp8+wpa81)) (&& (>= netstandard1.5) (< portable-net45+win8+wpa81)) (&& (>= netstandard1.5) (>= uap10.0)) (&& (< netstandard1.5) (>= xamarinios)) (&& (>= netstandard1.6) (< portable-net45+win8+wp8+wpa81)) (&& (>= netstandard1.6) (< portable-net45+win8+wpa81)) (&& (>= netstandard1.6) (>= uap10.0)) (&& (< netstandard1.6) (>= xamarinios)) (&& (< portable-net45+win8+wp8+wpa81) (>= uap10.0)) (&& (< portable-net45+win8+wpa81) (>= uap10.0)) (&& (< portable-net45+win8+wpa81) (>= xamarinios)) (&& (< portable-net451+win81+wpa81) (>= uap10.0)) (&& (< portable-net451+win81+wpa81) (>= xamarinios)) (&& (>= uap10.0) (< uap10.1)) (&& (>= uap10.0) (< wpa81)) (&& (>= uap10.0) (>= xamarinios))
      Microsoft.NETCore.Platforms (>= 1.1) - restriction: || (&& (< monoandroid) (< net45) (>= netstandard1.0) (< netstandard1.3) (< win8) (< wp8) (< wpa81)) (&& (< monotouch) (< net45) (>= netstandard1.3) (< win8) (< wpa81) (< xamarinios) (< xamarinmac) (< xamarintvos) (< xamarinwatchos)) (< portable-net45+win8+wp8+wpa81)
      Microsoft.NETCore.Targets (>= 1.1) - restriction: || (&& (< monoandroid) (< net45) (>= netstandard1.0) (< netstandard1.3) (< win8) (< wp8) (< wpa81)) (&& (< monotouch) (< net45) (>= netstandard1.3) (< win8) (< wpa81) (< xamarinios) (< xamarinmac) (< xamarintvos) (< xamarinwatchos)) (< portable-net45+win8+wp8+wpa81)
      System.Runtime (>= 4.3) - restriction: || (&& (< monoandroid) (< net45) (>= netstandard1.0) (< netstandard1.3) (< win8) (< wp8) (< wpa81)) (&& (< monotouch) (< net45) (>= netstandard1.3) (< win8) (< wpa81) (< xamarinios) (< xamarinmac) (< xamarintvos) (< xamarinwatchos)) (< portable-net45+win8+wp8+wpa81)
    System.Diagnostics.DiagnosticSource (4.4.1) - restriction: || (&& (< monoandroid) (< net45) (>= netstandard1.3) (< netstandard1.4) (< win8) (< wpa81)) (&& (< monoandroid) (< net45) (< netstandard1.3) (>= netstandard1.6)) (&& (< monoandroid) (< net45) (>= netstandard1.4) (< netstandard1.5) (< win8) (< wpa81)) (&& (< monoandroid) (< net45) (< netstandard1.4) (>= netstandard1.6)) (&& (< monoandroid) (< net45) (>= netstandard1.5) (< netstandard1.6)) (&& (< monoandroid) (< net45) (< netstandard1.5) (>= netstandard1.6)) (&& (< monotouch) (< net45) (>= netstandard1.6) (< netstandard2.0) (< xamarinios) (< xamarinmac) (< xamarintvos) (< xamarinwatchos)) (&& (< net45) (>= net46) (< netstandard1.4)) (&& (< net45) (>= netstandard1.3) (< portable-net451+win81+wpa81) (< win8)) (&& (< net45) (>= netstandard1.6) (< portable-net451+win81+wpa81)) (&& (>= net46) (< portable-net45+win8+wpa81)) (&& (>= netstandard1.1) (< portable-net45+win8+wpa81)) (&& (>= netstandard1.2) (< portable-net45+win8+wpa81)) (&& (>= netstandard1.3) (< portable-net45+win8+wpa81)) (&& (>= netstandard1.4) (< portable-net45+win8+wpa81)) (&& (>= netstandard1.5) (< portable-net45+win8+wpa81)) (&& (>= netstandard1.6) (< portable-net45+win8+wpa81)) (&& (>= netstandard1.6) (>= uap10.0)) (&& (< portable-net45+win8+wpa81) (>= uap10.0)) (&& (>= uap10.0) (< win8) (< wpa81))
      System.Collections (>= 4.3) - restriction: || (&& (< net45) (< netcoreapp2.0) (>= netstandard1.3) (< xamarinmac)) (&& (< net45) (>= netstandard1.1) (< netstandard1.3))
      System.Diagnostics.Debug (>= 4.3) - restriction: && (< net45) (< netcoreapp2.0) (>= netstandard1.3) (< xamarinmac)
      System.Diagnostics.Tracing (>= 4.3) - restriction: || (&& (< net45) (< netcoreapp2.0) (>= netstandard1.3) (< xamarinmac)) (&& (< net45) (>= netstandard1.1) (< netstandard1.3))
      System.Reflection (>= 4.3) - restriction: || (&& (< net45) (< netcoreapp2.0) (>= netstandard1.3) (< xamarinmac)) (&& (< net45) (>= netstandard1.1) (< netstandard1.3))
      System.Runtime (>= 4.3) - restriction: || (&& (< net45) (< netcoreapp2.0) (>= netstandard1.3) (< xamarinmac)) (&& (< net45) (>= netstandard1.1) (< netstandard1.3))
      System.Runtime.Extensions (>= 4.3) - restriction: && (< net45) (< netcoreapp2.0) (>= netstandard1.3) (< xamarinmac)
      System.Threading (>= 4.3) - restriction: || (&& (< net45) (< netcoreapp2.0) (>= netstandard1.3) (< xamarinmac)) (&& (< net45) (>= netstandard1.1) (< netstandard1.3))
    System.Diagnostics.Process (4.3.0) - restriction: && (< net45) (>= netstandard1.3)
      Microsoft.NETCore.Platforms (>= 1.1) - restriction: && (< monotouch) (< net46) (>= netstandard1.4) (< xamarinios) (< xamarinmac) (< xamarintvos) (< xamarinwatchos)
      Microsoft.Win32.Primitives (>= 4.3) - restriction: && (< monotouch) (< net46) (>= netstandard1.4) (< xamarinios) (< xamarinmac) (< xamarintvos) (< xamarinwatchos)
      Microsoft.Win32.Registry (>= 4.3) - restriction: && (< monotouch) (< net46) (>= netstandard1.4) (< xamarinios) (< xamarinmac) (< xamarintvos) (< xamarinwatchos)
      runtime.native.System (>= 4.3) - restriction: && (< monotouch) (< net46) (>= netstandard1.4) (< xamarinios) (< xamarinmac) (< xamarintvos) (< xamarinwatchos)
      System.Collections (>= 4.3) - restriction: && (< monotouch) (< net46) (>= netstandard1.4) (< xamarinios) (< xamarinmac) (< xamarintvos) (< xamarinwatchos)
      System.Diagnostics.Debug (>= 4.3) - restriction: && (< monotouch) (< net46) (>= netstandard1.4) (< xamarinios) (< xamarinmac) (< xamarintvos) (< xamarinwatchos)
      System.Globalization (>= 4.3) - restriction: && (< monotouch) (< net46) (>= netstandard1.4) (< xamarinios) (< xamarinmac) (< xamarintvos) (< xamarinwatchos)
      System.IO (>= 4.3) - restriction: || (&& (< monoandroid) (< net46) (>= netstandard1.3) (< netstandard1.4)) (&& (< monotouch) (< net46) (>= netstandard1.4) (< xamarinios) (< xamarinmac) (< xamarintvos) (< xamarinwatchos))
      System.IO.FileSystem (>= 4.3) - restriction: && (< monotouch) (< net46) (>= netstandard1.4) (< xamarinios) (< xamarinmac) (< xamarintvos) (< xamarinwatchos)
      System.IO.FileSystem.Primitives (>= 4.3) - restriction: && (< monotouch) (< net46) (>= netstandard1.4) (< xamarinios) (< xamarinmac) (< xamarintvos) (< xamarinwatchos)
      System.Resources.ResourceManager (>= 4.3) - restriction: && (< monotouch) (< net46) (>= netstandard1.4) (< xamarinios) (< xamarinmac) (< xamarintvos) (< xamarinwatchos)
      System.Runtime (>= 4.3) - restriction: || (&& (< monoandroid) (< net46) (>= netstandard1.3) (< netstandard1.4)) (&& (< monotouch) (< net46) (>= netstandard1.4) (< xamarinios) (< xamarinmac) (< xamarintvos) (< xamarinwatchos))
      System.Runtime.Extensions (>= 4.3) - restriction: && (< monotouch) (< net46) (>= netstandard1.4) (< xamarinios) (< xamarinmac) (< xamarintvos) (< xamarinwatchos)
      System.Runtime.Handles (>= 4.3) - restriction: || (&& (< monoandroid) (< net46) (>= netstandard1.3) (< netstandard1.4)) (&& (< monotouch) (< net46) (>= netstandard1.4) (< xamarinios) (< xamarinmac) (< xamarintvos) (< xamarinwatchos))
      System.Runtime.InteropServices (>= 4.3) - restriction: && (< monotouch) (< net46) (>= netstandard1.4) (< xamarinios) (< xamarinmac) (< xamarintvos) (< xamarinwatchos)
      System.Text.Encoding (>= 4.3) - restriction: || (&& (< monoandroid) (< net46) (>= netstandard1.3) (< netstandard1.4)) (&& (< monotouch) (< net46) (>= netstandard1.4) (< xamarinios) (< xamarinmac) (< xamarintvos) (< xamarinwatchos))
      System.Text.Encoding.Extensions (>= 4.3) - restriction: && (< monotouch) (< net46) (>= netstandard1.4) (< xamarinios) (< xamarinmac) (< xamarintvos) (< xamarinwatchos)
      System.Threading (>= 4.3) - restriction: && (< monotouch) (< net46) (>= netstandard1.4) (< xamarinios) (< xamarinmac) (< xamarintvos) (< xamarinwatchos)
      System.Threading.Tasks (>= 4.3) - restriction: && (< monotouch) (< net46) (>= netstandard1.4) (< xamarinios) (< xamarinmac) (< xamarintvos) (< xamarinwatchos)
      System.Threading.Thread (>= 4.3) - restriction: && (< monotouch) (< net46) (>= netstandard1.4) (< xamarinios) (< xamarinmac) (< xamarintvos) (< xamarinwatchos)
      System.Threading.ThreadPool (>= 4.3) - restriction: && (< monotouch) (< net46) (>= netstandard1.4) (< xamarinios) (< xamarinmac) (< xamarintvos) (< xamarinwatchos)
    System.Diagnostics.TextWriterTraceListener (4.3.0) - restriction: && (< net35) (>= netstandard1.3)
      System.Diagnostics.TraceSource (>= 4.3) - restriction: || (&& (< monotouch) (>= netstandard1.3) (< xamarinios) (< xamarinmac) (< xamarintvos) (< xamarinwatchos)) (>= net46)
      System.Globalization (>= 4.3) - restriction: && (< monotouch) (< net46) (>= netstandard1.3) (< xamarinios) (< xamarinmac) (< xamarintvos) (< xamarinwatchos)
      System.IO (>= 4.3) - restriction: && (< monotouch) (< net46) (>= netstandard1.3) (< xamarinios) (< xamarinmac) (< xamarintvos) (< xamarinwatchos)
      System.Resources.ResourceManager (>= 4.3) - restriction: && (< monotouch) (< net46) (>= netstandard1.3) (< xamarinios) (< xamarinmac) (< xamarintvos) (< xamarinwatchos)
      System.Runtime (>= 4.3) - restriction: && (< monotouch) (< net46) (>= netstandard1.3) (< xamarinios) (< xamarinmac) (< xamarintvos) (< xamarinwatchos)
      System.Threading (>= 4.3) - restriction: && (< monotouch) (< net46) (>= netstandard1.3) (< xamarinios) (< xamarinmac) (< xamarintvos) (< xamarinwatchos)
    System.Diagnostics.Tools (4.3.0) - restriction: || (&& (>= monoandroid) (>= netstandard1.0) (< portable-net45+win8+wpa81)) (&& (>= monoandroid) (>= netstandard1.1) (< portable-net451+win81+wpa81)) (&& (>= monoandroid) (< netstandard1.3) (>= netstandard1.6)) (&& (< monoandroid) (< net20) (>= netstandard1.2) (< netstandard1.3) (< wpa81)) (&& (< monoandroid) (< net20) (>= netstandard1.3) (< netstandard1.4) (< wpa81)) (&& (< monoandroid) (< net20) (< netstandard1.3) (>= netstandard1.4) (< wpa81)) (&& (< monoandroid) (< net20) (< netstandard1.3) (>= netstandard1.5)) (&& (< monoandroid) (< net20) (>= netstandard1.4) (< netstandard1.5) (< wpa81)) (&& (< monoandroid) (< net20) (< netstandard1.4) (>= netstandard1.6)) (&& (< monoandroid) (< net20) (>= netstandard1.5) (< netstandard1.6)) (&& (< monoandroid) (< net20) (< netstandard1.5) (>= netstandard1.6)) (&& (< monoandroid) (< net35) (>= netstandard1.3) (< netstandard1.4) (< wpa81)) (&& (< monoandroid) (< net35) (>= netstandard1.4) (< netstandard1.5) (< wpa81)) (&& (< monoandroid) (< net35) (>= netstandard1.5) (< netstandard1.6)) (&& (< monoandroid) (< net45) (>= netstandard1.2) (< netstandard1.3) (< wpa81)) (&& (< monoandroid) (< net45) (>= netstandard1.3) (< netstandard1.4) (< wpa81)) (&& (< monoandroid) (< net45) (>= netstandard1.4) (< netstandard1.5) (< wpa81)) (&& (< monoandroid) (< net45) (>= netstandard1.5) (< netstandard1.6)) (&& (< monotouch) (< net20) (>= netstandard1.6) (< netstandard2.0) (< xamarinios) (< xamarinmac) (< xamarintvos) (< xamarinwatchos)) (&& (< monotouch) (< net35) (>= netstandard1.6) (< netstandard2.0) (< xamarinios) (< xamarinmac) (< xamarintvos) (< xamarinwatchos)) (&& (< monotouch) (< net45) (>= netstandard1.3) (< win8) (< wpa81) (< xamarinios) (< xamarinmac) (< xamarintvos) (< xamarinwatchos)) (&& (< monotouch) (< net45) (>= netstandard1.6) (< netstandard2.0) (< xamarinios) (< xamarinmac) (< xamarintvos) (< xamarinwatchos)) (&& (< net20) (>= netstandard1.0) (< portable-net45+win8+wpa81)) (&& (< net20) (>= netstandard1.1) (< portable-net451+win81+wpa81)) (&& (< net20) (>= netstandard1.3) (< portable-net451+win81+wpa81)) (&& (< net20) (< netstandard1.3) (>= netstandard1.6)) (&& (< net20) (>= netstandard1.6) (< portable-net45+win8+wpa81)) (&& (< net20) (>= netstandard1.6) (< portable-net451+win81+wpa81)) (&& (< net35) (>= netstandard1.3) (< portable-net451+win81+wpa81)) (&& (< net45) (>= netstandard1.1) (< portable-net451+win81+wpa81)) (&& (< net45) (>= netstandard1.3) (< portable-net451+win81+wpa81)) (&& (>= netstandard1.1) (< portable-net45+win8+wp8+wpa81)) (&& (>= netstandard1.1) (< portable-net45+win8+wpa81)) (&& (>= netstandard1.2) (< portable-net45+win8+wp8+wpa81)) (&& (>= netstandard1.3) (< portable-net45+win8+wp8+wpa81)) (&& (>= netstandard1.3) (< portable-net45+win8+wpa81)) (&& (< netstandard1.3) (>= uap10.0)) (&& (< netstandard1.3) (>= xamarinios)) (&& (>= netstandard1.4) (< portable-net45+win8+wp8+wpa81)) (&& (< netstandard1.4) (>= xamarinios)) (&& (>= netstandard1.5) (< portable-net45+win8+wp8+wpa81)) (&& (>= netstandard1.5) (>= uap10.0)) (&& (< netstandard1.5) (>= xamarinios)) (&& (>= netstandard1.6) (< portable-net45+win8+wp8+wpa81)) (&& (>= netstandard1.6) (>= uap10.0)) (&& (< netstandard1.6) (>= xamarinios)) (&& (< portable-net45+win8+wp8+wpa81) (>= uap10.0)) (&& (< portable-net45+win8+wpa81) (>= uap10.0)) (&& (< portable-net45+win8+wpa81) (>= xamarinios)) (&& (< portable-net451+win81+wpa81) (>= uap10.0)) (&& (< portable-net451+win81+wpa81) (>= xamarinios)) (&& (>= uap10.0) (< uap10.1)) (&& (>= uap10.0) (< wpa81)) (&& (>= uap10.0) (>= xamarinios))
      Microsoft.NETCore.Platforms (>= 1.1) - restriction: || (&& (< monotouch) (< net45) (>= netstandard1.0) (< win8) (< wp8) (< wpa81) (< xamarinios) (< xamarinmac) (< xamarintvos) (< xamarinwatchos)) (< portable-net45+win8+wp8+wpa81)
      Microsoft.NETCore.Targets (>= 1.1) - restriction: || (&& (< monotouch) (< net45) (>= netstandard1.0) (< win8) (< wp8) (< wpa81) (< xamarinios) (< xamarinmac) (< xamarintvos) (< xamarinwatchos)) (< portable-net45+win8+wp8+wpa81)
      System.Runtime (>= 4.3) - restriction: || (&& (< monotouch) (< net45) (>= netstandard1.0) (< win8) (< wp8) (< wpa81) (< xamarinios) (< xamarinmac) (< xamarintvos) (< xamarinwatchos)) (< portable-net45+win8+wp8+wpa81)
    System.Diagnostics.TraceSource (4.3.0) - restriction: || (&& (< net35) (>= net46)) (&& (< net35) (>= netstandard1.3))
      Microsoft.NETCore.Platforms (>= 1.1) - restriction: && (< monotouch) (< net46) (>= netstandard1.3) (< xamarinios) (< xamarinmac) (< xamarintvos) (< xamarinwatchos)
      runtime.native.System (>= 4.3) - restriction: && (< monotouch) (< net46) (>= netstandard1.3) (< xamarinios) (< xamarinmac) (< xamarintvos) (< xamarinwatchos)
      System.Collections (>= 4.3) - restriction: && (< monotouch) (< net46) (>= netstandard1.3) (< xamarinios) (< xamarinmac) (< xamarintvos) (< xamarinwatchos)
      System.Diagnostics.Debug (>= 4.3) - restriction: && (< monotouch) (< net46) (>= netstandard1.3) (< xamarinios) (< xamarinmac) (< xamarintvos) (< xamarinwatchos)
      System.Globalization (>= 4.3) - restriction: && (< monotouch) (< net46) (>= netstandard1.3) (< xamarinios) (< xamarinmac) (< xamarintvos) (< xamarinwatchos)
      System.Resources.ResourceManager (>= 4.3) - restriction: && (< monotouch) (< net46) (>= netstandard1.3) (< xamarinios) (< xamarinmac) (< xamarintvos) (< xamarinwatchos)
      System.Runtime (>= 4.3) - restriction: && (< monotouch) (< net46) (>= netstandard1.3) (< xamarinios) (< xamarinmac) (< xamarintvos) (< xamarinwatchos)
      System.Runtime.Extensions (>= 4.3) - restriction: && (< monotouch) (< net46) (>= netstandard1.3) (< xamarinios) (< xamarinmac) (< xamarintvos) (< xamarinwatchos)
      System.Threading (>= 4.3) - restriction: && (< monotouch) (< net46) (>= netstandard1.3) (< xamarinios) (< xamarinmac) (< xamarintvos) (< xamarinwatchos)
    System.Diagnostics.Tracing (4.3.0) - restriction: || (&& (>= monoandroid) (>= net46) (< netstandard1.3)) (&& (>= monoandroid) (< netstandard1.3) (>= netstandard1.6)) (&& (< monoandroid) (< net20) (>= netstandard1.3) (< netstandard1.4) (< win8) (< wpa81)) (&& (< monoandroid) (< net20) (< netstandard1.3) (>= netstandard1.4) (< win8) (< wpa81)) (&& (< monoandroid) (< net20) (< netstandard1.3) (>= netstandard1.5)) (&& (< monoandroid) (< net20) (>= netstandard1.4) (< netstandard1.5) (< win8) (< wpa81)) (&& (< monoandroid) (< net20) (< netstandard1.4) (>= netstandard1.6)) (&& (< monoandroid) (< net20) (>= netstandard1.5) (< netstandard1.6)) (&& (< monoandroid) (< net20) (< netstandard1.5) (>= netstandard1.6)) (&& (< monoandroid) (< net35) (>= netstandard1.3) (< netstandard1.4) (< win8) (< wpa81)) (&& (< monoandroid) (< net35) (>= netstandard1.4) (< netstandard1.5) (< win8) (< wpa81)) (&& (< monoandroid) (< net35) (>= netstandard1.5) (< netstandard1.6)) (&& (< monoandroid) (< net45) (>= netstandard1.2) (< netstandard1.3) (< wpa81)) (&& (< monoandroid) (< net45) (>= netstandard1.3) (< netstandard1.4) (< wpa81)) (&& (< monoandroid) (< net45) (< netstandard1.3) (>= netstandard1.4) (< win8) (< wpa81)) (&& (< monoandroid) (< net45) (< netstandard1.3) (>= netstandard1.5)) (&& (< monoandroid) (< net45) (< netstandard1.3) (>= netstandard1.6)) (&& (< monoandroid) (< net45) (>= netstandard1.4) (< netstandard1.5) (< wpa81)) (&& (< monoandroid) (< net45) (< netstandard1.4) (>= netstandard1.6)) (&& (< monoandroid) (< net45) (>= netstandard1.5) (< netstandard1.6)) (&& (< monoandroid) (< net45) (< netstandard1.5) (>= netstandard1.6)) (&& (< monotouch) (< net20) (>= netstandard1.6) (< netstandard2.0) (< xamarinios) (< xamarinmac) (< xamarintvos) (< xamarinwatchos)) (&& (< monotouch) (< net35) (>= netstandard1.6) (< netstandard2.0) (< xamarinios) (< xamarinmac) (< xamarintvos) (< xamarinwatchos)) (&& (< monotouch) (< net45) (>= netstandard1.3) (< netstandard2.0) (< win8) (< wpa81) (< xamarinios) (< xamarinmac) (< xamarintvos) (< xamarinwatchos)) (&& (< monotouch) (< net45) (>= netstandard1.6) (< xamarinios) (< xamarinmac) (< xamarintvos) (< xamarinwatchos)) (&& (< net20) (>= net46) (< netstandard1.3)) (&& (< net20) (< netstandard1.3) (>= netstandard1.6)) (&& (< net45) (>= net46) (< netstandard1.3)) (&& (< net45) (>= net46) (< netstandard1.4)) (&& (< net45) (>= net463)) (&& (< net45) (>= netstandard1.1) (< portable-net451+win81+wpa81)) (&& (< net45) (>= netstandard1.3) (< portable-net451+win81+wpa81) (< win8)) (&& (< net45) (>= netstandard1.6) (< portable-net451+win81+wpa81)) (&& (>= net46) (< portable-net45+win8+wpa81)) (&& (>= net463) (< portable-net45+win8+wpa81)) (&& (>= net463) (>= uap10.0)) (&& (>= netstandard1.1) (< portable-net45+win8+wpa81)) (&& (>= netstandard1.2) (< portable-net45+win8+wpa81)) (&& (>= netstandard1.3) (< portable-net45+win8+wpa81)) (&& (>= netstandard1.4) (< portable-net45+win8+wpa81)) (&& (< netstandard1.4) (>= xamarinios)) (&& (>= netstandard1.5) (< portable-net45+win8+wpa81)) (&& (>= netstandard1.5) (>= uap10.0)) (&& (< netstandard1.5) (>= xamarinios)) (&& (>= netstandard1.6) (< portable-net45+win8+wpa81)) (&& (>= netstandard1.6) (>= uap10.0)) (&& (< netstandard1.6) (>= xamarinios)) (&& (< portable-net45+win8+wpa81) (>= uap10.0)) (&& (< portable-net45+win8+wpa81) (>= xamarinios)) (&& (>= uap10.0) (< uap10.1)) (&& (>= uap10.0) (< win8) (< wpa81)) (&& (>= uap10.0) (>= xamarinios))
      Microsoft.NETCore.Platforms (>= 1.1) - restriction: || (&& (< monoandroid) (< net45) (>= netstandard1.1) (< netstandard1.2) (< win8)) (&& (< monoandroid) (< net45) (>= netstandard1.2) (< netstandard1.3) (< win8) (< wpa81)) (&& (< monoandroid) (< net45) (>= netstandard1.3) (< netstandard1.5) (< win8) (< wpa81)) (&& (< monotouch) (< net45) (>= netstandard1.5) (< xamarinios) (< xamarinmac) (< xamarintvos) (< xamarinwatchos)) (< portable-net45+win8+wpa81)
      Microsoft.NETCore.Targets (>= 1.1) - restriction: || (&& (< monoandroid) (< net45) (>= netstandard1.1) (< netstandard1.2) (< win8)) (&& (< monoandroid) (< net45) (>= netstandard1.2) (< netstandard1.3) (< win8) (< wpa81)) (&& (< monoandroid) (< net45) (>= netstandard1.3) (< netstandard1.5) (< win8) (< wpa81)) (&& (< monotouch) (< net45) (>= netstandard1.5) (< xamarinios) (< xamarinmac) (< xamarintvos) (< xamarinwatchos)) (< portable-net45+win8+wpa81)
      System.Runtime (>= 4.3) - restriction: || (&& (< monoandroid) (< net45) (>= netstandard1.1) (< netstandard1.2) (< win8)) (&& (< monoandroid) (< net45) (>= netstandard1.2) (< netstandard1.3) (< win8) (< wpa81)) (&& (< monoandroid) (< net45) (>= netstandard1.3) (< netstandard1.5) (< win8) (< wpa81)) (&& (< monotouch) (< net45) (>= netstandard1.5) (< xamarinios) (< xamarinmac) (< xamarintvos) (< xamarinwatchos)) (< portable-net45+win8+wpa81)
    System.Dynamic.Runtime (4.3.0) - restriction: || (&& (< monoandroid) (< net20) (>= netstandard1.0) (< netstandard1.3) (< win8) (< wp8) (< wpa81)) (&& (< monotouch) (< net20) (>= netstandard1.3) (< netstandard2.0) (< win8) (< wpa81) (< xamarinios) (< xamarinmac) (< xamarintvos) (< xamarinwatchos)) (&& (< net20) (>= netstandard1.0) (< portable-net45+win8+wp8+wpa81)) (&& (< net20) (>= netstandard1.3) (< portable-net45+win8+wp8+wpa81)) (&& (< net45) (>= netstandard1.3))
      System.Collections (>= 4.3) - restriction: || (&& (< monotouch) (< net45) (>= netstandard1.3) (< win8) (< wpa81) (< xamarinios) (< xamarinmac) (< xamarintvos) (< xamarinwatchos)) (< portable-net45+win8+wp8+wpa81)
      System.Diagnostics.Debug (>= 4.3) - restriction: || (&& (< monotouch) (< net45) (>= netstandard1.3) (< win8) (< wpa81) (< xamarinios) (< xamarinmac) (< xamarintvos) (< xamarinwatchos)) (< portable-net45+win8+wp8+wpa81)
      System.Linq (>= 4.3) - restriction: || (&& (< monotouch) (< net45) (>= netstandard1.3) (< win8) (< wpa81) (< xamarinios) (< xamarinmac) (< xamarintvos) (< xamarinwatchos)) (< portable-net45+win8+wp8+wpa81)
      System.Linq.Expressions (>= 4.3) - restriction: || (&& (< monoandroid) (< net45) (>= netstandard1.0) (< netstandard1.3) (< win8) (< wp8) (< wpa81)) (&& (< monotouch) (< net45) (>= netstandard1.3) (< win8) (< wpa81) (< xamarinios) (< xamarinmac) (< xamarintvos) (< xamarinwatchos)) (< portable-net45+win8+wp8+wpa81)
      System.ObjectModel (>= 4.3) - restriction: || (&& (< monoandroid) (< net45) (>= netstandard1.0) (< netstandard1.3) (< win8) (< wp8) (< wpa81)) (&& (< monotouch) (< net45) (>= netstandard1.3) (< win8) (< wpa81) (< xamarinios) (< xamarinmac) (< xamarintvos) (< xamarinwatchos)) (< portable-net45+win8+wp8+wpa81)
      System.Reflection (>= 4.3) - restriction: || (&& (< monoandroid) (< net45) (>= netstandard1.0) (< netstandard1.3) (< win8) (< wp8) (< wpa81)) (&& (< monotouch) (< net45) (>= netstandard1.3) (< win8) (< wpa81) (< xamarinios) (< xamarinmac) (< xamarintvos) (< xamarinwatchos)) (< portable-net45+win8+wp8+wpa81)
      System.Reflection.Emit (>= 4.3) - restriction: && (< monotouch) (< net45) (>= netstandard1.3) (< win8) (< wpa81) (< xamarinios) (< xamarinmac) (< xamarintvos) (< xamarinwatchos)
      System.Reflection.Emit.ILGeneration (>= 4.3) - restriction: && (< monotouch) (< net45) (>= netstandard1.3) (< win8) (< wpa81) (< xamarinios) (< xamarinmac) (< xamarintvos) (< xamarinwatchos)
      System.Reflection.Primitives (>= 4.3) - restriction: && (< monotouch) (< net45) (>= netstandard1.3) (< win8) (< wpa81) (< xamarinios) (< xamarinmac) (< xamarintvos) (< xamarinwatchos)
      System.Reflection.TypeExtensions (>= 4.3) - restriction: || (&& (< monotouch) (< net45) (>= netstandard1.3) (< win8) (< wpa81) (< xamarinios) (< xamarinmac) (< xamarintvos) (< xamarinwatchos)) (< portable-net45+win8+wp8+wpa81)
      System.Resources.ResourceManager (>= 4.3) - restriction: || (&& (< monotouch) (< net45) (>= netstandard1.3) (< win8) (< wpa81) (< xamarinios) (< xamarinmac) (< xamarintvos) (< xamarinwatchos)) (< portable-net45+win8+wp8+wpa81)
      System.Runtime (>= 4.3) - restriction: || (&& (< monoandroid) (< net45) (>= netstandard1.0) (< netstandard1.3) (< win8) (< wp8) (< wpa81)) (&& (< monotouch) (< net45) (>= netstandard1.3) (< win8) (< wpa81) (< xamarinios) (< xamarinmac) (< xamarintvos) (< xamarinwatchos)) (< portable-net45+win8+wp8+wpa81)
      System.Runtime.Extensions (>= 4.3) - restriction: || (&& (< monotouch) (< net45) (>= netstandard1.3) (< win8) (< wpa81) (< xamarinios) (< xamarinmac) (< xamarintvos) (< xamarinwatchos)) (< portable-net45+win8+wp8+wpa81)
      System.Threading (>= 4.3) - restriction: || (&& (< monotouch) (< net45) (>= netstandard1.3) (< win8) (< wpa81) (< xamarinios) (< xamarinmac) (< xamarintvos) (< xamarinwatchos)) (< portable-net45+win8+wp8+wpa81)
    System.Globalization (4.3.0) - restriction: || (&& (>= monoandroid) (>= netstandard1.0) (< portable-net45+win8+wpa81)) (&& (>= monoandroid) (>= netstandard1.1) (< portable-net451+win81+wpa81)) (&& (>= monoandroid) (< netstandard1.3) (>= netstandard1.6)) (&& (>= monoandroid) (>= netstandard1.6) (< portable-net451+win81+wpa81)) (&& (< monoandroid) (< net20) (>= netstandard1.0) (< netstandard1.3) (< win8) (< wp8) (< wpa81)) (&& (< monoandroid) (< net20) (>= netstandard1.2) (< netstandard1.3) (< wpa81)) (&& (< monoandroid) (< net20) (>= netstandard1.3) (< netstandard1.4) (< wpa81)) (&& (< monoandroid) (< net20) (>= netstandard1.3) (< netstandard1.5) (< win8) (< wpa81)) (&& (< monoandroid) (< net20) (< netstandard1.3) (>= netstandard1.4) (< wpa81)) (&& (< monoandroid) (< net20) (>= netstandard1.4) (< netstandard1.5) (< wpa81)) (&& (< monoandroid) (< net20) (< netstandard1.4) (>= netstandard1.6)) (&& (< monoandroid) (< net20) (>= netstandard1.5) (< netstandard1.6)) (&& (< monoandroid) (< net20) (< netstandard1.5) (>= netstandard1.6)) (&& (< monoandroid) (< net35) (>= netstandard1.3) (< netstandard1.4) (< wpa81)) (&& (< monoandroid) (< net35) (>= netstandard1.4) (< netstandard1.5) (< wpa81)) (&& (< monoandroid) (< net35) (< netstandard1.4) (>= netstandard1.6)) (&& (< monoandroid) (< net35) (>= netstandard1.5) (< netstandard1.6)) (&& (< monoandroid) (< net35) (< netstandard1.5) (>= netstandard1.6)) (&& (< monoandroid) (< net45) (>= netstandard1.2) (< netstandard1.3) (< wpa81)) (&& (< monoandroid) (< net45) (>= netstandard1.3) (< netstandard1.4) (< wpa81)) (&& (< monoandroid) (< net45) (< netstandard1.3) (>= netstandard1.4) (< wpa81)) (&& (< monoandroid) (< net45) (< netstandard1.3) (>= netstandard1.5)) (&& (< monoandroid) (< net45) (< netstandard1.3) (>= netstandard1.6)) (&& (< monoandroid) (< net45) (>= netstandard1.4) (< netstandard1.5) (< wpa81)) (&& (< monoandroid) (< net45) (< netstandard1.4) (>= netstandard1.6)) (&& (< monoandroid) (< net45) (>= netstandard1.5) (< netstandard1.6)) (&& (< monoandroid) (< net45) (< netstandard1.5) (>= netstandard1.6)) (&& (< monotouch) (< net20) (>= netstandard1.3) (< xamarinios) (< xamarinmac) (< xamarintvos) (< xamarinwatchos)) (&& (< monotouch) (< net20) (>= netstandard1.5) (< xamarinios) (< xamarinmac) (< xamarintvos) (< xamarinwatchos)) (&& (< monotouch) (< net20) (>= netstandard1.6) (< netstandard2.0) (< xamarinios) (< xamarinmac) (< xamarintvos) (< xamarinwatchos)) (&& (< monotouch) (< net35) (>= netstandard1.6) (< netstandard2.0) (< xamarinios) (< xamarinmac) (< xamarintvos) (< xamarinwatchos)) (&& (< monotouch) (< net45) (>= netstandard1.3) (< win8) (< wpa81) (< xamarinios) (< xamarinmac) (< xamarintvos) (< xamarinwatchos)) (&& (< monotouch) (< net45) (>= netstandard1.4) (< xamarinios) (< xamarinmac) (< xamarintvos) (< xamarinwatchos)) (&& (< monotouch) (< net45) (>= netstandard1.6) (< xamarinios) (< xamarinmac) (< xamarintvos) (< xamarinwatchos)) (&& (< monotouch) (< net46) (>= netstandard1.3) (< xamarinios) (< xamarinmac) (< xamarintvos) (< xamarinwatchos)) (&& (< net20) (>= netstandard1.0) (< portable-net45+win8+wpa81)) (&& (< net20) (>= netstandard1.1) (< portable-net451+win81+wpa81)) (&& (< net20) (>= netstandard1.3) (< portable-net451+win81+wpa81)) (&& (< net20) (< netstandard1.3) (>= netstandard1.5)) (&& (< net20) (< netstandard1.3) (>= netstandard1.6)) (&& (< net20) (>= netstandard1.6) (< portable-net451+win81+wpa81)) (&& (< net35) (>= netstandard1.3) (< portable-net451+win81+wpa81)) (&& (< net35) (>= netstandard1.6) (< portable-net451+win81+wpa81)) (&& (< net45) (>= net46) (< netstandard1.3)) (&& (< net45) (>= net46) (< netstandard1.4)) (&& (< net45) (>= netstandard1.1) (< portable-net451+win81+wpa81)) (&& (< net45) (>= netstandard1.3) (< portable-net451+win81+wpa81)) (&& (< net45) (>= netstandard1.6) (< portable-net451+win81+wpa81)) (&& (>= net46) (< portable-net45+win8+wp8+wpa81)) (&& (>= net46) (< portable-net45+win8+wpa81)) (&& (>= netstandard1.0) (< portable-net45+win8+wp8+wpa81)) (&& (>= netstandard1.1) (< portable-net45+win8+wp8+wpa81)) (&& (>= netstandard1.1) (< portable-net45+win8+wpa81)) (&& (>= netstandard1.2) (< portable-net45+win8+wp8+wpa81)) (&& (>= netstandard1.2) (< portable-net45+win8+wpa81)) (&& (>= netstandard1.3) (< portable-net45+win8+wp8+wpa81)) (&& (>= netstandard1.3) (< portable-net45+win8+wpa81)) (&& (< netstandard1.3) (>= uap10.0)) (&& (< netstandard1.3) (>= xamarinios)) (&& (>= netstandard1.4) (< portable-net45+win8+wp8+wpa81)) (&& (>= netstandard1.4) (< portable-net45+win8+wpa81)) (&& (< netstandard1.4) (>= xamarinios)) (&& (>= netstandard1.5) (< portable-net45+win8+wp8+wpa81)) (&& (>= netstandard1.5) (< portable-net45+win8+wpa81)) (&& (>= netstandard1.5) (>= uap10.0)) (&& (< netstandard1.5) (>= xamarinios)) (&& (>= netstandard1.6) (< portable-net45+win8+wp8+wpa81)) (&& (>= netstandard1.6) (< portable-net45+win8+wpa81)) (&& (>= netstandard1.6) (>= uap10.0)) (&& (< netstandard1.6) (>= xamarinios)) (&& (< portable-net45+win8+wp8+wpa81) (>= uap10.0)) (&& (< portable-net45+win8+wp8+wpa81) (>= xamarinios)) (&& (< portable-net45+win8+wpa81) (>= uap10.0)) (&& (< portable-net45+win8+wpa81) (>= xamarinios)) (&& (< portable-net451+win81+wpa81) (>= uap10.0)) (&& (< portable-net451+win81+wpa81) (>= xamarinios)) (&& (>= uap10.0) (< uap10.1)) (&& (>= uap10.0) (< wpa81)) (&& (>= uap10.0) (>= xamarinios))
      Microsoft.NETCore.Platforms (>= 1.1) - restriction: || (&& (< monoandroid) (< net45) (>= netstandard1.0) (< netstandard1.3) (< win8) (< wp8) (< wpa81)) (&& (< monotouch) (< net45) (>= netstandard1.3) (< win8) (< wpa81) (< xamarinios) (< xamarinmac) (< xamarintvos) (< xamarinwatchos)) (< portable-net45+win8+wp8+wpa81)
      Microsoft.NETCore.Targets (>= 1.1) - restriction: || (&& (< monoandroid) (< net45) (>= netstandard1.0) (< netstandard1.3) (< win8) (< wp8) (< wpa81)) (&& (< monotouch) (< net45) (>= netstandard1.3) (< win8) (< wpa81) (< xamarinios) (< xamarinmac) (< xamarintvos) (< xamarinwatchos)) (< portable-net45+win8+wp8+wpa81)
      System.Runtime (>= 4.3) - restriction: || (&& (< monoandroid) (< net45) (>= netstandard1.0) (< netstandard1.3) (< win8) (< wp8) (< wpa81)) (&& (< monotouch) (< net45) (>= netstandard1.3) (< win8) (< wpa81) (< xamarinios) (< xamarinmac) (< xamarintvos) (< xamarinwatchos)) (< portable-net45+win8+wp8+wpa81)
    System.Globalization.Calendars (4.3.0) - restriction: || (&& (>= monoandroid) (>= net46) (< netstandard1.3)) (&& (>= monoandroid) (< netstandard1.3) (>= netstandard1.6)) (&& (< monoandroid) (< net20) (>= netstandard1.3) (< netstandard1.4) (< wpa81)) (&& (< monoandroid) (< net20) (< netstandard1.3) (>= netstandard1.4) (< wpa81)) (&& (< monoandroid) (< net20) (< netstandard1.3) (>= netstandard1.5)) (&& (< monoandroid) (< net20) (>= netstandard1.4) (< netstandard1.5) (< wpa81)) (&& (< monoandroid) (< net20) (< netstandard1.4) (>= netstandard1.6)) (&& (< monoandroid) (< net20) (>= netstandard1.5) (< netstandard1.6)) (&& (< monoandroid) (< net20) (< netstandard1.5) (>= netstandard1.6)) (&& (< monoandroid) (< net35) (>= netstandard1.3) (< netstandard1.4) (< wpa81)) (&& (< monoandroid) (< net35) (>= netstandard1.4) (< netstandard1.5) (< wpa81)) (&& (< monoandroid) (< net35) (>= netstandard1.5) (< netstandard1.6)) (&& (< monoandroid) (< net45) (>= netstandard1.3) (< netstandard1.4) (< wpa81)) (&& (< monoandroid) (< net45) (< netstandard1.3) (>= netstandard1.4) (< wpa81)) (&& (< monoandroid) (< net45) (< netstandard1.3) (>= netstandard1.5)) (&& (< monoandroid) (< net45) (< netstandard1.3) (>= netstandard1.6)) (&& (< monoandroid) (< net45) (>= netstandard1.4) (< netstandard1.5) (< wpa81)) (&& (< monoandroid) (< net45) (< netstandard1.4) (>= netstandard1.6)) (&& (< monoandroid) (< net45) (>= netstandard1.5) (< netstandard1.6)) (&& (< monoandroid) (< net45) (< netstandard1.5) (>= netstandard1.6)) (&& (< monotouch) (< net20) (>= netstandard1.6) (< netstandard2.0) (< xamarinios) (< xamarinmac) (< xamarintvos) (< xamarinwatchos)) (&& (< monotouch) (< net35) (>= netstandard1.6) (< netstandard2.0) (< xamarinios) (< xamarinmac) (< xamarintvos) (< xamarinwatchos)) (&& (< monotouch) (< net45) (>= netstandard1.6) (< netstandard2.0) (< xamarinios) (< xamarinmac) (< xamarintvos) (< xamarinwatchos)) (&& (< net20) (>= net46) (< netstandard1.3)) (&& (< net20) (< netstandard1.3) (>= netstandard1.6)) (&& (< net45) (>= net46) (< netstandard1.3)) (&& (>= net46) (< netstandard1.4)) (&& (< netstandard1.3) (>= uap10.0)) (&& (< netstandard1.4) (>= xamarinios)) (&& (>= netstandard1.5) (>= uap10.0)) (&& (< netstandard1.5) (>= xamarinios)) (&& (>= netstandard1.6) (>= uap10.0)) (&& (< netstandard1.6) (>= xamarinios)) (&& (>= uap10.0) (< uap10.1)) (&& (>= uap10.0) (< wpa81)) (&& (>= uap10.0) (>= xamarinios))
      Microsoft.NETCore.Platforms (>= 1.1) - restriction: && (< monotouch) (< net46) (>= netstandard1.3) (< xamarinios) (< xamarinmac) (< xamarintvos) (< xamarinwatchos)
      Microsoft.NETCore.Targets (>= 1.1) - restriction: && (< monotouch) (< net46) (>= netstandard1.3) (< xamarinios) (< xamarinmac) (< xamarintvos) (< xamarinwatchos)
      System.Globalization (>= 4.3) - restriction: && (< monotouch) (< net46) (>= netstandard1.3) (< xamarinios) (< xamarinmac) (< xamarintvos) (< xamarinwatchos)
      System.Runtime (>= 4.3) - restriction: && (< monotouch) (< net46) (>= netstandard1.3) (< xamarinios) (< xamarinmac) (< xamarintvos) (< xamarinwatchos)
    System.Globalization.Extensions (4.3.0) - restriction: || (&& (< monoandroid) (< net45) (< netstandard1.3) (>= netstandard1.6)) (&& (< monoandroid) (< net45) (< netstandard1.4) (>= netstandard1.6)) (&& (< monoandroid) (< net45) (< netstandard1.5) (>= netstandard1.6)) (&& (< monotouch) (< net45) (>= netstandard1.6) (< netstandard2.0) (< xamarinios) (< xamarinmac) (< xamarintvos) (< xamarinwatchos)) (&& (< monotouch) (< net46) (>= netstandard1.3) (< xamarinios) (< xamarinmac) (< xamarintvos) (< xamarinwatchos)) (&& (< net45) (>= net46) (< netstandard1.4) (>= netstandard1.6)) (&& (< net45) (>= netstandard1.6) (< portable-net451+win81+wpa81)) (&& (>= netstandard1.6) (>= uap10.0))
      Microsoft.NETCore.Platforms (>= 1.1) - restriction: && (< monotouch) (< net46) (>= netstandard1.3) (< xamarinios) (< xamarinmac) (< xamarintvos) (< xamarinwatchos)
      System.Globalization (>= 4.3) - restriction: && (< monotouch) (< net46) (>= netstandard1.3) (< xamarinios) (< xamarinmac) (< xamarintvos) (< xamarinwatchos)
      System.Resources.ResourceManager (>= 4.3) - restriction: && (< monotouch) (< net46) (>= netstandard1.3) (< xamarinios) (< xamarinmac) (< xamarintvos) (< xamarinwatchos)
      System.Runtime (>= 4.3) - restriction: && (< monotouch) (< net46) (>= netstandard1.3) (< xamarinios) (< xamarinmac) (< xamarintvos) (< xamarinwatchos)
      System.Runtime.Extensions (>= 4.3) - restriction: && (< monotouch) (< net46) (>= netstandard1.3) (< xamarinios) (< xamarinmac) (< xamarintvos) (< xamarinwatchos)
      System.Runtime.InteropServices (>= 4.3) - restriction: && (< monotouch) (< net46) (>= netstandard1.3) (< xamarinios) (< xamarinmac) (< xamarintvos) (< xamarinwatchos)
    System.IO (4.3.0) - restriction: || (&& (>= monoandroid) (>= net46) (< netstandard1.3)) (&& (>= monoandroid) (>= netstandard1.0) (< portable-net45+win8+wpa81)) (&& (>= monoandroid) (>= netstandard1.1) (< portable-net451+win81+wpa81)) (&& (>= monoandroid) (>= netstandard1.3) (< portable-net451+win81+wpa81)) (&& (>= monoandroid) (< netstandard1.3) (>= netstandard1.6)) (&& (>= monoandroid) (>= netstandard1.5) (< portable-net451+win81+wpa81)) (&& (< monoandroid) (< net20) (>= netstandard1.2) (< netstandard1.3) (< wpa81)) (&& (< monoandroid) (< net20) (>= netstandard1.3) (< netstandard1.4) (< wpa81)) (&& (< monoandroid) (< net20) (< netstandard1.3) (>= netstandard1.4) (< wpa81)) (&& (< monoandroid) (< net20) (< netstandard1.3) (>= netstandard1.5)) (&& (< monoandroid) (< net20) (>= netstandard1.4) (< netstandard1.5) (< wpa81)) (&& (< monoandroid) (< net20) (< netstandard1.4) (>= netstandard1.5)) (&& (< monoandroid) (< net20) (< netstandard1.4) (>= netstandard1.6)) (&& (< monoandroid) (< net20) (>= netstandard1.5) (< netstandard1.6)) (&& (< monoandroid) (< net20) (< netstandard1.5) (>= netstandard1.6)) (&& (< monoandroid) (< net35) (>= netstandard1.3) (< netstandard1.4) (< wpa81)) (&& (< monoandroid) (< net35) (>= netstandard1.3) (< netstandard1.5) (< win8) (< wpa81)) (&& (< monoandroid) (< net35) (< netstandard1.3) (>= netstandard1.4) (< win8) (< wpa81)) (&& (< monoandroid) (< net35) (< netstandard1.3) (>= netstandard1.5)) (&& (< monoandroid) (< net35) (< netstandard1.3) (>= netstandard1.6)) (&& (< monoandroid) (< net35) (>= netstandard1.4) (< netstandard1.5) (< wpa81)) (&& (< monoandroid) (< net35) (>= netstandard1.5) (< netstandard1.6)) (&& (< monoandroid) (< net35) (< netstandard1.5) (>= netstandard1.6)) (&& (< monoandroid) (< net45) (>= netstandard1.2) (< netstandard1.3) (< wpa81)) (&& (< monoandroid) (< net45) (>= netstandard1.3) (< netstandard1.4)) (&& (< monoandroid) (< net45) (>= netstandard1.3) (< netstandard1.5) (< win8) (< wpa81)) (&& (< monoandroid) (< net45) (< netstandard1.3) (>= netstandard1.4) (< wpa81)) (&& (< monoandroid) (< net45) (< netstandard1.3) (>= netstandard1.5)) (&& (< monoandroid) (< net45) (< netstandard1.3) (>= netstandard1.6)) (&& (< monoandroid) (< net45) (>= netstandard1.4) (< netstandard1.5) (< wpa81)) (&& (< monoandroid) (< net45) (>= netstandard1.4) (< netstandard1.6)) (&& (< monoandroid) (< net45) (< netstandard1.4) (>= netstandard1.5)) (&& (< monoandroid) (< net45) (< netstandard1.4) (>= netstandard1.6)) (&& (< monoandroid) (< net45) (>= netstandard1.5) (< netstandard1.6)) (&& (< monoandroid) (< net45) (< netstandard1.5) (>= netstandard1.6)) (&& (< monotouch) (< net20) (>= netstandard1.3) (< xamarinios) (< xamarinmac) (< xamarintvos) (< xamarinwatchos)) (&& (< monotouch) (< net20) (>= netstandard1.6) (< xamarinios) (< xamarinmac) (< xamarintvos) (< xamarinwatchos)) (&& (< monotouch) (< net35) (>= netstandard1.3) (< xamarinios) (< xamarinmac) (< xamarintvos) (< xamarinwatchos)) (&& (< monotouch) (< net35) (>= netstandard1.5) (< xamarinios) (< xamarinmac) (< xamarintvos) (< xamarinwatchos)) (&& (< monotouch) (< net35) (>= netstandard1.6) (< netstandard2.0) (< xamarinios) (< xamarinmac) (< xamarintvos) (< xamarinwatchos)) (&& (< monotouch) (< net45) (>= netstandard1.3) (< win8) (< wpa81) (< xamarinios) (< xamarinmac) (< xamarintvos) (< xamarinwatchos)) (&& (< monotouch) (< net45) (>= netstandard1.4) (< xamarinios) (< xamarinmac) (< xamarintvos) (< xamarinwatchos)) (&& (< monotouch) (< net45) (>= netstandard1.5) (< xamarinios) (< xamarinmac) (< xamarintvos) (< xamarinwatchos)) (&& (< monotouch) (< net45) (>= netstandard1.6) (< xamarinios) (< xamarinmac) (< xamarintvos) (< xamarinwatchos)) (&& (< net20) (>= net46) (< netstandard1.3)) (&& (< net20) (>= netstandard1.0) (< portable-net45+win8+wpa81)) (&& (< net20) (>= netstandard1.1) (< portable-net451+win81+wpa81)) (&& (< net20) (>= netstandard1.3) (< portable-net451+win81+wpa81)) (&& (< net20) (< netstandard1.3) (>= netstandard1.6)) (&& (< net20) (>= netstandard1.5) (< portable-net451+win81+wpa81)) (&& (< net20) (>= netstandard1.6) (< portable-net451+win81+wpa81)) (&& (< net35) (>= netstandard1.3) (< portable-net451+win81+wpa81)) (&& (< net45) (>= net46) (< netstandard1.3)) (&& (< net45) (>= net46) (< netstandard1.4)) (&& (< net45) (>= net463)) (&& (< net45) (>= netstandard1.1) (< portable-net451+win81+wpa81)) (&& (< net45) (>= netstandard1.3) (< portable-net451+win81+wpa81)) (&& (< net45) (>= netstandard1.5) (< portable-net451+win81+wpa81)) (&& (< net45) (>= netstandard1.6) (< portable-net451+win81+wpa81)) (&& (>= net46) (< net47)) (&& (>= net46) (< portable-net45+win8+wp8+wpa81)) (&& (>= net46) (< portable-net45+win8+wpa81)) (&& (>= net463) (>= uap10.0)) (&& (>= netstandard1.0) (< portable-net45+win8+wp8+wpa81)) (&& (>= netstandard1.0) (< portable-net45+win8+wpa81) (< wp8)) (&& (>= netstandard1.1) (< portable-net45+win8+wp8+wpa81)) (&& (>= netstandard1.1) (< portable-net45+win8+wpa81)) (&& (>= netstandard1.2) (< portable-net45+win8+wp8+wpa81)) (&& (>= netstandard1.2) (< portable-net45+win8+wpa81)) (&& (>= netstandard1.3) (< portable-net45+win8+wp8+wpa81)) (&& (>= netstandard1.3) (< portable-net45+win8+wpa81)) (&& (< netstandard1.3) (>= uap10.0)) (&& (< netstandard1.3) (>= xamarinios)) (&& (>= netstandard1.4) (< portable-net45+win8+wp8+wpa81)) (&& (>= netstandard1.4) (< portable-net45+win8+wpa81)) (&& (< netstandard1.4) (>= uap10.0)) (&& (< netstandard1.4) (>= xamarinios)) (&& (>= netstandard1.5) (< portable-net45+win8+wp8+wpa81)) (&& (>= netstandard1.5) (< portable-net45+win8+wpa81)) (&& (>= netstandard1.5) (>= uap10.0)) (&& (< netstandard1.5) (>= xamarinios)) (&& (>= netstandard1.6) (< portable-net45+win8+wp8+wpa81)) (&& (>= netstandard1.6) (< portable-net45+win8+wpa81)) (&& (>= netstandard1.6) (>= uap10.0)) (&& (< netstandard1.6) (>= xamarinios)) (&& (< portable-net45+win8+wp8+wpa81) (>= uap10.0)) (&& (< portable-net45+win8+wp8+wpa81) (>= xamarinios)) (&& (< portable-net45+win8+wpa81) (>= uap10.0)) (&& (< portable-net45+win8+wpa81) (>= xamarinios)) (&& (< portable-net451+win81+wpa81) (>= uap10.0)) (&& (< portable-net451+win81+wpa81) (>= xamarinios)) (&& (>= uap10.0) (< uap10.1)) (&& (>= uap10.0) (< wpa81)) (&& (>= uap10.0) (>= xamarinios))
    System.IO.Compression (4.3.0) - restriction: || (&& (>= monoandroid) (>= net46) (< netstandard1.3)) (&& (>= monoandroid) (>= netstandard1.1) (< portable-net451+win81+wpa81)) (&& (>= monoandroid) (< netstandard1.3) (>= netstandard1.6)) (&& (< monoandroid) (< net20) (>= netstandard1.2) (< netstandard1.3) (< wpa81)) (&& (< monoandroid) (< net20) (>= netstandard1.3) (< netstandard1.4) (< wpa81)) (&& (< monoandroid) (< net20) (< netstandard1.3) (>= netstandard1.4) (< wpa81)) (&& (< monoandroid) (< net20) (< netstandard1.3) (>= netstandard1.5)) (&& (< monoandroid) (< net20) (>= netstandard1.4) (< netstandard1.5) (< wpa81)) (&& (< monoandroid) (< net20) (< netstandard1.4) (>= netstandard1.6)) (&& (< monoandroid) (< net20) (>= netstandard1.5) (< netstandard1.6)) (&& (< monoandroid) (< net20) (< netstandard1.5) (>= netstandard1.6)) (&& (< monoandroid) (< net35) (>= netstandard1.3) (< netstandard1.4) (< wpa81)) (&& (< monoandroid) (< net35) (>= netstandard1.4) (< netstandard1.5) (< wpa81)) (&& (< monoandroid) (< net35) (>= netstandard1.5) (< netstandard1.6)) (&& (< monoandroid) (< net45) (>= netstandard1.2) (< netstandard1.3) (< wpa81)) (&& (< monoandroid) (< net45) (>= netstandard1.4) (< netstandard1.5) (< wpa81)) (&& (< monoandroid) (< net45) (>= netstandard1.5) (< netstandard1.6)) (&& (< monotouch) (< net20) (>= netstandard1.6) (< netstandard2.0) (< xamarinios) (< xamarinmac) (< xamarintvos) (< xamarinwatchos)) (&& (< monotouch) (< net35) (>= netstandard1.6) (< netstandard2.0) (< xamarinios) (< xamarinmac) (< xamarintvos) (< xamarinwatchos)) (&& (< monotouch) (< net45) (>= netstandard1.6) (< netstandard2.0) (< xamarinios) (< xamarinmac) (< xamarintvos) (< xamarinwatchos)) (&& (< net20) (>= net46) (< netstandard1.3)) (&& (< net20) (>= netstandard1.1) (< portable-net451+win81+wpa81)) (&& (< net20) (>= netstandard1.3) (< portable-net451+win81+wpa81)) (&& (< net20) (< netstandard1.3) (>= netstandard1.6)) (&& (< net20) (>= netstandard1.6) (< portable-net451+win81+wpa81)) (&& (< net35) (>= netstandard1.3) (< portable-net451+win81+wpa81)) (&& (< net45) (>= netstandard1.1) (< portable-net451+win81+wpa81)) (&& (< net45) (>= netstandard1.3)) (&& (>= net46) (< netstandard1.4)) (&& (< netstandard1.3) (>= uap10.0)) (&& (< netstandard1.3) (>= xamarinios)) (&& (< netstandard1.4) (>= xamarinios)) (&& (>= netstandard1.5) (>= uap10.0)) (&& (< netstandard1.5) (>= xamarinios)) (&& (>= netstandard1.6) (>= uap10.0)) (&& (< netstandard1.6) (>= xamarinios)) (&& (< portable-net451+win81+wpa81) (>= uap10.0)) (&& (< portable-net451+win81+wpa81) (>= xamarinios)) (&& (>= uap10.0) (< uap10.1)) (&& (>= uap10.0) (< wpa81)) (&& (>= uap10.0) (>= xamarinios))
      Microsoft.NETCore.Platforms (>= 1.1) - restriction: && (< monotouch) (< net45) (>= netstandard1.3) (< win8) (< wpa81) (< xamarinios) (< xamarinmac) (< xamarintvos) (< xamarinwatchos)
      runtime.native.System (>= 4.3) - restriction: && (< monotouch) (< net45) (>= netstandard1.3) (< win8) (< wpa81) (< xamarinios) (< xamarinmac) (< xamarintvos) (< xamarinwatchos)
      runtime.native.System.IO.Compression (>= 4.3) - restriction: || (&& (< monotouch) (< net45) (>= netstandard1.3) (< win8) (< wpa81) (< xamarinios) (< xamarinmac) (< xamarintvos) (< xamarinwatchos)) (< portable-net45+win8+wpa81)
      System.Buffers (>= 4.3) - restriction: || (&& (< monotouch) (< net45) (>= netstandard1.3) (< win8) (< wpa81) (< xamarinios) (< xamarinmac) (< xamarintvos) (< xamarinwatchos)) (< portable-net45+win8+wpa81)
      System.Collections (>= 4.3) - restriction: || (&& (< monotouch) (< net45) (>= netstandard1.3) (< win8) (< wpa81) (< xamarinios) (< xamarinmac) (< xamarintvos) (< xamarinwatchos)) (< portable-net45+win8+wpa81)
      System.Diagnostics.Debug (>= 4.3) - restriction: || (&& (< monotouch) (< net45) (>= netstandard1.3) (< win8) (< wpa81) (< xamarinios) (< xamarinmac) (< xamarintvos) (< xamarinwatchos)) (< portable-net45+win8+wpa81)
      System.IO (>= 4.3) - restriction: || (&& (< monoandroid) (< net45) (>= netstandard1.1) (< netstandard1.3) (< win8) (< wpa81)) (&& (< monotouch) (< net45) (>= netstandard1.3) (< win8) (< wpa81) (< xamarinios) (< xamarinmac) (< xamarintvos) (< xamarinwatchos)) (< portable-net45+win8+wpa81)
      System.Resources.ResourceManager (>= 4.3) - restriction: || (&& (< monotouch) (< net45) (>= netstandard1.3) (< win8) (< wpa81) (< xamarinios) (< xamarinmac) (< xamarintvos) (< xamarinwatchos)) (< portable-net45+win8+wpa81)
      System.Runtime (>= 4.3) - restriction: || (&& (< monoandroid) (< net45) (>= netstandard1.1) (< netstandard1.3) (< win8) (< wpa81)) (&& (< monotouch) (< net45) (>= netstandard1.3) (< win8) (< wpa81) (< xamarinios) (< xamarinmac) (< xamarintvos) (< xamarinwatchos)) (< portable-net45+win8+wpa81)
      System.Runtime.Extensions (>= 4.3) - restriction: || (&& (< monotouch) (< net45) (>= netstandard1.3) (< win8) (< wpa81) (< xamarinios) (< xamarinmac) (< xamarintvos) (< xamarinwatchos)) (< portable-net45+win8+wpa81)
      System.Runtime.Handles (>= 4.3) - restriction: || (&& (< monotouch) (< net45) (>= netstandard1.3) (< win8) (< wpa81) (< xamarinios) (< xamarinmac) (< xamarintvos) (< xamarinwatchos)) (< portable-net45+win8+wpa81)
      System.Runtime.InteropServices (>= 4.3) - restriction: || (&& (< monotouch) (< net45) (>= netstandard1.3) (< win8) (< wpa81) (< xamarinios) (< xamarinmac) (< xamarintvos) (< xamarinwatchos)) (< portable-net45+win8+wpa81)
      System.Text.Encoding (>= 4.3) - restriction: || (&& (< monoandroid) (< net45) (>= netstandard1.1) (< netstandard1.3) (< win8) (< wpa81)) (&& (< monotouch) (< net45) (>= netstandard1.3) (< win8) (< wpa81) (< xamarinios) (< xamarinmac) (< xamarintvos) (< xamarinwatchos)) (< portable-net45+win8+wpa81)
      System.Threading (>= 4.3) - restriction: || (&& (< monotouch) (< net45) (>= netstandard1.3) (< win8) (< wpa81) (< xamarinios) (< xamarinmac) (< xamarintvos) (< xamarinwatchos)) (< portable-net45+win8+wpa81)
      System.Threading.Tasks (>= 4.3) - restriction: || (&& (< monotouch) (< net45) (>= netstandard1.3) (< win8) (< wpa81) (< xamarinios) (< xamarinmac) (< xamarintvos) (< xamarinwatchos)) (< portable-net45+win8+wpa81)
    System.IO.Compression.ZipFile (4.3.0) - restriction: || (&& (>= monoandroid) (>= net46) (< netstandard1.3)) (&& (>= monoandroid) (< netstandard1.3) (>= netstandard1.6)) (&& (< monoandroid) (< net20) (>= netstandard1.3) (< netstandard1.4) (< wpa81)) (&& (< monoandroid) (< net20) (< netstandard1.3) (>= netstandard1.4) (< wpa81)) (&& (< monoandroid) (< net20) (< netstandard1.3) (>= netstandard1.5)) (&& (< monoandroid) (< net20) (>= netstandard1.4) (< netstandard1.5) (< wpa81)) (&& (< monoandroid) (< net20) (< netstandard1.4) (>= netstandard1.6)) (&& (< monoandroid) (< net20) (>= netstandard1.5) (< netstandard1.6)) (&& (< monoandroid) (< net20) (< netstandard1.5) (>= netstandard1.6)) (&& (< monoandroid) (< net35) (>= netstandard1.3) (< netstandard1.4) (< wpa81)) (&& (< monoandroid) (< net35) (>= netstandard1.4) (< netstandard1.5) (< wpa81)) (&& (< monoandroid) (< net35) (>= netstandard1.5) (< netstandard1.6)) (&& (< monoandroid) (< net45) (>= netstandard1.3) (< netstandard1.4) (< wpa81)) (&& (< monoandroid) (< net45) (>= netstandard1.4) (< netstandard1.5) (< wpa81)) (&& (< monoandroid) (< net45) (>= netstandard1.5) (< netstandard1.6)) (&& (< monotouch) (< net20) (>= netstandard1.6) (< netstandard2.0) (< xamarinios) (< xamarinmac) (< xamarintvos) (< xamarinwatchos)) (&& (< monotouch) (< net35) (>= netstandard1.6) (< netstandard2.0) (< xamarinios) (< xamarinmac) (< xamarintvos) (< xamarinwatchos)) (&& (< monotouch) (< net45) (>= netstandard1.6) (< netstandard2.0) (< xamarinios) (< xamarinmac) (< xamarintvos) (< xamarinwatchos)) (&& (< net20) (>= net46) (< netstandard1.3)) (&& (< net20) (< netstandard1.3) (>= netstandard1.6)) (&& (>= net46) (< netstandard1.4)) (&& (< netstandard1.3) (>= uap10.0)) (&& (< netstandard1.4) (>= xamarinios)) (&& (>= netstandard1.5) (>= uap10.0)) (&& (< netstandard1.5) (>= xamarinios)) (&& (>= netstandard1.6) (>= uap10.0)) (&& (< netstandard1.6) (>= xamarinios)) (&& (>= uap10.0) (< uap10.1)) (&& (>= uap10.0) (< wpa81)) (&& (>= uap10.0) (>= xamarinios))
      System.Buffers (>= 4.3) - restriction: && (< monotouch) (< net46) (>= netstandard1.3) (< xamarinios) (< xamarinmac) (< xamarintvos) (< xamarinwatchos)
      System.IO (>= 4.3) - restriction: && (< monotouch) (< net46) (>= netstandard1.3) (< xamarinios) (< xamarinmac) (< xamarintvos) (< xamarinwatchos)
      System.IO.Compression (>= 4.3) - restriction: && (< monotouch) (< net46) (>= netstandard1.3) (< xamarinios) (< xamarinmac) (< xamarintvos) (< xamarinwatchos)
      System.IO.FileSystem (>= 4.3) - restriction: && (< monotouch) (< net46) (>= netstandard1.3) (< xamarinios) (< xamarinmac) (< xamarintvos) (< xamarinwatchos)
      System.IO.FileSystem.Primitives (>= 4.3) - restriction: && (< monotouch) (< net46) (>= netstandard1.3) (< xamarinios) (< xamarinmac) (< xamarintvos) (< xamarinwatchos)
      System.Resources.ResourceManager (>= 4.3) - restriction: && (< monotouch) (< net46) (>= netstandard1.3) (< xamarinios) (< xamarinmac) (< xamarintvos) (< xamarinwatchos)
      System.Runtime (>= 4.3) - restriction: && (< monotouch) (< net46) (>= netstandard1.3) (< xamarinios) (< xamarinmac) (< xamarintvos) (< xamarinwatchos)
      System.Runtime.Extensions (>= 4.3) - restriction: && (< monotouch) (< net46) (>= netstandard1.3) (< xamarinios) (< xamarinmac) (< xamarintvos) (< xamarinwatchos)
      System.Text.Encoding (>= 4.3) - restriction: && (< monotouch) (< net46) (>= netstandard1.3) (< xamarinios) (< xamarinmac) (< xamarintvos) (< xamarinwatchos)
    System.IO.FileSystem (4.3.0) - restriction: || (&& (>= monoandroid) (>= net46) (< netstandard1.3)) (&& (>= monoandroid) (>= netstandard1.3) (< portable-net451+win81+wpa81)) (&& (>= monoandroid) (< netstandard1.3) (>= netstandard1.6)) (&& (< monoandroid) (< net20) (>= netstandard1.3) (< netstandard1.4) (< wpa81)) (&& (< monoandroid) (< net20) (< netstandard1.3) (>= netstandard1.4) (< wpa81)) (&& (< monoandroid) (< net20) (< netstandard1.3) (>= netstandard1.5)) (&& (< monoandroid) (< net20) (>= netstandard1.4) (< netstandard1.5) (< wpa81)) (&& (< monoandroid) (< net20) (< netstandard1.4) (>= netstandard1.6)) (&& (< monoandroid) (< net20) (>= netstandard1.5) (< netstandard1.6)) (&& (< monoandroid) (< net20) (< netstandard1.5) (>= netstandard1.6)) (&& (< monoandroid) (< net35) (>= netstandard1.3) (< netstandard1.4) (< wpa81)) (&& (< monoandroid) (< net35) (>= netstandard1.4) (< netstandard1.5) (< wpa81)) (&& (< monoandroid) (< net35) (>= netstandard1.5) (< netstandard1.6)) (&& (< monoandroid) (< net45) (>= netstandard1.3) (< netstandard1.4) (< wpa81)) (&& (< monoandroid) (< net45) (< netstandard1.3) (>= netstandard1.4) (< wpa81)) (&& (< monoandroid) (< net45) (< netstandard1.3) (>= netstandard1.5)) (&& (< monoandroid) (< net45) (< netstandard1.3) (>= netstandard1.6)) (&& (< monoandroid) (< net45) (>= netstandard1.4) (< netstandard1.5) (< wpa81)) (&& (< monoandroid) (< net45) (< netstandard1.4) (>= netstandard1.6)) (&& (< monoandroid) (< net45) (>= netstandard1.5) (< netstandard1.6)) (&& (< monoandroid) (< net45) (< netstandard1.5) (>= netstandard1.6)) (&& (< monotouch) (< net20) (>= netstandard1.6) (< netstandard2.0) (< xamarinios) (< xamarinmac) (< xamarintvos) (< xamarinwatchos)) (&& (< monotouch) (< net35) (>= netstandard1.6) (< netstandard2.0) (< xamarinios) (< xamarinmac) (< xamarintvos) (< xamarinwatchos)) (&& (< monotouch) (< net45) (>= netstandard1.3) (< win8) (< wpa81) (< xamarinios) (< xamarinmac) (< xamarintvos) (< xamarinwatchos)) (&& (< monotouch) (< net45) (>= netstandard1.4) (< xamarinios) (< xamarinmac) (< xamarintvos) (< xamarinwatchos)) (&& (< monotouch) (< net45) (>= netstandard1.6) (< netstandard2.0) (< xamarinios) (< xamarinmac) (< xamarintvos) (< xamarinwatchos)) (&& (< net20) (>= net46) (< netstandard1.3)) (&& (< net20) (>= netstandard1.3) (< portable-net451+win81+wpa81) (< win8)) (&& (< net20) (< netstandard1.3) (>= netstandard1.6)) (&& (< net20) (>= netstandard1.6) (< portable-net45+win8+wpa81)) (&& (< net20) (>= netstandard1.6) (< portable-net451+win81+wpa81)) (&& (< net35) (>= netstandard1.3) (< portable-net451+win81+wpa81) (< win8)) (&& (< net45) (>= net46) (< netstandard1.3)) (&& (< net45) (>= netstandard1.3) (< portable-net451+win81+wpa81) (< win8)) (&& (< net45) (>= netstandard1.6) (< portable-net451+win81+wpa81)) (&& (>= net46) (< net47)) (&& (>= net46) (< netstandard1.4)) (&& (>= net46) (< portable-net45+win8+wp8+wpa81)) (&& (>= netstandard1.0) (< portable-net45+win8+wp8+wpa81)) (&& (>= netstandard1.1) (< portable-net45+win8+wp8+wpa81)) (&& (>= netstandard1.2) (< portable-net45+win8+wp8+wpa81)) (&& (>= netstandard1.3) (< portable-net45+win8+wp8+wpa81)) (&& (>= netstandard1.3) (< portable-net45+win8+wpa81)) (&& (< netstandard1.3) (>= uap10.0)) (&& (< netstandard1.3) (>= xamarinios)) (&& (>= netstandard1.4) (< portable-net45+win8+wp8+wpa81)) (&& (< netstandard1.4) (>= xamarinios)) (&& (>= netstandard1.5) (< portable-net45+win8+wp8+wpa81)) (&& (>= netstandard1.5) (>= uap10.0)) (&& (< netstandard1.5) (>= xamarinios)) (&& (>= netstandard1.6) (< portable-net45+win8+wp8+wpa81)) (&& (>= netstandard1.6) (>= uap10.0)) (&& (< netstandard1.6) (>= xamarinios)) (&& (< portable-net45+win8+wp8+wpa81) (>= uap10.0)) (&& (< portable-net45+win8+wp8+wpa81) (>= xamarinios)) (&& (< portable-net45+win8+wpa81) (>= uap10.0)) (&& (< portable-net45+win8+wpa81) (>= xamarinios)) (&& (< portable-net451+win81+wpa81) (>= uap10.0) (< win8)) (&& (< portable-net451+win81+wpa81) (>= xamarinios)) (&& (>= uap10.0) (< uap10.1)) (&& (>= uap10.0) (< wpa81)) (&& (>= uap10.0) (>= xamarinios))
      System.IO.FileSystem.Primitives (>= 4.3) - restriction: || (&& (< monotouch) (>= netstandard1.3) (< xamarinios) (< xamarinmac) (< xamarintvos) (< xamarinwatchos)) (>= net46)
    System.IO.FileSystem.Primitives (4.3.0) - restriction: || (&& (>= monoandroid) (>= net46) (< netstandard1.3)) (&& (>= monoandroid) (>= netstandard1.3) (< portable-net451+win81+wpa81)) (&& (>= monoandroid) (< netstandard1.3) (>= netstandard1.6)) (&& (< monoandroid) (< net20) (>= netstandard1.3) (< netstandard1.4) (< wpa81)) (&& (< monoandroid) (< net20) (< netstandard1.3) (>= netstandard1.4) (< wpa81)) (&& (< monoandroid) (< net20) (< netstandard1.3) (>= netstandard1.5)) (&& (< monoandroid) (< net20) (>= netstandard1.4) (< netstandard1.5) (< wpa81)) (&& (< monoandroid) (< net20) (< netstandard1.4) (>= netstandard1.6)) (&& (< monoandroid) (< net20) (>= netstandard1.5) (< netstandard1.6)) (&& (< monoandroid) (< net20) (< netstandard1.5) (>= netstandard1.6)) (&& (< monoandroid) (< net35) (>= netstandard1.3) (< netstandard1.4) (< wpa81)) (&& (< monoandroid) (< net35) (>= netstandard1.4) (< netstandard1.5) (< wpa81)) (&& (< monoandroid) (< net35) (>= netstandard1.5) (< netstandard1.6)) (&& (< monoandroid) (< net45) (>= netstandard1.3) (< netstandard1.4) (< wpa81)) (&& (< monoandroid) (< net45) (< netstandard1.3) (>= netstandard1.4) (< win8) (< wpa81)) (&& (< monoandroid) (< net45) (< netstandard1.3) (>= netstandard1.5)) (&& (< monoandroid) (< net45) (< netstandard1.3) (>= netstandard1.6)) (&& (< monoandroid) (< net45) (>= netstandard1.4) (< netstandard1.5) (< wpa81)) (&& (< monoandroid) (< net45) (< netstandard1.4) (>= netstandard1.6)) (&& (< monoandroid) (< net45) (>= netstandard1.5) (< netstandard1.6)) (&& (< monoandroid) (< net45) (< netstandard1.5) (>= netstandard1.6)) (&& (< monotouch) (< net20) (>= netstandard1.6) (< netstandard2.0) (< xamarinios) (< xamarinmac) (< xamarintvos) (< xamarinwatchos)) (&& (< monotouch) (< net35) (>= netstandard1.6) (< netstandard2.0) (< xamarinios) (< xamarinmac) (< xamarintvos) (< xamarinwatchos)) (&& (< monotouch) (< net45) (>= netstandard1.3) (< win8) (< wpa81) (< xamarinios) (< xamarinmac) (< xamarintvos) (< xamarinwatchos)) (&& (< monotouch) (< net45) (>= netstandard1.4) (< xamarinios) (< xamarinmac) (< xamarintvos) (< xamarinwatchos)) (&& (< monotouch) (< net45) (>= netstandard1.6) (< netstandard2.0) (< xamarinios) (< xamarinmac) (< xamarintvos) (< xamarinwatchos)) (&& (< net20) (>= net46) (< netstandard1.3)) (&& (< net20) (>= net46) (>= netstandard1.4) (< netstandard1.5)) (&& (< net20) (>= net46) (>= netstandard1.5) (< netstandard1.6)) (&& (< net20) (>= net46) (< netstandard1.5) (>= netstandard1.6)) (&& (< net20) (>= net46) (>= netstandard1.6) (< netstandard2.0)) (&& (< net20) (>= netstandard1.3) (< portable-net451+win81+wpa81) (< win8)) (&& (< net20) (< netstandard1.3) (>= netstandard1.6)) (&& (< net20) (>= netstandard1.6) (< portable-net45+win8+wpa81)) (&& (< net20) (>= netstandard1.6) (< portable-net451+win81+wpa81)) (&& (< net35) (>= net46) (>= netstandard1.4) (< netstandard1.5)) (&& (< net35) (>= net46) (>= netstandard1.5) (< netstandard1.6)) (&& (< net35) (>= net46) (>= netstandard1.6) (< netstandard2.0)) (&& (< net35) (>= netstandard1.3) (< portable-net451+win81+wpa81) (< win8)) (&& (< net45) (>= net46) (>= netstandard1.4)) (&& (< net45) (>= net46) (>= netstandard1.5) (< netstandard1.6)) (&& (< net45) (>= net46) (>= netstandard1.6) (< netstandard2.0)) (&& (< net45) (>= netstandard1.3) (< portable-net451+win81+wpa81) (< win8)) (&& (>= net46) (< net47)) (&& (>= net46) (< netstandard1.4)) (&& (>= net46) (< portable-net45+win8+wp8+wpa81)) (&& (>= net46) (>= uap10.0)) (&& (>= netstandard1.0) (< portable-net45+win8+wp8+wpa81)) (&& (>= netstandard1.1) (< portable-net45+win8+wp8+wpa81)) (&& (>= netstandard1.2) (< portable-net45+win8+wp8+wpa81)) (&& (>= netstandard1.3) (< portable-net45+win8+wp8+wpa81)) (&& (>= netstandard1.3) (< portable-net45+win8+wpa81)) (&& (< netstandard1.3) (>= uap10.0)) (&& (< netstandard1.3) (>= xamarinios)) (&& (>= netstandard1.4) (< portable-net45+win8+wp8+wpa81)) (&& (< netstandard1.4) (>= xamarinios)) (&& (>= netstandard1.5) (< portable-net45+win8+wp8+wpa81)) (&& (>= netstandard1.5) (>= uap10.0)) (&& (< netstandard1.5) (>= xamarinios)) (&& (>= netstandard1.6) (< portable-net45+win8+wp8+wpa81)) (&& (>= netstandard1.6) (>= uap10.0)) (&& (< netstandard1.6) (>= xamarinios)) (&& (< portable-net45+win8+wp8+wpa81) (>= uap10.0)) (&& (< portable-net45+win8+wp8+wpa81) (>= xamarinios)) (&& (< portable-net45+win8+wpa81) (>= uap10.0)) (&& (< portable-net45+win8+wpa81) (>= xamarinios)) (&& (< portable-net451+win81+wpa81) (>= uap10.0) (< win8)) (&& (< portable-net451+win81+wpa81) (>= xamarinios)) (&& (>= uap10.0) (< uap10.1)) (&& (>= uap10.0) (< wpa81)) (&& (>= uap10.0) (>= xamarinios))
      System.Runtime (>= 4.3) - restriction: && (< monotouch) (< net46) (>= netstandard1.3) (< xamarinios) (< xamarinmac) (< xamarintvos) (< xamarinwatchos)
    System.Linq (4.3.0) - restriction: || (&& (>= monoandroid) (>= net46) (< netstandard1.3)) (&& (>= monoandroid) (>= netstandard1.0) (< portable-net45+win8+wpa81)) (&& (>= monoandroid) (>= netstandard1.1) (< portable-net451+win81+wpa81)) (&& (>= monoandroid) (< netstandard1.3) (>= netstandard1.6)) (&& (< monoandroid) (< net20) (>= netstandard1.2) (< netstandard1.3) (< wpa81)) (&& (< monoandroid) (< net20) (>= netstandard1.3) (< netstandard1.4) (< wpa81)) (&& (< monoandroid) (< net20) (< netstandard1.3) (>= netstandard1.4) (< wpa81)) (&& (< monoandroid) (< net20) (>= netstandard1.4) (< netstandard1.5) (< wpa81)) (&& (< monoandroid) (< net20) (< netstandard1.4) (>= netstandard1.6)) (&& (< monoandroid) (< net20) (>= netstandard1.5) (< netstandard1.6)) (&& (< monoandroid) (< net20) (< netstandard1.5) (>= netstandard1.6)) (&& (< monoandroid) (< net35) (>= netstandard1.3) (< netstandard1.4) (< wpa81)) (&& (< monoandroid) (< net35) (>= netstandard1.4) (< netstandard1.5) (< wpa81)) (&& (< monoandroid) (< net35) (>= netstandard1.5) (< netstandard1.6)) (&& (< monoandroid) (< net45) (>= netstandard1.2) (< netstandard1.3) (< wpa81)) (&& (< monoandroid) (< net45) (>= netstandard1.3) (< netstandard1.4) (< wpa81)) (&& (< monoandroid) (< net45) (< netstandard1.3) (>= netstandard1.4) (< wpa81)) (&& (< monoandroid) (< net45) (< netstandard1.3) (>= netstandard1.5)) (&& (< monoandroid) (< net45) (< netstandard1.3) (>= netstandard1.6)) (&& (< monoandroid) (< net45) (>= netstandard1.4) (< netstandard1.5) (< wpa81)) (&& (< monoandroid) (< net45) (< netstandard1.4) (>= netstandard1.6)) (&& (< monoandroid) (< net45) (>= netstandard1.5) (< netstandard1.6)) (&& (< monoandroid) (< net45) (< netstandard1.5) (>= netstandard1.6)) (&& (< monotouch) (< net20) (>= netstandard1.5) (< xamarinios) (< xamarinmac) (< xamarintvos) (< xamarinwatchos)) (&& (< monotouch) (< net20) (>= netstandard1.6) (< netstandard2.0) (< xamarinios) (< xamarinmac) (< xamarintvos) (< xamarinwatchos)) (&& (< monotouch) (< net35) (>= netstandard1.3) (< xamarinios) (< xamarinmac) (< xamarintvos) (< xamarinwatchos)) (&& (< monotouch) (< net35) (>= netstandard1.6) (< netstandard2.0) (< xamarinios) (< xamarinmac) (< xamarintvos) (< xamarinwatchos)) (&& (< monotouch) (< net45) (>= netstandard1.3) (< win8) (< wpa81) (< xamarinios) (< xamarinmac) (< xamarintvos) (< xamarinwatchos)) (&& (< monotouch) (< net45) (>= netstandard1.6) (< xamarinios) (< xamarinmac) (< xamarintvos) (< xamarinwatchos)) (&& (< net20) (>= net46) (< netstandard1.3)) (&& (< net20) (>= netstandard1.0) (< portable-net45+win8+wpa81)) (&& (< net20) (>= netstandard1.1) (< portable-net451+win81+wpa81)) (&& (< net20) (>= netstandard1.3) (< portable-net451+win81+wpa81)) (&& (< net20) (< netstandard1.3) (>= netstandard1.5)) (&& (< net20) (< netstandard1.3) (>= netstandard1.6)) (&& (< net20) (>= netstandard1.6) (< portable-net451+win81+wpa81)) (&& (< net35) (>= netstandard1.3) (< portable-net451+win81+wpa81)) (&& (< net45) (>= net46) (< netstandard1.3)) (&& (< net45) (>= net46) (< netstandard1.4)) (&& (< net45) (>= net463)) (&& (< net45) (>= netstandard1.1) (< portable-net451+win81+wpa81)) (&& (< net45) (>= netstandard1.3) (< portable-net451+win81+wpa81)) (&& (< net45) (>= netstandard1.6) (< portable-net451+win81+wpa81)) (&& (>= net463) (>= uap10.0)) (&& (>= netstandard1.1) (< portable-net45+win8+wp8+wpa81)) (&& (>= netstandard1.1) (< portable-net45+win8+wpa81)) (&& (>= netstandard1.2) (< portable-net45+win8+wp8+wpa81)) (&& (>= netstandard1.3) (< portable-net45+win8+wp8+wpa81)) (&& (>= netstandard1.3) (< portable-net45+win8+wpa81)) (&& (< netstandard1.3) (>= uap10.0)) (&& (< netstandard1.3) (>= xamarinios)) (&& (>= netstandard1.4) (< portable-net45+win8+wp8+wpa81)) (&& (< netstandard1.4) (>= xamarinios)) (&& (>= netstandard1.5) (< portable-net45+win8+wp8+wpa81)) (&& (>= netstandard1.5) (>= uap10.0)) (&& (< netstandard1.5) (>= xamarinios)) (&& (>= netstandard1.6) (< portable-net45+win8+wp8+wpa81)) (&& (>= netstandard1.6) (< portable-net45+win8+wpa81)) (&& (>= netstandard1.6) (>= uap10.0)) (&& (< netstandard1.6) (>= xamarinios)) (&& (< portable-net45+win8+wp8+wpa81) (>= uap10.0)) (&& (< portable-net45+win8+wpa81) (>= uap10.0)) (&& (< portable-net45+win8+wpa81) (>= xamarinios)) (&& (< portable-net451+win81+wpa81) (>= uap10.0)) (&& (< portable-net451+win81+wpa81) (>= xamarinios)) (&& (>= uap10.0) (< uap10.1)) (&& (>= uap10.0) (< wpa81)) (&& (>= uap10.0) (>= xamarinios))
      System.Collections (>= 4.3) - restriction: || (&& (< monoandroid) (< net45) (>= netstandard1.0) (< netstandard1.6) (< win8) (< wp8) (< wpa81)) (&& (< monotouch) (< net45) (>= netstandard1.6) (< xamarinios) (< xamarinmac) (< xamarintvos) (< xamarinwatchos)) (< portable-net45+win8+wp8+wpa81)
      System.Diagnostics.Debug (>= 4.3) - restriction: || (&& (< monotouch) (< net45) (>= netstandard1.6) (< xamarinios) (< xamarinmac) (< xamarintvos) (< xamarinwatchos)) (< portable-net45+win8+wp8+wpa81)
      System.Resources.ResourceManager (>= 4.3) - restriction: || (&& (< monotouch) (< net45) (>= netstandard1.6) (< xamarinios) (< xamarinmac) (< xamarintvos) (< xamarinwatchos)) (< portable-net45+win8+wp8+wpa81)
      System.Runtime (>= 4.3) - restriction: || (&& (< monoandroid) (< net45) (>= netstandard1.0) (< netstandard1.6) (< win8) (< wp8) (< wpa81)) (&& (< monotouch) (< net45) (>= netstandard1.6) (< xamarinios) (< xamarinmac) (< xamarintvos) (< xamarinwatchos)) (< portable-net45+win8+wp8+wpa81)
      System.Runtime.Extensions (>= 4.3) - restriction: || (&& (< monotouch) (< net45) (>= netstandard1.6) (< xamarinios) (< xamarinmac) (< xamarintvos) (< xamarinwatchos)) (< portable-net45+win8+wp8+wpa81)
    System.Linq.Expressions (4.3.0) - restriction: || (&& (>= monoandroid) (>= netstandard1.0) (< portable-net45+win8+wpa81)) (&& (>= monoandroid) (>= netstandard1.1) (< portable-net451+win81+wpa81)) (&& (>= monoandroid) (< netstandard1.3) (>= netstandard1.6)) (&& (< monoandroid) (< net20) (>= netstandard1.0) (< netstandard1.3) (< win8) (< wp8) (< wpa81)) (&& (< monoandroid) (< net20) (>= netstandard1.2) (< netstandard1.3) (< wpa81)) (&& (< monoandroid) (< net20) (>= netstandard1.3) (< netstandard1.4) (< wpa81)) (&& (< monoandroid) (< net20) (< netstandard1.3) (>= netstandard1.4) (< wpa81)) (&& (< monoandroid) (< net20) (< netstandard1.3) (>= netstandard1.5)) (&& (< monoandroid) (< net20) (>= netstandard1.4) (< netstandard1.5) (< wpa81)) (&& (< monoandroid) (< net20) (< netstandard1.4) (>= netstandard1.6)) (&& (< monoandroid) (< net20) (>= netstandard1.5) (< netstandard1.6)) (&& (< monoandroid) (< net20) (< netstandard1.5) (>= netstandard1.6)) (&& (< monoandroid) (< net35) (>= netstandard1.3) (< netstandard1.4) (< wpa81)) (&& (< monoandroid) (< net35) (>= netstandard1.4) (< netstandard1.5) (< wpa81)) (&& (< monoandroid) (< net35) (>= netstandard1.5) (< netstandard1.6)) (&& (< monoandroid) (< net45) (>= netstandard1.2) (< netstandard1.3) (< wpa81)) (&& (< monoandroid) (< net45) (>= netstandard1.3) (< netstandard1.4) (< wpa81)) (&& (< monoandroid) (< net45) (>= netstandard1.4) (< netstandard1.5) (< wpa81)) (&& (< monoandroid) (< net45) (>= netstandard1.5) (< netstandard1.6)) (&& (< monotouch) (< net20) (>= netstandard1.3) (< netstandard2.0) (< win8) (< wpa81) (< xamarinios) (< xamarinmac) (< xamarintvos) (< xamarinwatchos)) (&& (< monotouch) (< net20) (>= netstandard1.6) (< netstandard2.0) (< xamarinios) (< xamarinmac) (< xamarintvos) (< xamarinwatchos)) (&& (< monotouch) (< net35) (>= netstandard1.6) (< netstandard2.0) (< xamarinios) (< xamarinmac) (< xamarintvos) (< xamarinwatchos)) (&& (< monotouch) (< net45) (>= netstandard1.3) (< win8) (< wpa81) (< xamarinios) (< xamarinmac) (< xamarintvos) (< xamarinwatchos)) (&& (< monotouch) (< net45) (>= netstandard1.6) (< netstandard2.0) (< xamarinios) (< xamarinmac) (< xamarintvos) (< xamarinwatchos)) (&& (< net20) (>= netstandard1.0) (< portable-net45+win8+wp8+wpa81)) (&& (< net20) (>= netstandard1.0) (< portable-net45+win8+wpa81)) (&& (< net20) (>= netstandard1.1) (< portable-net451+win81+wpa81)) (&& (< net20) (>= netstandard1.3) (< portable-net451+win81+wpa81)) (&& (< net20) (< netstandard1.3) (>= netstandard1.6)) (&& (< net20) (>= netstandard1.6) (< portable-net45+win8+wpa81)) (&& (< net20) (>= netstandard1.6) (< portable-net451+win81+wpa81)) (&& (< net35) (>= netstandard1.3) (< portable-net451+win81+wpa81)) (&& (< net45) (>= netstandard1.1) (< portable-net451+win81+wpa81)) (&& (< net45) (>= netstandard1.3) (< portable-net451+win81+wpa81)) (&& (>= netstandard1.1) (< portable-net45+win8+wpa81)) (&& (>= netstandard1.3) (< portable-net45+win8+wp8+wpa81)) (&& (>= netstandard1.3) (< portable-net45+win8+wpa81)) (&& (< netstandard1.3) (>= uap10.0)) (&& (< netstandard1.3) (>= xamarinios)) (&& (< netstandard1.4) (>= xamarinios)) (&& (>= netstandard1.5) (>= uap10.0)) (&& (< netstandard1.5) (>= xamarinios)) (&& (>= netstandard1.6) (>= uap10.0)) (&& (< netstandard1.6) (>= xamarinios)) (&& (< portable-net45+win8+wpa81) (>= uap10.0)) (&& (< portable-net45+win8+wpa81) (>= xamarinios)) (&& (< portable-net451+win81+wpa81) (>= uap10.0)) (&& (< portable-net451+win81+wpa81) (>= xamarinios)) (&& (>= uap10.0) (< uap10.1)) (&& (>= uap10.0) (< wpa81)) (&& (>= uap10.0) (>= xamarinios))
      System.Collections (>= 4.3) - restriction: || (&& (< monotouch) (< net45) (>= netstandard1.6) (< xamarinios) (< xamarinmac) (< xamarintvos) (< xamarinwatchos)) (< portable-net45+win8+wp8+wpa81)
      System.Diagnostics.Debug (>= 4.3) - restriction: || (&& (< monotouch) (< net45) (>= netstandard1.6) (< xamarinios) (< xamarinmac) (< xamarintvos) (< xamarinwatchos)) (< portable-net45+win8+wp8+wpa81)
      System.Globalization (>= 4.3) - restriction: || (&& (< monotouch) (< net45) (>= netstandard1.6) (< xamarinios) (< xamarinmac) (< xamarintvos) (< xamarinwatchos)) (< portable-net45+win8+wp8+wpa81)
      System.IO (>= 4.3) - restriction: || (&& (< monotouch) (< net45) (>= netstandard1.6) (< xamarinios) (< xamarinmac) (< xamarintvos) (< xamarinwatchos)) (< portable-net45+win8+wp8+wpa81)
      System.Linq (>= 4.3) - restriction: || (&& (< monotouch) (< net45) (>= netstandard1.6) (< xamarinios) (< xamarinmac) (< xamarintvos) (< xamarinwatchos)) (< portable-net45+win8+wp8+wpa81)
      System.ObjectModel (>= 4.3) - restriction: && (< monotouch) (< net45) (>= netstandard1.6) (< xamarinios) (< xamarinmac) (< xamarintvos) (< xamarinwatchos)
      System.Reflection (>= 4.3) - restriction: || (&& (< monoandroid) (< net45) (>= netstandard1.0) (< netstandard1.3) (< win8) (< wp8) (< wpa81)) (&& (< monoandroid) (< net45) (>= netstandard1.3) (< netstandard1.6) (< win8) (< wpa81)) (&& (< monotouch) (< net45) (>= netstandard1.6) (< xamarinios) (< xamarinmac) (< xamarintvos) (< xamarinwatchos)) (< portable-net45+win8+wp8+wpa81)
      System.Reflection.Emit (>= 4.3) - restriction: && (< monotouch) (< net45) (>= netstandard1.6) (< xamarinios) (< xamarinmac) (< xamarintvos) (< xamarinwatchos)
      System.Reflection.Emit.ILGeneration (>= 4.3) - restriction: || (&& (< monotouch) (< net45) (>= netstandard1.6) (< xamarinios) (< xamarinmac) (< xamarintvos) (< xamarinwatchos)) (< portable-net45+win8+wp8+wpa81)
      System.Reflection.Emit.Lightweight (>= 4.3) - restriction: || (&& (< monotouch) (< net45) (>= netstandard1.6) (< xamarinios) (< xamarinmac) (< xamarintvos) (< xamarinwatchos)) (< portable-net45+win8+wp8+wpa81)
      System.Reflection.Extensions (>= 4.3) - restriction: || (&& (< monotouch) (< net45) (>= netstandard1.6) (< xamarinios) (< xamarinmac) (< xamarintvos) (< xamarinwatchos)) (< portable-net45+win8+wp8+wpa81)
      System.Reflection.Primitives (>= 4.3) - restriction: || (&& (< monotouch) (< net45) (>= netstandard1.6) (< xamarinios) (< xamarinmac) (< xamarintvos) (< xamarinwatchos)) (< portable-net45+win8+wp8+wpa81)
      System.Reflection.TypeExtensions (>= 4.3) - restriction: || (&& (< monotouch) (< net45) (>= netstandard1.6) (< xamarinios) (< xamarinmac) (< xamarintvos) (< xamarinwatchos)) (< portable-net45+win8+wp8+wpa81)
      System.Resources.ResourceManager (>= 4.3) - restriction: || (&& (< monotouch) (< net45) (>= netstandard1.6) (< xamarinios) (< xamarinmac) (< xamarintvos) (< xamarinwatchos)) (< portable-net45+win8+wp8+wpa81)
      System.Runtime (>= 4.3) - restriction: || (&& (< monoandroid) (< net45) (>= netstandard1.0) (< netstandard1.3) (< win8) (< wp8) (< wpa81)) (&& (< monoandroid) (< net45) (>= netstandard1.3) (< netstandard1.6) (< win8) (< wpa81)) (&& (< monotouch) (< net45) (>= netstandard1.6) (< xamarinios) (< xamarinmac) (< xamarintvos) (< xamarinwatchos)) (< portable-net45+win8+wp8+wpa81)
      System.Runtime.Extensions (>= 4.3) - restriction: || (&& (< monotouch) (< net45) (>= netstandard1.6) (< xamarinios) (< xamarinmac) (< xamarintvos) (< xamarinwatchos)) (< portable-net45+win8+wp8+wpa81)
      System.Threading (>= 4.3) - restriction: || (&& (< monotouch) (< net45) (>= netstandard1.6) (< xamarinios) (< xamarinmac) (< xamarintvos) (< xamarinwatchos)) (< portable-net45+win8+wp8+wpa81)
    System.Net.Http (4.3.3) - restriction: || (&& (>= monoandroid) (>= net46) (< netstandard1.3)) (&& (>= monoandroid) (>= netstandard1.1) (< portable-net451+win81+wpa81)) (&& (>= monoandroid) (< netstandard1.3) (>= netstandard1.6)) (&& (< monoandroid) (< net20) (>= netstandard1.2) (< netstandard1.3) (< wpa81)) (&& (< monoandroid) (< net20) (>= netstandard1.3) (< netstandard1.4) (< wpa81)) (&& (< monoandroid) (< net20) (< netstandard1.3) (>= netstandard1.4) (< wpa81)) (&& (< monoandroid) (< net20) (< netstandard1.3) (>= netstandard1.5)) (&& (< monoandroid) (< net20) (>= netstandard1.4) (< netstandard1.5) (< wpa81)) (&& (< monoandroid) (< net20) (< netstandard1.4) (>= netstandard1.6)) (&& (< monoandroid) (< net20) (>= netstandard1.5) (< netstandard1.6)) (&& (< monoandroid) (< net20) (< netstandard1.5) (>= netstandard1.6)) (&& (< monoandroid) (< net35) (>= netstandard1.3) (< netstandard1.4) (< wpa81)) (&& (< monoandroid) (< net35) (>= netstandard1.4) (< netstandard1.5) (< wpa81)) (&& (< monoandroid) (< net35) (>= netstandard1.5) (< netstandard1.6)) (&& (< monoandroid) (< net45) (>= netstandard1.2) (< netstandard1.3) (< wpa81)) (&& (< monoandroid) (< net45) (>= netstandard1.3) (< netstandard1.4) (< wpa81)) (&& (< monoandroid) (< net45) (>= netstandard1.4) (< netstandard1.5) (< wpa81)) (&& (< monoandroid) (< net45) (>= netstandard1.5) (< netstandard1.6)) (&& (< monotouch) (< net20) (>= netstandard1.6) (< netstandard2.0) (< xamarinios) (< xamarinmac) (< xamarintvos) (< xamarinwatchos)) (&& (< monotouch) (< net35) (>= netstandard1.6) (< netstandard2.0) (< xamarinios) (< xamarinmac) (< xamarintvos) (< xamarinwatchos)) (&& (< monotouch) (< net45) (>= netstandard1.6) (< netstandard2.0) (< xamarinios) (< xamarinmac) (< xamarintvos) (< xamarinwatchos)) (&& (< net20) (>= net46) (< netstandard1.3)) (&& (< net20) (>= netstandard1.1) (< portable-net451+win81+wpa81)) (&& (< net20) (>= netstandard1.3) (< portable-net451+win81+wpa81)) (&& (< net20) (< netstandard1.3) (>= netstandard1.6)) (&& (< net20) (>= netstandard1.6) (< portable-net451+win81+wpa81)) (&& (< net35) (>= netstandard1.3) (< portable-net451+win81+wpa81)) (&& (< net45) (>= netstandard1.1) (< portable-net451+win81+wpa81)) (&& (< net45) (>= netstandard1.3) (< portable-net451+win81+wpa81)) (&& (>= net46) (< netstandard1.4)) (&& (< netstandard1.3) (>= uap10.0)) (&& (< netstandard1.3) (>= xamarinios)) (&& (< netstandard1.4) (>= xamarinios)) (&& (>= netstandard1.5) (>= uap10.0)) (&& (< netstandard1.5) (>= xamarinios)) (&& (>= netstandard1.6) (>= uap10.0)) (&& (< netstandard1.6) (>= xamarinios)) (&& (< portable-net451+win81+wpa81) (>= uap10.0)) (&& (< portable-net451+win81+wpa81) (>= xamarinios)) (&& (>= uap10.0) (< uap10.1)) (&& (>= uap10.0) (< wpa81)) (&& (>= uap10.0) (>= xamarinios))
      Microsoft.NETCore.Platforms (>= 1.1) - restriction: || (&& (< monoandroid) (< net45) (>= netstandard1.3) (< netstandard1.6) (< win8) (< wpa81)) (&& (< monotouch) (< net45) (>= netstandard1.6) (< xamarinios) (< xamarinmac) (< xamarintvos) (< xamarinwatchos)) (< portable-net45+win8+wpa81)
      Microsoft.Win32.Primitives (>= 4.3) - restriction: && (< monoandroid) (< net45) (>= netstandard1.3) (< netstandard1.6) (< win8) (< wpa81)
      runtime.native.System (>= 4.3) - restriction: && (< monotouch) (< net45) (>= netstandard1.6) (< xamarinios) (< xamarinmac) (< xamarintvos) (< xamarinwatchos)
      runtime.native.System.Net.Http (>= 4.3) - restriction: && (< monotouch) (< net45) (>= netstandard1.6) (< xamarinios) (< xamarinmac) (< xamarintvos) (< xamarinwatchos)
      runtime.native.System.Security.Cryptography.OpenSsl (>= 4.3.2) - restriction: && (< monotouch) (< net45) (>= netstandard1.6) (< xamarinios) (< xamarinmac) (< xamarintvos) (< xamarinwatchos)
      System.Collections (>= 4.3) - restriction: || (&& (< monoandroid) (< net45) (>= netstandard1.3) (< netstandard1.6) (< win8) (< wpa81)) (&& (< monotouch) (< net45) (>= netstandard1.6) (< xamarinios) (< xamarinmac) (< xamarintvos) (< xamarinwatchos)) (< portable-net45+win8+wpa81)
      System.Diagnostics.Debug (>= 4.3) - restriction: || (&& (< monoandroid) (< net45) (>= netstandard1.3) (< netstandard1.6) (< win8) (< wpa81)) (&& (< monotouch) (< net45) (>= netstandard1.6) (< xamarinios) (< xamarinmac) (< xamarintvos) (< xamarinwatchos)) (< portable-net45+win8+wpa81)
      System.Diagnostics.DiagnosticSource (>= 4.3) - restriction: || (&& (< monoandroid) (< net45) (>= netstandard1.3) (< netstandard1.6) (< win8) (< wpa81)) (&& (< monotouch) (< net45) (>= netstandard1.6) (< xamarinios) (< xamarinmac) (< xamarintvos) (< xamarinwatchos)) (< portable-net45+win8+wpa81)
      System.Diagnostics.Tracing (>= 4.3) - restriction: || (&& (< monoandroid) (< net45) (>= netstandard1.3) (< netstandard1.6) (< win8) (< wpa81)) (&& (< monotouch) (< net45) (>= netstandard1.6) (< xamarinios) (< xamarinmac) (< xamarintvos) (< xamarinwatchos)) (< portable-net45+win8+wpa81)
      System.Globalization (>= 4.3) - restriction: || (&& (< monoandroid) (< net45) (>= netstandard1.3) (< netstandard1.6) (< win8) (< wpa81)) (&& (< monotouch) (< net45) (>= netstandard1.6) (< xamarinios) (< xamarinmac) (< xamarintvos) (< xamarinwatchos)) (< portable-net45+win8+wpa81)
      System.Globalization.Extensions (>= 4.3) - restriction: && (< monotouch) (< net45) (>= netstandard1.6) (< xamarinios) (< xamarinmac) (< xamarintvos) (< xamarinwatchos)
      System.IO (>= 4.3) - restriction: || (&& (< monoandroid) (< net45) (>= netstandard1.1) (< netstandard1.3) (< win8) (< wpa81)) (&& (< monoandroid) (< net45) (>= netstandard1.3) (< netstandard1.6) (< win8) (< wpa81)) (&& (< monotouch) (< net45) (>= netstandard1.6) (< xamarinios) (< xamarinmac) (< xamarintvos) (< xamarinwatchos)) (< portable-net45+win8+wpa81)
      System.IO.Compression (>= 4.3) - restriction: && (< monoandroid) (< net45) (>= netstandard1.3) (< netstandard1.6) (< win8) (< wpa81)
      System.IO.FileSystem (>= 4.3) - restriction: && (< monotouch) (< net45) (>= netstandard1.6) (< xamarinios) (< xamarinmac) (< xamarintvos) (< xamarinwatchos)
      System.Net.Primitives (>= 4.3) - restriction: || (&& (< monoandroid) (< net45) (>= netstandard1.1) (< netstandard1.3) (< win8) (< wpa81)) (&& (< monoandroid) (< net45) (>= netstandard1.3) (< netstandard1.6) (< win8) (< wpa81)) (&& (< monotouch) (< net45) (>= netstandard1.6) (< xamarinios) (< xamarinmac) (< xamarintvos) (< xamarinwatchos)) (< portable-net45+win8+wpa81)
      System.Resources.ResourceManager (>= 4.3) - restriction: || (&& (< monoandroid) (< net45) (>= netstandard1.3) (< netstandard1.6) (< win8) (< wpa81)) (&& (< monotouch) (< net45) (>= netstandard1.6) (< xamarinios) (< xamarinmac) (< xamarintvos) (< xamarinwatchos)) (< portable-net45+win8+wpa81)
      System.Runtime (>= 4.3) - restriction: || (&& (< monoandroid) (< net45) (>= netstandard1.1) (< netstandard1.3) (< win8) (< wpa81)) (&& (< monoandroid) (< net45) (>= netstandard1.3) (< netstandard1.6) (< win8) (< wpa81)) (&& (< monotouch) (< net45) (>= netstandard1.6) (< xamarinios) (< xamarinmac) (< xamarintvos) (< xamarinwatchos)) (< portable-net45+win8+wpa81)
      System.Runtime.Extensions (>= 4.3) - restriction: || (&& (< monoandroid) (< net45) (>= netstandard1.3) (< netstandard1.6) (< win8) (< wpa81)) (&& (< monotouch) (< net45) (>= netstandard1.6) (< xamarinios) (< xamarinmac) (< xamarintvos) (< xamarinwatchos)) (< portable-net45+win8+wpa81)
      System.Runtime.Handles (>= 4.3) - restriction: || (&& (< monoandroid) (< net45) (>= netstandard1.3) (< netstandard1.6) (< win8) (< wpa81)) (&& (< monotouch) (< net45) (>= netstandard1.6) (< xamarinios) (< xamarinmac) (< xamarintvos) (< xamarinwatchos))
      System.Runtime.InteropServices (>= 4.3) - restriction: || (&& (< monoandroid) (< net45) (>= netstandard1.3) (< netstandard1.6) (< win8) (< wpa81)) (&& (< monotouch) (< net45) (>= netstandard1.6) (< xamarinios) (< xamarinmac) (< xamarintvos) (< xamarinwatchos)) (< portable-net45+win8+wpa81)
      System.Security.Cryptography.Algorithms (>= 4.3) - restriction: && (< monotouch) (< net45) (>= netstandard1.6) (< xamarinios) (< xamarinmac) (< xamarintvos) (< xamarinwatchos)
      System.Security.Cryptography.Encoding (>= 4.3) - restriction: || (&& (< monoandroid) (< net45) (>= netstandard1.3) (< netstandard1.6) (< win8) (< wpa81)) (&& (< monotouch) (< net45) (>= netstandard1.6) (< xamarinios) (< xamarinmac) (< xamarintvos) (< xamarinwatchos))
      System.Security.Cryptography.OpenSsl (>= 4.3) - restriction: && (< monotouch) (< net45) (>= netstandard1.6) (< xamarinios) (< xamarinmac) (< xamarintvos) (< xamarinwatchos)
      System.Security.Cryptography.Primitives (>= 4.3) - restriction: && (< monotouch) (< net45) (>= netstandard1.6) (< xamarinios) (< xamarinmac) (< xamarintvos) (< xamarinwatchos)
      System.Security.Cryptography.X509Certificates (>= 4.3) - restriction: || (&& (< monoandroid) (< net45) (>= netstandard1.3) (< netstandard1.6) (< win8) (< wpa81)) (&& (< monotouch) (< net45) (>= netstandard1.6) (< xamarinios) (< xamarinmac) (< xamarintvos) (< xamarinwatchos)) (>= net46) (< portable-net45+win8+wpa81)
      System.Text.Encoding (>= 4.3) - restriction: || (&& (< monoandroid) (< net45) (>= netstandard1.1) (< netstandard1.3) (< win8) (< wpa81)) (&& (< monoandroid) (< net45) (>= netstandard1.3) (< netstandard1.6) (< win8) (< wpa81)) (&& (< monotouch) (< net45) (>= netstandard1.6) (< xamarinios) (< xamarinmac) (< xamarintvos) (< xamarinwatchos)) (< portable-net45+win8+wpa81)
      System.Threading (>= 4.3) - restriction: || (&& (< monoandroid) (< net45) (>= netstandard1.3) (< netstandard1.6) (< win8) (< wpa81)) (&& (< monotouch) (< net45) (>= netstandard1.6) (< xamarinios) (< xamarinmac) (< xamarintvos) (< xamarinwatchos)) (< portable-net45+win8+wpa81)
      System.Threading.Tasks (>= 4.3) - restriction: || (&& (< monoandroid) (< net45) (>= netstandard1.1) (< netstandard1.3) (< win8) (< wpa81)) (&& (< monoandroid) (< net45) (>= netstandard1.3) (< netstandard1.6) (< win8) (< wpa81)) (&& (< monotouch) (< net45) (>= netstandard1.6) (< xamarinios) (< xamarinmac) (< xamarintvos) (< xamarinwatchos)) (< portable-net45+win8+wpa81)
    System.Net.Primitives (4.3.0) - restriction: || (&& (>= monoandroid) (>= netstandard1.0) (< portable-net45+win8+wpa81)) (&& (>= monoandroid) (>= netstandard1.1) (< portable-net451+win81+wpa81)) (&& (>= monoandroid) (< netstandard1.3) (>= netstandard1.6)) (&& (< monoandroid) (< net20) (>= netstandard1.2) (< netstandard1.3) (< wpa81)) (&& (< monoandroid) (< net20) (>= netstandard1.3) (< netstandard1.4) (< wpa81)) (&& (< monoandroid) (< net20) (< netstandard1.3) (>= netstandard1.4) (< wpa81)) (&& (< monoandroid) (< net20) (< netstandard1.3) (>= netstandard1.5)) (&& (< monoandroid) (< net20) (>= netstandard1.4) (< netstandard1.5) (< wpa81)) (&& (< monoandroid) (< net20) (< netstandard1.4) (>= netstandard1.6)) (&& (< monoandroid) (< net20) (>= netstandard1.5) (< netstandard1.6)) (&& (< monoandroid) (< net20) (< netstandard1.5) (>= netstandard1.6)) (&& (< monoandroid) (< net35) (>= netstandard1.3) (< netstandard1.4) (< wpa81)) (&& (< monoandroid) (< net35) (>= netstandard1.4) (< netstandard1.5) (< wpa81)) (&& (< monoandroid) (< net35) (>= netstandard1.5) (< netstandard1.6)) (&& (< monoandroid) (< net45) (>= netstandard1.2) (< netstandard1.3) (< wpa81)) (&& (< monoandroid) (< net45) (>= netstandard1.3) (< netstandard1.4) (< wpa81)) (&& (< monoandroid) (< net45) (< netstandard1.3) (>= netstandard1.4) (< win8) (< wpa81)) (&& (< monoandroid) (< net45) (< netstandard1.3) (>= netstandard1.5)) (&& (< monoandroid) (< net45) (< netstandard1.3) (>= netstandard1.6)) (&& (< monoandroid) (< net45) (>= netstandard1.4) (< netstandard1.5) (< wpa81)) (&& (< monoandroid) (< net45) (< netstandard1.4) (>= netstandard1.6)) (&& (< monoandroid) (< net45) (>= netstandard1.5) (< netstandard1.6)) (&& (< monoandroid) (< net45) (< netstandard1.5) (>= netstandard1.6)) (&& (< monotouch) (< net20) (>= netstandard1.6) (< netstandard2.0) (< xamarinios) (< xamarinmac) (< xamarintvos) (< xamarinwatchos)) (&& (< monotouch) (< net35) (>= netstandard1.6) (< netstandard2.0) (< xamarinios) (< xamarinmac) (< xamarintvos) (< xamarinwatchos)) (&& (< monotouch) (< net45) (>= netstandard1.6) (< netstandard2.0) (< xamarinios) (< xamarinmac) (< xamarintvos) (< xamarinwatchos)) (&& (< net20) (>= netstandard1.0) (< portable-net45+win8+wpa81)) (&& (< net20) (>= netstandard1.1) (< portable-net451+win81+wpa81)) (&& (< net20) (>= netstandard1.3) (< portable-net451+win81+wpa81)) (&& (< net20) (< netstandard1.3) (>= netstandard1.6)) (&& (< net20) (>= netstandard1.6) (< portable-net451+win81+wpa81)) (&& (< net35) (>= netstandard1.3) (< portable-net451+win81+wpa81)) (&& (< net45) (>= net46) (< netstandard1.3)) (&& (< net45) (>= net46) (< netstandard1.4)) (&& (< net45) (>= netstandard1.1) (< portable-net451+win81+wpa81)) (&& (< net45) (>= netstandard1.3) (< portable-net451+win81+wpa81)) (&& (< net45) (>= netstandard1.6) (< portable-net451+win81+wpa81)) (&& (>= net46) (< portable-net45+win8+wpa81)) (&& (>= netstandard1.1) (< portable-net45+win8+wpa81)) (&& (>= netstandard1.2) (< portable-net45+win8+wpa81)) (&& (>= netstandard1.3) (< portable-net45+win8+wpa81)) (&& (< netstandard1.3) (>= uap10.0)) (&& (< netstandard1.3) (>= xamarinios)) (&& (>= netstandard1.4) (< portable-net45+win8+wpa81)) (&& (< netstandard1.4) (>= xamarinios)) (&& (>= netstandard1.5) (< portable-net45+win8+wpa81)) (&& (>= netstandard1.5) (>= uap10.0)) (&& (< netstandard1.5) (>= xamarinios)) (&& (>= netstandard1.6) (< portable-net45+win8+wpa81)) (&& (>= netstandard1.6) (>= uap10.0)) (&& (< netstandard1.6) (>= xamarinios)) (&& (< portable-net45+win8+wpa81) (>= uap10.0)) (&& (< portable-net45+win8+wpa81) (>= xamarinios)) (&& (< portable-net451+win81+wpa81) (>= uap10.0)) (&& (< portable-net451+win81+wpa81) (>= xamarinios)) (&& (>= uap10.0) (< uap10.1)) (&& (>= uap10.0) (< wpa81)) (&& (>= uap10.0) (>= xamarinios))
      Microsoft.NETCore.Platforms (>= 1.1) - restriction: || (&& (< monoandroid) (< net45) (>= netstandard1.1) (< netstandard1.3) (< win8) (< wpa81)) (&& (< monoandroid) (>= netstandard1.0) (< netstandard1.1) (< win8) (< wp8)) (&& (< monotouch) (< net45) (>= netstandard1.3) (< win8) (< wpa81) (< xamarinios) (< xamarinmac) (< xamarintvos) (< xamarinwatchos)) (< portable-net45+win8+wp8+wpa81)
      Microsoft.NETCore.Targets (>= 1.1) - restriction: || (&& (< monoandroid) (< net45) (>= netstandard1.1) (< netstandard1.3) (< win8) (< wpa81)) (&& (< monoandroid) (>= netstandard1.0) (< netstandard1.1) (< win8) (< wp8)) (&& (< monotouch) (< net45) (>= netstandard1.3) (< win8) (< wpa81) (< xamarinios) (< xamarinmac) (< xamarintvos) (< xamarinwatchos)) (< portable-net45+win8+wp8+wpa81)
      System.Runtime (>= 4.3) - restriction: || (&& (< monoandroid) (< net45) (>= netstandard1.1) (< netstandard1.3) (< win8) (< wpa81)) (&& (< monoandroid) (>= netstandard1.0) (< netstandard1.1) (< win8) (< wp8)) (&& (< monotouch) (< net45) (>= netstandard1.3) (< win8) (< wpa81) (< xamarinios) (< xamarinmac) (< xamarintvos) (< xamarinwatchos)) (< portable-net45+win8+wp8+wpa81)
      System.Runtime.Handles (>= 4.3) - restriction: || (&& (< monotouch) (< net45) (>= netstandard1.3) (< win8) (< wpa81) (< xamarinios) (< xamarinmac) (< xamarintvos) (< xamarinwatchos)) (< portable-net45+win8+wp8+wpa81)
    System.Net.Sockets (4.3.0) - restriction: || (&& (>= monoandroid) (>= net46) (< netstandard1.3)) (&& (>= monoandroid) (< netstandard1.3) (>= netstandard1.6)) (&& (< monoandroid) (< net20) (>= netstandard1.3) (< netstandard1.4) (< wpa81)) (&& (< monoandroid) (< net20) (< netstandard1.3) (>= netstandard1.4) (< wpa81)) (&& (< monoandroid) (< net20) (< netstandard1.3) (>= netstandard1.5)) (&& (< monoandroid) (< net20) (>= netstandard1.4) (< netstandard1.5) (< wpa81)) (&& (< monoandroid) (< net20) (< netstandard1.4) (>= netstandard1.6)) (&& (< monoandroid) (< net20) (>= netstandard1.5) (< netstandard1.6)) (&& (< monoandroid) (< net20) (< netstandard1.5) (>= netstandard1.6)) (&& (< monoandroid) (< net35) (>= netstandard1.3) (< netstandard1.4) (< wpa81)) (&& (< monoandroid) (< net35) (>= netstandard1.4) (< netstandard1.5) (< wpa81)) (&& (< monoandroid) (< net35) (>= netstandard1.5) (< netstandard1.6)) (&& (< monoandroid) (< net45) (>= netstandard1.3) (< netstandard1.4) (< wpa81)) (&& (< monoandroid) (< net45) (>= netstandard1.4) (< netstandard1.5) (< wpa81)) (&& (< monoandroid) (< net45) (>= netstandard1.5) (< netstandard1.6)) (&& (< monotouch) (< net20) (>= netstandard1.6) (< netstandard2.0) (< xamarinios) (< xamarinmac) (< xamarintvos) (< xamarinwatchos)) (&& (< monotouch) (< net35) (>= netstandard1.6) (< netstandard2.0) (< xamarinios) (< xamarinmac) (< xamarintvos) (< xamarinwatchos)) (&& (< monotouch) (< net45) (>= netstandard1.6) (< netstandard2.0) (< xamarinios) (< xamarinmac) (< xamarintvos) (< xamarinwatchos)) (&& (< net20) (>= net46) (< netstandard1.3)) (&& (< net20) (< netstandard1.3) (>= netstandard1.6)) (&& (>= net46) (< netstandard1.4)) (&& (< netstandard1.3) (>= uap10.0)) (&& (< netstandard1.4) (>= xamarinios)) (&& (>= netstandard1.5) (>= uap10.0)) (&& (< netstandard1.5) (>= xamarinios)) (&& (>= netstandard1.6) (>= uap10.0)) (&& (< netstandard1.6) (>= xamarinios)) (&& (>= uap10.0) (< uap10.1)) (&& (>= uap10.0) (< wpa81)) (&& (>= uap10.0) (>= xamarinios))
      Microsoft.NETCore.Platforms (>= 1.1) - restriction: && (< monotouch) (< net46) (>= netstandard1.3) (< xamarinios) (< xamarinmac) (< xamarintvos) (< xamarinwatchos)
      Microsoft.NETCore.Targets (>= 1.1) - restriction: && (< monotouch) (< net46) (>= netstandard1.3) (< xamarinios) (< xamarinmac) (< xamarintvos) (< xamarinwatchos)
      System.IO (>= 4.3) - restriction: && (< monotouch) (< net46) (>= netstandard1.3) (< xamarinios) (< xamarinmac) (< xamarintvos) (< xamarinwatchos)
      System.Net.Primitives (>= 4.3) - restriction: && (< monotouch) (< net46) (>= netstandard1.3) (< xamarinios) (< xamarinmac) (< xamarintvos) (< xamarinwatchos)
      System.Runtime (>= 4.3) - restriction: && (< monotouch) (< net46) (>= netstandard1.3) (< xamarinios) (< xamarinmac) (< xamarintvos) (< xamarinwatchos)
      System.Threading.Tasks (>= 4.3) - restriction: && (< monotouch) (< net46) (>= netstandard1.3) (< xamarinios) (< xamarinmac) (< xamarintvos) (< xamarinwatchos)
    System.ObjectModel (4.3.0) - restriction: || (&& (>= monoandroid) (>= netstandard1.0) (< portable-net45+win8+wpa81)) (&& (>= monoandroid) (>= netstandard1.1) (< portable-net451+win81+wpa81)) (&& (>= monoandroid) (< netstandard1.3) (>= netstandard1.6)) (&& (< monoandroid) (< net20) (>= netstandard1.0) (< netstandard1.3) (< win8) (< wp8) (< wpa81)) (&& (< monoandroid) (< net20) (>= netstandard1.2) (< netstandard1.3) (< wpa81)) (&& (< monoandroid) (< net20) (>= netstandard1.3) (< netstandard1.4) (< wpa81)) (&& (< monoandroid) (< net20) (< netstandard1.3) (>= netstandard1.4) (< wpa81)) (&& (< monoandroid) (< net20) (< netstandard1.3) (>= netstandard1.5)) (&& (< monoandroid) (< net20) (>= netstandard1.4) (< netstandard1.5) (< wpa81)) (&& (< monoandroid) (< net20) (< netstandard1.4) (>= netstandard1.6)) (&& (< monoandroid) (< net20) (>= netstandard1.5) (< netstandard1.6)) (&& (< monoandroid) (< net20) (< netstandard1.5) (>= netstandard1.6)) (&& (< monoandroid) (< net35) (>= netstandard1.3) (< netstandard1.4) (< wpa81)) (&& (< monoandroid) (< net35) (>= netstandard1.4) (< netstandard1.5) (< wpa81)) (&& (< monoandroid) (< net35) (>= netstandard1.5) (< netstandard1.6)) (&& (< monoandroid) (< net45) (>= netstandard1.2) (< netstandard1.3) (< wpa81)) (&& (< monoandroid) (< net45) (< netstandard1.3) (>= netstandard1.6)) (&& (< monoandroid) (< net45) (>= netstandard1.4) (< netstandard1.5) (< wpa81)) (&& (< monoandroid) (< net45) (< netstandard1.4) (>= netstandard1.6)) (&& (< monoandroid) (< net45) (>= netstandard1.5) (< netstandard1.6)) (&& (< monoandroid) (< net45) (< netstandard1.5) (>= netstandard1.6)) (&& (< monotouch) (< net20) (>= netstandard1.3) (< netstandard2.0) (< win8) (< wpa81) (< xamarinios) (< xamarinmac) (< xamarintvos) (< xamarinwatchos)) (&& (< monotouch) (< net20) (>= netstandard1.6) (< netstandard2.0) (< xamarinios) (< xamarinmac) (< xamarintvos) (< xamarinwatchos)) (&& (< monotouch) (< net35) (>= netstandard1.6) (< netstandard2.0) (< xamarinios) (< xamarinmac) (< xamarintvos) (< xamarinwatchos)) (&& (< monotouch) (< net45) (>= netstandard1.6) (< xamarinios) (< xamarinmac) (< xamarintvos) (< xamarinwatchos)) (&& (< net20) (>= netstandard1.0) (< portable-net45+win8+wp8+wpa81)) (&& (< net20) (>= netstandard1.0) (< portable-net45+win8+wpa81)) (&& (< net20) (>= netstandard1.1) (< portable-net451+win81+wpa81)) (&& (< net20) (>= netstandard1.3) (< portable-net451+win81+wpa81)) (&& (< net20) (< netstandard1.3) (>= netstandard1.6)) (&& (< net20) (>= netstandard1.6) (< portable-net451+win81+wpa81)) (&& (< net35) (>= netstandard1.3) (< portable-net451+win81+wpa81)) (&& (< net45) (>= netstandard1.1) (< portable-net451+win81+wpa81)) (&& (< net45) (>= netstandard1.3)) (&& (< net45) (>= netstandard1.6) (< portable-net451+win81+wpa81)) (&& (>= netstandard1.1) (< portable-net45+win8+wpa81)) (&& (>= netstandard1.3) (< portable-net45+win8+wp8+wpa81)) (&& (>= netstandard1.3) (< portable-net45+win8+wpa81)) (&& (< netstandard1.3) (>= uap10.0)) (&& (< netstandard1.3) (>= xamarinios)) (&& (< netstandard1.4) (>= xamarinios)) (&& (>= netstandard1.5) (>= uap10.0)) (&& (< netstandard1.5) (>= xamarinios)) (&& (>= netstandard1.6) (< portable-net45+win8+wp8+wpa81)) (&& (>= netstandard1.6) (< portable-net45+win8+wpa81)) (&& (>= netstandard1.6) (>= uap10.0)) (&& (< netstandard1.6) (>= xamarinios)) (&& (< portable-net45+win8+wpa81) (>= uap10.0)) (&& (< portable-net45+win8+wpa81) (>= xamarinios)) (&& (< portable-net451+win81+wpa81) (>= uap10.0)) (&& (< portable-net451+win81+wpa81) (>= xamarinios)) (&& (>= uap10.0) (< uap10.1)) (&& (>= uap10.0) (< wpa81)) (&& (>= uap10.0) (>= xamarinios))
      System.Collections (>= 4.3) - restriction: || (&& (< monotouch) (< net45) (>= netstandard1.3) (< win8) (< wpa81) (< xamarinios) (< xamarinmac) (< xamarintvos) (< xamarinwatchos)) (< portable-net45+win8+wp8+wpa81)
      System.Diagnostics.Debug (>= 4.3) - restriction: || (&& (< monotouch) (< net45) (>= netstandard1.3) (< win8) (< wpa81) (< xamarinios) (< xamarinmac) (< xamarintvos) (< xamarinwatchos)) (< portable-net45+win8+wp8+wpa81)
      System.Resources.ResourceManager (>= 4.3) - restriction: || (&& (< monotouch) (< net45) (>= netstandard1.3) (< win8) (< wpa81) (< xamarinios) (< xamarinmac) (< xamarintvos) (< xamarinwatchos)) (< portable-net45+win8+wp8+wpa81)
      System.Runtime (>= 4.3) - restriction: || (&& (< monoandroid) (< net45) (>= netstandard1.0) (< netstandard1.3) (< win8) (< wp8) (< wpa81)) (&& (< monotouch) (< net45) (>= netstandard1.3) (< win8) (< wpa81) (< xamarinios) (< xamarinmac) (< xamarintvos) (< xamarinwatchos)) (< portable-net45+win8+wp8+wpa81)
      System.Threading (>= 4.3) - restriction: || (&& (< monotouch) (< net45) (>= netstandard1.3) (< win8) (< wpa81) (< xamarinios) (< xamarinmac) (< xamarintvos) (< xamarinwatchos)) (< portable-net45+win8+wp8+wpa81)
    System.Reflection (4.3.0) - restriction: || (&& (>= monoandroid) (>= netstandard1.0) (< portable-net45+win8+wp8+wpa81)) (&& (>= monoandroid) (>= netstandard1.0) (< portable-net45+win8+wpa81)) (&& (>= monoandroid) (>= netstandard1.1) (< portable-net451+win81+wpa81)) (&& (>= monoandroid) (>= netstandard1.3) (< portable-net451+win81+wpa81)) (&& (>= monoandroid) (< netstandard1.3) (>= netstandard1.6)) (&& (>= monoandroid) (>= netstandard1.6) (< portable-net451+win81+wpa81)) (&& (< monoandroid) (< net20) (>= netstandard1.0) (< netstandard1.3) (< win8) (< wp8) (< wpa81)) (&& (< monoandroid) (< net20) (>= netstandard1.2) (< netstandard1.3) (< wpa81)) (&& (< monoandroid) (< net20) (>= netstandard1.3) (< netstandard1.4) (< wpa81)) (&& (< monoandroid) (< net20) (>= netstandard1.3) (< netstandard1.5) (< win8) (< wpa81)) (&& (< monoandroid) (< net20) (< netstandard1.3) (>= netstandard1.4) (< wpa81)) (&& (< monoandroid) (< net20) (>= netstandard1.4) (< netstandard1.5) (< wpa81)) (&& (< monoandroid) (< net20) (< netstandard1.4) (>= netstandard1.6)) (&& (< monoandroid) (< net20) (>= netstandard1.5) (< netstandard1.6)) (&& (< monoandroid) (< net20) (< netstandard1.5) (>= netstandard1.6)) (&& (< monoandroid) (< net35) (< netstandard1.3) (>= netstandard1.4) (< win8) (< wpa81)) (&& (< monoandroid) (< net35) (< netstandard1.3) (>= netstandard1.5)) (&& (< monoandroid) (< net35) (< netstandard1.3) (>= netstandard1.6)) (&& (< monoandroid) (< net35) (>= netstandard1.4) (< netstandard1.5) (< wpa81)) (&& (< monoandroid) (< net35) (< netstandard1.4) (>= netstandard1.6)) (&& (< monoandroid) (< net35) (>= netstandard1.5) (< netstandard1.6)) (&& (< monoandroid) (< net35) (< netstandard1.5) (>= netstandard1.6)) (&& (< monoandroid) (< net45) (>= netstandard1.2) (< netstandard1.3) (< wpa81)) (&& (< monoandroid) (< net45) (< netstandard1.2) (>= netstandard1.3) (< win8)) (&& (< monoandroid) (< net45) (< netstandard1.2) (>= netstandard1.4) (< win8)) (&& (< monoandroid) (< net45) (< netstandard1.2) (>= netstandard1.5)) (&& (< monoandroid) (< net45) (< netstandard1.2) (>= netstandard1.6)) (&& (< monoandroid) (< net45) (>= netstandard1.3) (< netstandard1.4) (< wpa81)) (&& (< monoandroid) (< net45) (>= netstandard1.3) (< netstandard1.5) (< win8) (< wpa81)) (&& (< monoandroid) (< net45) (>= netstandard1.3) (< netstandard1.6) (< win8) (< wpa81)) (&& (< monoandroid) (< net45) (< netstandard1.3) (>= netstandard1.4) (< win8) (< wpa81)) (&& (< monoandroid) (< net45) (< netstandard1.3) (>= netstandard1.5)) (&& (< monoandroid) (< net45) (< netstandard1.3) (>= netstandard1.6)) (&& (< monoandroid) (< net45) (>= netstandard1.4) (< netstandard1.5) (< wpa81)) (&& (< monoandroid) (< net45) (< netstandard1.4) (>= netstandard1.5)) (&& (< monoandroid) (< net45) (< netstandard1.4) (>= netstandard1.6)) (&& (< monoandroid) (< net45) (>= netstandard1.5) (< netstandard1.6)) (&& (< monoandroid) (< net45) (< netstandard1.5) (>= netstandard1.6)) (&& (< monoandroid) (< netstandard1.0) (>= netstandard1.1) (>= portable-net451+win81+wpa81) (< win8)) (&& (< monoandroid) (< netstandard1.1) (>= netstandard1.2) (< win8)) (&& (< monoandroid) (< netstandard1.1) (>= netstandard1.3) (< win8)) (&& (< monoandroid) (< netstandard1.1) (>= netstandard1.4) (< win8)) (&& (< monoandroid) (< netstandard1.1) (>= netstandard1.5)) (&& (< monoandroid) (< netstandard1.1) (>= netstandard1.6)) (&& (< monotouch) (< net20) (>= netstandard1.3) (< netstandard2.0) (< win8) (< wpa81) (< xamarinios) (< xamarinmac) (< xamarintvos) (< xamarinwatchos)) (&& (< monotouch) (< net20) (>= netstandard1.4) (< xamarinios) (< xamarinmac) (< xamarintvos) (< xamarinwatchos)) (&& (< monotouch) (< net20) (>= netstandard1.5) (< xamarinios) (< xamarinmac) (< xamarintvos) (< xamarinwatchos)) (&& (< monotouch) (< net20) (>= netstandard1.6) (< xamarinios) (< xamarinmac) (< xamarintvos) (< xamarinwatchos)) (&& (< monotouch) (< net35) (>= netstandard1.5) (< netstandard2.0) (< xamarinios) (< xamarinmac) (< xamarintvos) (< xamarinwatchos)) (&& (< monotouch) (< net35) (>= netstandard1.6) (< netstandard2.0) (< xamarinios) (< xamarinmac) (< xamarintvos) (< xamarinwatchos)) (&& (< monotouch) (< net45) (>= netstandard1.3) (< win8) (< wpa81) (< xamarinios) (< xamarinmac) (< xamarintvos) (< xamarinwatchos)) (&& (< monotouch) (< net45) (>= netstandard1.5) (< xamarinios) (< xamarinmac) (< xamarintvos) (< xamarinwatchos)) (&& (< monotouch) (< net45) (>= netstandard1.6) (< xamarinios) (< xamarinmac) (< xamarintvos) (< xamarinwatchos)) (&& (< net20) (>= netstandard1.0) (< portable-net45+win8+wp8+wpa81)) (&& (< net20) (>= netstandard1.0) (< portable-net45+win8+wpa81)) (&& (< net20) (>= netstandard1.1) (< portable-net451+win81+wpa81)) (&& (< net20) (>= netstandard1.3) (< portable-net451+win81+wpa81)) (&& (< net20) (< netstandard1.3) (>= netstandard1.5)) (&& (< net20) (< netstandard1.3) (>= netstandard1.6)) (&& (< net20) (>= netstandard1.6) (< portable-net451+win81+wpa81)) (&& (< net35) (>= netstandard1.3)) (&& (< net35) (>= netstandard1.6) (< portable-net451+win81+wpa81)) (&& (< net45) (>= net451) (< netstandard1.3)) (&& (< net45) (>= net46) (< netstandard1.4)) (&& (< net45) (>= netstandard1.1) (< portable-net451+win81+wpa81)) (&& (< net45) (>= netstandard1.2) (< portable-net451+win81+wpa81) (< win8)) (&& (< net45) (>= netstandard1.3) (< portable-net451+win81+wpa81)) (&& (< net45) (>= netstandard1.5) (< portable-net451+win81+wpa81)) (&& (< net45) (>= netstandard1.6) (< portable-net451+win81+wpa81)) (&& (>= net451) (< netstandard1.1)) (&& (>= net46) (< netstandard1.1)) (>= netcoreapp1.1) (&& (< netstandard1.0) (>= netstandard1.1) (< portable-net451+win81+wpa81) (< win8)) (&& (>= netstandard1.1) (< portable-net45+win8+wp8+wpa81)) (&& (>= netstandard1.1) (< portable-net45+win8+wpa81)) (&& (< netstandard1.1) (>= uap10.0) (< win8)) (&& (< netstandard1.1) (< win8) (>= wpa81)) (&& (>= netstandard1.2) (< portable-net45+win8+wp8+wpa81)) (&& (>= netstandard1.2) (< portable-net45+win8+wpa81)) (&& (< netstandard1.2) (>= uap10.0) (< win8)) (&& (>= netstandard1.3) (< portable-net45+win8+wp8+wpa81)) (&& (>= netstandard1.3) (< portable-net45+win8+wpa81)) (&& (< netstandard1.3) (>= uap10.0)) (&& (< netstandard1.3) (>= xamarinios)) (&& (>= netstandard1.4) (< portable-net45+win8+wp8+wpa81)) (&& (>= netstandard1.4) (< portable-net45+win8+wpa81)) (&& (< netstandard1.4) (>= xamarinios)) (&& (>= netstandard1.5) (< portable-net45+win8+wp8+wpa81)) (&& (>= netstandard1.5) (< portable-net45+win8+wpa81)) (&& (>= netstandard1.5) (>= uap10.0)) (&& (< netstandard1.5) (>= xamarinios)) (&& (>= netstandard1.6) (< portable-net45+win8+wp8+wpa81)) (&& (>= netstandard1.6) (< portable-net45+win8+wpa81)) (&& (>= netstandard1.6) (>= uap10.0)) (&& (< netstandard1.6) (>= xamarinios)) (&& (< portable-net45+win8+wp8+wpa81) (>= uap10.0)) (&& (< portable-net45+win8+wp8+wpa81) (>= xamarinios)) (&& (< portable-net45+win8+wpa81) (>= uap10.0)) (&& (< portable-net45+win8+wpa81) (>= xamarinios)) (&& (< portable-net451+win81+wpa81) (>= uap10.0)) (&& (< portable-net451+win81+wpa81) (>= xamarinios)) (&& (>= uap10.0) (< uap10.1)) (&& (>= uap10.0) (< wpa81)) (&& (>= uap10.0) (>= xamarinios))
      Microsoft.NETCore.Platforms (>= 1.1) - restriction: || (&& (< monoandroid) (< net45) (>= netstandard1.0) (< netstandard1.3) (< win8) (< wp8) (< wpa81)) (&& (< monoandroid) (< net45) (>= netstandard1.3) (< netstandard1.5) (< win8) (< wpa81)) (&& (< monotouch) (< net45) (>= netstandard1.5) (< xamarinios) (< xamarinmac) (< xamarintvos) (< xamarinwatchos)) (< portable-net45+win8+wp8+wpa81)
      Microsoft.NETCore.Targets (>= 1.1) - restriction: || (&& (< monoandroid) (< net45) (>= netstandard1.0) (< netstandard1.3) (< win8) (< wp8) (< wpa81)) (&& (< monoandroid) (< net45) (>= netstandard1.3) (< netstandard1.5) (< win8) (< wpa81)) (&& (< monotouch) (< net45) (>= netstandard1.5) (< xamarinios) (< xamarinmac) (< xamarintvos) (< xamarinwatchos)) (< portable-net45+win8+wp8+wpa81)
      System.IO (>= 4.3) - restriction: || (&& (< monoandroid) (< net45) (>= netstandard1.0) (< netstandard1.3) (< win8) (< wp8) (< wpa81)) (&& (< monoandroid) (< net45) (>= netstandard1.3) (< netstandard1.5) (< win8) (< wpa81)) (&& (< monotouch) (< net45) (>= netstandard1.5) (< xamarinios) (< xamarinmac) (< xamarintvos) (< xamarinwatchos)) (< portable-net45+win8+wp8+wpa81)
      System.Reflection.Primitives (>= 4.3) - restriction: || (&& (< monoandroid) (< net45) (>= netstandard1.0) (< netstandard1.3) (< win8) (< wp8) (< wpa81)) (&& (< monoandroid) (< net45) (>= netstandard1.3) (< netstandard1.5) (< win8) (< wpa81)) (&& (< monotouch) (< net45) (>= netstandard1.5) (< xamarinios) (< xamarinmac) (< xamarintvos) (< xamarinwatchos)) (< portable-net45+win8+wp8+wpa81)
      System.Runtime (>= 4.3) - restriction: || (&& (< monoandroid) (< net45) (>= netstandard1.0) (< netstandard1.3) (< win8) (< wp8) (< wpa81)) (&& (< monoandroid) (< net45) (>= netstandard1.3) (< netstandard1.5) (< win8) (< wpa81)) (&& (< monotouch) (< net45) (>= netstandard1.5) (< xamarinios) (< xamarinmac) (< xamarintvos) (< xamarinwatchos)) (< portable-net45+win8+wp8+wpa81)
    System.Reflection.Emit (4.3.0) - restriction: || (&& (< monoandroid) (< net45) (< netstandard1.3) (>= netstandard1.6)) (&& (< monoandroid) (< net45) (< netstandard1.4) (>= netstandard1.6)) (&& (< monoandroid) (< net45) (< netstandard1.5) (>= netstandard1.6)) (&& (< monotouch) (< net45) (>= netstandard1.3) (< win8) (< wpa81) (< xamarinios) (< xamarinmac) (< xamarintvos) (< xamarinwatchos)) (&& (< monotouch) (< net45) (>= netstandard1.6) (< xamarinios) (< xamarinmac) (< xamarintvos) (< xamarinwatchos)) (&& (< net45) (>= netstandard1.6) (< portable-net451+win81+wpa81)) (&& (>= netstandard1.6) (< portable-net45+win8+wp8+wpa81)) (&& (>= netstandard1.6) (< portable-net45+win8+wpa81)) (&& (>= netstandard1.6) (>= uap10.0))
      System.IO (>= 4.3) - restriction: && (< monotouch) (< net45) (>= netstandard1.1) (< xamarinios) (< xamarinmac) (< xamarintvos) (< xamarinwatchos)
      System.Reflection (>= 4.3) - restriction: && (< monotouch) (< net45) (>= netstandard1.1) (< xamarinios) (< xamarinmac) (< xamarintvos) (< xamarinwatchos)
      System.Reflection.Emit.ILGeneration (>= 4.3) - restriction: && (< monotouch) (< net45) (>= netstandard1.1) (< xamarinios) (< xamarinmac) (< xamarintvos) (< xamarinwatchos)
      System.Reflection.Primitives (>= 4.3) - restriction: && (< monotouch) (< net45) (>= netstandard1.1) (< xamarinios) (< xamarinmac) (< xamarintvos) (< xamarinwatchos)
      System.Runtime (>= 4.3) - restriction: && (< monotouch) (< net45) (>= netstandard1.1) (< xamarinios) (< xamarinmac) (< xamarintvos) (< xamarinwatchos)
    System.Reflection.Emit.ILGeneration (4.3.0) - restriction: || (&& (< monoandroid) (< net45) (< netstandard1.3) (>= netstandard1.6)) (&& (< monoandroid) (< net45) (< netstandard1.4) (>= netstandard1.6)) (&& (< monoandroid) (< net45) (< netstandard1.5) (>= netstandard1.6)) (&& (< monotouch) (< net45) (>= netstandard1.3) (< win8) (< wpa81) (< xamarinios) (< xamarinmac) (< xamarintvos) (< xamarinwatchos)) (&& (< monotouch) (< net45) (>= netstandard1.6) (< xamarinios) (< xamarinmac) (< xamarintvos) (< xamarinwatchos)) (&& (< net45) (>= netstandard1.6) (< portable-net451+win81+wpa81)) (&& (>= netstandard1.1) (< portable-net45+win8+wp8+wpa81)) (&& (>= netstandard1.2) (< portable-net45+win8+wp8+wpa81)) (&& (>= netstandard1.3) (< portable-net45+win8+wp8+wpa81)) (&& (>= netstandard1.4) (< portable-net45+win8+wp8+wpa81)) (&& (>= netstandard1.5) (< portable-net45+win8+wp8+wpa81)) (&& (>= netstandard1.6) (< portable-net45+win8+wp8+wpa81)) (&& (>= netstandard1.6) (< portable-net45+win8+wpa81)) (&& (>= netstandard1.6) (>= uap10.0)) (&& (< portable-net45+win8+wp8+wpa81) (>= uap10.0))
      System.Reflection (>= 4.3) - restriction: && (< monotouch) (< net45) (>= netstandard1.0) (< wp8) (< xamarinios) (< xamarinmac) (< xamarintvos) (< xamarinwatchos)
      System.Reflection.Primitives (>= 4.3) - restriction: && (< monotouch) (< net45) (>= netstandard1.0) (< wp8) (< xamarinios) (< xamarinmac) (< xamarintvos) (< xamarinwatchos)
      System.Runtime (>= 4.3) - restriction: && (< monotouch) (< net45) (>= netstandard1.0) (< wp8) (< xamarinios) (< xamarinmac) (< xamarintvos) (< xamarinwatchos)
    System.Reflection.Emit.Lightweight (4.3.0) - restriction: || (&& (< monoandroid) (< net45) (< netstandard1.3) (>= netstandard1.6)) (&& (< monoandroid) (< net45) (< netstandard1.4) (>= netstandard1.6)) (&& (< monoandroid) (< net45) (< netstandard1.5) (>= netstandard1.6)) (&& (< monotouch) (< net45) (>= netstandard1.6) (< xamarinios) (< xamarinmac) (< xamarintvos) (< xamarinwatchos)) (&& (< net45) (>= netstandard1.6) (< portable-net451+win81+wpa81)) (&& (>= netstandard1.1) (< portable-net45+win8+wp8+wpa81)) (&& (>= netstandard1.2) (< portable-net45+win8+wp8+wpa81)) (&& (>= netstandard1.3) (< portable-net45+win8+wp8+wpa81)) (&& (>= netstandard1.4) (< portable-net45+win8+wp8+wpa81)) (&& (>= netstandard1.5) (< portable-net45+win8+wp8+wpa81)) (&& (>= netstandard1.6) (< portable-net45+win8+wp8+wpa81)) (&& (>= netstandard1.6) (< portable-net45+win8+wpa81)) (&& (>= netstandard1.6) (>= uap10.0)) (&& (< portable-net45+win8+wp8+wpa81) (>= uap10.0))
      System.Reflection (>= 4.3) - restriction: && (< monotouch) (< net45) (>= netstandard1.0) (< wp8) (< xamarinios) (< xamarinmac) (< xamarintvos) (< xamarinwatchos)
      System.Reflection.Emit.ILGeneration (>= 4.3) - restriction: && (< monotouch) (< net45) (>= netstandard1.0) (< wp8) (< xamarinios) (< xamarinmac) (< xamarintvos) (< xamarinwatchos)
      System.Reflection.Primitives (>= 4.3) - restriction: && (< monotouch) (< net45) (>= netstandard1.0) (< wp8) (< xamarinios) (< xamarinmac) (< xamarintvos) (< xamarinwatchos)
      System.Runtime (>= 4.3) - restriction: && (< monotouch) (< net45) (>= netstandard1.0) (< wp8) (< xamarinios) (< xamarinmac) (< xamarintvos) (< xamarinwatchos)
    System.Reflection.Extensions (4.3.0) - restriction: || (&& (>= monoandroid) (>= netstandard1.0) (< portable-net45+win8+wpa81)) (&& (>= monoandroid) (>= netstandard1.1) (< portable-net451+win81+wpa81)) (&& (>= monoandroid) (< netstandard1.3) (>= netstandard1.6)) (&& (< monoandroid) (< net20) (>= netstandard1.0) (< netstandard1.3) (< win8) (< wp8) (< wpa81)) (&& (< monoandroid) (< net20) (>= netstandard1.2) (< netstandard1.3) (< wpa81)) (&& (< monoandroid) (< net20) (>= netstandard1.3) (< netstandard1.4) (< wpa81)) (&& (< monoandroid) (< net20) (>= netstandard1.3) (< netstandard1.5) (< win8) (< wpa81)) (&& (< monoandroid) (< net20) (< netstandard1.3) (>= netstandard1.4) (< wpa81)) (&& (< monoandroid) (< net20) (>= netstandard1.4) (< netstandard1.5) (< wpa81)) (&& (< monoandroid) (< net20) (< netstandard1.4) (>= netstandard1.6)) (&& (< monoandroid) (< net20) (>= netstandard1.5) (< netstandard1.6)) (&& (< monoandroid) (< net20) (< netstandard1.5) (>= netstandard1.6)) (&& (< monoandroid) (< net35) (>= netstandard1.4) (< netstandard1.5) (< wpa81)) (&& (< monoandroid) (< net35) (>= netstandard1.5) (< netstandard1.6)) (&& (< monoandroid) (< net45) (>= netstandard1.2) (< netstandard1.3) (< wpa81)) (&& (< monoandroid) (< net45) (>= netstandard1.3) (< netstandard1.4) (< wpa81)) (&& (< monoandroid) (< net45) (< netstandard1.3) (>= netstandard1.6)) (&& (< monoandroid) (< net45) (>= netstandard1.4) (< netstandard1.5) (< wpa81)) (&& (< monoandroid) (< net45) (< netstandard1.4) (>= netstandard1.6)) (&& (< monoandroid) (< net45) (>= netstandard1.5) (< netstandard1.6)) (&& (< monoandroid) (< net45) (< netstandard1.5) (>= netstandard1.6)) (&& (< monoandroid) (< netstandard1.0) (>= netstandard1.1) (>= portable-net451+win81+wpa81) (< win8)) (&& (< monoandroid) (< netstandard1.1) (>= netstandard1.2) (< win8)) (&& (< monoandroid) (< netstandard1.1) (>= netstandard1.3) (< win8)) (&& (< monoandroid) (< netstandard1.1) (>= netstandard1.4) (< win8)) (&& (< monoandroid) (< netstandard1.1) (>= netstandard1.5)) (&& (< monoandroid) (< netstandard1.1) (>= netstandard1.6)) (&& (< monotouch) (< net20) (>= netstandard1.5) (< xamarinios) (< xamarinmac) (< xamarintvos) (< xamarinwatchos)) (&& (< monotouch) (< net20) (>= netstandard1.6) (< netstandard2.0) (< xamarinios) (< xamarinmac) (< xamarintvos) (< xamarinwatchos)) (&& (< monotouch) (< net35) (>= netstandard1.6) (< netstandard2.0) (< xamarinios) (< xamarinmac) (< xamarintvos) (< xamarinwatchos)) (&& (< monotouch) (< net45) (>= netstandard1.6) (< xamarinios) (< xamarinmac) (< xamarintvos) (< xamarinwatchos)) (&& (< net20) (>= netstandard1.0) (< portable-net45+win8+wpa81)) (&& (< net20) (>= netstandard1.1) (< portable-net451+win81+wpa81)) (&& (< net20) (>= netstandard1.3) (< portable-net451+win81+wpa81)) (&& (< net20) (< netstandard1.3) (>= netstandard1.5)) (&& (< net20) (< netstandard1.3) (>= netstandard1.6)) (&& (< net20) (>= netstandard1.6) (< portable-net451+win81+wpa81)) (&& (< net35) (>= netstandard1.3)) (&& (< net45) (>= net451) (< netstandard1.3)) (&& (< net45) (>= net46) (< netstandard1.4)) (&& (< net45) (>= netstandard1.1) (< portable-net451+win81+wpa81)) (&& (< net45) (>= netstandard1.3) (< portable-net451+win81+wpa81)) (&& (< net45) (>= netstandard1.6) (< portable-net451+win81+wpa81)) (&& (>= net451) (< netstandard1.1)) (&& (>= net46) (< netstandard1.1)) (&& (< netstandard1.0) (>= netstandard1.1) (< portable-net451+win81+wpa81) (< win8)) (&& (>= netstandard1.1) (< portable-net45+win8+wp8+wpa81)) (&& (>= netstandard1.1) (< portable-net45+win8+wpa81)) (&& (< netstandard1.1) (>= uap10.0) (< win8)) (&& (< netstandard1.1) (< win8) (>= wpa81)) (&& (>= netstandard1.2) (< portable-net45+win8+wp8+wpa81)) (&& (>= netstandard1.3) (< portable-net45+win8+wp8+wpa81)) (&& (>= netstandard1.3) (< portable-net45+win8+wpa81)) (&& (< netstandard1.3) (>= uap10.0)) (&& (< netstandard1.3) (>= xamarinios)) (&& (>= netstandard1.4) (< portable-net45+win8+wp8+wpa81)) (&& (< netstandard1.4) (>= xamarinios)) (&& (>= netstandard1.5) (< portable-net45+win8+wp8+wpa81)) (&& (>= netstandard1.5) (>= uap10.0)) (&& (< netstandard1.5) (>= xamarinios)) (&& (>= netstandard1.6) (< portable-net45+win8+wp8+wpa81)) (&& (>= netstandard1.6) (< portable-net45+win8+wpa81)) (&& (>= netstandard1.6) (>= uap10.0)) (&& (< netstandard1.6) (>= xamarinios)) (&& (< portable-net45+win8+wp8+wpa81) (>= uap10.0)) (&& (< portable-net45+win8+wpa81) (>= uap10.0)) (&& (< portable-net45+win8+wpa81) (>= xamarinios)) (&& (< portable-net451+win81+wpa81) (>= uap10.0)) (&& (< portable-net451+win81+wpa81) (>= xamarinios)) (&& (>= uap10.0) (< uap10.1)) (&& (>= uap10.0) (< wpa81)) (&& (>= uap10.0) (>= xamarinios))
      Microsoft.NETCore.Platforms (>= 1.1) - restriction: || (&& (< monotouch) (< net45) (>= netstandard1.0) (< win8) (< wp8) (< wpa81) (< xamarinios) (< xamarinmac) (< xamarintvos) (< xamarinwatchos)) (< portable-net45+win8+wp8+wpa81)
      Microsoft.NETCore.Targets (>= 1.1) - restriction: || (&& (< monotouch) (< net45) (>= netstandard1.0) (< win8) (< wp8) (< wpa81) (< xamarinios) (< xamarinmac) (< xamarintvos) (< xamarinwatchos)) (< portable-net45+win8+wp8+wpa81)
      System.Reflection (>= 4.3) - restriction: || (&& (< monotouch) (< net45) (>= netstandard1.0) (< win8) (< wp8) (< wpa81) (< xamarinios) (< xamarinmac) (< xamarintvos) (< xamarinwatchos)) (< portable-net45+win8+wp8+wpa81)
      System.Runtime (>= 4.3) - restriction: || (&& (< monotouch) (< net45) (>= netstandard1.0) (< win8) (< wp8) (< wpa81) (< xamarinios) (< xamarinmac) (< xamarintvos) (< xamarinwatchos)) (< portable-net45+win8+wp8+wpa81)
    System.Reflection.Primitives (4.3.0) - restriction: || (&& (>= monoandroid) (>= netstandard1.0) (< portable-net45+win8+wp8+wpa81)) (&& (>= monoandroid) (>= netstandard1.0) (< portable-net45+win8+wpa81)) (&& (>= monoandroid) (>= netstandard1.1) (< portable-net451+win81+wpa81)) (&& (>= monoandroid) (>= netstandard1.3) (< portable-net451+win81+wpa81)) (&& (>= monoandroid) (< netstandard1.3) (>= netstandard1.6)) (&& (>= monoandroid) (>= netstandard1.5) (< portable-net451+win81+wpa81)) (&& (< monoandroid) (< net20) (>= netstandard1.0) (< netstandard1.3) (< win8) (< wp8) (< wpa81)) (&& (< monoandroid) (< net20) (>= netstandard1.2) (< netstandard1.3) (< wpa81)) (&& (< monoandroid) (< net20) (>= netstandard1.3) (< netstandard1.4) (< wpa81)) (&& (< monoandroid) (< net20) (>= netstandard1.3) (< netstandard1.5) (< win8) (< wpa81)) (&& (< monoandroid) (< net20) (< netstandard1.3) (>= netstandard1.4) (< wpa81)) (&& (< monoandroid) (< net20) (>= netstandard1.4) (< netstandard1.5) (< wpa81)) (&& (< monoandroid) (< net20) (< netstandard1.4) (>= netstandard1.5)) (&& (< monoandroid) (< net20) (< netstandard1.4) (>= netstandard1.6)) (&& (< monoandroid) (< net20) (>= netstandard1.5) (< netstandard1.6)) (&& (< monoandroid) (< net20) (< netstandard1.5) (>= netstandard1.6)) (&& (< monoandroid) (< net35) (>= netstandard1.3) (< netstandard1.4) (< wpa81)) (&& (< monoandroid) (< net35) (>= netstandard1.3) (< netstandard1.5) (< win8) (< wpa81)) (&& (< monoandroid) (< net35) (< netstandard1.3) (>= netstandard1.4) (< win8) (< wpa81)) (&& (< monoandroid) (< net35) (< netstandard1.3) (>= netstandard1.5)) (&& (< monoandroid) (< net35) (< netstandard1.3) (>= netstandard1.6)) (&& (< monoandroid) (< net35) (>= netstandard1.4) (< netstandard1.5) (< wpa81)) (&& (< monoandroid) (< net35) (>= netstandard1.5) (< netstandard1.6)) (&& (< monoandroid) (< net35) (< netstandard1.5) (>= netstandard1.6)) (&& (< monoandroid) (< net45) (>= netstandard1.2) (< netstandard1.3) (< wpa81)) (&& (< monoandroid) (< net45) (< netstandard1.2) (>= netstandard1.3) (< win8)) (&& (< monoandroid) (< net45) (< netstandard1.2) (>= netstandard1.4) (< win8)) (&& (< monoandroid) (< net45) (< netstandard1.2) (>= netstandard1.5)) (&& (< monoandroid) (< net45) (< netstandard1.2) (>= netstandard1.6)) (&& (< monoandroid) (< net45) (>= netstandard1.3) (< netstandard1.4) (< wpa81)) (&& (< monoandroid) (< net45) (>= netstandard1.3) (< netstandard1.5) (< win8) (< wpa81)) (&& (< monoandroid) (< net45) (< netstandard1.3) (>= netstandard1.4) (< win8) (< wpa81)) (&& (< monoandroid) (< net45) (< netstandard1.3) (>= netstandard1.5)) (&& (< monoandroid) (< net45) (< netstandard1.3) (>= netstandard1.6)) (&& (< monoandroid) (< net45) (>= netstandard1.4) (< netstandard1.5) (< wpa81)) (&& (< monoandroid) (< net45) (< netstandard1.4) (>= netstandard1.5)) (&& (< monoandroid) (< net45) (< netstandard1.4) (>= netstandard1.6)) (&& (< monoandroid) (< net45) (>= netstandard1.5) (< netstandard1.6)) (&& (< monoandroid) (< net45) (< netstandard1.5) (>= netstandard1.6)) (&& (< monotouch) (< net20) (>= netstandard1.5) (< xamarinios) (< xamarinmac) (< xamarintvos) (< xamarinwatchos)) (&& (< monotouch) (< net20) (>= netstandard1.6) (< xamarinios) (< xamarinmac) (< xamarintvos) (< xamarinwatchos)) (&& (< monotouch) (< net35) (>= netstandard1.5) (< xamarinios) (< xamarinmac) (< xamarintvos) (< xamarinwatchos)) (&& (< monotouch) (< net35) (>= netstandard1.6) (< netstandard2.0) (< xamarinios) (< xamarinmac) (< xamarintvos) (< xamarinwatchos)) (&& (< monotouch) (< net45) (>= netstandard1.3) (< win8) (< wpa81) (< xamarinios) (< xamarinmac) (< xamarintvos) (< xamarinwatchos)) (&& (< monotouch) (< net45) (>= netstandard1.5) (< xamarinios) (< xamarinmac) (< xamarintvos) (< xamarinwatchos)) (&& (< monotouch) (< net45) (>= netstandard1.6) (< xamarinios) (< xamarinmac) (< xamarintvos) (< xamarinwatchos)) (&& (< net20) (>= netstandard1.0) (< portable-net45+win8+wp8+wpa81)) (&& (< net20) (>= netstandard1.0) (< portable-net45+win8+wpa81)) (&& (< net20) (>= netstandard1.1) (< portable-net451+win81+wpa81)) (&& (< net20) (>= netstandard1.3) (< portable-net451+win81+wpa81)) (&& (< net20) (< netstandard1.3) (>= netstandard1.5)) (&& (< net20) (< netstandard1.3) (>= netstandard1.6)) (&& (< net20) (>= netstandard1.5) (< portable-net451+win81+wpa81)) (&& (< net20) (>= netstandard1.6) (< portable-net451+win81+wpa81)) (&& (< net35) (>= netstandard1.3) (< portable-net451+win81+wpa81)) (&& (< net45) (>= netstandard1.1) (< portable-net451+win81+wpa81)) (&& (< net45) (>= netstandard1.2) (< portable-net451+win81+wpa81) (< win8)) (&& (< net45) (>= netstandard1.3) (< portable-net451+win81+wpa81)) (&& (< net45) (>= netstandard1.5) (< portable-net451+win81+wpa81)) (&& (< net45) (>= netstandard1.6) (< portable-net451+win81+wpa81)) (>= netcoreapp1.1) (&& (>= netstandard1.1) (< portable-net45+win8+wp8+wpa81)) (&& (>= netstandard1.1) (< portable-net45+win8+wpa81)) (&& (>= netstandard1.2) (< portable-net45+win8+wp8+wpa81)) (&& (>= netstandard1.2) (< portable-net45+win8+wpa81)) (&& (< netstandard1.2) (>= uap10.0) (< win8)) (&& (>= netstandard1.3) (< portable-net45+win8+wp8+wpa81)) (&& (>= netstandard1.3) (< portable-net45+win8+wpa81)) (&& (< netstandard1.3) (>= uap10.0)) (&& (< netstandard1.3) (>= xamarinios)) (&& (>= netstandard1.4) (< portable-net45+win8+wp8+wpa81)) (&& (>= netstandard1.4) (< portable-net45+win8+wpa81)) (&& (< netstandard1.4) (>= xamarinios)) (&& (>= netstandard1.5) (< portable-net45+win8+wp8+wpa81)) (&& (>= netstandard1.5) (< portable-net45+win8+wpa81)) (&& (>= netstandard1.5) (>= uap10.0)) (&& (< netstandard1.5) (>= xamarinios)) (&& (>= netstandard1.6) (< portable-net45+win8+wp8+wpa81)) (&& (>= netstandard1.6) (< portable-net45+win8+wpa81)) (&& (>= netstandard1.6) (>= uap10.0)) (&& (< netstandard1.6) (>= xamarinios)) (&& (< portable-net45+win8+wp8+wpa81) (>= uap10.0)) (&& (< portable-net45+win8+wp8+wpa81) (>= xamarinios)) (&& (< portable-net45+win8+wpa81) (>= uap10.0)) (&& (< portable-net45+win8+wpa81) (>= xamarinios)) (&& (< portable-net451+win81+wpa81) (>= uap10.0)) (&& (< portable-net451+win81+wpa81) (>= xamarinios)) (&& (>= uap10.0) (< uap10.1)) (&& (>= uap10.0) (< wpa81)) (&& (>= uap10.0) (>= xamarinios))
      Microsoft.NETCore.Platforms (>= 1.1) - restriction: || (&& (< monotouch) (< net45) (>= netstandard1.0) (< win8) (< wp8) (< wpa81) (< xamarinios) (< xamarinmac) (< xamarintvos) (< xamarinwatchos)) (< portable-net45+win8+wp8+wpa81)
      Microsoft.NETCore.Targets (>= 1.1) - restriction: || (&& (< monotouch) (< net45) (>= netstandard1.0) (< win8) (< wp8) (< wpa81) (< xamarinios) (< xamarinmac) (< xamarintvos) (< xamarinwatchos)) (< portable-net45+win8+wp8+wpa81)
      System.Runtime (>= 4.3) - restriction: || (&& (< monotouch) (< net45) (>= netstandard1.0) (< win8) (< wp8) (< wpa81) (< xamarinios) (< xamarinmac) (< xamarintvos) (< xamarinwatchos)) (< portable-net45+win8+wp8+wpa81)
    System.Reflection.TypeExtensions (4.4.0) - restriction: || (&& (< monoandroid) (< net45) (< netstandard1.3) (>= netstandard1.6)) (&& (< monoandroid) (< net45) (< netstandard1.4) (>= netstandard1.6)) (&& (< monoandroid) (< net45) (< netstandard1.5) (>= netstandard1.6)) (&& (< monotouch) (< net20) (>= netstandard1.3) (< netstandard2.0) (< win8) (< wpa81) (< xamarinios) (< xamarinmac) (< xamarintvos) (< xamarinwatchos)) (&& (< monotouch) (< net20) (>= netstandard1.5) (< xamarinios) (< xamarinmac) (< xamarintvos) (< xamarinwatchos)) (&& (< monotouch) (< net45) (>= netstandard1.3) (< win8) (< wpa81) (< xamarinios) (< xamarinmac) (< xamarintvos) (< xamarinwatchos)) (&& (< monotouch) (< net45) (>= netstandard1.6) (< xamarinios) (< xamarinmac) (< xamarintvos) (< xamarinwatchos)) (&& (< net20) (>= netstandard1.0) (< portable-net45+win8+wp8+wpa81)) (&& (< net20) (< netstandard1.3) (>= netstandard1.5)) (&& (< net35) (>= netstandard1.3)) (&& (< net45) (>= netstandard1.6) (< portable-net451+win81+wpa81)) (&& (>= netstandard1.1) (< portable-net45+win8+wp8+wpa81)) (&& (>= netstandard1.2) (< portable-net45+win8+wp8+wpa81)) (&& (>= netstandard1.3) (< portable-net45+win8+wp8+wpa81)) (&& (>= netstandard1.4) (< portable-net45+win8+wp8+wpa81)) (&& (>= netstandard1.5) (< portable-net45+win8+wp8+wpa81)) (&& (>= netstandard1.6) (< portable-net45+win8+wp8+wpa81)) (&& (>= netstandard1.6) (< portable-net45+win8+wpa81)) (&& (>= netstandard1.6) (>= uap10.0)) (&& (< portable-net45+win8+wp8+wpa81) (>= uap10.0))
      System.Reflection (>= 4.3) - restriction: || (&& (< monoandroid) (< net46) (>= netstandard1.3) (< netstandard1.5)) (&& (< monoandroid) (< netstandard1.3)) (&& (< monotouch) (< net46) (>= netstandard1.5) (< netstandard2.0) (< xamarinios) (< xamarinmac) (< xamarintvos) (< xamarinwatchos))
      System.Resources.ResourceManager (>= 4.3) - restriction: || (&& (< monoandroid) (< net46) (>= netstandard1.3) (< netstandard1.5)) (&& (< monoandroid) (< netstandard1.3)) (&& (< monotouch) (< net46) (>= netstandard1.5) (< netstandard2.0) (< xamarinios) (< xamarinmac) (< xamarintvos) (< xamarinwatchos))
      System.Runtime (>= 4.3) - restriction: || (&& (< monoandroid) (< net46) (>= netstandard1.3) (< netstandard1.5)) (&& (< monoandroid) (< netstandard1.3)) (&& (< monotouch) (< net46) (>= netstandard1.5) (< netstandard2.0) (< xamarinios) (< xamarinmac) (< xamarintvos) (< xamarinwatchos))
    System.Resources.ResourceManager (4.3.0) - restriction: || (&& (>= monoandroid) (>= net46) (< netstandard1.3)) (&& (>= monoandroid) (>= netstandard1.0) (< portable-net45+win8+wpa81)) (&& (>= monoandroid) (>= netstandard1.1) (< portable-net451+win81+wpa81)) (&& (>= monoandroid) (< netstandard1.3) (>= netstandard1.6)) (&& (>= monoandroid) (>= netstandard1.6) (< portable-net451+win81+wpa81)) (&& (< monoandroid) (< net20) (>= netstandard1.0) (< netstandard1.3) (< win8) (< wp8) (< wpa81)) (&& (< monoandroid) (< net20) (>= netstandard1.2) (< netstandard1.3) (< wpa81)) (&& (< monoandroid) (< net20) (>= netstandard1.3) (< netstandard1.4) (< wpa81)) (&& (< monoandroid) (< net20) (>= netstandard1.3) (< netstandard1.5) (< win8) (< wpa81)) (&& (< monoandroid) (< net20) (< netstandard1.3) (>= netstandard1.4) (< wpa81)) (&& (< monoandroid) (< net20) (>= netstandard1.4) (< netstandard1.5) (< wpa81)) (&& (< monoandroid) (< net20) (< netstandard1.4) (>= netstandard1.6)) (&& (< monoandroid) (< net20) (>= netstandard1.5) (< netstandard1.6)) (&& (< monoandroid) (< net20) (< netstandard1.5) (>= netstandard1.6)) (&& (< monoandroid) (< net35) (>= netstandard1.3) (< netstandard1.4) (< wpa81)) (&& (< monoandroid) (< net35) (>= netstandard1.3) (< netstandard1.5)) (&& (< monoandroid) (< net35) (>= netstandard1.4) (< netstandard1.5) (< wpa81)) (&& (< monoandroid) (< net35) (< netstandard1.4) (>= netstandard1.6)) (&& (< monoandroid) (< net35) (>= netstandard1.5) (< netstandard1.6)) (&& (< monoandroid) (< net35) (< netstandard1.5) (>= netstandard1.6)) (&& (< monoandroid) (< net45) (>= netstandard1.2) (< netstandard1.3) (< wpa81)) (&& (< monoandroid) (< net45) (>= netstandard1.3) (< netstandard1.4) (< wpa81)) (&& (< monoandroid) (< net45) (>= netstandard1.3) (< netstandard1.5) (< win8) (< wpa81)) (&& (< monoandroid) (< net45) (< netstandard1.3) (>= netstandard1.4) (< wpa81)) (&& (< monoandroid) (< net45) (< netstandard1.3) (>= netstandard1.5)) (&& (< monoandroid) (< net45) (< netstandard1.3) (>= netstandard1.6)) (&& (< monoandroid) (< net45) (>= netstandard1.4) (< netstandard1.5) (< wpa81)) (&& (< monoandroid) (< net45) (< netstandard1.4) (>= netstandard1.6)) (&& (< monoandroid) (< net45) (>= netstandard1.5) (< netstandard1.6)) (&& (< monoandroid) (< net45) (< netstandard1.5) (>= netstandard1.6)) (&& (< monoandroid) (< netstandard1.0) (>= netstandard1.1) (>= portable-net451+win81+wpa81) (< win8)) (&& (< monoandroid) (< netstandard1.1) (>= netstandard1.2) (< win8)) (&& (< monoandroid) (< netstandard1.1) (>= netstandard1.3) (< win8)) (&& (< monoandroid) (< netstandard1.1) (>= netstandard1.4) (< win8)) (&& (< monoandroid) (< netstandard1.1) (>= netstandard1.5)) (&& (< monoandroid) (< netstandard1.1) (>= netstandard1.6)) (&& (< monotouch) (< net20) (>= netstandard1.3) (< xamarinios) (< xamarinmac) (< xamarintvos) (< xamarinwatchos)) (&& (< monotouch) (< net20) (>= netstandard1.4) (< xamarinios) (< xamarinmac) (< xamarintvos) (< xamarinwatchos)) (&& (< monotouch) (< net20) (>= netstandard1.5) (< xamarinios) (< xamarinmac) (< xamarintvos) (< xamarinwatchos)) (&& (< monotouch) (< net20) (>= netstandard1.6) (< netstandard2.0) (< xamarinios) (< xamarinmac) (< xamarintvos) (< xamarinwatchos)) (&& (< monotouch) (< net35) (>= netstandard1.5) (< netstandard2.0) (< xamarinios) (< xamarinmac) (< xamarintvos) (< xamarinwatchos)) (&& (< monotouch) (< net35) (>= netstandard1.6) (< netstandard2.0) (< xamarinios) (< xamarinmac) (< xamarintvos) (< xamarinwatchos)) (&& (< monotouch) (< net45) (>= netstandard1.3) (< win8) (< wpa81) (< xamarinios) (< xamarinmac) (< xamarintvos) (< xamarinwatchos)) (&& (< monotouch) (< net45) (>= netstandard1.4) (< xamarinios) (< xamarinmac) (< xamarintvos) (< xamarinwatchos)) (&& (< monotouch) (< net45) (>= netstandard1.5) (< netstandard2.0) (< xamarinios) (< xamarinmac) (< xamarintvos) (< xamarinwatchos)) (&& (< monotouch) (< net45) (>= netstandard1.6) (< xamarinios) (< xamarinmac) (< xamarintvos) (< xamarinwatchos)) (&& (< monotouch) (< net46) (>= netstandard1.3) (< xamarinios) (< xamarinmac) (< xamarintvos) (< xamarinwatchos)) (&& (< net20) (>= net45) (>= netstandard1.3) (< netstandard1.5)) (&& (< net20) (>= net45) (< netstandard1.3)) (&& (< net20) (>= net46) (< netstandard1.3)) (&& (< net20) (>= net462)) (&& (< net20) (>= netstandard1.0) (< portable-net45+win8+wpa81)) (&& (< net20) (>= netstandard1.1) (< portable-net451+win81+wpa81)) (&& (< net20) (>= netstandard1.3) (< portable-net451+win81+wpa81)) (&& (< net20) (< netstandard1.3) (>= netstandard1.5)) (&& (< net20) (< netstandard1.3) (>= netstandard1.6)) (&& (< net20) (>= netstandard1.6) (< portable-net451+win81+wpa81)) (&& (< net35) (>= netstandard1.3) (< portable-net451+win81+wpa81)) (&& (< net35) (>= netstandard1.6) (< portable-net451+win81+wpa81)) (&& (< net45) (>= net451) (< netstandard1.3)) (&& (< net45) (>= net46) (< netstandard1.3)) (&& (< net45) (>= net46) (< netstandard1.4)) (&& (< net45) (>= net463)) (&& (< net45) (>= netstandard1.1) (< portable-net451+win81+wpa81)) (&& (< net45) (>= netstandard1.3) (< portable-net451+win81+wpa81)) (&& (< net45) (>= netstandard1.6) (< portable-net451+win81+wpa81)) (&& (>= net451) (< netstandard1.1)) (&& (>= net46) (< netstandard1.1)) (&& (>= net46) (< portable-net45+win8+wp8+wpa81)) (&& (>= net46) (< portable-net45+win8+wpa81)) (&& (>= net463) (>= uap10.0)) (&& (>= netstandard1.0) (< portable-net45+win8+wp8+wpa81)) (&& (< netstandard1.0) (>= netstandard1.1) (< portable-net451+win81+wpa81) (< win8)) (&& (>= netstandard1.1) (< portable-net45+win8+wp8+wpa81)) (&& (>= netstandard1.1) (< portable-net45+win8+wpa81)) (&& (< netstandard1.1) (>= uap10.0) (< win8)) (&& (< netstandard1.1) (< win8) (>= wpa81)) (&& (>= netstandard1.2) (< portable-net45+win8+wp8+wpa81)) (&& (>= netstandard1.2) (< portable-net45+win8+wpa81)) (&& (>= netstandard1.3) (< portable-net45+win8+wp8+wpa81)) (&& (>= netstandard1.3) (< portable-net45+win8+wpa81)) (&& (< netstandard1.3) (>= uap10.0)) (&& (< netstandard1.3) (>= xamarinios)) (&& (>= netstandard1.4) (< portable-net45+win8+wp8+wpa81)) (&& (>= netstandard1.4) (< portable-net45+win8+wpa81)) (&& (< netstandard1.4) (>= xamarinios)) (&& (>= netstandard1.5) (< portable-net45+win8+wp8+wpa81)) (&& (>= netstandard1.5) (< portable-net45+win8+wpa81)) (&& (>= netstandard1.5) (>= uap10.0)) (&& (< netstandard1.5) (>= xamarinios)) (&& (>= netstandard1.6) (< portable-net45+win8+wp8+wpa81)) (&& (>= netstandard1.6) (< portable-net45+win8+wpa81)) (&& (>= netstandard1.6) (>= uap10.0)) (&& (< netstandard1.6) (>= xamarinios)) (&& (< portable-net45+win8+wp8+wpa81) (>= uap10.0)) (&& (< portable-net45+win8+wp8+wpa81) (>= xamarinios)) (&& (< portable-net45+win8+wpa81) (>= uap10.0)) (&& (< portable-net45+win8+wpa81) (>= xamarinios)) (&& (< portable-net451+win81+wpa81) (>= uap10.0)) (&& (< portable-net451+win81+wpa81) (>= xamarinios)) (&& (>= uap10.0) (< uap10.1)) (&& (>= uap10.0) (< wpa81)) (&& (>= uap10.0) (>= xamarinios))
      Microsoft.NETCore.Platforms (>= 1.1) - restriction: || (&& (< monotouch) (< net45) (>= netstandard1.0) (< win8) (< wp8) (< wpa81) (< xamarinios) (< xamarinmac) (< xamarintvos) (< xamarinwatchos)) (< portable-net45+win8+wp8+wpa81)
      Microsoft.NETCore.Targets (>= 1.1) - restriction: || (&& (< monotouch) (< net45) (>= netstandard1.0) (< win8) (< wp8) (< wpa81) (< xamarinios) (< xamarinmac) (< xamarintvos) (< xamarinwatchos)) (< portable-net45+win8+wp8+wpa81)
      System.Globalization (>= 4.3) - restriction: || (&& (< monotouch) (< net45) (>= netstandard1.0) (< win8) (< wp8) (< wpa81) (< xamarinios) (< xamarinmac) (< xamarintvos) (< xamarinwatchos)) (< portable-net45+win8+wp8+wpa81)
      System.Reflection (>= 4.3) - restriction: || (&& (< monotouch) (< net45) (>= netstandard1.0) (< win8) (< wp8) (< wpa81) (< xamarinios) (< xamarinmac) (< xamarintvos) (< xamarinwatchos)) (< portable-net45+win8+wp8+wpa81)
      System.Runtime (>= 4.3) - restriction: || (&& (< monotouch) (< net45) (>= netstandard1.0) (< win8) (< wp8) (< wpa81) (< xamarinios) (< xamarinmac) (< xamarintvos) (< xamarinwatchos)) (< portable-net45+win8+wp8+wpa81)
    System.Runtime (4.3.0)
      Microsoft.NETCore.Platforms (>= 1.1) - restriction: || (&& (< monoandroid) (< net45) (>= netstandard1.0) (< netstandard1.2) (< win8) (< wp8)) (&& (< monoandroid) (< net45) (>= netstandard1.2) (< netstandard1.3) (< win8) (< wpa81)) (&& (< monoandroid) (< net45) (>= netstandard1.3) (< netstandard1.5) (< win8) (< wpa81)) (&& (< monotouch) (< net45) (>= netstandard1.5) (< xamarinios) (< xamarinmac) (< xamarintvos) (< xamarinwatchos)) (< portable-net45+win8+wp8+wpa81)
      Microsoft.NETCore.Targets (>= 1.1) - restriction: || (&& (< monoandroid) (< net45) (>= netstandard1.0) (< netstandard1.2) (< win8) (< wp8)) (&& (< monoandroid) (< net45) (>= netstandard1.2) (< netstandard1.3) (< win8) (< wpa81)) (&& (< monoandroid) (< net45) (>= netstandard1.3) (< netstandard1.5) (< win8) (< wpa81)) (&& (< monotouch) (< net45) (>= netstandard1.5) (< xamarinios) (< xamarinmac) (< xamarintvos) (< xamarinwatchos)) (< portable-net45+win8+wp8+wpa81)
    System.Runtime.CompilerServices.Unsafe (4.4.0) - restriction: >= netstandard2.0
    System.Runtime.Extensions (4.3.0) - restriction: || (&& (>= monoandroid) (>= net46) (< netstandard1.3)) (&& (>= monoandroid) (>= netstandard1.0) (< portable-net45+win8+wpa81)) (&& (>= monoandroid) (>= netstandard1.1) (< portable-net451+win81+wpa81)) (&& (>= monoandroid) (< netstandard1.3) (>= netstandard1.6)) (&& (>= monoandroid) (>= netstandard1.6) (< portable-net451+win81+wpa81)) (&& (< monoandroid) (< net20) (>= netstandard1.0) (< netstandard1.3) (< win8) (< wp8) (< wpa81)) (&& (< monoandroid) (< net20) (>= netstandard1.2) (< netstandard1.3) (< wpa81)) (&& (< monoandroid) (< net20) (>= netstandard1.3) (< netstandard1.4) (< wpa81)) (&& (< monoandroid) (< net20) (>= netstandard1.3) (< netstandard1.5) (< win8) (< wpa81)) (&& (< monoandroid) (< net20) (< netstandard1.3) (>= netstandard1.4) (< wpa81)) (&& (< monoandroid) (< net20) (>= netstandard1.4) (< netstandard1.5) (< wpa81)) (&& (< monoandroid) (< net20) (< netstandard1.4) (>= netstandard1.6)) (&& (< monoandroid) (< net20) (>= netstandard1.5) (< netstandard1.6)) (&& (< monoandroid) (< net20) (< netstandard1.5) (>= netstandard1.6)) (&& (< monoandroid) (< net35) (>= netstandard1.3) (< netstandard1.4) (< wpa81)) (&& (< monoandroid) (< net35) (>= netstandard1.4) (< netstandard1.5) (< wpa81)) (&& (< monoandroid) (< net35) (< netstandard1.4) (>= netstandard1.6)) (&& (< monoandroid) (< net35) (>= netstandard1.5) (< netstandard1.6)) (&& (< monoandroid) (< net35) (< netstandard1.5) (>= netstandard1.6)) (&& (< monoandroid) (< net45) (>= netstandard1.2) (< netstandard1.3) (< wpa81)) (&& (< monoandroid) (< net45) (>= netstandard1.3) (< netstandard1.4) (< wpa81)) (&& (< monoandroid) (< net45) (< netstandard1.3) (>= netstandard1.4) (< wpa81)) (&& (< monoandroid) (< net45) (< netstandard1.3) (>= netstandard1.5)) (&& (< monoandroid) (< net45) (< netstandard1.3) (>= netstandard1.6)) (&& (< monoandroid) (< net45) (>= netstandard1.4) (< netstandard1.5) (< wpa81)) (&& (< monoandroid) (< net45) (< netstandard1.4) (>= netstandard1.6)) (&& (< monoandroid) (< net45) (>= netstandard1.5) (< netstandard1.6)) (&& (< monoandroid) (< net45) (< netstandard1.5) (>= netstandard1.6)) (&& (< monotouch) (< net20) (>= netstandard1.3) (< xamarinios) (< xamarinmac) (< xamarintvos) (< xamarinwatchos)) (&& (< monotouch) (< net20) (>= netstandard1.5) (< xamarinios) (< xamarinmac) (< xamarintvos) (< xamarinwatchos)) (&& (< monotouch) (< net20) (>= netstandard1.6) (< netstandard2.0) (< xamarinios) (< xamarinmac) (< xamarintvos) (< xamarinwatchos)) (&& (< monotouch) (< net35) (>= netstandard1.6) (< netstandard2.0) (< xamarinios) (< xamarinmac) (< xamarintvos) (< xamarinwatchos)) (&& (< monotouch) (< net45) (>= netstandard1.3) (< win8) (< wpa81) (< xamarinios) (< xamarinmac) (< xamarintvos) (< xamarinwatchos)) (&& (< monotouch) (< net45) (>= netstandard1.4) (< xamarinios) (< xamarinmac) (< xamarintvos) (< xamarinwatchos)) (&& (< monotouch) (< net45) (>= netstandard1.6) (< xamarinios) (< xamarinmac) (< xamarintvos) (< xamarinwatchos)) (&& (< monotouch) (< net46) (>= netstandard1.3) (< xamarinios) (< xamarinmac) (< xamarintvos) (< xamarinwatchos)) (&& (< net20) (>= net46) (< netstandard1.3)) (&& (< net20) (>= netstandard1.0) (< portable-net45+win8+wpa81)) (&& (< net20) (>= netstandard1.1) (< portable-net451+win81+wpa81)) (&& (< net20) (>= netstandard1.3) (< portable-net451+win81+wpa81)) (&& (< net20) (< netstandard1.3) (>= netstandard1.5)) (&& (< net20) (< netstandard1.3) (>= netstandard1.6)) (&& (< net20) (>= netstandard1.6) (< portable-net451+win81+wpa81)) (&& (< net35) (>= netstandard1.3) (< portable-net451+win81+wpa81)) (&& (< net35) (>= netstandard1.6) (< portable-net451+win81+wpa81)) (&& (< net45) (>= net46) (< netstandard1.3)) (&& (< net45) (>= net46) (< netstandard1.4)) (&& (< net45) (>= net463)) (&& (< net45) (>= netstandard1.1) (< portable-net451+win81+wpa81)) (&& (< net45) (>= netstandard1.3) (< portable-net451+win81+wpa81)) (&& (< net45) (>= netstandard1.6) (< portable-net451+win81+wpa81)) (&& (>= net46) (< portable-net45+win8+wp8+wpa81)) (&& (>= net46) (< portable-net45+win8+wpa81)) (&& (>= net463) (>= uap10.0)) (&& (>= netstandard1.0) (< portable-net45+win8+wp8+wpa81)) (&& (>= netstandard1.1) (< portable-net45+win8+wp8+wpa81)) (&& (>= netstandard1.1) (< portable-net45+win8+wpa81)) (&& (>= netstandard1.2) (< portable-net45+win8+wp8+wpa81)) (&& (>= netstandard1.2) (< portable-net45+win8+wpa81)) (&& (>= netstandard1.3) (< portable-net45+win8+wp8+wpa81)) (&& (>= netstandard1.3) (< portable-net45+win8+wpa81)) (&& (< netstandard1.3) (>= uap10.0)) (&& (< netstandard1.3) (>= xamarinios)) (&& (>= netstandard1.4) (< portable-net45+win8+wp8+wpa81)) (&& (>= netstandard1.4) (< portable-net45+win8+wpa81)) (&& (< netstandard1.4) (>= xamarinios)) (&& (>= netstandard1.5) (< portable-net45+win8+wp8+wpa81)) (&& (>= netstandard1.5) (< portable-net45+win8+wpa81)) (&& (>= netstandard1.5) (>= uap10.0)) (&& (< netstandard1.5) (>= xamarinios)) (&& (>= netstandard1.6) (< portable-net45+win8+wp8+wpa81)) (&& (>= netstandard1.6) (< portable-net45+win8+wpa81)) (&& (>= netstandard1.6) (>= uap10.0)) (&& (< netstandard1.6) (>= xamarinios)) (&& (< portable-net45+win8+wp8+wpa81) (>= uap10.0)) (&& (< portable-net45+win8+wp8+wpa81) (>= xamarinios)) (&& (< portable-net45+win8+wpa81) (>= uap10.0)) (&& (< portable-net45+win8+wpa81) (>= xamarinios)) (&& (< portable-net451+win81+wpa81) (>= uap10.0)) (&& (< portable-net451+win81+wpa81) (>= xamarinios)) (&& (>= uap10.0) (< uap10.1)) (&& (>= uap10.0) (< wpa81)) (&& (>= uap10.0) (>= xamarinios))
      Microsoft.NETCore.Platforms (>= 1.1) - restriction: || (&& (< monoandroid) (< net45) (>= netstandard1.0) (< netstandard1.3) (< win8) (< wp8) (< wpa81)) (&& (< monoandroid) (< net45) (>= netstandard1.3) (< netstandard1.5) (< win8) (< wpa81)) (&& (< monotouch) (< net45) (>= netstandard1.5) (< xamarinios) (< xamarinmac) (< xamarintvos) (< xamarinwatchos)) (< portable-net45+win8+wp8+wpa81)
      Microsoft.NETCore.Targets (>= 1.1) - restriction: || (&& (< monoandroid) (< net45) (>= netstandard1.0) (< netstandard1.3) (< win8) (< wp8) (< wpa81)) (&& (< monoandroid) (< net45) (>= netstandard1.3) (< netstandard1.5) (< win8) (< wpa81)) (&& (< monotouch) (< net45) (>= netstandard1.5) (< xamarinios) (< xamarinmac) (< xamarintvos) (< xamarinwatchos)) (< portable-net45+win8+wp8+wpa81)
      System.Runtime (>= 4.3) - restriction: || (&& (< monoandroid) (< net45) (>= netstandard1.0) (< netstandard1.3) (< win8) (< wp8) (< wpa81)) (&& (< monoandroid) (< net45) (>= netstandard1.3) (< netstandard1.5) (< win8) (< wpa81)) (&& (< monotouch) (< net45) (>= netstandard1.5) (< xamarinios) (< xamarinmac) (< xamarintvos) (< xamarinwatchos)) (< portable-net45+win8+wp8+wpa81)
    System.Runtime.Handles (4.3.0) - restriction: || (&& (>= monoandroid) (>= net46) (< netstandard1.3)) (&& (>= monoandroid) (< netstandard1.3) (>= netstandard1.6)) (&& (< monoandroid) (< net20) (>= netstandard1.3) (< netstandard1.4) (< wpa81)) (&& (< monoandroid) (< net20) (< netstandard1.3) (>= netstandard1.4) (< wpa81)) (&& (< monoandroid) (< net20) (< netstandard1.3) (>= netstandard1.5)) (&& (< monoandroid) (< net20) (>= netstandard1.4) (< netstandard1.5) (< wpa81)) (&& (< monoandroid) (< net20) (< netstandard1.4) (>= netstandard1.6)) (&& (< monoandroid) (< net20) (>= netstandard1.5) (< netstandard1.6)) (&& (< monoandroid) (< net20) (< netstandard1.5) (>= netstandard1.6)) (&& (< monoandroid) (< net35) (>= netstandard1.3) (< netstandard1.4) (< wpa81)) (&& (< monoandroid) (< net35) (>= netstandard1.4) (< netstandard1.5) (< wpa81)) (&& (< monoandroid) (< net35) (>= netstandard1.5) (< netstandard1.6)) (&& (< monoandroid) (< net45) (>= netstandard1.3) (< netstandard1.4)) (&& (< monoandroid) (< net45) (< netstandard1.3) (>= netstandard1.4) (< wpa81)) (&& (< monoandroid) (< net45) (< netstandard1.3) (>= netstandard1.5)) (&& (< monoandroid) (< net45) (< netstandard1.3) (>= netstandard1.6)) (&& (< monoandroid) (< net45) (>= netstandard1.4) (< netstandard1.5) (< wpa81)) (&& (< monoandroid) (< net45) (< netstandard1.4) (>= netstandard1.5)) (&& (< monoandroid) (< net45) (< netstandard1.4) (>= netstandard1.6)) (&& (< monoandroid) (< net45) (>= netstandard1.5) (< netstandard1.6)) (&& (< monoandroid) (< net45) (< netstandard1.5) (>= netstandard1.6)) (&& (< monotouch) (< net20) (>= netstandard1.6) (< netstandard2.0) (< xamarinios) (< xamarinmac) (< xamarintvos) (< xamarinwatchos)) (&& (< monotouch) (< net35) (>= netstandard1.6) (< netstandard2.0) (< xamarinios) (< xamarinmac) (< xamarintvos) (< xamarinwatchos)) (&& (< monotouch) (< net45) (>= netstandard1.3) (< win8) (< wpa81) (< xamarinios) (< xamarinmac) (< xamarintvos) (< xamarinwatchos)) (&& (< monotouch) (< net45) (>= netstandard1.4) (< xamarinios) (< xamarinmac) (< xamarintvos) (< xamarinwatchos)) (&& (< monotouch) (< net45) (>= netstandard1.6) (< xamarinios) (< xamarinmac) (< xamarintvos) (< xamarinwatchos)) (&& (< net20) (>= net46) (< netstandard1.3)) (&& (< net20) (< netstandard1.3) (>= netstandard1.6)) (&& (< net45) (>= net46) (< netstandard1.3)) (&& (< net45) (>= net46) (< netstandard1.4)) (&& (< net45) (>= net463)) (&& (< net45) (>= netstandard1.3) (< portable-net451+win81+wpa81) (< win8)) (&& (< net45) (>= netstandard1.5) (< portable-net451+win81+wpa81)) (&& (< net45) (>= netstandard1.6) (< portable-net451+win81+wpa81)) (&& (>= net463) (>= uap10.0)) (&& (>= netcoreapp1.1) (< netstandard1.3)) (&& (>= netcoreapp1.1) (< netstandard1.4)) (&& (>= netcoreapp1.1) (< netstandard1.5)) (&& (>= netcoreapp1.1) (< netstandard1.6)) (&& (>= netcoreapp1.1) (< netstandard2.0)) (&& (>= netcoreapp1.1) (< portable-net451+win81+wpa81)) (&& (>= netcoreapp1.1) (>= uap10.0)) (&& (>= netstandard1.1) (< portable-net45+win8+wp8+wpa81)) (&& (>= netstandard1.1) (< portable-net45+win8+wpa81)) (&& (>= netstandard1.2) (< portable-net45+win8+wp8+wpa81)) (&& (>= netstandard1.2) (< portable-net45+win8+wpa81)) (&& (>= netstandard1.3) (< portable-net45+win8+wp8+wpa81)) (&& (>= netstandard1.3) (< portable-net45+win8+wpa81)) (&& (< netstandard1.3) (>= uap10.0)) (&& (>= netstandard1.4) (< portable-net45+win8+wp8+wpa81)) (&& (>= netstandard1.4) (< portable-net45+win8+wpa81)) (&& (< netstandard1.4) (>= xamarinios)) (&& (>= netstandard1.5) (< portable-net45+win8+wp8+wpa81)) (&& (>= netstandard1.5) (< portable-net45+win8+wpa81)) (&& (>= netstandard1.5) (>= uap10.0)) (&& (< netstandard1.5) (>= xamarinios)) (&& (>= netstandard1.6) (< portable-net45+win8+wp8+wpa81)) (&& (>= netstandard1.6) (< portable-net45+win8+wpa81)) (&& (>= netstandard1.6) (>= uap10.0)) (&& (< netstandard1.6) (>= xamarinios)) (&& (< portable-net45+win8+wp8+wpa81) (>= uap10.0)) (&& (< portable-net45+win8+wpa81) (>= uap10.0)) (&& (>= uap10.0) (< uap10.1)) (&& (>= uap10.0) (< wpa81)) (&& (>= uap10.0) (>= xamarinios))
      Microsoft.NETCore.Platforms (>= 1.1) - restriction: && (< monotouch) (< net46) (>= netstandard1.3) (< xamarinios) (< xamarinmac) (< xamarintvos) (< xamarinwatchos)
      Microsoft.NETCore.Targets (>= 1.1) - restriction: && (< monotouch) (< net46) (>= netstandard1.3) (< xamarinios) (< xamarinmac) (< xamarintvos) (< xamarinwatchos)
      System.Runtime (>= 4.3) - restriction: && (< monotouch) (< net46) (>= netstandard1.3) (< xamarinios) (< xamarinmac) (< xamarintvos) (< xamarinwatchos)
    System.Runtime.InteropServices (4.3.0) - restriction: || (&& (>= monoandroid) (>= net46) (< netstandard1.3)) (&& (>= monoandroid) (< netstandard1.3) (>= netstandard1.6)) (&& (< monoandroid) (< net20) (>= netstandard1.3) (< netstandard1.4) (< wpa81)) (&& (< monoandroid) (< net20) (< netstandard1.3) (>= netstandard1.4) (< wpa81)) (&& (< monoandroid) (< net20) (< netstandard1.3) (>= netstandard1.5)) (&& (< monoandroid) (< net20) (>= netstandard1.4) (< netstandard1.5) (< wpa81)) (&& (< monoandroid) (< net20) (< netstandard1.4) (>= netstandard1.6)) (&& (< monoandroid) (< net20) (>= netstandard1.5) (< netstandard1.6)) (&& (< monoandroid) (< net20) (< netstandard1.5) (>= netstandard1.6)) (&& (< monoandroid) (< net35) (>= netstandard1.3) (< netstandard1.4) (< wpa81)) (&& (< monoandroid) (< net35) (>= netstandard1.4) (< netstandard1.5) (< wpa81)) (&& (< monoandroid) (< net35) (>= netstandard1.5) (< netstandard1.6)) (&& (< monoandroid) (< net45) (>= netstandard1.2) (< netstandard1.3) (< wpa81)) (&& (< monoandroid) (< net45) (>= netstandard1.3) (< netstandard1.4) (< wpa81)) (&& (< monoandroid) (< net45) (< netstandard1.3) (>= netstandard1.4) (< wpa81)) (&& (< monoandroid) (< net45) (< netstandard1.3) (>= netstandard1.5)) (&& (< monoandroid) (< net45) (< netstandard1.3) (>= netstandard1.6)) (&& (< monoandroid) (< net45) (>= netstandard1.4) (< netstandard1.5) (< wpa81)) (&& (< monoandroid) (< net45) (< netstandard1.4) (>= netstandard1.6)) (&& (< monoandroid) (< net45) (>= netstandard1.5) (< netstandard1.6)) (&& (< monoandroid) (< net45) (< netstandard1.5) (>= netstandard1.6)) (&& (< monoandroid) (< netstandard1.0) (>= netstandard1.1) (>= portable-net451+win81+wpa81) (< win8)) (&& (< monotouch) (< net20) (>= netstandard1.6) (< netstandard2.0) (< xamarinios) (< xamarinmac) (< xamarintvos) (< xamarinwatchos)) (&& (< monotouch) (< net35) (>= netstandard1.6) (< netstandard2.0) (< xamarinios) (< xamarinmac) (< xamarintvos) (< xamarinwatchos)) (&& (< monotouch) (< net45) (>= netstandard1.3) (< win8) (< wpa81) (< xamarinios) (< xamarinmac) (< xamarintvos) (< xamarinwatchos)) (&& (< monotouch) (< net45) (>= netstandard1.4) (< xamarinios) (< xamarinmac) (< xamarintvos) (< xamarinwatchos)) (&& (< monotouch) (< net45) (>= netstandard1.6) (< xamarinios) (< xamarinmac) (< xamarintvos) (< xamarinwatchos)) (&& (< monotouch) (< net46) (>= netstandard1.3) (< xamarinios) (< xamarinmac) (< xamarintvos) (< xamarinwatchos)) (&& (< net20) (>= net46) (< netstandard1.3)) (&& (< net20) (< netstandard1.3) (>= netstandard1.6)) (&& (< net45) (>= net451) (< netstandard1.3)) (&& (< net45) (>= net46) (< netstandard1.3)) (&& (< net45) (>= net46) (< netstandard1.4)) (&& (< net45) (>= net463)) (&& (< net45) (>= netstandard1.1) (< portable-net451+win81+wpa81)) (&& (< net45) (>= netstandard1.3) (< portable-net451+win81+wpa81) (< win8)) (&& (< net45) (>= netstandard1.6) (< portable-net451+win81+wpa81)) (&& (>= net46) (< portable-net45+win8+wp8+wpa81)) (&& (>= net46) (< portable-net45+win8+wpa81)) (&& (>= net463) (>= uap10.0)) (&& (< netstandard1.0) (>= netstandard1.1) (< portable-net451+win81+wpa81) (< win8)) (&& (>= netstandard1.1) (< portable-net45+win8+wp8+wpa81)) (&& (>= netstandard1.1) (< portable-net45+win8+wpa81)) (&& (>= netstandard1.2) (< portable-net45+win8+wp8+wpa81)) (&& (>= netstandard1.2) (< portable-net45+win8+wpa81)) (&& (>= netstandard1.3) (< portable-net45+win8+wp8+wpa81)) (&& (>= netstandard1.3) (< portable-net45+win8+wpa81)) (&& (< netstandard1.3) (>= uap10.0)) (&& (>= netstandard1.4) (< portable-net45+win8+wp8+wpa81)) (&& (>= netstandard1.4) (< portable-net45+win8+wpa81)) (&& (< netstandard1.4) (>= xamarinios)) (&& (>= netstandard1.5) (< portable-net45+win8+wp8+wpa81)) (&& (>= netstandard1.5) (< portable-net45+win8+wpa81)) (&& (>= netstandard1.5) (>= uap10.0)) (&& (< netstandard1.5) (>= xamarinios)) (&& (>= netstandard1.6) (< portable-net45+win8+wp8+wpa81)) (&& (>= netstandard1.6) (< portable-net45+win8+wpa81)) (&& (>= netstandard1.6) (>= uap10.0)) (&& (< netstandard1.6) (>= xamarinios)) (&& (< portable-net45+win8+wp8+wpa81) (>= uap10.0)) (&& (< portable-net45+win8+wpa81) (>= uap10.0)) (&& (>= uap10.0) (< uap10.1)) (&& (>= uap10.0) (< wpa81)) (&& (>= uap10.0) (>= xamarinios))
      Microsoft.NETCore.Platforms (>= 1.1) - restriction: || (&& (< monoandroid) (< net45) (>= netstandard1.1) (< netstandard1.2) (< win8)) (&& (< monoandroid) (< net45) (>= netstandard1.2) (< netstandard1.3) (< win8) (< wpa81)) (&& (< monoandroid) (< net45) (>= netstandard1.3) (< netstandard1.5) (< win8) (< wpa81)) (&& (< monotouch) (< net45) (>= netstandard1.5) (< xamarinios) (< xamarinmac) (< xamarintvos) (< xamarinwatchos)) (>= netcoreapp1.1) (< portable-net45+win8+wpa81)
      Microsoft.NETCore.Targets (>= 1.1) - restriction: || (&& (< monoandroid) (< net45) (>= netstandard1.1) (< netstandard1.2) (< win8)) (&& (< monoandroid) (< net45) (>= netstandard1.2) (< netstandard1.3) (< win8) (< wpa81)) (&& (< monoandroid) (< net45) (>= netstandard1.3) (< netstandard1.5) (< win8) (< wpa81)) (&& (< monotouch) (< net45) (>= netstandard1.5) (< xamarinios) (< xamarinmac) (< xamarintvos) (< xamarinwatchos)) (>= netcoreapp1.1) (< portable-net45+win8+wpa81)
      System.Reflection (>= 4.3) - restriction: || (&& (< monoandroid) (< net45) (>= netstandard1.1) (< netstandard1.2) (< win8)) (&& (< monoandroid) (< net45) (>= netstandard1.2) (< netstandard1.3) (< win8) (< wpa81)) (&& (< monoandroid) (< net45) (>= netstandard1.3) (< netstandard1.5) (< win8) (< wpa81)) (&& (< monotouch) (< net45) (>= netstandard1.5) (< xamarinios) (< xamarinmac) (< xamarintvos) (< xamarinwatchos)) (>= netcoreapp1.1) (< portable-net45+win8+wpa81)
      System.Reflection.Primitives (>= 4.3) - restriction: || (&& (< monoandroid) (< net45) (>= netstandard1.1) (< netstandard1.2) (< win8)) (&& (< monoandroid) (< net45) (>= netstandard1.2) (< netstandard1.3) (< win8) (< wpa81)) (&& (< monoandroid) (< net45) (>= netstandard1.3) (< netstandard1.5) (< win8) (< wpa81)) (&& (< monotouch) (< net45) (>= netstandard1.5) (< xamarinios) (< xamarinmac) (< xamarintvos) (< xamarinwatchos)) (>= netcoreapp1.1) (< portable-net45+win8+wpa81)
      System.Runtime (>= 4.3) - restriction: || (&& (< monoandroid) (< net45) (>= netstandard1.1) (< netstandard1.2) (< win8)) (&& (< monoandroid) (< net45) (>= netstandard1.2) (< netstandard1.3) (< win8) (< wpa81)) (&& (< monoandroid) (< net45) (>= netstandard1.3) (< netstandard1.5) (< win8) (< wpa81)) (&& (< monotouch) (< net45) (>= netstandard1.5) (< xamarinios) (< xamarinmac) (< xamarintvos) (< xamarinwatchos)) (>= net462) (>= netcoreapp1.1) (< portable-net45+win8+wpa81)
      System.Runtime.Handles (>= 4.3) - restriction: || (&& (< monoandroid) (< net45) (>= netstandard1.3) (< netstandard1.5) (< win8) (< wpa81)) (&& (< monotouch) (< net45) (>= netstandard1.5) (< xamarinios) (< xamarinmac) (< xamarintvos) (< xamarinwatchos)) (>= netcoreapp1.1) (< portable-net45+win8+wpa81)
    System.Runtime.InteropServices.RuntimeInformation (4.3.0) - restriction: || (&& (>= monoandroid) (>= net46) (< netstandard1.3)) (&& (>= monoandroid) (< netstandard1.0) (< portable-net451+win81+wpa81)) (&& (>= monoandroid) (>= netstandard1.1) (< portable-net451+win81+wpa81)) (&& (>= monoandroid) (< netstandard1.3) (>= netstandard1.6)) (&& (< monoandroid) (< net20) (< netstandard1.0) (>= netstandard1.6)) (&& (< monoandroid) (< net20) (>= netstandard1.2) (< netstandard1.3) (< wpa81)) (&& (< monoandroid) (< net20) (>= netstandard1.3) (< netstandard1.4) (< wpa81)) (&& (< monoandroid) (< net20) (< netstandard1.3) (>= netstandard1.4) (< wpa81)) (&& (< monoandroid) (< net20) (< netstandard1.3) (>= netstandard1.5)) (&& (< monoandroid) (< net20) (>= netstandard1.4) (< netstandard1.5) (< wpa81)) (&& (< monoandroid) (< net20) (< netstandard1.4) (>= netstandard1.6)) (&& (< monoandroid) (< net20) (>= netstandard1.5) (< netstandard1.6)) (&& (< monoandroid) (< net20) (< netstandard1.5) (>= netstandard1.6)) (&& (< monoandroid) (< net35) (>= netstandard1.3) (< netstandard1.4) (< wpa81)) (&& (< monoandroid) (< net35) (>= netstandard1.4) (< netstandard1.5) (< wpa81)) (&& (< monoandroid) (< net35) (>= netstandard1.5) (< netstandard1.6)) (&& (< monoandroid) (< net45) (>= netstandard1.2) (< netstandard1.3) (< wpa81)) (&& (< monoandroid) (< net45) (>= netstandard1.3) (< netstandard1.4) (< wpa81)) (&& (< monoandroid) (< net45) (>= netstandard1.4) (< netstandard1.5) (< wpa81)) (&& (< monoandroid) (< net45) (>= netstandard1.5) (< netstandard1.6)) (&& (< monoandroid) (< netstandard1.0) (>= netstandard1.1) (>= portable-net451+win81+wpa81)) (&& (< monoandroid) (< netstandard1.0) (>= netstandard1.3)) (&& (< monotouch) (< net20) (>= netstandard1.6) (< netstandard2.0) (< xamarinios) (< xamarinmac) (< xamarintvos) (< xamarinwatchos)) (&& (< monotouch) (< net35) (>= netstandard1.6) (< netstandard2.0) (< xamarinios) (< xamarinmac) (< xamarintvos) (< xamarinwatchos)) (&& (< monotouch) (< net45) (>= netstandard1.6) (< netstandard2.0) (< xamarinios) (< xamarinmac) (< xamarintvos) (< xamarinwatchos)) (&& (< net20) (>= net46) (< netstandard1.3)) (&& (< net20) (>= netstandard1.1) (< portable-net451+win81+wpa81)) (&& (< net20) (>= netstandard1.3) (< portable-net451+win81+wpa81)) (&& (< net20) (< netstandard1.3) (>= netstandard1.6)) (&& (< net20) (>= netstandard1.6) (< portable-net451+win81+wpa81)) (&& (< net35) (>= netstandard1.3) (< portable-net451+win81+wpa81)) (&& (>= net45) (< portable-net451+win81+wpa81)) (&& (< net45) (>= netstandard1.1) (< portable-net451+win81+wpa81)) (&& (< net45) (>= netstandard1.3) (< portable-net451+win81+wpa81)) (&& (>= net451) (< netstandard1.3)) (&& (>= net46) (< netstandard1.4)) (&& (< netstandard1.0) (>= netstandard1.1) (< portable-net451+win81+wpa81)) (&& (< netstandard1.0) (>= netstandard1.3) (< portable-net451+win81+wpa81)) (&& (< netstandard1.0) (>= uap10.0)) (&& (< netstandard1.0) (>= xamarinios)) (&& (< netstandard1.3) (>= uap10.0)) (&& (< netstandard1.3) (>= wpa81)) (&& (< netstandard1.3) (>= xamarinios)) (&& (< netstandard1.4) (>= xamarinios)) (&& (>= netstandard1.5) (>= uap10.0)) (&& (< netstandard1.5) (>= xamarinios)) (&& (>= netstandard1.6) (>= uap10.0)) (&& (< netstandard1.6) (>= xamarinios)) (&& (< portable-net451+win81+wpa81) (>= uap10.0)) (&& (< portable-net451+win81+wpa81) (>= xamarinios)) (&& (>= uap10.0) (< uap10.1)) (&& (>= uap10.0) (< wpa81)) (&& (>= uap10.0) (>= xamarinios))
      runtime.native.System (>= 4.3) - restriction: && (< monotouch) (< net45) (>= netstandard1.1) (< win8) (< wpa81) (< xamarinios) (< xamarinmac) (< xamarintvos) (< xamarinwatchos)
      System.Reflection (>= 4.3) - restriction: || (&& (< monoandroid) (< netstandard1.1) (< win8)) (&& (< monotouch) (< net45) (>= netstandard1.1) (< win8) (< wpa81) (< xamarinios) (< xamarinmac) (< xamarintvos) (< xamarinwatchos))
      System.Reflection.Extensions (>= 4.3) - restriction: || (&& (< monoandroid) (< netstandard1.1) (< win8)) (&& (< monotouch) (< net45) (>= netstandard1.1) (< win8) (< wpa81) (< xamarinios) (< xamarinmac) (< xamarintvos) (< xamarinwatchos))
      System.Resources.ResourceManager (>= 4.3) - restriction: || (&& (< monoandroid) (< netstandard1.1) (< win8)) (&& (< monotouch) (< net45) (>= netstandard1.1) (< win8) (< wpa81) (< xamarinios) (< xamarinmac) (< xamarintvos) (< xamarinwatchos))
      System.Runtime (>= 4.3) - restriction: || (&& (< monoandroid) (< netstandard1.1) (< win8)) (&& (< monotouch) (< net45) (>= netstandard1.1) (< win8) (< wpa81) (< xamarinios) (< xamarinmac) (< xamarintvos) (< xamarinwatchos))
      System.Runtime.InteropServices (>= 4.3) - restriction: && (< monotouch) (< net45) (>= netstandard1.1) (< win8) (< wpa81) (< xamarinios) (< xamarinmac) (< xamarintvos) (< xamarinwatchos)
      System.Threading (>= 4.3) - restriction: || (&& (< monoandroid) (< netstandard1.1) (< win8)) (&& (< monotouch) (< net45) (>= netstandard1.1) (< win8) (< wpa81) (< xamarinios) (< xamarinmac) (< xamarintvos) (< xamarinwatchos))
    System.Runtime.Loader (4.3.0) - restriction: && (< net20) (>= netstandard1.6) (< xamarinios)
      System.IO (>= 4.3) - restriction: && (< monotouch) (< net462) (>= netstandard1.5) (< xamarinios) (< xamarinmac) (< xamarintvos) (< xamarinwatchos)
      System.Reflection (>= 4.3) - restriction: && (< monotouch) (< net462) (>= netstandard1.5) (< xamarinios) (< xamarinmac) (< xamarintvos) (< xamarinwatchos)
      System.Runtime (>= 4.3) - restriction: && (< monotouch) (< net462) (>= netstandard1.5) (< xamarinios) (< xamarinmac) (< xamarintvos) (< xamarinwatchos)
    System.Runtime.Numerics (4.3.0) - restriction: || (&& (< monoandroid) (< net45) (>= netstandard1.2) (< netstandard1.3) (< wpa81)) (&& (< monoandroid) (< net45) (>= netstandard1.3) (< netstandard1.4) (< wpa81)) (&& (< monoandroid) (< net45) (< netstandard1.3) (>= netstandard1.4) (< wpa81)) (&& (< monoandroid) (< net45) (< netstandard1.3) (>= netstandard1.5)) (&& (< monoandroid) (< net45) (< netstandard1.3) (>= netstandard1.6)) (&& (< monoandroid) (< net45) (>= netstandard1.4) (< netstandard1.5) (< wpa81)) (&& (< monoandroid) (< net45) (< netstandard1.4) (>= netstandard1.6)) (&& (< monoandroid) (< net45) (>= netstandard1.5) (< netstandard1.6)) (&& (< monoandroid) (< net45) (< netstandard1.5) (>= netstandard1.6)) (&& (< monotouch) (< net45) (>= netstandard1.6) (< xamarinios) (< xamarinmac) (< xamarintvos) (< xamarinwatchos)) (&& (< net45) (>= net46) (< netstandard1.3)) (&& (< net45) (>= net46) (< netstandard1.4) (>= netstandard1.6)) (&& (< net45) (>= netstandard1.1) (< portable-net451+win81+wpa81)) (&& (< net45) (>= netstandard1.6) (< portable-net451+win81+wpa81)) (&& (< netstandard1.3) (>= uap10.0)) (&& (>= netstandard1.6) (>= uap10.0)) (&& (>= uap10.0) (< uap10.1))
      System.Globalization (>= 4.3) - restriction: || (&& (< monotouch) (< net45) (>= netstandard1.3) (< win8) (< wpa81) (< xamarinios) (< xamarinmac) (< xamarintvos) (< xamarinwatchos)) (< portable-net45+win8+wpa81)
      System.Resources.ResourceManager (>= 4.3) - restriction: || (&& (< monotouch) (< net45) (>= netstandard1.3) (< win8) (< wpa81) (< xamarinios) (< xamarinmac) (< xamarintvos) (< xamarinwatchos)) (< portable-net45+win8+wpa81)
      System.Runtime (>= 4.3) - restriction: || (&& (< monoandroid) (< net45) (>= netstandard1.1) (< netstandard1.3) (< win8) (< wpa81)) (&& (< monotouch) (< net45) (>= netstandard1.3) (< win8) (< wpa81) (< xamarinios) (< xamarinmac) (< xamarintvos) (< xamarinwatchos)) (< portable-net45+win8+wpa81)
      System.Runtime.Extensions (>= 4.3) - restriction: || (&& (< monotouch) (< net45) (>= netstandard1.3) (< win8) (< wpa81) (< xamarinios) (< xamarinmac) (< xamarintvos) (< xamarinwatchos)) (< portable-net45+win8+wpa81)
    System.Runtime.Serialization.Formatters (4.3.0) - restriction: && (< net20) (>= netstandard1.3)
      System.Collections (>= 4.3) - restriction: && (< monotouch) (< net46) (>= netstandard1.4) (< xamarinios) (< xamarinmac) (< xamarintvos) (< xamarinwatchos)
      System.Reflection (>= 4.3) - restriction: && (< monotouch) (< net46) (>= netstandard1.4) (< xamarinios) (< xamarinmac) (< xamarintvos) (< xamarinwatchos)
      System.Resources.ResourceManager (>= 4.3) - restriction: && (< monotouch) (< net46) (>= netstandard1.4) (< xamarinios) (< xamarinmac) (< xamarintvos) (< xamarinwatchos)
      System.Runtime (>= 4.3) - restriction: || (&& (< monoandroid) (< net46) (>= netstandard1.3) (< netstandard1.4)) (&& (< monotouch) (< net46) (>= netstandard1.4) (< xamarinios) (< xamarinmac) (< xamarintvos) (< xamarinwatchos))
      System.Runtime.Serialization.Primitives (>= 4.3) - restriction: || (&& (< monoandroid) (>= netstandard1.3) (< netstandard1.4)) (&& (< monotouch) (>= netstandard1.4) (< xamarinios) (< xamarinmac) (< xamarintvos) (< xamarinwatchos)) (>= net46)
    System.Runtime.Serialization.Primitives (4.3.0) - restriction: || (&& (< monotouch) (< net20) (>= netstandard1.4) (< xamarinios) (< xamarinmac) (< xamarintvos) (< xamarinwatchos)) (&& (< net20) (>= net46)) (&& (< net20) (>= netstandard1.0) (< netstandard1.3)) (&& (< net20) (>= netstandard1.3))
      System.Resources.ResourceManager (>= 4.3) - restriction: || (&& (< monotouch) (< net45) (>= netstandard1.3) (< win8) (< wpa81) (< xamarinios) (< xamarinmac) (< xamarintvos) (< xamarinwatchos)) (< portable-net45+win8+wp8+wpa81)
      System.Runtime (>= 4.3) - restriction: || (&& (< monoandroid) (< net45) (>= netstandard1.0) (< netstandard1.3) (< win8) (< wp8) (< wpa81)) (&& (< monotouch) (< net45) (>= netstandard1.3) (< win8) (< wpa81) (< xamarinios) (< xamarinmac) (< xamarintvos) (< xamarinwatchos)) (< portable-net45+win8+wp8+wpa81)
    System.Security.AccessControl (4.4.1) - restriction: || (&& (>= monoandroid) (< netstandard1.3) (>= netstandard1.4)) (&& (< net45) (>= net461)) (&& (< net45) (>= netstandard2.0)) (>= netcoreapp2.0)
      Microsoft.NETCore.Platforms (>= 2.0) - restriction: >= netcoreapp2.0
      System.Security.Principal.Windows (>= 4.4) - restriction: || (&& (>= monoandroid) (< netstandard1.3)) (>= monotouch) (&& (>= net46) (< netstandard2.0)) (&& (< net46) (>= netstandard1.3) (< netstandard2.0)) (&& (< net46) (>= netstandard2.0)) (>= net461) (>= netcoreapp2.0) (>= xamarinios) (>= xamarinmac) (>= xamarintvos) (>= xamarinwatchos)
    System.Security.Cryptography.Algorithms (4.3.1) - restriction: || (&& (>= monoandroid) (>= net46) (< netstandard1.3)) (&& (>= monoandroid) (< netstandard1.3) (>= netstandard1.6)) (&& (< monoandroid) (< net20) (>= netstandard1.3) (< netstandard1.4) (< wpa81)) (&& (< monoandroid) (< net20) (< netstandard1.3) (>= netstandard1.4) (< wpa81)) (&& (< monoandroid) (< net20) (< netstandard1.3) (>= netstandard1.5)) (&& (< monoandroid) (< net20) (>= netstandard1.4) (< netstandard1.5) (< wpa81)) (&& (< monoandroid) (< net20) (< netstandard1.4) (>= netstandard1.6)) (&& (< monoandroid) (< net20) (>= netstandard1.5) (< netstandard1.6)) (&& (< monoandroid) (< net20) (< netstandard1.5) (>= netstandard1.6)) (&& (< monoandroid) (< net35) (>= netstandard1.3) (< netstandard1.4) (< wpa81)) (&& (< monoandroid) (< net35) (>= netstandard1.4) (< netstandard1.5) (< wpa81)) (&& (< monoandroid) (< net35) (>= netstandard1.5) (< netstandard1.6)) (&& (< monoandroid) (< net45) (< netstandard1.3) (>= netstandard1.6)) (&& (< monoandroid) (< net45) (>= netstandard1.4) (< netstandard1.5) (< wpa81)) (&& (< monoandroid) (< net45) (< netstandard1.4) (>= netstandard1.6)) (&& (< monoandroid) (< net45) (>= netstandard1.5) (< netstandard1.6)) (&& (< monoandroid) (< net45) (< netstandard1.5) (>= netstandard1.6)) (&& (< monotouch) (< net20) (>= netstandard1.6) (< netstandard2.0) (< xamarinios) (< xamarinmac) (< xamarintvos) (< xamarinwatchos)) (&& (< monotouch) (< net35) (>= netstandard1.6) (< netstandard2.0) (< xamarinios) (< xamarinmac) (< xamarintvos) (< xamarinwatchos)) (&& (< monotouch) (< net45) (>= netstandard1.6) (< netstandard2.0) (< xamarinios) (< xamarinmac) (< xamarintvos) (< xamarinwatchos)) (&& (< net20) (>= net46) (< netstandard1.3)) (&& (< net20) (< netstandard1.3) (>= netstandard1.6)) (&& (< net45) (>= netstandard1.3)) (&& (< net45) (>= netstandard1.6) (< portable-net451+win81+wpa81)) (&& (>= net46) (< netstandard1.4)) (&& (< netstandard1.3) (>= uap10.0)) (&& (< netstandard1.4) (>= xamarinios)) (&& (>= netstandard1.5) (>= uap10.0)) (&& (< netstandard1.5) (>= xamarinios)) (&& (>= netstandard1.6) (>= uap10.0)) (&& (< netstandard1.6) (>= xamarinios)) (&& (>= uap10.0) (< uap10.1)) (&& (>= uap10.0) (< wpa81)) (&& (>= uap10.0) (>= xamarinios))
      Microsoft.NETCore.Platforms (>= 1.1) - restriction: || (&& (< monoandroid) (< netstandard1.3)) (&& (< monotouch) (< net46) (>= netstandard1.6) (< xamarinios) (< xamarinmac) (< xamarintvos) (< xamarinwatchos))
      runtime.native.System.Security.Cryptography.Apple (>= 4.3.1) - restriction: && (< monotouch) (< net46) (>= netstandard1.6) (< xamarinios) (< xamarinmac) (< xamarintvos) (< xamarinwatchos)
      runtime.native.System.Security.Cryptography.OpenSsl (>= 4.3.2) - restriction: && (< monotouch) (< net46) (>= netstandard1.6) (< xamarinios) (< xamarinmac) (< xamarintvos) (< xamarinwatchos)
      System.Collections (>= 4.3) - restriction: && (< monotouch) (< net46) (>= netstandard1.6) (< xamarinios) (< xamarinmac) (< xamarintvos) (< xamarinwatchos)
      System.IO (>= 4.3) - restriction: || (&& (< monoandroid) (< net46) (>= netstandard1.3) (< netstandard1.4)) (&& (< monoandroid) (< net46) (>= netstandard1.4) (< netstandard1.6)) (&& (< monoandroid) (< netstandard1.3)) (&& (< monotouch) (< net46) (>= netstandard1.6) (< xamarinios) (< xamarinmac) (< xamarintvos) (< xamarinwatchos)) (>= net463)
      System.Resources.ResourceManager (>= 4.3) - restriction: || (&& (< monoandroid) (< netstandard1.3)) (&& (< monotouch) (< net46) (>= netstandard1.6) (< xamarinios) (< xamarinmac) (< xamarintvos) (< xamarinwatchos))
      System.Runtime (>= 4.3) - restriction: || (&& (< monoandroid) (< net46) (>= netstandard1.3) (< netstandard1.4)) (&& (< monoandroid) (< net46) (>= netstandard1.4) (< netstandard1.6)) (&& (< monoandroid) (< netstandard1.3)) (&& (< monotouch) (< net46) (>= netstandard1.6) (< xamarinios) (< xamarinmac) (< xamarintvos) (< xamarinwatchos)) (>= net463)
      System.Runtime.Extensions (>= 4.3) - restriction: || (&& (< monoandroid) (< netstandard1.3)) (&& (< monotouch) (< net46) (>= netstandard1.6) (< xamarinios) (< xamarinmac) (< xamarintvos) (< xamarinwatchos))
      System.Runtime.Handles (>= 4.3) - restriction: || (&& (< monoandroid) (< netstandard1.3)) (&& (< monotouch) (< net46) (>= netstandard1.6) (< xamarinios) (< xamarinmac) (< xamarintvos) (< xamarinwatchos))
      System.Runtime.InteropServices (>= 4.3) - restriction: || (&& (< monoandroid) (< netstandard1.3)) (&& (< monotouch) (< net46) (>= netstandard1.6) (< xamarinios) (< xamarinmac) (< xamarintvos) (< xamarinwatchos))
      System.Runtime.Numerics (>= 4.3) - restriction: && (< monotouch) (< net46) (>= netstandard1.6) (< xamarinios) (< xamarinmac) (< xamarintvos) (< xamarinwatchos)
      System.Security.Cryptography.Encoding (>= 4.3) - restriction: || (&& (< monoandroid) (< netstandard1.3)) (&& (< monotouch) (< net46) (>= netstandard1.6) (< xamarinios) (< xamarinmac) (< xamarintvos) (< xamarinwatchos)) (>= net463)
      System.Security.Cryptography.Primitives (>= 4.3) - restriction: || (&& (< monoandroid) (< net46) (>= netstandard1.3) (< netstandard1.4)) (&& (< monoandroid) (< net46) (>= netstandard1.4) (< netstandard1.6)) (&& (< monoandroid) (< netstandard1.3)) (&& (< monotouch) (< net46) (>= netstandard1.6) (< xamarinios) (< xamarinmac) (< xamarintvos) (< xamarinwatchos)) (&& (>= net46) (< netstandard1.4)) (&& (>= net461) (< netstandard1.6)) (>= net463)
      System.Text.Encoding (>= 4.3) - restriction: || (&& (< monoandroid) (< netstandard1.3)) (&& (< monotouch) (< net46) (>= netstandard1.6) (< xamarinios) (< xamarinmac) (< xamarintvos) (< xamarinwatchos))
    System.Security.Cryptography.Cng (4.4.0) - restriction: || (&& (< monoandroid) (< net45) (< netstandard1.3) (>= netstandard1.4) (< wpa81)) (&& (< monoandroid) (< net45) (< netstandard1.3) (>= netstandard1.5)) (&& (< monoandroid) (< net45) (< netstandard1.3) (>= netstandard1.6)) (&& (< monoandroid) (< net45) (< netstandard1.4) (>= netstandard1.6)) (&& (< monoandroid) (< net45) (< netstandard1.5) (>= netstandard1.6)) (&& (< monotouch) (< net45) (>= netstandard1.6) (< netstandard2.0) (< xamarinios) (< xamarinmac) (< xamarintvos) (< xamarinwatchos)) (&& (< net45) (>= net46) (< netstandard1.3)) (&& (< net45) (>= net46) (< netstandard1.4) (>= netstandard1.6)) (&& (< netstandard1.3) (>= uap10.0)) (&& (>= netstandard1.6) (>= uap10.0))
      System.IO (>= 4.3) - restriction: || (&& (< monoandroid) (< net46) (>= netstandard1.3) (< netstandard1.4)) (&& (< monoandroid) (< net46) (>= netstandard1.4) (< netstandard1.6)) (&& (< monotouch) (< net46) (>= netstandard1.6) (< netstandard2.0) (< xamarinios) (< xamarinmac) (< xamarintvos) (< xamarinwatchos))
      System.Resources.ResourceManager (>= 4.3) - restriction: || (&& (< monoandroid) (< net46) (>= netstandard1.3) (< netstandard1.4)) (&& (< monoandroid) (< net46) (>= netstandard1.4) (< netstandard1.6)) (&& (< monotouch) (< net46) (>= netstandard1.6) (< netstandard2.0) (< xamarinios) (< xamarinmac) (< xamarintvos) (< xamarinwatchos))
      System.Runtime (>= 4.3) - restriction: || (&& (< monoandroid) (< net46) (>= netstandard1.3) (< netstandard1.4)) (&& (< monoandroid) (< net46) (>= netstandard1.4) (< netstandard1.6)) (&& (< monotouch) (< net46) (>= netstandard1.6) (< netstandard2.0) (< xamarinios) (< xamarinmac) (< xamarintvos) (< xamarinwatchos))
      System.Runtime.Extensions (>= 4.3) - restriction: || (&& (< monoandroid) (< net46) (>= netstandard1.4) (< netstandard1.6)) (&& (< monotouch) (< net46) (>= netstandard1.6) (< netstandard2.0) (< xamarinios) (< xamarinmac) (< xamarintvos) (< xamarinwatchos))
      System.Runtime.Handles (>= 4.3) - restriction: || (&& (< monoandroid) (< net46) (>= netstandard1.3) (< netstandard1.4)) (&& (< monoandroid) (< net46) (>= netstandard1.4) (< netstandard1.6)) (&& (< monotouch) (< net46) (>= netstandard1.6) (< netstandard2.0) (< xamarinios) (< xamarinmac) (< xamarintvos) (< xamarinwatchos))
      System.Runtime.InteropServices (>= 4.3) - restriction: || (&& (< monoandroid) (< net46) (>= netstandard1.3) (< netstandard1.4)) (&& (< monoandroid) (< net46) (>= netstandard1.4) (< netstandard1.6)) (&& (< monotouch) (< net46) (>= netstandard1.6) (< netstandard2.0) (< xamarinios) (< xamarinmac) (< xamarintvos) (< xamarinwatchos))
      System.Security.Cryptography.Algorithms (>= 4.3) - restriction: || (&& (< monoandroid) (< net46) (>= netstandard1.3) (< netstandard1.4)) (&& (< monoandroid) (< net46) (>= netstandard1.4) (< netstandard1.6)) (&& (< monotouch) (< net46) (>= netstandard1.6) (< netstandard2.0) (< xamarinios) (< xamarinmac) (< xamarintvos) (< xamarinwatchos)) (&& (>= net46) (< netstandard1.4))
      System.Security.Cryptography.Encoding (>= 4.3) - restriction: || (&& (< monoandroid) (< net46) (>= netstandard1.4) (< netstandard1.6)) (&& (< monotouch) (< net46) (>= netstandard1.6) (< netstandard2.0) (< xamarinios) (< xamarinmac) (< xamarintvos) (< xamarinwatchos))
      System.Security.Cryptography.Primitives (>= 4.3) - restriction: || (&& (< monoandroid) (< net46) (>= netstandard1.3) (< netstandard1.4)) (&& (< monoandroid) (< net46) (>= netstandard1.4) (< netstandard1.6)) (&& (< monotouch) (< net46) (>= netstandard1.6) (< netstandard2.0) (< xamarinios) (< xamarinmac) (< xamarintvos) (< xamarinwatchos)) (&& (>= net46) (< netstandard1.4))
      System.Text.Encoding (>= 4.3) - restriction: || (&& (< monoandroid) (< net46) (>= netstandard1.4) (< netstandard1.6)) (&& (< monotouch) (< net46) (>= netstandard1.6) (< netstandard2.0) (< xamarinios) (< xamarinmac) (< xamarintvos) (< xamarinwatchos))
    System.Security.Cryptography.Csp (4.3.0) - restriction: || (&& (< monoandroid) (< net45) (< netstandard1.4) (>= netstandard1.6)) (&& (< monoandroid) (< net45) (< netstandard1.5) (>= netstandard1.6)) (&& (< monotouch) (< net45) (>= netstandard1.6) (< netstandard2.0) (< xamarinios) (< xamarinmac) (< xamarintvos) (< xamarinwatchos)) (&& (< net45) (>= net46) (< netstandard1.4) (>= netstandard1.6)) (&& (>= netstandard1.6) (>= uap10.0))
      Microsoft.NETCore.Platforms (>= 1.1) - restriction: && (< monotouch) (< net46) (>= netstandard1.3) (< xamarinios) (< xamarinmac) (< xamarintvos) (< xamarinwatchos)
      System.IO (>= 4.3) - restriction: && (< monotouch) (< net46) (>= netstandard1.3) (< xamarinios) (< xamarinmac) (< xamarintvos) (< xamarinwatchos)
      System.Reflection (>= 4.3) - restriction: && (< monotouch) (< net46) (>= netstandard1.3) (< xamarinios) (< xamarinmac) (< xamarintvos) (< xamarinwatchos)
      System.Resources.ResourceManager (>= 4.3) - restriction: && (< monotouch) (< net46) (>= netstandard1.3) (< xamarinios) (< xamarinmac) (< xamarintvos) (< xamarinwatchos)
      System.Runtime (>= 4.3) - restriction: && (< monotouch) (< net46) (>= netstandard1.3) (< xamarinios) (< xamarinmac) (< xamarintvos) (< xamarinwatchos)
      System.Runtime.Extensions (>= 4.3) - restriction: && (< monotouch) (< net46) (>= netstandard1.3) (< xamarinios) (< xamarinmac) (< xamarintvos) (< xamarinwatchos)
      System.Runtime.Handles (>= 4.3) - restriction: && (< monotouch) (< net46) (>= netstandard1.3) (< xamarinios) (< xamarinmac) (< xamarintvos) (< xamarinwatchos)
      System.Runtime.InteropServices (>= 4.3) - restriction: && (< monotouch) (< net46) (>= netstandard1.3) (< xamarinios) (< xamarinmac) (< xamarintvos) (< xamarinwatchos)
      System.Security.Cryptography.Algorithms (>= 4.3) - restriction: || (&& (< monotouch) (>= netstandard1.3) (< xamarinios) (< xamarinmac) (< xamarintvos) (< xamarinwatchos)) (>= net46)
      System.Security.Cryptography.Encoding (>= 4.3) - restriction: && (< monotouch) (< net46) (>= netstandard1.3) (< xamarinios) (< xamarinmac) (< xamarintvos) (< xamarinwatchos)
      System.Security.Cryptography.Primitives (>= 4.3) - restriction: || (&& (< monotouch) (>= netstandard1.3) (< xamarinios) (< xamarinmac) (< xamarintvos) (< xamarinwatchos)) (>= net46)
      System.Text.Encoding (>= 4.3) - restriction: && (< monotouch) (< net46) (>= netstandard1.3) (< xamarinios) (< xamarinmac) (< xamarintvos) (< xamarinwatchos)
      System.Threading (>= 4.3) - restriction: && (< monotouch) (< net46) (>= netstandard1.3) (< xamarinios) (< xamarinmac) (< xamarintvos) (< xamarinwatchos)
    System.Security.Cryptography.Encoding (4.3.0) - restriction: || (&& (>= monoandroid) (>= net46) (< netstandard1.3)) (&& (>= monoandroid) (< netstandard1.3) (>= netstandard1.6)) (&& (< monoandroid) (< net20) (>= netstandard1.3) (< netstandard1.4) (< wpa81)) (&& (< monoandroid) (< net20) (< netstandard1.3) (>= netstandard1.4) (< wpa81)) (&& (< monoandroid) (< net20) (< netstandard1.3) (>= netstandard1.5)) (&& (< monoandroid) (< net20) (>= netstandard1.4) (< netstandard1.5) (< wpa81)) (&& (< monoandroid) (< net20) (< netstandard1.4) (>= netstandard1.6)) (&& (< monoandroid) (< net20) (>= netstandard1.5) (< netstandard1.6)) (&& (< monoandroid) (< net20) (< netstandard1.5) (>= netstandard1.6)) (&& (< monoandroid) (< net35) (>= netstandard1.3) (< netstandard1.4) (< wpa81)) (&& (< monoandroid) (< net35) (>= netstandard1.4) (< netstandard1.5) (< wpa81)) (&& (< monoandroid) (< net35) (>= netstandard1.5) (< netstandard1.6)) (&& (< monoandroid) (< net45) (>= netstandard1.3) (< netstandard1.4) (< wpa81)) (&& (< monoandroid) (< net45) (< netstandard1.3) (>= netstandard1.4) (< wpa81)) (&& (< monoandroid) (< net45) (< netstandard1.3) (>= netstandard1.5)) (&& (< monoandroid) (< net45) (< netstandard1.3) (>= netstandard1.6)) (&& (< monoandroid) (< net45) (>= netstandard1.4) (< netstandard1.5) (< wpa81)) (&& (< monoandroid) (< net45) (< netstandard1.4) (>= netstandard1.6)) (&& (< monoandroid) (< net45) (>= netstandard1.5) (< netstandard1.6)) (&& (< monoandroid) (< net45) (< netstandard1.5) (>= netstandard1.6)) (&& (< monotouch) (< net20) (>= netstandard1.6) (< netstandard2.0) (< xamarinios) (< xamarinmac) (< xamarintvos) (< xamarinwatchos)) (&& (< monotouch) (< net35) (>= netstandard1.6) (< netstandard2.0) (< xamarinios) (< xamarinmac) (< xamarintvos) (< xamarinwatchos)) (&& (< monotouch) (< net45) (>= netstandard1.6) (< xamarinios) (< xamarinmac) (< xamarintvos) (< xamarinwatchos)) (&& (< net20) (>= net46) (< netstandard1.3)) (&& (< net20) (< netstandard1.3) (>= netstandard1.6)) (&& (< net45) (>= net46) (< netstandard1.3)) (&& (< net45) (>= net463)) (&& (< net45) (>= netstandard1.3) (< portable-net451+win81+wpa81) (< win8)) (&& (< net45) (>= netstandard1.6) (< portable-net451+win81+wpa81)) (&& (>= net46) (< netstandard1.4)) (&& (>= net463) (>= uap10.0)) (&& (< netstandard1.3) (>= uap10.0)) (&& (< netstandard1.4) (>= xamarinios)) (&& (>= netstandard1.5) (>= uap10.0)) (&& (< netstandard1.5) (>= xamarinios)) (&& (>= netstandard1.6) (>= uap10.0)) (&& (< netstandard1.6) (>= xamarinios)) (&& (>= uap10.0) (< uap10.1)) (&& (>= uap10.0) (< wpa81)) (&& (>= uap10.0) (>= xamarinios))
      Microsoft.NETCore.Platforms (>= 1.1) - restriction: && (< monotouch) (< net46) (>= netstandard1.3) (< xamarinios) (< xamarinmac) (< xamarintvos) (< xamarinwatchos)
      runtime.native.System.Security.Cryptography.OpenSsl (>= 4.3) - restriction: && (< monotouch) (< net46) (>= netstandard1.3) (< xamarinios) (< xamarinmac) (< xamarintvos) (< xamarinwatchos)
      System.Collections (>= 4.3) - restriction: && (< monotouch) (< net46) (>= netstandard1.3) (< xamarinios) (< xamarinmac) (< xamarintvos) (< xamarinwatchos)
      System.Collections.Concurrent (>= 4.3) - restriction: && (< monotouch) (< net46) (>= netstandard1.3) (< xamarinios) (< xamarinmac) (< xamarintvos) (< xamarinwatchos)
      System.Linq (>= 4.3) - restriction: && (< monotouch) (< net46) (>= netstandard1.3) (< xamarinios) (< xamarinmac) (< xamarintvos) (< xamarinwatchos)
      System.Resources.ResourceManager (>= 4.3) - restriction: && (< monotouch) (< net46) (>= netstandard1.3) (< xamarinios) (< xamarinmac) (< xamarintvos) (< xamarinwatchos)
      System.Runtime (>= 4.3) - restriction: && (< monotouch) (< net46) (>= netstandard1.3) (< xamarinios) (< xamarinmac) (< xamarintvos) (< xamarinwatchos)
      System.Runtime.Extensions (>= 4.3) - restriction: && (< monotouch) (< net46) (>= netstandard1.3) (< xamarinios) (< xamarinmac) (< xamarintvos) (< xamarinwatchos)
      System.Runtime.Handles (>= 4.3) - restriction: && (< monotouch) (< net46) (>= netstandard1.3) (< xamarinios) (< xamarinmac) (< xamarintvos) (< xamarinwatchos)
      System.Runtime.InteropServices (>= 4.3) - restriction: && (< monotouch) (< net46) (>= netstandard1.3) (< xamarinios) (< xamarinmac) (< xamarintvos) (< xamarinwatchos)
      System.Security.Cryptography.Primitives (>= 4.3) - restriction: && (< monotouch) (< net46) (>= netstandard1.3) (< xamarinios) (< xamarinmac) (< xamarintvos) (< xamarinwatchos)
      System.Text.Encoding (>= 4.3) - restriction: && (< monotouch) (< net46) (>= netstandard1.3) (< xamarinios) (< xamarinmac) (< xamarintvos) (< xamarinwatchos)
    System.Security.Cryptography.OpenSsl (4.4.0) - restriction: || (&& (< monoandroid) (< net45) (< netstandard1.3) (>= netstandard1.6)) (&& (< monoandroid) (< net45) (< netstandard1.4) (>= netstandard1.6)) (&& (< monoandroid) (< net45) (< netstandard1.5) (>= netstandard1.6)) (&& (< monotouch) (< net45) (>= netstandard1.6) (< netstandard2.0) (< xamarinios) (< xamarinmac) (< xamarintvos) (< xamarinwatchos)) (&& (< net45) (>= net46) (< netstandard1.4) (>= netstandard1.6)) (&& (< net45) (>= netstandard1.6) (< portable-net451+win81+wpa81)) (&& (>= netstandard1.6) (>= uap10.0))
      System.Collections (>= 4.3) - restriction: && (< monotouch) (< net461) (>= netstandard1.6) (< netstandard2.0) (< xamarinios) (< xamarinmac) (< xamarintvos) (< xamarinwatchos)
      System.IO (>= 4.3) - restriction: && (< monotouch) (< net461) (>= netstandard1.6) (< netstandard2.0) (< xamarinios) (< xamarinmac) (< xamarintvos) (< xamarinwatchos)
      System.Resources.ResourceManager (>= 4.3) - restriction: && (< monotouch) (< net461) (>= netstandard1.6) (< netstandard2.0) (< xamarinios) (< xamarinmac) (< xamarintvos) (< xamarinwatchos)
      System.Runtime (>= 4.3) - restriction: && (< monotouch) (< net461) (>= netstandard1.6) (< netstandard2.0) (< xamarinios) (< xamarinmac) (< xamarintvos) (< xamarinwatchos)
      System.Runtime.Extensions (>= 4.3) - restriction: && (< monotouch) (< net461) (>= netstandard1.6) (< netstandard2.0) (< xamarinios) (< xamarinmac) (< xamarintvos) (< xamarinwatchos)
      System.Runtime.Handles (>= 4.3) - restriction: && (< monotouch) (< net461) (>= netstandard1.6) (< netstandard2.0) (< xamarinios) (< xamarinmac) (< xamarintvos) (< xamarinwatchos)
      System.Runtime.InteropServices (>= 4.3) - restriction: && (< monotouch) (< net461) (>= netstandard1.6) (< netstandard2.0) (< xamarinios) (< xamarinmac) (< xamarintvos) (< xamarinwatchos)
      System.Runtime.Numerics (>= 4.3) - restriction: && (< monotouch) (< net461) (>= netstandard1.6) (< netstandard2.0) (< xamarinios) (< xamarinmac) (< xamarintvos) (< xamarinwatchos)
      System.Security.Cryptography.Algorithms (>= 4.3) - restriction: && (< monotouch) (< net461) (>= netstandard1.6) (< netstandard2.0) (< xamarinios) (< xamarinmac) (< xamarintvos) (< xamarinwatchos)
      System.Security.Cryptography.Encoding (>= 4.3) - restriction: && (< monotouch) (< net461) (>= netstandard1.6) (< netstandard2.0) (< xamarinios) (< xamarinmac) (< xamarintvos) (< xamarinwatchos)
      System.Security.Cryptography.Primitives (>= 4.3) - restriction: && (< monotouch) (< net461) (>= netstandard1.6) (< netstandard2.0) (< xamarinios) (< xamarinmac) (< xamarintvos) (< xamarinwatchos)
      System.Text.Encoding (>= 4.3) - restriction: && (< monotouch) (< net461) (>= netstandard1.6) (< netstandard2.0) (< xamarinios) (< xamarinmac) (< xamarintvos) (< xamarinwatchos)
    System.Security.Cryptography.Primitives (4.3.0) - restriction: || (&& (>= monoandroid) (>= net461) (< netstandard1.3)) (&& (>= monoandroid) (>= net463) (< netstandard1.3)) (&& (>= monoandroid) (< netstandard1.3) (>= netstandard1.6)) (&& (< monoandroid) (< net20) (>= netstandard1.3) (< netstandard1.4) (< wpa81)) (&& (< monoandroid) (< net20) (< netstandard1.3) (>= netstandard1.4) (< wpa81)) (&& (< monoandroid) (< net20) (< netstandard1.3) (>= netstandard1.5)) (&& (< monoandroid) (< net20) (>= netstandard1.4) (< netstandard1.5) (< wpa81)) (&& (< monoandroid) (< net20) (< netstandard1.4) (>= netstandard1.5)) (&& (< monoandroid) (< net20) (< netstandard1.4) (>= netstandard1.6)) (&& (< monoandroid) (< net20) (>= netstandard1.5) (< netstandard1.6)) (&& (< monoandroid) (< net20) (< netstandard1.5) (>= netstandard1.6)) (&& (< monoandroid) (< net35) (>= netstandard1.3) (< netstandard1.4) (< wpa81)) (&& (< monoandroid) (< net35) (< netstandard1.3) (>= netstandard1.4) (< wpa81)) (&& (< monoandroid) (< net35) (< netstandard1.3) (>= netstandard1.5)) (&& (< monoandroid) (< net35) (< netstandard1.3) (>= netstandard1.6)) (&& (< monoandroid) (< net35) (>= netstandard1.4) (< netstandard1.5) (< wpa81)) (&& (< monoandroid) (< net35) (< netstandard1.4) (>= netstandard1.5)) (&& (< monoandroid) (< net35) (< netstandard1.4) (>= netstandard1.6)) (&& (< monoandroid) (< net35) (>= netstandard1.5) (< netstandard1.6)) (&& (< monoandroid) (< net35) (< netstandard1.5) (>= netstandard1.6)) (&& (< monoandroid) (< net45) (>= netstandard1.3) (< netstandard1.4)) (&& (< monoandroid) (< net45) (< netstandard1.3) (>= netstandard1.4) (< wpa81)) (&& (< monoandroid) (< net45) (< netstandard1.3) (>= netstandard1.5)) (&& (< monoandroid) (< net45) (< netstandard1.3) (>= netstandard1.6)) (&& (< monoandroid) (< net45) (>= netstandard1.4) (< netstandard1.5) (< wpa81)) (&& (< monoandroid) (< net45) (>= netstandard1.4) (< netstandard1.6)) (&& (< monoandroid) (< net45) (< netstandard1.4) (>= netstandard1.5)) (&& (< monoandroid) (< net45) (< netstandard1.4) (>= netstandard1.6)) (&& (< monoandroid) (< net45) (>= netstandard1.5) (< netstandard1.6)) (&& (< monoandroid) (< net45) (< netstandard1.5) (>= netstandard1.6)) (&& (< monotouch) (< net20) (>= netstandard1.6) (< netstandard2.0) (< xamarinios) (< xamarinmac) (< xamarintvos) (< xamarinwatchos)) (&& (< monotouch) (< net35) (>= netstandard1.6) (< netstandard2.0) (< xamarinios) (< xamarinmac) (< xamarintvos) (< xamarinwatchos)) (&& (< monotouch) (< net45) (>= netstandard1.6) (< xamarinios) (< xamarinmac) (< xamarintvos) (< xamarinwatchos)) (&& (< net20) (>= net461) (< netstandard1.3)) (&& (< net20) (>= net461) (>= netstandard1.5) (< netstandard1.6)) (&& (< net20) (>= net461) (< netstandard1.5)) (&& (< net20) (>= net463) (< netstandard1.3)) (&& (< net20) (>= net463) (< netstandard1.5)) (&& (< net20) (>= net463) (>= netstandard1.6) (< netstandard2.0)) (&& (< net20) (>= net463) (< netstandard1.6)) (&& (< net20) (< netstandard1.3) (>= netstandard1.6)) (&& (< net35) (>= net461) (>= netstandard1.5) (< netstandard1.6)) (&& (< net35) (>= net461) (< netstandard1.5)) (&& (< net35) (>= net463) (< netstandard1.5)) (&& (< net35) (>= net463) (>= netstandard1.6) (< netstandard2.0)) (&& (< net35) (>= net463) (< netstandard1.6)) (&& (< net45) (>= net461) (< netstandard1.5)) (&& (< net45) (>= net461) (< netstandard1.6)) (&& (< net45) (>= net463)) (&& (< net45) (>= netstandard1.3) (< portable-net451+win81+wpa81) (< win8)) (&& (< net45) (>= netstandard1.6) (< portable-net451+win81+wpa81)) (&& (>= net46) (< netstandard1.3)) (&& (>= net46) (< netstandard1.4)) (&& (>= net461) (< netstandard1.4)) (&& (>= net461) (>= uap10.0)) (&& (>= net463) (< netstandard1.4)) (&& (>= net463) (>= uap10.0)) (&& (< netstandard1.3) (>= uap10.0)) (&& (< netstandard1.3) (>= xamarinios)) (&& (< netstandard1.4) (>= uap10.0)) (&& (< netstandard1.4) (>= xamarinios)) (&& (>= netstandard1.5) (>= uap10.0)) (&& (< netstandard1.5) (>= xamarinios)) (&& (>= netstandard1.6) (>= uap10.0)) (&& (< netstandard1.6) (>= xamarinios)) (&& (>= uap10.0) (< uap10.1)) (&& (>= uap10.0) (< wpa81)) (&& (>= uap10.0) (>= xamarinios))
      System.Diagnostics.Debug (>= 4.3) - restriction: && (< monotouch) (< net46) (>= netstandard1.3) (< xamarinios) (< xamarinmac) (< xamarintvos) (< xamarinwatchos)
      System.Globalization (>= 4.3) - restriction: && (< monotouch) (< net46) (>= netstandard1.3) (< xamarinios) (< xamarinmac) (< xamarintvos) (< xamarinwatchos)
      System.IO (>= 4.3) - restriction: && (< monotouch) (< net46) (>= netstandard1.3) (< xamarinios) (< xamarinmac) (< xamarintvos) (< xamarinwatchos)
      System.Resources.ResourceManager (>= 4.3) - restriction: && (< monotouch) (< net46) (>= netstandard1.3) (< xamarinios) (< xamarinmac) (< xamarintvos) (< xamarinwatchos)
      System.Runtime (>= 4.3) - restriction: && (< monotouch) (< net46) (>= netstandard1.3) (< xamarinios) (< xamarinmac) (< xamarintvos) (< xamarinwatchos)
      System.Threading (>= 4.3) - restriction: && (< monotouch) (< net46) (>= netstandard1.3) (< xamarinios) (< xamarinmac) (< xamarintvos) (< xamarinwatchos)
      System.Threading.Tasks (>= 4.3) - restriction: && (< monotouch) (< net46) (>= netstandard1.3) (< xamarinios) (< xamarinmac) (< xamarintvos) (< xamarinwatchos)
    System.Security.Cryptography.X509Certificates (4.3.2) - restriction: || (&& (>= monoandroid) (>= net46) (< netstandard1.3)) (&& (>= monoandroid) (>= net46) (< portable-net451+win81+wpa81)) (&& (>= monoandroid) (>= netstandard1.3) (< portable-net451+win81+wpa81)) (&& (>= monoandroid) (< netstandard1.3) (>= netstandard1.6)) (&& (>= monoandroid) (>= netstandard1.6) (< portable-net451+win81+wpa81)) (&& (< monoandroid) (< net20) (>= netstandard1.3) (< netstandard1.4) (< wpa81)) (&& (< monoandroid) (< net20) (< netstandard1.3) (>= netstandard1.4) (< wpa81)) (&& (< monoandroid) (< net20) (< netstandard1.3) (>= netstandard1.5)) (&& (< monoandroid) (< net20) (>= netstandard1.4) (< netstandard1.5) (< wpa81)) (&& (< monoandroid) (< net20) (< netstandard1.4) (>= netstandard1.6)) (&& (< monoandroid) (< net20) (>= netstandard1.5) (< netstandard1.6)) (&& (< monoandroid) (< net20) (< netstandard1.5) (>= netstandard1.6)) (&& (< monoandroid) (< net35) (>= netstandard1.3) (< netstandard1.4) (< wpa81)) (&& (< monoandroid) (< net35) (>= netstandard1.4) (< netstandard1.5) (< wpa81)) (&& (< monoandroid) (< net35) (< netstandard1.4) (>= netstandard1.6)) (&& (< monoandroid) (< net35) (>= netstandard1.5) (< netstandard1.6)) (&& (< monoandroid) (< net35) (< netstandard1.5) (>= netstandard1.6)) (&& (< monoandroid) (< net45) (>= netstandard1.3) (< netstandard1.4) (< wpa81)) (&& (< monoandroid) (< net45) (< netstandard1.3) (>= netstandard1.6)) (&& (< monoandroid) (< net45) (>= netstandard1.4) (< netstandard1.5) (< wpa81)) (&& (< monoandroid) (< net45) (< netstandard1.4) (>= netstandard1.6)) (&& (< monoandroid) (< net45) (>= netstandard1.5) (< netstandard1.6)) (&& (< monoandroid) (< net45) (< netstandard1.5) (>= netstandard1.6)) (&& (< monotouch) (< net20) (>= netstandard1.6) (< netstandard2.0) (< xamarinios) (< xamarinmac) (< xamarintvos) (< xamarinwatchos)) (&& (< monotouch) (< net35) (>= netstandard1.6) (< netstandard2.0) (< xamarinios) (< xamarinmac) (< xamarintvos) (< xamarinwatchos)) (&& (< monotouch) (< net45) (>= netstandard1.6) (< netstandard2.0) (< xamarinios) (< xamarinmac) (< xamarintvos) (< xamarinwatchos)) (&& (< net20) (>= net46) (< netstandard1.3)) (&& (< net20) (>= net46) (>= netstandard1.4) (< netstandard1.5)) (&& (< net20) (>= net46) (>= netstandard1.5) (< netstandard1.6)) (&& (< net20) (>= net46) (< netstandard1.5) (>= netstandard1.6)) (&& (< net20) (>= net46) (>= netstandard1.6) (< netstandard2.0)) (&& (< net20) (>= net46) (< portable-net451+win81+wpa81)) (&& (< net20) (>= netstandard1.3) (< portable-net451+win81+wpa81) (< win8)) (&& (< net20) (< netstandard1.3) (>= netstandard1.6)) (&& (< net20) (>= netstandard1.6) (< portable-net451+win81+wpa81)) (&& (< net35) (>= net46) (>= netstandard1.4) (< netstandard1.5)) (&& (< net35) (>= net46) (>= netstandard1.5) (< netstandard1.6)) (&& (< net35) (>= net46) (>= netstandard1.6) (< netstandard2.0)) (&& (< net35) (>= net46) (< portable-net451+win81+wpa81)) (&& (< net35) (>= netstandard1.3) (< portable-net451+win81+wpa81) (< win8)) (&& (< net35) (>= netstandard1.6) (< portable-net451+win81+wpa81)) (&& (< net45) (>= net46) (< netstandard1.3)) (&& (< net45) (>= net46) (>= netstandard1.4) (< netstandard1.5)) (&& (< net45) (>= net46) (>= netstandard1.5) (< netstandard1.6)) (&& (< net45) (>= net46) (>= netstandard1.6) (< netstandard2.0)) (&& (< net45) (>= net46) (< portable-net451+win81+wpa81)) (&& (< net45) (>= netstandard1.3) (< portable-net451+win81+wpa81) (< win8)) (&& (< net45) (>= netstandard1.6) (< portable-net451+win81+wpa81)) (&& (>= net46) (< netstandard1.4)) (&& (>= net46) (< portable-net45+win8+wpa81)) (&& (>= net46) (>= uap10.0)) (&& (>= netstandard1.1) (< portable-net45+win8+wpa81)) (&& (>= netstandard1.2) (< portable-net45+win8+wpa81)) (&& (>= netstandard1.3) (< portable-net45+win8+wpa81)) (&& (< netstandard1.3) (>= uap10.0)) (&& (< netstandard1.3) (>= xamarinios)) (&& (>= netstandard1.4) (< portable-net45+win8+wpa81)) (&& (< netstandard1.4) (>= xamarinios)) (&& (>= netstandard1.5) (< portable-net45+win8+wpa81)) (&& (>= netstandard1.5) (>= uap10.0)) (&& (< netstandard1.5) (>= xamarinios)) (&& (>= netstandard1.6) (< portable-net45+win8+wpa81)) (&& (>= netstandard1.6) (>= uap10.0)) (&& (< netstandard1.6) (>= xamarinios)) (&& (< portable-net45+win8+wpa81) (>= uap10.0)) (&& (< portable-net45+win8+wpa81) (>= xamarinios)) (&& (< portable-net451+win81+wpa81) (>= uap10.0) (< win8)) (&& (< portable-net451+win81+wpa81) (>= xamarinios)) (&& (>= uap10.0) (< uap10.1)) (&& (>= uap10.0) (< wpa81)) (&& (>= uap10.0) (>= xamarinios))
      Microsoft.NETCore.Platforms (>= 1.1) - restriction: || (&& (< monoandroid) (< netstandard1.3)) (&& (< monotouch) (< net46) (>= netstandard1.6) (< xamarinios) (< xamarinmac) (< xamarintvos) (< xamarinwatchos))
      runtime.native.System (>= 4.3) - restriction: && (< monotouch) (< net46) (>= netstandard1.6) (< xamarinios) (< xamarinmac) (< xamarintvos) (< xamarinwatchos)
      runtime.native.System.Net.Http (>= 4.3) - restriction: && (< monotouch) (< net46) (>= netstandard1.6) (< xamarinios) (< xamarinmac) (< xamarintvos) (< xamarinwatchos)
      runtime.native.System.Security.Cryptography.OpenSsl (>= 4.3.2) - restriction: && (< monotouch) (< net46) (>= netstandard1.6) (< xamarinios) (< xamarinmac) (< xamarintvos) (< xamarinwatchos)
      System.Collections (>= 4.3) - restriction: || (&& (< monoandroid) (< netstandard1.3)) (&& (< monotouch) (< net46) (>= netstandard1.6) (< xamarinios) (< xamarinmac) (< xamarintvos) (< xamarinwatchos))
      System.Diagnostics.Debug (>= 4.3) - restriction: && (< monotouch) (< net46) (>= netstandard1.6) (< xamarinios) (< xamarinmac) (< xamarintvos) (< xamarinwatchos)
      System.Globalization (>= 4.3) - restriction: || (&& (< monoandroid) (< netstandard1.3)) (&& (< monotouch) (< net46) (>= netstandard1.6) (< xamarinios) (< xamarinmac) (< xamarintvos) (< xamarinwatchos))
      System.Globalization.Calendars (>= 4.3) - restriction: || (&& (< monoandroid) (< netstandard1.3)) (&& (< monotouch) (< net46) (>= netstandard1.6) (< xamarinios) (< xamarinmac) (< xamarintvos) (< xamarinwatchos))
      System.IO (>= 4.3) - restriction: || (&& (< monoandroid) (< netstandard1.3)) (&& (< monotouch) (< net46) (>= netstandard1.6) (< xamarinios) (< xamarinmac) (< xamarintvos) (< xamarinwatchos))
      System.IO.FileSystem (>= 4.3) - restriction: || (&& (< monoandroid) (< netstandard1.3)) (&& (< monotouch) (< net46) (>= netstandard1.6) (< xamarinios) (< xamarinmac) (< xamarintvos) (< xamarinwatchos))
      System.IO.FileSystem.Primitives (>= 4.3) - restriction: && (< monotouch) (< net46) (>= netstandard1.6) (< xamarinios) (< xamarinmac) (< xamarintvos) (< xamarinwatchos)
      System.Resources.ResourceManager (>= 4.3) - restriction: || (&& (< monoandroid) (< netstandard1.3)) (&& (< monotouch) (< net46) (>= netstandard1.6) (< xamarinios) (< xamarinmac) (< xamarintvos) (< xamarinwatchos))
      System.Runtime (>= 4.3) - restriction: || (&& (< monoandroid) (< net46) (>= netstandard1.3) (< netstandard1.4)) (&& (< monoandroid) (< net46) (>= netstandard1.4) (< netstandard1.6)) (&& (< monoandroid) (< netstandard1.3)) (&& (< monotouch) (< net46) (>= netstandard1.6) (< xamarinios) (< xamarinmac) (< xamarintvos) (< xamarinwatchos))
      System.Runtime.Extensions (>= 4.3) - restriction: || (&& (< monoandroid) (< netstandard1.3)) (&& (< monotouch) (< net46) (>= netstandard1.6) (< xamarinios) (< xamarinmac) (< xamarintvos) (< xamarinwatchos))
      System.Runtime.Handles (>= 4.3) - restriction: || (&& (< monoandroid) (< net46) (>= netstandard1.3) (< netstandard1.4)) (&& (< monoandroid) (< net46) (>= netstandard1.4) (< netstandard1.6)) (&& (< monoandroid) (< netstandard1.3)) (&& (< monotouch) (< net46) (>= netstandard1.6) (< xamarinios) (< xamarinmac) (< xamarintvos) (< xamarinwatchos))
      System.Runtime.InteropServices (>= 4.3) - restriction: || (&& (< monoandroid) (< netstandard1.3)) (&& (< monotouch) (< net46) (>= netstandard1.6) (< xamarinios) (< xamarinmac) (< xamarintvos) (< xamarinwatchos))
      System.Runtime.Numerics (>= 4.3) - restriction: || (&& (< monoandroid) (< netstandard1.3)) (&& (< monotouch) (< net46) (>= netstandard1.6) (< xamarinios) (< xamarinmac) (< xamarintvos) (< xamarinwatchos))
      System.Security.Cryptography.Algorithms (>= 4.3) - restriction: || (&& (< monoandroid) (< net46) (>= netstandard1.3) (< netstandard1.4)) (&& (< monoandroid) (< net46) (>= netstandard1.4) (< netstandard1.6)) (&& (< monoandroid) (< netstandard1.3)) (&& (< monotouch) (< net46) (>= netstandard1.6) (< xamarinios) (< xamarinmac) (< xamarintvos) (< xamarinwatchos)) (&& (>= net46) (< netstandard1.4)) (>= net461)
      System.Security.Cryptography.Cng (>= 4.3) - restriction: || (&& (< monoandroid) (< netstandard1.3)) (&& (< monotouch) (< net46) (>= netstandard1.6) (< xamarinios) (< xamarinmac) (< xamarintvos) (< xamarinwatchos))
      System.Security.Cryptography.Csp (>= 4.3) - restriction: && (< monotouch) (< net46) (>= netstandard1.6) (< xamarinios) (< xamarinmac) (< xamarintvos) (< xamarinwatchos)
      System.Security.Cryptography.Encoding (>= 4.3) - restriction: || (&& (< monoandroid) (< net46) (>= netstandard1.3) (< netstandard1.4)) (&& (< monoandroid) (< net46) (>= netstandard1.4) (< netstandard1.6)) (&& (< monoandroid) (< netstandard1.3)) (&& (< monotouch) (< net46) (>= netstandard1.6) (< xamarinios) (< xamarinmac) (< xamarintvos) (< xamarinwatchos)) (&& (>= net46) (< netstandard1.4)) (>= net461)
      System.Security.Cryptography.OpenSsl (>= 4.3) - restriction: && (< monotouch) (< net46) (>= netstandard1.6) (< xamarinios) (< xamarinmac) (< xamarintvos) (< xamarinwatchos)
      System.Security.Cryptography.Primitives (>= 4.3) - restriction: || (&& (< monoandroid) (< netstandard1.3)) (&& (< monotouch) (< net46) (>= netstandard1.6) (< xamarinios) (< xamarinmac) (< xamarintvos) (< xamarinwatchos))
      System.Text.Encoding (>= 4.3) - restriction: || (&& (< monoandroid) (< netstandard1.3)) (&& (< monotouch) (< net46) (>= netstandard1.6) (< xamarinios) (< xamarinmac) (< xamarintvos) (< xamarinwatchos))
      System.Threading (>= 4.3) - restriction: || (&& (< monoandroid) (< netstandard1.3)) (&& (< monotouch) (< net46) (>= netstandard1.6) (< xamarinios) (< xamarinmac) (< xamarintvos) (< xamarinwatchos))
    System.Security.Principal.Windows (4.4.1) - restriction: || (&& (>= monoandroid) (>= monotouch) (< netstandard1.3)) (&& (>= monoandroid) (>= net461) (< netstandard1.3)) (&& (>= monoandroid) (< netstandard1.3) (>= netstandard1.4)) (&& (>= monoandroid) (< netstandard1.3) (>= netstandard2.0)) (&& (>= monoandroid) (< netstandard1.3) (>= xamarinios)) (&& (>= monoandroid) (< netstandard1.3) (>= xamarinmac)) (&& (>= monoandroid) (< netstandard1.3) (>= xamarintvos)) (&& (>= monoandroid) (< netstandard1.3) (>= xamarinwatchos)) (&& (>= monotouch) (>= net461)) (&& (>= monotouch) (>= netstandard2.0)) (&& (< net45) (>= net461)) (&& (< net45) (>= netstandard2.0)) (&& (>= net461) (>= xamarinios)) (&& (>= net461) (>= xamarinmac)) (&& (>= net461) (>= xamarintvos)) (&& (>= net461) (>= xamarinwatchos)) (>= netcoreapp2.0) (&& (>= netstandard2.0) (>= xamarinios)) (&& (>= netstandard2.0) (>= xamarinmac)) (&& (>= netstandard2.0) (>= xamarintvos)) (&& (>= netstandard2.0) (>= xamarinwatchos))
      Microsoft.NETCore.Platforms (>= 2.0) - restriction: >= netcoreapp2.0
    System.Text.Encoding (4.3.0) - restriction: || (&& (>= monoandroid) (>= net46) (< netstandard1.3)) (&& (>= monoandroid) (>= netstandard1.0) (< portable-net45+win8+wpa81)) (&& (>= monoandroid) (>= netstandard1.1) (< portable-net451+win81+wpa81)) (&& (>= monoandroid) (>= netstandard1.3) (< portable-net451+win81+wpa81)) (&& (>= monoandroid) (< netstandard1.3) (>= netstandard1.6)) (&& (< monoandroid) (< net20) (>= netstandard1.2) (< netstandard1.3) (< wpa81)) (&& (< monoandroid) (< net20) (>= netstandard1.3) (< netstandard1.4) (< wpa81)) (&& (< monoandroid) (< net20) (< netstandard1.3) (>= netstandard1.4) (< wpa81)) (&& (< monoandroid) (< net20) (< netstandard1.3) (>= netstandard1.5)) (&& (< monoandroid) (< net20) (>= netstandard1.4) (< netstandard1.5) (< wpa81)) (&& (< monoandroid) (< net20) (< netstandard1.4) (>= netstandard1.6)) (&& (< monoandroid) (< net20) (>= netstandard1.5) (< netstandard1.6)) (&& (< monoandroid) (< net20) (< netstandard1.5) (>= netstandard1.6)) (&& (< monoandroid) (< net35) (>= netstandard1.3) (< netstandard1.4) (< wpa81)) (&& (< monoandroid) (< net35) (< netstandard1.3) (>= netstandard1.4) (< win8) (< wpa81)) (&& (< monoandroid) (< net35) (< netstandard1.3) (>= netstandard1.5)) (&& (< monoandroid) (< net35) (< netstandard1.3) (>= netstandard1.6)) (&& (< monoandroid) (< net35) (>= netstandard1.4) (< netstandard1.5) (< wpa81)) (&& (< monoandroid) (< net35) (>= netstandard1.5) (< netstandard1.6)) (&& (< monoandroid) (< net45) (>= netstandard1.2) (< netstandard1.3) (< wpa81)) (&& (< monoandroid) (< net45) (>= netstandard1.3) (< netstandard1.4)) (&& (< monoandroid) (< net45) (< netstandard1.3) (>= netstandard1.4) (< wpa81)) (&& (< monoandroid) (< net45) (< netstandard1.3) (>= netstandard1.5)) (&& (< monoandroid) (< net45) (< netstandard1.3) (>= netstandard1.6)) (&& (< monoandroid) (< net45) (>= netstandard1.4) (< netstandard1.5) (< wpa81)) (&& (< monoandroid) (< net45) (< netstandard1.4) (>= netstandard1.6)) (&& (< monoandroid) (< net45) (>= netstandard1.5) (< netstandard1.6)) (&& (< monoandroid) (< net45) (< netstandard1.5) (>= netstandard1.6)) (&& (< monotouch) (< net20) (>= netstandard1.3) (< xamarinios) (< xamarinmac) (< xamarintvos) (< xamarinwatchos)) (&& (< monotouch) (< net20) (>= netstandard1.6) (< netstandard2.0) (< xamarinios) (< xamarinmac) (< xamarintvos) (< xamarinwatchos)) (&& (< monotouch) (< net35) (>= netstandard1.6) (< netstandard2.0) (< xamarinios) (< xamarinmac) (< xamarintvos) (< xamarinwatchos)) (&& (< monotouch) (< net45) (>= netstandard1.3) (< win8) (< wpa81) (< xamarinios) (< xamarinmac) (< xamarintvos) (< xamarinwatchos)) (&& (< monotouch) (< net45) (>= netstandard1.4) (< xamarinios) (< xamarinmac) (< xamarintvos) (< xamarinwatchos)) (&& (< monotouch) (< net45) (>= netstandard1.6) (< xamarinios) (< xamarinmac) (< xamarintvos) (< xamarinwatchos)) (&& (< net20) (>= net46) (< netstandard1.3)) (&& (< net20) (>= netstandard1.0) (< portable-net45+win8+wpa81)) (&& (< net20) (>= netstandard1.1) (< portable-net451+win81+wpa81)) (&& (< net20) (>= netstandard1.3) (< portable-net451+win81+wpa81)) (&& (< net20) (< netstandard1.3) (>= netstandard1.6)) (&& (< net20) (>= netstandard1.6) (< portable-net451+win81+wpa81)) (&& (< net35) (>= netstandard1.3) (< portable-net451+win81+wpa81)) (&& (< net45) (>= net46) (< netstandard1.3)) (&& (< net45) (>= net46) (< netstandard1.4)) (&& (< net45) (>= net463)) (&& (< net45) (>= netstandard1.1) (< portable-net451+win81+wpa81)) (&& (< net45) (>= netstandard1.3) (< portable-net451+win81+wpa81)) (&& (< net45) (>= netstandard1.6) (< portable-net451+win81+wpa81)) (&& (>= net46) (< portable-net45+win8+wp8+wpa81)) (&& (>= net46) (< portable-net45+win8+wpa81)) (&& (>= net463) (>= uap10.0)) (&& (>= netstandard1.0) (< portable-net45+win8+wp8+wpa81)) (&& (>= netstandard1.0) (< portable-net45+win8+wpa81) (< wp8)) (&& (>= netstandard1.1) (< portable-net45+win8+wp8+wpa81)) (&& (>= netstandard1.1) (< portable-net45+win8+wpa81)) (&& (>= netstandard1.2) (< portable-net45+win8+wp8+wpa81)) (&& (>= netstandard1.2) (< portable-net45+win8+wpa81)) (&& (>= netstandard1.3) (< portable-net45+win8+wp8+wpa81)) (&& (>= netstandard1.3) (< portable-net45+win8+wpa81)) (&& (< netstandard1.3) (>= uap10.0)) (&& (< netstandard1.3) (>= xamarinios)) (&& (>= netstandard1.4) (< portable-net45+win8+wp8+wpa81)) (&& (>= netstandard1.4) (< portable-net45+win8+wpa81)) (&& (< netstandard1.4) (>= xamarinios)) (&& (>= netstandard1.5) (< portable-net45+win8+wp8+wpa81)) (&& (>= netstandard1.5) (< portable-net45+win8+wpa81)) (&& (>= netstandard1.5) (>= uap10.0)) (&& (< netstandard1.5) (>= xamarinios)) (&& (>= netstandard1.6) (< portable-net45+win8+wp8+wpa81)) (&& (>= netstandard1.6) (< portable-net45+win8+wpa81)) (&& (>= netstandard1.6) (>= uap10.0)) (&& (< netstandard1.6) (>= xamarinios)) (&& (< portable-net45+win8+wp8+wpa81) (>= uap10.0)) (&& (< portable-net45+win8+wp8+wpa81) (>= xamarinios)) (&& (< portable-net45+win8+wpa81) (>= uap10.0)) (&& (< portable-net45+win8+wpa81) (>= xamarinios)) (&& (< portable-net451+win81+wpa81) (>= uap10.0)) (&& (< portable-net451+win81+wpa81) (>= xamarinios)) (&& (>= uap10.0) (< uap10.1)) (&& (>= uap10.0) (< wpa81)) (&& (>= uap10.0) (>= xamarinios))
      Microsoft.NETCore.Platforms (>= 1.1) - restriction: || (&& (< monoandroid) (< net45) (>= netstandard1.0) (< netstandard1.3) (< win8) (< wp8) (< wpa81)) (&& (< monotouch) (< net45) (>= netstandard1.3) (< win8) (< wpa81) (< xamarinios) (< xamarinmac) (< xamarintvos) (< xamarinwatchos)) (< portable-net45+win8+wp8+wpa81)
      Microsoft.NETCore.Targets (>= 1.1) - restriction: || (&& (< monoandroid) (< net45) (>= netstandard1.0) (< netstandard1.3) (< win8) (< wp8) (< wpa81)) (&& (< monotouch) (< net45) (>= netstandard1.3) (< win8) (< wpa81) (< xamarinios) (< xamarinmac) (< xamarintvos) (< xamarinwatchos)) (< portable-net45+win8+wp8+wpa81)
      System.Runtime (>= 4.3) - restriction: || (&& (< monoandroid) (< net45) (>= netstandard1.0) (< netstandard1.3) (< win8) (< wp8) (< wpa81)) (&& (< monotouch) (< net45) (>= netstandard1.3) (< win8) (< wpa81) (< xamarinios) (< xamarinmac) (< xamarintvos) (< xamarinwatchos)) (< portable-net45+win8+wp8+wpa81)
    System.Text.Encoding.Extensions (4.3.0) - restriction: || (&& (>= monoandroid) (>= net46) (< netstandard1.3)) (&& (>= monoandroid) (>= netstandard1.0) (< portable-net45+win8+wpa81)) (&& (>= monoandroid) (>= netstandard1.1) (< portable-net451+win81+wpa81)) (&& (>= monoandroid) (>= netstandard1.3) (< portable-net451+win81+wpa81)) (&& (>= monoandroid) (< netstandard1.3) (>= netstandard1.6)) (&& (< monoandroid) (< net20) (>= netstandard1.2) (< netstandard1.3) (< wpa81)) (&& (< monoandroid) (< net20) (>= netstandard1.3) (< netstandard1.4) (< wpa81)) (&& (< monoandroid) (< net20) (< netstandard1.3) (>= netstandard1.4) (< wpa81)) (&& (< monoandroid) (< net20) (< netstandard1.3) (>= netstandard1.5)) (&& (< monoandroid) (< net20) (>= netstandard1.4) (< netstandard1.5) (< wpa81)) (&& (< monoandroid) (< net20) (< netstandard1.4) (>= netstandard1.6)) (&& (< monoandroid) (< net20) (>= netstandard1.5) (< netstandard1.6)) (&& (< monoandroid) (< net20) (< netstandard1.5) (>= netstandard1.6)) (&& (< monoandroid) (< net35) (>= netstandard1.3) (< netstandard1.4) (< wpa81)) (&& (< monoandroid) (< net35) (>= netstandard1.4) (< netstandard1.5) (< wpa81)) (&& (< monoandroid) (< net35) (>= netstandard1.5) (< netstandard1.6)) (&& (< monoandroid) (< net45) (>= netstandard1.2) (< netstandard1.3) (< wpa81)) (&& (< monoandroid) (< net45) (>= netstandard1.3) (< netstandard1.4) (< wpa81)) (&& (< monoandroid) (< net45) (< netstandard1.3) (>= netstandard1.4) (< win8) (< wpa81)) (&& (< monoandroid) (< net45) (< netstandard1.3) (>= netstandard1.5)) (&& (< monoandroid) (< net45) (< netstandard1.3) (>= netstandard1.6)) (&& (< monoandroid) (< net45) (>= netstandard1.4) (< netstandard1.5) (< wpa81)) (&& (< monoandroid) (< net45) (>= netstandard1.5) (< netstandard1.6)) (&& (< monotouch) (< net20) (>= netstandard1.6) (< netstandard2.0) (< xamarinios) (< xamarinmac) (< xamarintvos) (< xamarinwatchos)) (&& (< monotouch) (< net35) (>= netstandard1.6) (< netstandard2.0) (< xamarinios) (< xamarinmac) (< xamarintvos) (< xamarinwatchos)) (&& (< monotouch) (< net45) (>= netstandard1.3) (< win8) (< wpa81) (< xamarinios) (< xamarinmac) (< xamarintvos) (< xamarinwatchos)) (&& (< monotouch) (< net45) (>= netstandard1.4) (< xamarinios) (< xamarinmac) (< xamarintvos) (< xamarinwatchos)) (&& (< monotouch) (< net45) (>= netstandard1.6) (< netstandard2.0) (< xamarinios) (< xamarinmac) (< xamarintvos) (< xamarinwatchos)) (&& (< net20) (>= net46) (< netstandard1.3)) (&& (< net20) (>= netstandard1.0) (< portable-net45+win8+wpa81)) (&& (< net20) (>= netstandard1.1) (< portable-net451+win81+wpa81)) (&& (< net20) (>= netstandard1.3) (< portable-net451+win81+wpa81)) (&& (< net20) (< netstandard1.3) (>= netstandard1.6)) (&& (< net20) (>= netstandard1.6) (< portable-net45+win8+wpa81)) (&& (< net20) (>= netstandard1.6) (< portable-net451+win81+wpa81)) (&& (< net35) (>= netstandard1.3) (< portable-net451+win81+wpa81)) (&& (< net45) (>= net46) (< netstandard1.4)) (&& (< net45) (>= netstandard1.1) (< portable-net451+win81+wpa81)) (&& (< net45) (>= netstandard1.3) (< portable-net451+win81+wpa81)) (&& (>= net46) (< portable-net45+win8+wp8+wpa81)) (&& (>= netstandard1.0) (< portable-net45+win8+wp8+wpa81)) (&& (>= netstandard1.1) (< portable-net45+win8+wp8+wpa81)) (&& (>= netstandard1.1) (< portable-net45+win8+wpa81)) (&& (>= netstandard1.2) (< portable-net45+win8+wp8+wpa81)) (&& (>= netstandard1.3) (< portable-net45+win8+wp8+wpa81)) (&& (>= netstandard1.3) (< portable-net45+win8+wpa81)) (&& (< netstandard1.3) (>= uap10.0)) (&& (< netstandard1.3) (>= xamarinios)) (&& (>= netstandard1.4) (< portable-net45+win8+wp8+wpa81)) (&& (< netstandard1.4) (>= xamarinios)) (&& (>= netstandard1.5) (< portable-net45+win8+wp8+wpa81)) (&& (>= netstandard1.5) (>= uap10.0)) (&& (< netstandard1.5) (>= xamarinios)) (&& (>= netstandard1.6) (< portable-net45+win8+wp8+wpa81)) (&& (>= netstandard1.6) (>= uap10.0)) (&& (< netstandard1.6) (>= xamarinios)) (&& (< portable-net45+win8+wp8+wpa81) (>= uap10.0)) (&& (< portable-net45+win8+wp8+wpa81) (>= xamarinios)) (&& (< portable-net45+win8+wpa81) (>= uap10.0)) (&& (< portable-net45+win8+wpa81) (>= xamarinios)) (&& (< portable-net451+win81+wpa81) (>= uap10.0)) (&& (< portable-net451+win81+wpa81) (>= xamarinios)) (&& (>= uap10.0) (< uap10.1)) (&& (>= uap10.0) (< wpa81)) (&& (>= uap10.0) (>= xamarinios))
      Microsoft.NETCore.Platforms (>= 1.1) - restriction: || (&& (< monoandroid) (< net45) (>= netstandard1.0) (< netstandard1.3) (< win8) (< wp8) (< wpa81)) (&& (< monotouch) (< net45) (>= netstandard1.3) (< win8) (< wpa81) (< xamarinios) (< xamarinmac) (< xamarintvos) (< xamarinwatchos)) (< portable-net45+win8+wp8+wpa81)
      Microsoft.NETCore.Targets (>= 1.1) - restriction: || (&& (< monoandroid) (< net45) (>= netstandard1.0) (< netstandard1.3) (< win8) (< wp8) (< wpa81)) (&& (< monotouch) (< net45) (>= netstandard1.3) (< win8) (< wpa81) (< xamarinios) (< xamarinmac) (< xamarintvos) (< xamarinwatchos)) (< portable-net45+win8+wp8+wpa81)
      System.Runtime (>= 4.3) - restriction: || (&& (< monoandroid) (< net45) (>= netstandard1.0) (< netstandard1.3) (< win8) (< wp8) (< wpa81)) (&& (< monotouch) (< net45) (>= netstandard1.3) (< win8) (< wpa81) (< xamarinios) (< xamarinmac) (< xamarintvos) (< xamarinwatchos)) (< portable-net45+win8+wp8+wpa81)
      System.Text.Encoding (>= 4.3) - restriction: || (&& (< monoandroid) (< net45) (>= netstandard1.0) (< netstandard1.3) (< win8) (< wp8) (< wpa81)) (&& (< monotouch) (< net45) (>= netstandard1.3) (< win8) (< wpa81) (< xamarinios) (< xamarinmac) (< xamarintvos) (< xamarinwatchos)) (< portable-net45+win8+wp8+wpa81)
    System.Text.RegularExpressions (4.3.0) - restriction: || (&& (>= monoandroid) (>= net46) (< netstandard1.3)) (&& (>= monoandroid) (>= netstandard1.0) (< portable-net45+win8+wpa81)) (&& (>= monoandroid) (>= netstandard1.1) (< portable-net451+win81+wpa81)) (&& (>= monoandroid) (>= netstandard1.3) (< portable-net451+win81+wpa81)) (&& (>= monoandroid) (< netstandard1.3) (>= netstandard1.6)) (&& (< monoandroid) (< net20) (>= netstandard1.2) (< netstandard1.3) (< wpa81)) (&& (< monoandroid) (< net20) (>= netstandard1.3) (< netstandard1.4) (< wpa81)) (&& (< monoandroid) (< net20) (< netstandard1.3) (>= netstandard1.4) (< wpa81)) (&& (< monoandroid) (< net20) (< netstandard1.3) (>= netstandard1.5)) (&& (< monoandroid) (< net20) (>= netstandard1.4) (< netstandard1.5) (< wpa81)) (&& (< monoandroid) (< net20) (< netstandard1.4) (>= netstandard1.6)) (&& (< monoandroid) (< net20) (>= netstandard1.5) (< netstandard1.6)) (&& (< monoandroid) (< net20) (< netstandard1.5) (>= netstandard1.6)) (&& (< monoandroid) (< net35) (>= netstandard1.3) (< netstandard1.4) (< wpa81)) (&& (< monoandroid) (< net35) (>= netstandard1.4) (< netstandard1.5) (< wpa81)) (&& (< monoandroid) (< net35) (>= netstandard1.5) (< netstandard1.6)) (&& (< monoandroid) (< net45) (>= netstandard1.2) (< netstandard1.3) (< wpa81)) (&& (< monoandroid) (< net45) (>= netstandard1.3) (< netstandard1.4) (< wpa81)) (&& (< monoandroid) (< net45) (< netstandard1.3) (>= netstandard1.4) (< win8) (< wpa81)) (&& (< monoandroid) (< net45) (< netstandard1.3) (>= netstandard1.5)) (&& (< monoandroid) (< net45) (< netstandard1.3) (>= netstandard1.6)) (&& (< monoandroid) (< net45) (>= netstandard1.4) (< netstandard1.5) (< wpa81)) (&& (< monoandroid) (< net45) (>= netstandard1.5) (< netstandard1.6)) (&& (< monotouch) (< net20) (>= netstandard1.6) (< netstandard2.0) (< xamarinios) (< xamarinmac) (< xamarintvos) (< xamarinwatchos)) (&& (< monotouch) (< net35) (>= netstandard1.6) (< netstandard2.0) (< xamarinios) (< xamarinmac) (< xamarintvos) (< xamarinwatchos)) (&& (< monotouch) (< net45) (>= netstandard1.3) (< win8) (< wpa81) (< xamarinios) (< xamarinmac) (< xamarintvos) (< xamarinwatchos)) (&& (< monotouch) (< net45) (>= netstandard1.6) (< netstandard2.0) (< xamarinios) (< xamarinmac) (< xamarintvos) (< xamarinwatchos)) (&& (< net20) (>= net46) (< netstandard1.3)) (&& (< net20) (>= netstandard1.0) (< portable-net45+win8+wpa81)) (&& (< net20) (>= netstandard1.1) (< portable-net451+win81+wpa81)) (&& (< net20) (>= netstandard1.3) (< portable-net451+win81+wpa81)) (&& (< net20) (< netstandard1.3) (>= netstandard1.6)) (&& (< net20) (>= netstandard1.6) (< portable-net45+win8+wpa81)) (&& (< net20) (>= netstandard1.6) (< portable-net451+win81+wpa81)) (&& (< net35) (>= netstandard1.3) (< portable-net451+win81+wpa81)) (&& (< net45) (>= net46) (< netstandard1.4)) (&& (< net45) (>= netstandard1.1) (< portable-net451+win81+wpa81)) (&& (< net45) (>= netstandard1.3) (< portable-net451+win81+wpa81)) (&& (>= net46) (< portable-net45+win8+wp8+wpa81)) (&& (>= netstandard1.0) (< portable-net45+win8+wp8+wpa81)) (&& (>= netstandard1.1) (< portable-net45+win8+wp8+wpa81)) (&& (>= netstandard1.1) (< portable-net45+win8+wpa81)) (&& (>= netstandard1.2) (< portable-net45+win8+wp8+wpa81)) (&& (>= netstandard1.3) (< portable-net45+win8+wp8+wpa81)) (&& (>= netstandard1.3) (< portable-net45+win8+wpa81)) (&& (< netstandard1.3) (>= uap10.0)) (&& (< netstandard1.3) (>= xamarinios)) (&& (>= netstandard1.4) (< portable-net45+win8+wp8+wpa81)) (&& (< netstandard1.4) (>= xamarinios)) (&& (>= netstandard1.5) (< portable-net45+win8+wp8+wpa81)) (&& (>= netstandard1.5) (>= uap10.0)) (&& (< netstandard1.5) (>= xamarinios)) (&& (>= netstandard1.6) (< portable-net45+win8+wp8+wpa81)) (&& (>= netstandard1.6) (>= uap10.0)) (&& (< netstandard1.6) (>= xamarinios)) (&& (< portable-net45+win8+wp8+wpa81) (>= uap10.0)) (&& (< portable-net45+win8+wp8+wpa81) (>= xamarinios)) (&& (< portable-net45+win8+wpa81) (>= uap10.0)) (&& (< portable-net45+win8+wpa81) (>= xamarinios)) (&& (< portable-net451+win81+wpa81) (>= uap10.0)) (&& (< portable-net451+win81+wpa81) (>= xamarinios)) (&& (>= uap10.0) (< uap10.1)) (&& (>= uap10.0) (< wpa81)) (&& (>= uap10.0) (>= xamarinios))
      System.Collections (>= 4.3) - restriction: || (&& (< monotouch) (< net45) (< netcoreapp1.1) (>= netstandard1.6) (< xamarinios) (< xamarinmac) (< xamarintvos) (< xamarinwatchos)) (< portable-net45+win8+wp8+wpa81)
      System.Globalization (>= 4.3) - restriction: || (&& (< monotouch) (< net45) (< netcoreapp1.1) (>= netstandard1.6) (< xamarinios) (< xamarinmac) (< xamarintvos) (< xamarinwatchos)) (< portable-net45+win8+wp8+wpa81)
      System.Resources.ResourceManager (>= 4.3) - restriction: || (&& (< monotouch) (< net45) (< netcoreapp1.1) (>= netstandard1.6) (< xamarinios) (< xamarinmac) (< xamarintvos) (< xamarinwatchos)) (< portable-net45+win8+wp8+wpa81)
      System.Runtime (>= 4.3) - restriction: || (&& (< monoandroid) (< net45) (>= netstandard1.0) (< netstandard1.3) (< win8) (< wp8) (< wpa81)) (&& (< monoandroid) (< net45) (>= netstandard1.3) (< netstandard1.6) (< win8) (< wpa81)) (&& (< monotouch) (< net45) (>= netstandard1.6) (< xamarinios) (< xamarinmac) (< xamarintvos) (< xamarinwatchos)) (>= netcoreapp1.1) (< portable-net45+win8+wp8+wpa81)
      System.Runtime.Extensions (>= 4.3) - restriction: || (&& (< monotouch) (< net45) (< netcoreapp1.1) (>= netstandard1.6) (< xamarinios) (< xamarinmac) (< xamarintvos) (< xamarinwatchos)) (< portable-net45+win8+wp8+wpa81)
      System.Threading (>= 4.3) - restriction: || (&& (< monotouch) (< net45) (< netcoreapp1.1) (>= netstandard1.6) (< xamarinios) (< xamarinmac) (< xamarintvos) (< xamarinwatchos)) (< portable-net45+win8+wp8+wpa81)
    System.Threading (4.3.0) - restriction: || (&& (>= monoandroid) (>= netstandard1.0) (< portable-net45+win8+wpa81)) (&& (>= monoandroid) (>= netstandard1.1) (< portable-net451+win81+wpa81)) (&& (>= monoandroid) (< netstandard1.3) (>= netstandard1.6)) (&& (>= monoandroid) (>= netstandard1.6) (< portable-net451+win81+wpa81)) (&& (< monoandroid) (< net20) (>= netstandard1.0) (< netstandard1.3) (< win8) (< wp8) (< wpa81)) (&& (< monoandroid) (< net20) (>= netstandard1.2) (< netstandard1.3) (< wpa81)) (&& (< monoandroid) (< net20) (>= netstandard1.3) (< netstandard1.4) (< wpa81)) (&& (< monoandroid) (< net20) (>= netstandard1.3) (< netstandard1.5) (< win8) (< wpa81)) (&& (< monoandroid) (< net20) (< netstandard1.3) (>= netstandard1.4) (< wpa81)) (&& (< monoandroid) (< net20) (>= netstandard1.4) (< netstandard1.5) (< wpa81)) (&& (< monoandroid) (< net20) (< netstandard1.4) (>= netstandard1.6)) (&& (< monoandroid) (< net20) (>= netstandard1.5) (< netstandard1.6)) (&& (< monoandroid) (< net20) (< netstandard1.5) (>= netstandard1.6)) (&& (< monoandroid) (< net35) (>= netstandard1.3) (< netstandard1.4) (< wpa81)) (&& (< monoandroid) (< net35) (>= netstandard1.4) (< netstandard1.5) (< wpa81)) (&& (< monoandroid) (< net35) (< netstandard1.4) (>= netstandard1.6)) (&& (< monoandroid) (< net35) (>= netstandard1.5) (< netstandard1.6)) (&& (< monoandroid) (< net35) (< netstandard1.5) (>= netstandard1.6)) (&& (< monoandroid) (< net45) (>= netstandard1.2) (< netstandard1.3) (< wpa81)) (&& (< monoandroid) (< net45) (>= netstandard1.3) (< netstandard1.4) (< wpa81)) (&& (< monoandroid) (< net45) (< netstandard1.3) (>= netstandard1.4) (< wpa81)) (&& (< monoandroid) (< net45) (< netstandard1.3) (>= netstandard1.5)) (&& (< monoandroid) (< net45) (< netstandard1.3) (>= netstandard1.6)) (&& (< monoandroid) (< net45) (>= netstandard1.4) (< netstandard1.5) (< wpa81)) (&& (< monoandroid) (< net45) (< netstandard1.4) (>= netstandard1.6)) (&& (< monoandroid) (< net45) (>= netstandard1.5) (< netstandard1.6)) (&& (< monoandroid) (< net45) (< netstandard1.5) (>= netstandard1.6)) (&& (< monoandroid) (< netstandard1.0) (>= netstandard1.1) (>= portable-net451+win81+wpa81) (< win8)) (&& (< monoandroid) (< netstandard1.1) (>= netstandard1.2) (< win8)) (&& (< monoandroid) (< netstandard1.1) (>= netstandard1.3) (< win8)) (&& (< monoandroid) (< netstandard1.1) (>= netstandard1.4) (< win8)) (&& (< monoandroid) (< netstandard1.1) (>= netstandard1.5)) (&& (< monoandroid) (< netstandard1.1) (>= netstandard1.6)) (&& (< monotouch) (< net20) (>= netstandard1.3) (< xamarinios) (< xamarinmac) (< xamarintvos) (< xamarinwatchos)) (&& (< monotouch) (< net20) (>= netstandard1.5) (< xamarinios) (< xamarinmac) (< xamarintvos) (< xamarinwatchos)) (&& (< monotouch) (< net20) (>= netstandard1.6) (< netstandard2.0) (< xamarinios) (< xamarinmac) (< xamarintvos) (< xamarinwatchos)) (&& (< monotouch) (< net35) (>= netstandard1.6) (< netstandard2.0) (< xamarinios) (< xamarinmac) (< xamarintvos) (< xamarinwatchos)) (&& (< monotouch) (< net45) (>= netstandard1.3) (< win8) (< wpa81) (< xamarinios) (< xamarinmac) (< xamarintvos) (< xamarinwatchos)) (&& (< monotouch) (< net45) (>= netstandard1.4) (< xamarinios) (< xamarinmac) (< xamarintvos) (< xamarinwatchos)) (&& (< monotouch) (< net45) (>= netstandard1.6) (< xamarinios) (< xamarinmac) (< xamarintvos) (< xamarinwatchos)) (&& (< monotouch) (< net46) (>= netstandard1.3) (< xamarinios) (< xamarinmac) (< xamarintvos) (< xamarinwatchos)) (&& (< net20) (>= netstandard1.0) (< portable-net45+win8+wpa81)) (&& (< net20) (>= netstandard1.1) (< portable-net451+win81+wpa81)) (&& (< net20) (>= netstandard1.3) (< portable-net451+win81+wpa81)) (&& (< net20) (< netstandard1.3) (>= netstandard1.5)) (&& (< net20) (< netstandard1.3) (>= netstandard1.6)) (&& (< net20) (>= netstandard1.6) (< portable-net451+win81+wpa81)) (&& (< net35) (>= netstandard1.3) (< portable-net451+win81+wpa81)) (&& (< net35) (>= netstandard1.6) (< portable-net451+win81+wpa81)) (&& (< net45) (>= net451) (< netstandard1.3)) (&& (< net45) (>= net46) (< netstandard1.3)) (&& (< net45) (>= net46) (< netstandard1.4)) (&& (< net45) (>= netstandard1.1) (< portable-net451+win81+wpa81)) (&& (< net45) (>= netstandard1.3) (< portable-net451+win81+wpa81)) (&& (< net45) (>= netstandard1.6) (< portable-net451+win81+wpa81)) (&& (>= net451) (< netstandard1.1)) (&& (>= net46) (< netstandard1.1)) (&& (>= net46) (< portable-net45+win8+wp8+wpa81)) (&& (>= net46) (< portable-net45+win8+wpa81)) (&& (>= netstandard1.0) (< portable-net45+win8+wp8+wpa81)) (&& (< netstandard1.0) (>= netstandard1.1) (< portable-net451+win81+wpa81) (< win8)) (&& (>= netstandard1.1) (< portable-net45+win8+wp8+wpa81)) (&& (>= netstandard1.1) (< portable-net45+win8+wpa81)) (&& (< netstandard1.1) (>= uap10.0) (< win8)) (&& (< netstandard1.1) (< win8) (>= wpa81)) (&& (>= netstandard1.2) (< portable-net45+win8+wp8+wpa81)) (&& (>= netstandard1.2) (< portable-net45+win8+wpa81)) (&& (>= netstandard1.3) (< portable-net45+win8+wp8+wpa81)) (&& (>= netstandard1.3) (< portable-net45+win8+wpa81)) (&& (< netstandard1.3) (>= uap10.0)) (&& (< netstandard1.3) (>= xamarinios)) (&& (>= netstandard1.4) (< portable-net45+win8+wp8+wpa81)) (&& (>= netstandard1.4) (< portable-net45+win8+wpa81)) (&& (< netstandard1.4) (>= xamarinios)) (&& (>= netstandard1.5) (< portable-net45+win8+wp8+wpa81)) (&& (>= netstandard1.5) (< portable-net45+win8+wpa81)) (&& (>= netstandard1.5) (>= uap10.0)) (&& (< netstandard1.5) (>= xamarinios)) (&& (>= netstandard1.6) (< portable-net45+win8+wp8+wpa81)) (&& (>= netstandard1.6) (< portable-net45+win8+wpa81)) (&& (>= netstandard1.6) (>= uap10.0)) (&& (< netstandard1.6) (>= xamarinios)) (&& (< portable-net45+win8+wp8+wpa81) (>= uap10.0)) (&& (< portable-net45+win8+wp8+wpa81) (>= xamarinios)) (&& (< portable-net45+win8+wpa81) (>= uap10.0)) (&& (< portable-net45+win8+wpa81) (>= xamarinios)) (&& (< portable-net451+win81+wpa81) (>= uap10.0)) (&& (< portable-net451+win81+wpa81) (>= xamarinios)) (&& (>= uap10.0) (< uap10.1)) (&& (>= uap10.0) (< wpa81)) (&& (>= uap10.0) (>= xamarinios))
      System.Runtime (>= 4.3) - restriction: || (&& (< monoandroid) (< net45) (>= netstandard1.0) (< netstandard1.3) (< win8) (< wp8) (< wpa81)) (&& (< monotouch) (< net45) (>= netstandard1.3) (< win8) (< wpa81) (< xamarinios) (< xamarinmac) (< xamarintvos) (< xamarinwatchos)) (< portable-net45+win8+wp8+wpa81)
      System.Threading.Tasks (>= 4.3) - restriction: || (&& (< monoandroid) (< net45) (>= netstandard1.0) (< netstandard1.3) (< win8) (< wp8) (< wpa81)) (&& (< monotouch) (< net45) (>= netstandard1.3) (< win8) (< wpa81) (< xamarinios) (< xamarinmac) (< xamarintvos) (< xamarinwatchos)) (< portable-net45+win8+wp8+wpa81)
    System.Threading.Tasks (4.3.0) - restriction: || (&& (>= monoandroid) (>= net46) (< netstandard1.3)) (&& (>= monoandroid) (>= netstandard1.0) (< portable-net45+win8+wpa81)) (&& (>= monoandroid) (>= netstandard1.1) (< portable-net451+win81+wpa81)) (&& (>= monoandroid) (>= netstandard1.3) (< portable-net451+win81+wpa81)) (&& (>= monoandroid) (< netstandard1.3) (>= netstandard1.6)) (&& (< monoandroid) (< net20) (>= netstandard1.2) (< netstandard1.3) (< wpa81)) (&& (< monoandroid) (< net20) (>= netstandard1.3) (< netstandard1.4) (< wpa81)) (&& (< monoandroid) (< net20) (< netstandard1.3) (>= netstandard1.4) (< wpa81)) (&& (< monoandroid) (< net20) (< netstandard1.3) (>= netstandard1.5)) (&& (< monoandroid) (< net20) (>= netstandard1.4) (< netstandard1.5) (< wpa81)) (&& (< monoandroid) (< net20) (< netstandard1.4) (>= netstandard1.6)) (&& (< monoandroid) (< net20) (>= netstandard1.5) (< netstandard1.6)) (&& (< monoandroid) (< net20) (< netstandard1.5) (>= netstandard1.6)) (&& (< monoandroid) (< net35) (>= netstandard1.3) (< netstandard1.4) (< wpa81)) (&& (< monoandroid) (< net35) (< netstandard1.3) (>= netstandard1.4) (< win8) (< wpa81)) (&& (< monoandroid) (< net35) (< netstandard1.3) (>= netstandard1.5)) (&& (< monoandroid) (< net35) (< netstandard1.3) (>= netstandard1.6)) (&& (< monoandroid) (< net35) (>= netstandard1.4) (< netstandard1.5) (< wpa81)) (&& (< monoandroid) (< net35) (>= netstandard1.5) (< netstandard1.6)) (&& (< monoandroid) (< net45) (>= netstandard1.2) (< netstandard1.3) (< wpa81)) (&& (< monoandroid) (< net45) (>= netstandard1.3) (< netstandard1.4)) (&& (< monoandroid) (< net45) (< netstandard1.3) (>= netstandard1.4) (< wpa81)) (&& (< monoandroid) (< net45) (< netstandard1.3) (>= netstandard1.5)) (&& (< monoandroid) (< net45) (< netstandard1.3) (>= netstandard1.6)) (&& (< monoandroid) (< net45) (>= netstandard1.4) (< netstandard1.5) (< wpa81)) (&& (< monoandroid) (< net45) (>= netstandard1.4) (< netstandard1.6)) (&& (< monoandroid) (< net45) (< netstandard1.4) (>= netstandard1.5)) (&& (< monoandroid) (< net45) (< netstandard1.4) (>= netstandard1.6)) (&& (< monoandroid) (< net45) (>= netstandard1.5) (< netstandard1.6)) (&& (< monoandroid) (< net45) (< netstandard1.5) (>= netstandard1.6)) (&& (< monotouch) (< net20) (>= netstandard1.6) (< netstandard2.0) (< xamarinios) (< xamarinmac) (< xamarintvos) (< xamarinwatchos)) (&& (< monotouch) (< net35) (>= netstandard1.6) (< netstandard2.0) (< xamarinios) (< xamarinmac) (< xamarintvos) (< xamarinwatchos)) (&& (< monotouch) (< net45) (>= netstandard1.3) (< win8) (< wpa81) (< xamarinios) (< xamarinmac) (< xamarintvos) (< xamarinwatchos)) (&& (< monotouch) (< net45) (>= netstandard1.4) (< xamarinios) (< xamarinmac) (< xamarintvos) (< xamarinwatchos)) (&& (< monotouch) (< net45) (>= netstandard1.6) (< xamarinios) (< xamarinmac) (< xamarintvos) (< xamarinwatchos)) (&& (< net20) (>= net46) (< netstandard1.3)) (&& (< net20) (>= netstandard1.0) (< portable-net45+win8+wpa81)) (&& (< net20) (>= netstandard1.1) (< portable-net451+win81+wpa81)) (&& (< net20) (>= netstandard1.3) (< portable-net451+win81+wpa81)) (&& (< net20) (< netstandard1.3) (>= netstandard1.6)) (&& (< net20) (>= netstandard1.6) (< portable-net451+win81+wpa81)) (&& (< net35) (>= netstandard1.3) (< portable-net451+win81+wpa81)) (&& (< net45) (>= net46) (< netstandard1.3)) (&& (< net45) (>= net46) (< netstandard1.4)) (&& (< net45) (>= net461) (< netstandard1.4)) (&& (< net45) (>= net461) (< netstandard1.5)) (&& (< net45) (>= net461) (< netstandard1.6)) (&& (< net45) (>= net463)) (&& (< net45) (>= netstandard1.1) (< portable-net451+win81+wpa81)) (&& (< net45) (>= netstandard1.3) (< portable-net451+win81+wpa81)) (&& (< net45) (>= netstandard1.6) (< portable-net451+win81+wpa81)) (&& (>= net46) (< portable-net45+win8+wp8+wpa81)) (&& (>= net46) (< portable-net45+win8+wpa81)) (&& (>= net461) (>= uap10.0)) (&& (>= net463) (>= uap10.0)) (&& (>= netstandard1.0) (< portable-net45+win8+wp8+wpa81)) (&& (>= netstandard1.0) (< portable-net45+win8+wpa81) (< wp8)) (&& (>= netstandard1.1) (< portable-net45+win8+wp8+wpa81)) (&& (>= netstandard1.1) (< portable-net45+win8+wpa81)) (&& (>= netstandard1.2) (< portable-net45+win8+wp8+wpa81)) (&& (>= netstandard1.2) (< portable-net45+win8+wpa81)) (&& (>= netstandard1.3) (< portable-net45+win8+wp8+wpa81)) (&& (>= netstandard1.3) (< portable-net45+win8+wpa81)) (&& (< netstandard1.3) (>= uap10.0)) (&& (< netstandard1.3) (>= xamarinios)) (&& (>= netstandard1.4) (< portable-net45+win8+wp8+wpa81)) (&& (>= netstandard1.4) (< portable-net45+win8+wpa81)) (&& (< netstandard1.4) (>= uap10.0)) (&& (< netstandard1.4) (>= xamarinios)) (&& (>= netstandard1.5) (< portable-net45+win8+wp8+wpa81)) (&& (>= netstandard1.5) (< portable-net45+win8+wpa81)) (&& (>= netstandard1.5) (>= uap10.0)) (&& (< netstandard1.5) (>= xamarinios)) (&& (>= netstandard1.6) (< portable-net45+win8+wp8+wpa81)) (&& (>= netstandard1.6) (< portable-net45+win8+wpa81)) (&& (>= netstandard1.6) (>= uap10.0)) (&& (< netstandard1.6) (>= xamarinios)) (&& (< portable-net45+win8+wp8+wpa81) (>= uap10.0)) (&& (< portable-net45+win8+wp8+wpa81) (>= xamarinios)) (&& (< portable-net45+win8+wpa81) (>= uap10.0)) (&& (< portable-net45+win8+wpa81) (>= xamarinios)) (&& (< portable-net451+win81+wpa81) (>= uap10.0)) (&& (< portable-net451+win81+wpa81) (>= xamarinios)) (&& (>= uap10.0) (< uap10.1)) (&& (>= uap10.0) (< wpa81)) (&& (>= uap10.0) (>= xamarinios))
      Microsoft.NETCore.Platforms (>= 1.1) - restriction: || (&& (< monoandroid) (< net45) (>= netstandard1.0) (< netstandard1.3) (< win8) (< wp8) (< wpa81)) (&& (< monotouch) (< net45) (>= netstandard1.3) (< win8) (< wpa81) (< xamarinios) (< xamarinmac) (< xamarintvos) (< xamarinwatchos)) (< portable-net45+win8+wp8+wpa81)
      Microsoft.NETCore.Targets (>= 1.1) - restriction: || (&& (< monoandroid) (< net45) (>= netstandard1.0) (< netstandard1.3) (< win8) (< wp8) (< wpa81)) (&& (< monotouch) (< net45) (>= netstandard1.3) (< win8) (< wpa81) (< xamarinios) (< xamarinmac) (< xamarintvos) (< xamarinwatchos)) (< portable-net45+win8+wp8+wpa81)
      System.Runtime (>= 4.3) - restriction: || (&& (< monoandroid) (< net45) (>= netstandard1.0) (< netstandard1.3) (< win8) (< wp8) (< wpa81)) (&& (< monotouch) (< net45) (>= netstandard1.3) (< win8) (< wpa81) (< xamarinios) (< xamarinmac) (< xamarintvos) (< xamarinwatchos)) (< portable-net45+win8+wp8+wpa81)
    System.Threading.Tasks.Extensions (4.4.0) - restriction: || (&& (>= monoandroid) (>= net46) (< netstandard1.3)) (&& (>= monoandroid) (>= netstandard1.3) (< portable-net451+win81+wpa81)) (&& (>= monoandroid) (< netstandard1.3) (>= netstandard1.6)) (&& (< monoandroid) (< net20) (>= netstandard1.3) (< netstandard1.4) (< win8) (< wpa81)) (&& (< monoandroid) (< net20) (< netstandard1.3) (>= netstandard1.4) (< win8) (< wpa81)) (&& (< monoandroid) (< net20) (< netstandard1.3) (>= netstandard1.5)) (&& (< monoandroid) (< net20) (>= netstandard1.4) (< netstandard1.5) (< win8) (< wpa81)) (&& (< monoandroid) (< net20) (< netstandard1.4) (>= netstandard1.6)) (&& (< monoandroid) (< net20) (>= netstandard1.5) (< netstandard1.6)) (&& (< monoandroid) (< net20) (< netstandard1.5) (>= netstandard1.6)) (&& (< monoandroid) (< net35) (>= netstandard1.3) (< netstandard1.4) (< win8) (< wpa81)) (&& (< monoandroid) (< net35) (>= netstandard1.4) (< netstandard1.5) (< win8) (< wpa81)) (&& (< monoandroid) (< net35) (>= netstandard1.5) (< netstandard1.6)) (&& (< monoandroid) (< net45) (>= netstandard1.3) (< netstandard1.4) (< win8) (< wpa81)) (&& (< monoandroid) (< net45) (< netstandard1.3) (>= netstandard1.4) (< win8) (< wpa81)) (&& (< monoandroid) (< net45) (< netstandard1.3) (>= netstandard1.5)) (&& (< monoandroid) (< net45) (< netstandard1.3) (>= netstandard1.6)) (&& (< monoandroid) (< net45) (>= netstandard1.4) (< netstandard1.5) (< win8) (< wpa81)) (&& (< monoandroid) (< net45) (>= netstandard1.5) (< netstandard1.6)) (&& (< monotouch) (< net20) (>= netstandard1.6) (< netstandard2.0) (< xamarinios) (< xamarinmac) (< xamarintvos) (< xamarinwatchos)) (&& (< monotouch) (< net35) (>= netstandard1.6) (< netstandard2.0) (< xamarinios) (< xamarinmac) (< xamarintvos) (< xamarinwatchos)) (&& (< monotouch) (< net45) (>= netstandard1.3) (< win8) (< wpa81) (< xamarinios) (< xamarinmac) (< xamarintvos) (< xamarinwatchos)) (&& (< monotouch) (< net45) (>= netstandard1.6) (< netstandard2.0) (< xamarinios) (< xamarinmac) (< xamarintvos) (< xamarinwatchos)) (&& (< net20) (>= net46) (< netstandard1.3)) (&& (< net20) (>= netstandard1.3) (< portable-net451+win81+wpa81) (< win8)) (&& (< net20) (< netstandard1.3) (>= netstandard1.6)) (&& (< net20) (>= netstandard1.6) (< portable-net45+win8+wpa81)) (&& (< net20) (>= netstandard1.6) (< portable-net451+win81+wpa81)) (&& (< net35) (>= netstandard1.3) (< portable-net451+win81+wpa81) (< win8)) (&& (< net45) (>= net46) (< netstandard1.4)) (&& (< net45) (>= netstandard1.3) (< portable-net451+win81+wpa81) (< win8)) (&& (>= net46) (< portable-net45+win8+wp8+wpa81)) (&& (>= netstandard1.0) (< portable-net45+win8+wp8+wpa81)) (&& (>= netstandard1.1) (< portable-net45+win8+wp8+wpa81)) (&& (>= netstandard1.2) (< portable-net45+win8+wp8+wpa81)) (&& (>= netstandard1.3) (< portable-net45+win8+wp8+wpa81)) (&& (>= netstandard1.3) (< portable-net45+win8+wpa81)) (&& (< netstandard1.3) (>= xamarinios)) (&& (>= netstandard1.4) (< portable-net45+win8+wp8+wpa81)) (&& (< netstandard1.4) (>= xamarinios)) (&& (>= netstandard1.5) (< portable-net45+win8+wp8+wpa81)) (&& (>= netstandard1.5) (>= uap10.0)) (&& (< netstandard1.5) (>= xamarinios)) (&& (>= netstandard1.6) (< portable-net45+win8+wp8+wpa81)) (&& (>= netstandard1.6) (>= uap10.0)) (&& (< netstandard1.6) (>= xamarinios)) (&& (< portable-net45+win8+wp8+wpa81) (>= uap10.0)) (&& (< portable-net45+win8+wp8+wpa81) (>= xamarinios)) (&& (< portable-net45+win8+wpa81) (>= uap10.0)) (&& (< portable-net45+win8+wpa81) (>= xamarinios)) (&& (< portable-net451+win81+wpa81) (>= uap10.0) (< win8)) (&& (< portable-net451+win81+wpa81) (>= xamarinios)) (&& (>= uap10.0) (< win8) (< wpa81)) (&& (>= uap10.0) (>= xamarinios))
      System.Collections (>= 4.3) - restriction: && (>= netstandard1.0) (< netstandard2.0) (< xamarinmac)
      System.Runtime (>= 4.3) - restriction: && (>= netstandard1.0) (< netstandard2.0) (< xamarinmac)
      System.Threading.Tasks (>= 4.3) - restriction: && (>= netstandard1.0) (< netstandard2.0) (< xamarinmac)
    System.Threading.Thread (4.3.0) - restriction: || (&& (< monotouch) (< net45) (>= netstandard1.4) (< xamarinios) (< xamarinmac) (< xamarintvos) (< xamarinwatchos)) (&& (< net20) (>= netstandard1.6) (< xamarinios)) (&& (< net45) (>= netstandard1.3))
      System.Runtime (>= 4.3) - restriction: && (< monotouch) (< net46) (>= netstandard1.3) (< xamarinios) (< xamarinmac) (< xamarintvos) (< xamarinwatchos)
    System.Threading.ThreadPool (4.3.0) - restriction: && (< monotouch) (< net45) (>= netstandard1.4) (< xamarinios) (< xamarinmac) (< xamarintvos) (< xamarinwatchos)
      System.Runtime (>= 4.3) - restriction: && (< monotouch) (< net46) (>= netstandard1.3) (< xamarinios) (< xamarinmac) (< xamarintvos) (< xamarinwatchos)
      System.Runtime.Handles (>= 4.3) - restriction: && (< monotouch) (< net46) (>= netstandard1.3) (< xamarinios) (< xamarinmac) (< xamarintvos) (< xamarinwatchos)
    System.Threading.Timer (4.3.0) - restriction: || (&& (< monoandroid) (< net45) (>= netstandard1.2) (< netstandard1.3) (< wpa81)) (&& (< monoandroid) (< net45) (>= netstandard1.3) (< netstandard1.4) (< wpa81)) (&& (< monoandroid) (< net45) (>= netstandard1.4) (< netstandard1.5) (< wpa81)) (&& (< monoandroid) (< net45) (>= netstandard1.5) (< netstandard1.6)) (&& (< monotouch) (< net45) (>= netstandard1.6) (< netstandard2.0) (< xamarinios) (< xamarinmac) (< xamarintvos) (< xamarinwatchos)) (&& (>= uap10.0) (< uap10.1))
      Microsoft.NETCore.Platforms (>= 1.1) - restriction: || (&& (< monotouch) (< net451) (>= netstandard1.2) (< win81) (< wpa81) (< xamarinios) (< xamarinmac) (< xamarintvos) (< xamarinwatchos)) (< portable-net451+win81+wpa81)
      Microsoft.NETCore.Targets (>= 1.1) - restriction: || (&& (< monotouch) (< net451) (>= netstandard1.2) (< win81) (< wpa81) (< xamarinios) (< xamarinmac) (< xamarintvos) (< xamarinwatchos)) (< portable-net451+win81+wpa81)
      System.Runtime (>= 4.3) - restriction: || (&& (< monotouch) (< net451) (>= netstandard1.2) (< win81) (< wpa81) (< xamarinios) (< xamarinmac) (< xamarintvos) (< xamarinwatchos)) (< portable-net451+win81+wpa81)
    System.Xml.ReaderWriter (4.3.0) - restriction: || (&& (>= monoandroid) (>= net46) (< netstandard1.3)) (&& (>= monoandroid) (>= netstandard1.0) (< portable-net45+win8+wp8+wpa81)) (&& (>= monoandroid) (>= netstandard1.1) (< portable-net451+win81+wpa81)) (&& (>= monoandroid) (>= netstandard1.3) (< portable-net451+win81+wpa81)) (&& (>= monoandroid) (< netstandard1.3) (>= netstandard1.6)) (&& (< monoandroid) (< net20) (>= netstandard1.2) (< netstandard1.3) (< wpa81)) (&& (< monoandroid) (< net20) (>= netstandard1.3) (< netstandard1.4) (< wpa81)) (&& (< monoandroid) (< net20) (< netstandard1.3) (>= netstandard1.4) (< wpa81)) (&& (< monoandroid) (< net20) (< netstandard1.3) (>= netstandard1.5)) (&& (< monoandroid) (< net20) (>= netstandard1.4) (< netstandard1.5) (< wpa81)) (&& (< monoandroid) (< net20) (< netstandard1.4) (>= netstandard1.6)) (&& (< monoandroid) (< net20) (>= netstandard1.5) (< netstandard1.6)) (&& (< monoandroid) (< net20) (< netstandard1.5) (>= netstandard1.6)) (&& (< monoandroid) (< net35) (>= netstandard1.3) (< netstandard1.4) (< wpa81)) (&& (< monoandroid) (< net35) (< netstandard1.3) (>= netstandard1.4) (< win8) (< wpa81)) (&& (< monoandroid) (< net35) (< netstandard1.3) (>= netstandard1.5)) (&& (< monoandroid) (< net35) (< netstandard1.3) (>= netstandard1.6)) (&& (< monoandroid) (< net35) (>= netstandard1.4) (< netstandard1.5) (< wpa81)) (&& (< monoandroid) (< net35) (>= netstandard1.5) (< netstandard1.6)) (&& (< monoandroid) (< net45) (>= netstandard1.2) (< netstandard1.3) (< wpa81)) (&& (< monoandroid) (< net45) (>= netstandard1.3) (< netstandard1.4) (< wpa81)) (&& (< monoandroid) (< net45) (< netstandard1.3) (>= netstandard1.4) (< win8) (< wpa81)) (&& (< monoandroid) (< net45) (< netstandard1.3) (>= netstandard1.5)) (&& (< monoandroid) (< net45) (< netstandard1.3) (>= netstandard1.6)) (&& (< monoandroid) (< net45) (>= netstandard1.4) (< netstandard1.5) (< wpa81)) (&& (< monoandroid) (< net45) (>= netstandard1.5) (< netstandard1.6)) (&& (< monotouch) (< net20) (>= netstandard1.3) (< xamarinios) (< xamarinmac) (< xamarintvos) (< xamarinwatchos)) (&& (< monotouch) (< net20) (>= netstandard1.6) (< netstandard2.0) (< xamarinios) (< xamarinmac) (< xamarintvos) (< xamarinwatchos)) (&& (< monotouch) (< net35) (>= netstandard1.3) (< xamarinios) (< xamarinmac) (< xamarintvos) (< xamarinwatchos)) (&& (< monotouch) (< net35) (>= netstandard1.6) (< netstandard2.0) (< xamarinios) (< xamarinmac) (< xamarintvos) (< xamarinwatchos)) (&& (< monotouch) (< net45) (>= netstandard1.3) (< win8) (< wpa81) (< xamarinios) (< xamarinmac) (< xamarintvos) (< xamarinwatchos)) (&& (< monotouch) (< net45) (>= netstandard1.6) (< netstandard2.0) (< xamarinios) (< xamarinmac) (< xamarintvos) (< xamarinwatchos)) (&& (< net20) (>= net46) (< netstandard1.3)) (&& (< net20) (>= netstandard1.0) (< portable-net45+win8+wp8+wpa81)) (&& (< net20) (>= netstandard1.1) (< portable-net451+win81+wpa81)) (&& (< net20) (>= netstandard1.3) (< portable-net451+win81+wpa81)) (&& (< net20) (< netstandard1.3) (>= netstandard1.6)) (&& (< net20) (>= netstandard1.6) (< portable-net45+win8+wpa81)) (&& (< net20) (>= netstandard1.6) (< portable-net451+win81+wpa81)) (&& (< net35) (>= netstandard1.3) (< portable-net451+win81+wpa81)) (&& (< net45) (>= netstandard1.1) (< portable-net451+win81+wpa81)) (&& (< net45) (>= netstandard1.3) (< portable-net451+win81+wpa81)) (&& (>= net46) (< netstandard1.4)) (&& (>= netstandard1.0) (< portable-net45+win8+wpa81)) (&& (>= netstandard1.1) (< portable-net45+win8+wp8+wpa81)) (&& (>= netstandard1.1) (< portable-net45+win8+wpa81)) (&& (>= netstandard1.2) (< portable-net45+win8+wp8+wpa81)) (&& (>= netstandard1.3) (< portable-net45+win8+wp8+wpa81)) (&& (>= netstandard1.3) (< portable-net45+win8+wpa81)) (&& (< netstandard1.3) (>= uap10.0)) (&& (< netstandard1.3) (>= xamarinios)) (&& (>= netstandard1.4) (< portable-net45+win8+wp8+wpa81)) (&& (< netstandard1.4) (>= xamarinios)) (&& (>= netstandard1.5) (< portable-net45+win8+wp8+wpa81)) (&& (>= netstandard1.5) (>= uap10.0)) (&& (< netstandard1.5) (>= xamarinios)) (&& (>= netstandard1.6) (< portable-net45+win8+wp8+wpa81)) (&& (>= netstandard1.6) (>= uap10.0)) (&& (< netstandard1.6) (>= xamarinios)) (&& (< portable-net45+win8+wp8+wpa81) (>= uap10.0)) (&& (< portable-net45+win8+wp8+wpa81) (>= xamarinios)) (&& (< portable-net45+win8+wpa81) (>= uap10.0)) (&& (< portable-net45+win8+wpa81) (>= xamarinios)) (&& (< portable-net451+win81+wpa81) (>= uap10.0)) (&& (< portable-net451+win81+wpa81) (>= xamarinios)) (&& (>= uap10.0) (< uap10.1)) (&& (>= uap10.0) (< wpa81)) (&& (>= uap10.0) (>= xamarinios))
      System.Collections (>= 4.3) - restriction: || (&& (< monotouch) (< net45) (>= netstandard1.3) (< win8) (< wpa81) (< xamarinios) (< xamarinmac) (< xamarintvos) (< xamarinwatchos)) (< portable-net45+win8+wp8+wpa81)
      System.Diagnostics.Debug (>= 4.3) - restriction: || (&& (< monotouch) (< net45) (>= netstandard1.3) (< win8) (< wpa81) (< xamarinios) (< xamarinmac) (< xamarintvos) (< xamarinwatchos)) (< portable-net45+win8+wp8+wpa81)
      System.Globalization (>= 4.3) - restriction: || (&& (< monotouch) (< net45) (>= netstandard1.3) (< win8) (< wpa81) (< xamarinios) (< xamarinmac) (< xamarintvos) (< xamarinwatchos)) (< portable-net45+win8+wp8+wpa81)
      System.IO (>= 4.3) - restriction: || (&& (< monoandroid) (< net45) (>= netstandard1.0) (< netstandard1.3) (< win8) (< wp8) (< wpa81)) (&& (< monotouch) (< net45) (>= netstandard1.3) (< win8) (< wpa81) (< xamarinios) (< xamarinmac) (< xamarintvos) (< xamarinwatchos)) (< portable-net45+win8+wp8+wpa81)
      System.IO.FileSystem (>= 4.3) - restriction: || (&& (< monotouch) (< net45) (>= netstandard1.3) (< win8) (< wpa81) (< xamarinios) (< xamarinmac) (< xamarintvos) (< xamarinwatchos)) (< portable-net45+win8+wp8+wpa81)
      System.IO.FileSystem.Primitives (>= 4.3) - restriction: || (&& (< monotouch) (< net45) (>= netstandard1.3) (< win8) (< wpa81) (< xamarinios) (< xamarinmac) (< xamarintvos) (< xamarinwatchos)) (< portable-net45+win8+wp8+wpa81)
      System.Resources.ResourceManager (>= 4.3) - restriction: || (&& (< monotouch) (< net45) (>= netstandard1.3) (< win8) (< wpa81) (< xamarinios) (< xamarinmac) (< xamarintvos) (< xamarinwatchos)) (< portable-net45+win8+wp8+wpa81)
      System.Runtime (>= 4.3) - restriction: || (&& (< monoandroid) (< net45) (>= netstandard1.0) (< netstandard1.3) (< win8) (< wp8) (< wpa81)) (&& (< monotouch) (< net45) (>= netstandard1.3) (< win8) (< wpa81) (< xamarinios) (< xamarinmac) (< xamarintvos) (< xamarinwatchos)) (< portable-net45+win8+wp8+wpa81)
      System.Runtime.Extensions (>= 4.3) - restriction: || (&& (< monotouch) (< net45) (>= netstandard1.3) (< win8) (< wpa81) (< xamarinios) (< xamarinmac) (< xamarintvos) (< xamarinwatchos)) (< portable-net45+win8+wp8+wpa81)
      System.Runtime.InteropServices (>= 4.3) - restriction: || (&& (< monotouch) (< net45) (>= netstandard1.3) (< win8) (< wpa81) (< xamarinios) (< xamarinmac) (< xamarintvos) (< xamarinwatchos)) (< portable-net45+win8+wp8+wpa81)
      System.Text.Encoding (>= 4.3) - restriction: || (&& (< monoandroid) (< net45) (>= netstandard1.0) (< netstandard1.3) (< win8) (< wp8) (< wpa81)) (&& (< monotouch) (< net45) (>= netstandard1.3) (< win8) (< wpa81) (< xamarinios) (< xamarinmac) (< xamarintvos) (< xamarinwatchos)) (< portable-net45+win8+wp8+wpa81)
      System.Text.Encoding.Extensions (>= 4.3) - restriction: || (&& (< monotouch) (< net45) (>= netstandard1.3) (< win8) (< wpa81) (< xamarinios) (< xamarinmac) (< xamarintvos) (< xamarinwatchos)) (< portable-net45+win8+wp8+wpa81)
      System.Text.RegularExpressions (>= 4.3) - restriction: || (&& (< monotouch) (< net45) (>= netstandard1.3) (< win8) (< wpa81) (< xamarinios) (< xamarinmac) (< xamarintvos) (< xamarinwatchos)) (< portable-net45+win8+wp8+wpa81)
      System.Threading.Tasks (>= 4.3) - restriction: || (&& (< monoandroid) (< net45) (>= netstandard1.0) (< netstandard1.3) (< win8) (< wp8) (< wpa81)) (&& (< monotouch) (< net45) (>= netstandard1.3) (< win8) (< wpa81) (< xamarinios) (< xamarinmac) (< xamarintvos) (< xamarinwatchos)) (< portable-net45+win8+wp8+wpa81)
      System.Threading.Tasks.Extensions (>= 4.3) - restriction: || (&& (< monotouch) (< net45) (>= netstandard1.3) (< win8) (< wpa81) (< xamarinios) (< xamarinmac) (< xamarintvos) (< xamarinwatchos)) (< portable-net45+win8+wp8+wpa81)
    System.Xml.XDocument (4.3.0) - restriction: || (&& (>= monoandroid) (>= netstandard1.0) (< portable-net45+win8+wpa81)) (&& (>= monoandroid) (>= netstandard1.1) (< portable-net451+win81+wpa81)) (&& (>= monoandroid) (< netstandard1.3) (>= netstandard1.6)) (&& (< monoandroid) (< net20) (>= netstandard1.2) (< netstandard1.3) (< wpa81)) (&& (< monoandroid) (< net20) (>= netstandard1.3) (< netstandard1.4) (< wpa81)) (&& (< monoandroid) (< net20) (< netstandard1.3) (>= netstandard1.4) (< wpa81)) (&& (< monoandroid) (< net20) (< netstandard1.3) (>= netstandard1.5)) (&& (< monoandroid) (< net20) (>= netstandard1.4) (< netstandard1.5) (< wpa81)) (&& (< monoandroid) (< net20) (< netstandard1.4) (>= netstandard1.6)) (&& (< monoandroid) (< net20) (>= netstandard1.5) (< netstandard1.6)) (&& (< monoandroid) (< net20) (< netstandard1.5) (>= netstandard1.6)) (&& (< monoandroid) (< net35) (>= netstandard1.3) (< netstandard1.4) (< wpa81)) (&& (< monoandroid) (< net35) (>= netstandard1.4) (< netstandard1.5) (< wpa81)) (&& (< monoandroid) (< net35) (>= netstandard1.5) (< netstandard1.6)) (&& (< monoandroid) (< net45) (>= netstandard1.2) (< netstandard1.3) (< wpa81)) (&& (< monoandroid) (< net45) (>= netstandard1.4) (< netstandard1.5) (< wpa81)) (&& (< monoandroid) (< net45) (>= netstandard1.5) (< netstandard1.6)) (&& (< monotouch) (< net20) (>= netstandard1.6) (< netstandard2.0) (< xamarinios) (< xamarinmac) (< xamarintvos) (< xamarinwatchos)) (&& (< monotouch) (< net35) (>= netstandard1.3) (< xamarinios) (< xamarinmac) (< xamarintvos) (< xamarinwatchos)) (&& (< monotouch) (< net35) (>= netstandard1.6) (< netstandard2.0) (< xamarinios) (< xamarinmac) (< xamarintvos) (< xamarinwatchos)) (&& (< monotouch) (< net45) (>= netstandard1.6) (< netstandard2.0) (< xamarinios) (< xamarinmac) (< xamarintvos) (< xamarinwatchos)) (&& (< net20) (>= netstandard1.0) (< portable-net45+win8+wpa81)) (&& (< net20) (>= netstandard1.1) (< portable-net451+win81+wpa81)) (&& (< net20) (>= netstandard1.3) (< portable-net451+win81+wpa81)) (&& (< net20) (< netstandard1.3) (>= netstandard1.6)) (&& (< net20) (>= netstandard1.6) (< portable-net45+win8+wpa81)) (&& (< net20) (>= netstandard1.6) (< portable-net451+win81+wpa81)) (&& (< net35) (>= netstandard1.3) (< portable-net451+win81+wpa81)) (&& (< net45) (>= netstandard1.1) (< portable-net451+win81+wpa81)) (&& (< net45) (>= netstandard1.3)) (&& (>= netstandard1.1) (< portable-net45+win8+wpa81)) (&& (>= netstandard1.3) (< portable-net45+win8+wpa81)) (&& (< netstandard1.3) (>= uap10.0)) (&& (< netstandard1.3) (>= xamarinios)) (&& (< netstandard1.4) (>= xamarinios)) (&& (>= netstandard1.5) (>= uap10.0)) (&& (< netstandard1.5) (>= xamarinios)) (&& (>= netstandard1.6) (>= uap10.0)) (&& (< netstandard1.6) (>= xamarinios)) (&& (< portable-net45+win8+wpa81) (>= uap10.0)) (&& (< portable-net45+win8+wpa81) (>= xamarinios)) (&& (< portable-net451+win81+wpa81) (>= uap10.0)) (&& (< portable-net451+win81+wpa81) (>= xamarinios)) (&& (>= uap10.0) (< uap10.1)) (&& (>= uap10.0) (< wpa81)) (&& (>= uap10.0) (>= xamarinios))
      System.Collections (>= 4.3) - restriction: || (&& (< monotouch) (< net45) (>= netstandard1.3) (< win8) (< wpa81) (< xamarinios) (< xamarinmac) (< xamarintvos) (< xamarinwatchos)) (< portable-net45+win8+wp8+wpa81)
      System.Diagnostics.Debug (>= 4.3) - restriction: || (&& (< monotouch) (< net45) (>= netstandard1.3) (< win8) (< wpa81) (< xamarinios) (< xamarinmac) (< xamarintvos) (< xamarinwatchos)) (< portable-net45+win8+wp8+wpa81)
      System.Diagnostics.Tools (>= 4.3) - restriction: || (&& (< monotouch) (< net45) (>= netstandard1.3) (< win8) (< wpa81) (< xamarinios) (< xamarinmac) (< xamarintvos) (< xamarinwatchos)) (< portable-net45+win8+wp8+wpa81)
      System.Globalization (>= 4.3) - restriction: || (&& (< monotouch) (< net45) (>= netstandard1.3) (< win8) (< wpa81) (< xamarinios) (< xamarinmac) (< xamarintvos) (< xamarinwatchos)) (< portable-net45+win8+wp8+wpa81)
      System.IO (>= 4.3) - restriction: || (&& (< monoandroid) (< net45) (>= netstandard1.0) (< netstandard1.3) (< win8) (< wp8) (< wpa81)) (&& (< monotouch) (< net45) (>= netstandard1.3) (< win8) (< wpa81) (< xamarinios) (< xamarinmac) (< xamarintvos) (< xamarinwatchos)) (< portable-net45+win8+wp8+wpa81)
      System.Reflection (>= 4.3) - restriction: || (&& (< monotouch) (< net45) (>= netstandard1.3) (< win8) (< wpa81) (< xamarinios) (< xamarinmac) (< xamarintvos) (< xamarinwatchos)) (< portable-net45+win8+wp8+wpa81)
      System.Resources.ResourceManager (>= 4.3) - restriction: || (&& (< monotouch) (< net45) (>= netstandard1.3) (< win8) (< wpa81) (< xamarinios) (< xamarinmac) (< xamarintvos) (< xamarinwatchos)) (< portable-net45+win8+wp8+wpa81)
      System.Runtime (>= 4.3) - restriction: || (&& (< monoandroid) (< net45) (>= netstandard1.0) (< netstandard1.3) (< win8) (< wp8) (< wpa81)) (&& (< monotouch) (< net45) (>= netstandard1.3) (< win8) (< wpa81) (< xamarinios) (< xamarinmac) (< xamarintvos) (< xamarinwatchos)) (< portable-net45+win8+wp8+wpa81)
      System.Runtime.Extensions (>= 4.3) - restriction: || (&& (< monotouch) (< net45) (>= netstandard1.3) (< win8) (< wpa81) (< xamarinios) (< xamarinmac) (< xamarintvos) (< xamarinwatchos)) (< portable-net45+win8+wp8+wpa81)
      System.Text.Encoding (>= 4.3) - restriction: || (&& (< monotouch) (< net45) (>= netstandard1.3) (< win8) (< wpa81) (< xamarinios) (< xamarinmac) (< xamarintvos) (< xamarinwatchos)) (< portable-net45+win8+wp8+wpa81)
      System.Threading (>= 4.3) - restriction: || (&& (< monotouch) (< net45) (>= netstandard1.3) (< win8) (< wpa81) (< xamarinios) (< xamarinmac) (< xamarintvos) (< xamarinwatchos)) (< portable-net45+win8+wp8+wpa81)
      System.Xml.ReaderWriter (>= 4.3) - restriction: || (&& (< monoandroid) (< net45) (>= netstandard1.0) (< netstandard1.3) (< win8) (< wp8) (< wpa81)) (&& (< monotouch) (< net45) (>= netstandard1.3) (< win8) (< wpa81) (< xamarinios) (< xamarinmac) (< xamarintvos) (< xamarinwatchos)) (< portable-net45+win8+wp8+wpa81)
    System.Xml.XmlDocument (4.3.0) - restriction: && (< net20) (>= netstandard1.3)
      System.Collections (>= 4.3) - restriction: && (< monotouch) (< net46) (>= netstandard1.3) (< xamarinios) (< xamarinmac) (< xamarintvos) (< xamarinwatchos)
      System.Diagnostics.Debug (>= 4.3) - restriction: && (< monotouch) (< net46) (>= netstandard1.3) (< xamarinios) (< xamarinmac) (< xamarintvos) (< xamarinwatchos)
      System.Globalization (>= 4.3) - restriction: && (< monotouch) (< net46) (>= netstandard1.3) (< xamarinios) (< xamarinmac) (< xamarintvos) (< xamarinwatchos)
      System.IO (>= 4.3) - restriction: && (< monotouch) (< net46) (>= netstandard1.3) (< xamarinios) (< xamarinmac) (< xamarintvos) (< xamarinwatchos)
      System.Resources.ResourceManager (>= 4.3) - restriction: && (< monotouch) (< net46) (>= netstandard1.3) (< xamarinios) (< xamarinmac) (< xamarintvos) (< xamarinwatchos)
      System.Runtime (>= 4.3) - restriction: && (< monotouch) (< net46) (>= netstandard1.3) (< xamarinios) (< xamarinmac) (< xamarintvos) (< xamarinwatchos)
      System.Runtime.Extensions (>= 4.3) - restriction: && (< monotouch) (< net46) (>= netstandard1.3) (< xamarinios) (< xamarinmac) (< xamarintvos) (< xamarinwatchos)
      System.Text.Encoding (>= 4.3) - restriction: && (< monotouch) (< net46) (>= netstandard1.3) (< xamarinios) (< xamarinmac) (< xamarintvos) (< xamarinwatchos)
      System.Threading (>= 4.3) - restriction: && (< monotouch) (< net46) (>= netstandard1.3) (< xamarinios) (< xamarinmac) (< xamarintvos) (< xamarinwatchos)
      System.Xml.ReaderWriter (>= 4.3) - restriction: && (< monotouch) (< net46) (>= netstandard1.3) (< xamarinios) (< xamarinmac) (< xamarintvos) (< xamarinwatchos)
    System.Xml.XPath (4.3.0) - restriction: || (&& (< net35) (>= net46)) (&& (< net35) (>= netstandard1.3))
      System.Collections (>= 4.3) - restriction: && (< monotouch) (< net46) (>= netstandard1.3) (< xamarinios) (< xamarinmac) (< xamarintvos) (< xamarinwatchos)
      System.Diagnostics.Debug (>= 4.3) - restriction: && (< monotouch) (< net46) (>= netstandard1.3) (< xamarinios) (< xamarinmac) (< xamarintvos) (< xamarinwatchos)
      System.Globalization (>= 4.3) - restriction: && (< monotouch) (< net46) (>= netstandard1.3) (< xamarinios) (< xamarinmac) (< xamarintvos) (< xamarinwatchos)
      System.IO (>= 4.3) - restriction: && (< monotouch) (< net46) (>= netstandard1.3) (< xamarinios) (< xamarinmac) (< xamarintvos) (< xamarinwatchos)
      System.Resources.ResourceManager (>= 4.3) - restriction: && (< monotouch) (< net46) (>= netstandard1.3) (< xamarinios) (< xamarinmac) (< xamarintvos) (< xamarinwatchos)
      System.Runtime (>= 4.3) - restriction: && (< monotouch) (< net46) (>= netstandard1.3) (< xamarinios) (< xamarinmac) (< xamarintvos) (< xamarinwatchos)
      System.Runtime.Extensions (>= 4.3) - restriction: && (< monotouch) (< net46) (>= netstandard1.3) (< xamarinios) (< xamarinmac) (< xamarintvos) (< xamarinwatchos)
      System.Threading (>= 4.3) - restriction: && (< monotouch) (< net46) (>= netstandard1.3) (< xamarinios) (< xamarinmac) (< xamarintvos) (< xamarinwatchos)
      System.Xml.ReaderWriter (>= 4.3) - restriction: && (< monotouch) (< net46) (>= netstandard1.3) (< xamarinios) (< xamarinmac) (< xamarintvos) (< xamarinwatchos)
    System.Xml.XPath.XDocument (4.3.0) - restriction: && (< net35) (>= netstandard1.3)
      System.Diagnostics.Debug (>= 4.3) - restriction: && (< monotouch) (< net46) (>= netstandard1.3) (< xamarinios) (< xamarinmac) (< xamarintvos) (< xamarinwatchos)
      System.Linq (>= 4.3) - restriction: && (< monotouch) (< net46) (>= netstandard1.3) (< xamarinios) (< xamarinmac) (< xamarintvos) (< xamarinwatchos)
      System.Resources.ResourceManager (>= 4.3) - restriction: && (< monotouch) (< net46) (>= netstandard1.3) (< xamarinios) (< xamarinmac) (< xamarintvos) (< xamarinwatchos)
      System.Runtime (>= 4.3) - restriction: && (< monotouch) (< net46) (>= netstandard1.3) (< xamarinios) (< xamarinmac) (< xamarintvos) (< xamarinwatchos)
      System.Runtime.Extensions (>= 4.3) - restriction: && (< monotouch) (< net46) (>= netstandard1.3) (< xamarinios) (< xamarinmac) (< xamarintvos) (< xamarinwatchos)
      System.Threading (>= 4.3) - restriction: && (< monotouch) (< net46) (>= netstandard1.3) (< xamarinios) (< xamarinmac) (< xamarintvos) (< xamarinwatchos)
      System.Xml.ReaderWriter (>= 4.3) - restriction: && (< monotouch) (< net46) (>= netstandard1.3) (< xamarinios) (< xamarinmac) (< xamarintvos) (< xamarinwatchos)
      System.Xml.XDocument (>= 4.3) - restriction: && (< monotouch) (< net46) (>= netstandard1.3) (< xamarinios) (< xamarinmac) (< xamarintvos) (< xamarinwatchos)
      System.Xml.XPath (>= 4.3) - restriction: || (&& (< monotouch) (>= netstandard1.3) (< xamarinios) (< xamarinmac) (< xamarintvos) (< xamarinwatchos)) (>= net46)
    xunit (2.3.1)
      xunit.analyzers (>= 0.7)
      xunit.assert (2.3.1)
      xunit.core (2.3.1)
    xunit.abstractions (2.0.1) - restriction: >= netstandard1.1
      NETStandard.Library (>= 1.6) - restriction: && (< net35) (>= netstandard1.0)
    xunit.analyzers (0.8.0)
    xunit.assert (2.3.1)
      NETStandard.Library (>= 1.6.1) - restriction: && (< net452) (>= netstandard1.1)
    xunit.core (2.3.1)
      xunit.extensibility.core (2.3.1)
      xunit.extensibility.execution (2.3.1)
    xunit.extensibility.core (2.3.1)
      NETStandard.Library (>= 1.6.1) - restriction: && (< net452) (>= netstandard1.1)
      xunit.abstractions (>= 2.0.1) - restriction: >= netstandard1.1
    xunit.extensibility.execution (2.3.1)
      NETStandard.Library (>= 1.6.1) - restriction: && (< net452) (>= netstandard1.1)
      xunit.extensibility.core (2.3.1) - restriction: >= netstandard1.1
